{
  "AcquisitionMatrixPE": 68,
  "AcquisitionNumber": 1,
  "AcquisitionTime": "11:46:1.257500",
  "BandwidthPerPixelPhaseEncode": 60.024,
  "BaseResolution": 68,
  "BodyPartExamined": "BRAIN",
  "CoilString": "HC1-7;NC1_2",
  "ConsistencyInfo": "N4_VE11C_LATEST_20160120",
  "ConversionSoftware": "dcm2niix",
  "ConversionSoftwareVersion": "v1.0.20190410  GCC6.3.0",
  "DerivedVendorReportedEchoSpacing": 0.00049,
  "DeviceSerialNumber": "166018",
  "DwellTime": 3e-06,
  "EchoNumber": 2,
  "EchoTime": 0.03088,
  "EchoTrainLength": 33,
  "EffectiveEchoSpacing": 0.000245,
  "FlipAngle": 75,
  "ImageComments": "Single-band_reference_SENSE1",
  "ImageOrientationPatientDICOM": [
    0.986675,
    0.157853,
    -0.0394201,
    -0.162459,
    0.94263,
    -0.291643
  ],
  "ImageType": [
    "ORIGINAL",
    "PRIMARY",
    "M",
    "TE2",
    "ND",
    "MOSAIC"
  ],
  "ImagingFrequency": 123.191,
  "InPlanePhaseEncodingDirectionDICOM": "COL",
  "InstitutionAddress": "Washington_Place_6_NYC_NYC_US_10003",
  "InstitutionName": "NYU_Center_for_Brain_Imaging",
  "InstitutionalDepartmentName": "Department",
  "MRAcquisitionType": "2D",
  "MagneticFieldStrength": 3,
  "Manufacturer": "Siemens",
  "ManufacturersModelName": "Prisma",
  "Modality": "MR",
  "ParallelReductionFactorInPlane": 2,
  "PartialFourier": 1,
  "PatientPosition": "HFS",
  "PercentPhaseFOV": 100,
  "PhaseEncodingDirection": "j-",
  "PhaseEncodingSteps": 67,
  "PhaseResolution": 1,
  "PixelBandwidth": 2450,
  "ProcedureStepDescription": "Investigators_Hartley",
  "ProtocolName": "TASK-freqReports1",
  "PulseSequenceDetails": "%CustomerSeq%_cmrr_mbep2d_bold",
  "ReceiveCoilActiveElements": "HC1-7;NC1,2",
  "ReceiveCoilName": "HeadNeck_64",
  "ReconMatrixPE": 68,
  "RefLinesPE": 24,
  "RepetitionTime": 2,
  "SAR": 0.0409428,
  "ScanOptions": "FS",
  "ScanningSequence": "EP",
  "SequenceName": "epfid2d4_68",
  "SequenceVariant": "SK_SS",
  "SeriesDescription": "TASK-freqReports1_SBRef",
  "SeriesNumber": 17,
  "ShimSetting": [
    257,
    -12660,
    -8396,
    402,
    36,
    -209,
    19,
    41
  ],
  "SliceThickness": 3,
  "SliceTiming": [
    0,
    0.09,
    0.18,
    0.27,
    0.36,
    0.45,
    0.54,
    0.63,
    0.7175,
    0.8075,
    0.8975,
    0.9875,
    1.0775,
    1.1675,
    1.2575,
    1.3475,
    1.4375,
    1.5275,
    1.6175,
    1.7075,
    1.7975,
    1.8875,
    1.9775,
    2.0675,
    2.1575,
    2.2475,
    2.3375,
    2.4275,
    2.5175,
    2.6075,
    2.6975,
    2.7875,
    2.8775,
    2.9675,
    3.0575,
    3.1475,
    3.2375,
    3.3275,
    3.4175,
    3.5075,
    3.5975,
    3.6875,
    3.7775,
    3.8675
  ],
  "SoftwareVersions": "syngo_MR_E11",
  "SpacingBetweenSlices": 3,
  "StationName": "AWP166018",
  "TotalReadoutTime": 0.016415,
  "TxRefAmp": 231.884,
  "WipMemBlock": "ff5bc838-7b90-493b-8ddf-49eda2a2785a||Sequence: R016 ve11c/master r/8780670; Nov 27 2017 15:05:12 by eja"
}