{
  "AcquisitionMatrixPE": 68,
  "AcquisitionNumber": 1,
  "AcquisitionTime": "11:07:56.890000",
  "BandwidthPerPixelPhaseEncode": 60.024,
  "BaseResolution": 68,
  "BodyPartExamined": "BRAIN",
  "CoilString": "HC1-7;NC1_2",
  "ConsistencyInfo": "N4_VE11C_LATEST_20160120",
  "ConversionSoftware": "dcm2niix",
  "ConversionSoftwareVersion": "v1.0.20190410  GCC6.3.0",
  "DerivedVendorReportedEchoSpacing": 0.00049,
  "DeviceSerialNumber": "166018",
  "DwellTime": 3e-06,
  "EchoTime": 0.0204,
  "EchoTrainLength": 33,
  "EffectiveEchoSpacing": 0.000245,
  "FlipAngle": 90,
  "ImageComments": "SENSE1",
  "ImageOrientationPatientDICOM": [0.989766, 0.106335, -0.0951591, -0.124335, 0.969886, -0.209431],
  "ImageType": [
    "ORIGINAL",
    "PRIMARY",
    "M",
    "ND",
    "MOSAIC"
],
  "ImagingFrequency": 123.191,
  "InPlanePhaseEncodingDirectionDICOM": "COL",
  "InstitutionAddress": "Washington_Place_6_NYC_NYC_US_10003",
  "InstitutionName": "NYU_Center_for_Brain_Imaging",
  "InstitutionalDepartmentName": "Department",
  "MRAcquisitionType": "2D",
  "MagneticFieldStrength": 3,
  "Manufacturer": "Siemens",
  "ManufacturersModelName": "Prisma",
  "Modality": "MR",
  "ParallelReductionFactorInPlane": 2,
  "PartialFourier": 1,
  "PatientPosition": "HFS",
  "PercentPhaseFOV": 100,
  "PhaseEncodingDirection": "j-",
  "PhaseEncodingSteps": 67,
  "PhaseResolution": 1,
  "PixelBandwidth": 2450,
  "ProcedureStepDescription": "Investigators_Hartley",
  "ProtocolName": "ME_SE_FieldMap_AP",
  "PulseSequenceDetails": "%CustomerSeq%_cmrr_mbep2d_se",
  "ReceiveCoilActiveElements": "HC1-7;NC1,2",
  "ReceiveCoilName": "HeadNeck_64",
  "ReconMatrixPE": 68,
  "RefLinesPE": 24,
  "RepetitionTime": 1.919,
  "SAR": 0.361251,
  "ScanOptions": "FS",
  "ScanningSequence": "EP",
  "SequenceName": "epse2d1_68",
  "SequenceVariant": "SK",
  "SeriesDescription": "ME_SE_FieldMap_AP",
  "SeriesNumber": 10,
  "ShimSetting": [228, -12671, -8370, 623, -34, -295, 50, -5],
  "SliceThickness": 3,
  "SliceTiming": [0.95, 0, 0.9925, 0.0425, 1.035, 0.085, 1.0775, 0.13, 1.1225, 0.1725, 1.165, 0.215, 1.2075, 0.2575, 1.25, 0.3025, 1.295, 0.345, 1.3375, 0.3875, 1.38, 0.43, 1.4225, 0.475, 1.4675, 0.5175, 1.51, 0.56, 1.5525, 0.6025, 1.595, 0.6475, 1.64, 0.69, 1.6825, 0.7325, 1.725, 0.775, 1.7675, 0.82, 1.8125, 0.8625, 1.855, 0.905],
  "SoftwareVersions": "syngo_MR_E11",
  "SpacingBetweenSlices": 3,
  "StationName": "AWP166018",
  "TotalReadoutTime": 0.016415,
  "TxRefAmp": 211.441,
  "WipMemBlock": "40397f7b-255a-49a6-b05b-7f9d84f7ad6c||Sequence: R016 ve11c/master r/8780670; Nov 27 2017 15:08:10 by eja",
  "dcmmeta_affine": [
    [-2.96929931640625, -0.3730037808418274, -0.2100711464881897, 114.2948226928711],
    [-0.3190053105354309, 2.9096593856811523, -0.6573566198348999, -57.9943962097168],
    [-0.28547734022140503, 0.6282916069030762, 2.919546604156494, -47.726776123046875],
    [0.0, 0.0, 0.0, 1.0]
],
  "dcmmeta_reorient_transform": [
    [0.0, -1.0, 0.0, 67.0],
    [1.0, 0.0, 0.0, 0.0],
    [0.0, 0.0, 1.0, 0.0],
    [0.0, 0.0, 0.0, 1.0]
],
  "dcmmeta_shape": [68, 68, 44, 3],
  "dcmmeta_slice_dim": 2,
  "dcmmeta_version": 0.6,
  "global": {
    "const": {
      "AccessionNumber": "jxnwhuLs",
      "AcquisitionMatrix": [68, 0, 0, 68],
      "AngioFlag": "N",
      "BitsAllocated": 16,
      "BitsStored": 16,
      "BodyPartExamined": "BRAIN",
      "Columns": 476,
      "EchoNumbers": 1,
      "EchoTime": 20.4,
      "EchoTrainLength": 33,
      "FlipAngle": 90.0,
      "HighBit": 15,
      "ImageOrientationPatient": [0.98976643095242, 0.10633510742621, -0.0951591145838, -0.124334592395, 0.96988646839893, -0.2094305315626],
      "ImagePositionPatient": [-618.94785610263, -795.60038964843, 180.77762456658],
      "ImageType": [
        "ORIGINAL",
        "PRIMARY",
        "M",
        "ND",
        "MOSAIC"
],
      "ImagedNucleus": "1H",
      "ImagingFrequency": 123.191106,
      "InPlanePhaseEncodingDirection": "COL",
      "MRAcquisitionType": "2D",
      "MagneticFieldStrength": 3.0,
      "Manufacturer": "SIEMENS",
      "ManufacturerModelName": "Prisma",
      "Modality": "MR",
      "NumberOfAverages": 1.0,
      "NumberOfPhaseEncodingSteps": 67,
      "PercentPhaseFieldOfView": 100.0,
      "PercentSampling": 100.0,
      "PerformedProcedureStepStartTime": "103846.189000",
      "PhotometricInterpretation": "MONOCHROME2",
      "PixelBandwidth": 2450.0,
      "PixelRepresentation": 0,
      "PixelSpacing": [3.0, 3.0],
      "ProtocolName": "ME_SE_FieldMap_AP",
      "RepetitionTime": 1919.0,
      "Rows": 476,
      "SAR": 0.36125060362572,
      "SamplesPerPixel": 1,
      "ScanOptions": "FS",
      "ScanningSequence": "EP",
      "SequenceName": "epse2d1_68",
      "SequenceVariant": "SK",
      "SeriesDescription": "ME_SE_FieldMap_AP",
      "SeriesNumber": 10,
      "SeriesTime": "110801.989000",
      "SliceLocation": -41.742530484484,
      "SliceThickness": 3.0,
      "SmallestImagePixelValue": 0,
      "SoftwareVersions": "syngo MR E11",
      "SpacingBetweenSlices": 2.9999999329475,
      "SpecificCharacterSet": "ISO_IR 100",
      "StudyID": "1",
      "StudyTime": "103846.133000",
      "TransmitCoilName": "Body",
      "VariableFlipAngleFlag": "N",
      "WindowCenterWidthExplanation": "Algo1",
      "dBdt": 0.0},
    "slices": {}
  },
  "time": {
    "samples": {
      "AcquisitionNumber": [1, 2, 3],
      "AcquisitionTime": ["110756.890000", "110758.807500", "110800.727500"],
      "ContentTime": ["110801.993000", "110801.996000", "110801.999000"],
      "InstanceCreationTime": ["110801.993000", "110801.996000", "110801.999000"],
      "InstanceNumber": [1, 2, 3],
      "LargestImagePixelValue": [46074, 45117, 45610],
      "WindowCenter": [11415.0, 11330.0, 11363.0],
      "WindowWidth": [24276.0, 24086.0, 24166.0]
    },
    "slices": {}
  },
  "IntendedFor": [
    "func/sub-178_task-freq1_acq-normal_run-01_echo-1_bold.nii.gz",
    "func/sub-178_task-freq1_acq-normal_run-01_echo-1_sbref.nii.gz",
    "func/sub-178_task-freq1_acq-normal_run-01_echo-2_bold.nii.gz",
    "func/sub-178_task-freq1_acq-normal_run-01_echo-2_sbref.nii.gz",
    "func/sub-178_task-freq1_acq-normal_run-01_echo-3_bold.nii.gz",
    "func/sub-178_task-freq1_acq-normal_run-01_echo-3_sbref.nii.gz",
    "func/sub-178_task-freq1_acq-normal_run-01_echo-4_bold.nii.gz",
    "func/sub-178_task-freq1_acq-normal_run-01_echo-4_sbref.nii.gz",
    "func/sub-178_task-freq2_acq-normal_run-01_echo-1_bold.nii.gz",
    "func/sub-178_task-freq2_acq-normal_run-01_echo-1_sbref.nii.gz",
    "func/sub-178_task-freq2_acq-normal_run-01_echo-2_bold.nii.gz",
    "func/sub-178_task-freq2_acq-normal_run-01_echo-2_sbref.nii.gz",
    "func/sub-178_task-freq2_acq-normal_run-01_echo-3_bold.nii.gz",
    "func/sub-178_task-freq2_acq-normal_run-01_echo-3_sbref.nii.gz",
    "func/sub-178_task-freq2_acq-normal_run-01_echo-4_bold.nii.gz",
    "func/sub-178_task-freq2_acq-normal_run-01_echo-4_sbref.nii.gz",
    "func/sub-178_task-freqreports1_acq-normal_run-01_echo-1_bold.nii.gz",
    "func/sub-178_task-freqreports1_acq-normal_run-01_echo-1_sbref.nii.gz",
    "func/sub-178_task-freqreports1_acq-normal_run-01_echo-2_bold.nii.gz",
    "func/sub-178_task-freqreports1_acq-normal_run-01_echo-2_sbref.nii.gz",
    "func/sub-178_task-freqreports1_acq-normal_run-01_echo-3_bold.nii.gz",
    "func/sub-178_task-freqreports1_acq-normal_run-01_echo-3_sbref.nii.gz",
    "func/sub-178_task-freqreports1_acq-normal_run-01_echo-4_bold.nii.gz",
    "func/sub-178_task-freqreports1_acq-normal_run-01_echo-4_sbref.nii.gz",
    "func/sub-178_task-freqreports2_acq-normal_run-01_echo-1_bold.nii.gz",
    "func/sub-178_task-freqreports2_acq-normal_run-01_echo-1_sbref.nii.gz",
    "func/sub-178_task-freqreports2_acq-normal_run-01_echo-2_bold.nii.gz",
    "func/sub-178_task-freqreports2_acq-normal_run-01_echo-2_sbref.nii.gz",
    "func/sub-178_task-freqreports2_acq-normal_run-01_echo-3_bold.nii.gz",
    "func/sub-178_task-freqreports2_acq-normal_run-01_echo-3_sbref.nii.gz",
    "func/sub-178_task-freqreports2_acq-normal_run-01_echo-4_bold.nii.gz",
    "func/sub-178_task-freqreports2_acq-normal_run-01_echo-4_sbref.nii.gz",
    "func/sub-178_task-memtest1_acq-normal_run-01_echo-1_bold.nii.gz",
    "func/sub-178_task-memtest1_acq-normal_run-01_echo-1_sbref.nii.gz",
    "func/sub-178_task-memtest1_acq-normal_run-01_echo-2_bold.nii.gz",
    "func/sub-178_task-memtest1_acq-normal_run-01_echo-2_sbref.nii.gz",
    "func/sub-178_task-memtest1_acq-normal_run-01_echo-3_bold.nii.gz",
    "func/sub-178_task-memtest1_acq-normal_run-01_echo-3_sbref.nii.gz",
    "func/sub-178_task-memtest1_acq-normal_run-01_echo-4_bold.nii.gz",
    "func/sub-178_task-memtest1_acq-normal_run-01_echo-4_sbref.nii.gz",
    "func/sub-178_task-memtest2_acq-normal_run-01_echo-1_bold.nii.gz",
    "func/sub-178_task-memtest2_acq-normal_run-01_echo-1_sbref.nii.gz",
    "func/sub-178_task-memtest2_acq-normal_run-01_echo-2_bold.nii.gz",
    "func/sub-178_task-memtest2_acq-normal_run-01_echo-2_sbref.nii.gz",
    "func/sub-178_task-memtest2_acq-normal_run-01_echo-3_bold.nii.gz",
    "func/sub-178_task-memtest2_acq-normal_run-01_echo-3_sbref.nii.gz",
    "func/sub-178_task-memtest2_acq-normal_run-01_echo-4_bold.nii.gz",
    "func/sub-178_task-memtest2_acq-normal_run-01_echo-4_sbref.nii.gz",
    "func/sub-178_task-pairedassociates1_acq-normal_run-01_echo-1_bold.nii.gz",
    "func/sub-178_task-pairedassociates1_acq-normal_run-01_echo-1_sbref.nii.gz",
    "func/sub-178_task-pairedassociates1_acq-normal_run-01_echo-2_bold.nii.gz",
    "func/sub-178_task-pairedassociates1_acq-normal_run-01_echo-2_sbref.nii.gz",
    "func/sub-178_task-pairedassociates1_acq-normal_run-01_echo-3_bold.nii.gz",
    "func/sub-178_task-pairedassociates1_acq-normal_run-01_echo-3_sbref.nii.gz",
    "func/sub-178_task-pairedassociates1_acq-normal_run-01_echo-4_bold.nii.gz",
    "func/sub-178_task-pairedassociates1_acq-normal_run-01_echo-4_sbref.nii.gz",
    "func/sub-178_task-pairedassociates2_acq-normal_run-01_echo-1_bold.nii.gz",
    "func/sub-178_task-pairedassociates2_acq-normal_run-01_echo-1_sbref.nii.gz",
    "func/sub-178_task-pairedassociates2_acq-normal_run-01_echo-2_bold.nii.gz",
    "func/sub-178_task-pairedassociates2_acq-normal_run-01_echo-2_sbref.nii.gz",
    "func/sub-178_task-pairedassociates2_acq-normal_run-01_echo-3_bold.nii.gz",
    "func/sub-178_task-pairedassociates2_acq-normal_run-01_echo-3_sbref.nii.gz",
    "func/sub-178_task-pairedassociates2_acq-normal_run-01_echo-4_bold.nii.gz",
    "func/sub-178_task-pairedassociates2_acq-normal_run-01_echo-4_sbref.nii.gz"
  ]
}