{
  "AcquisitionMatrixPE": 68,
  "AcquisitionNumber": 1,
  "AcquisitionTime": "12:29:52.310000",
  "BandwidthPerPixelPhaseEncode": 60.024,
  "BaseResolution": 68,
  "BodyPartExamined": "BRAIN",
  "CoilString": "HC1-7;NC1_2",
  "ConsistencyInfo": "N4_VE11C_LATEST_20160120",
  "ConversionSoftware": "dcm2niix",
  "ConversionSoftwareVersion": "v1.0.20190410  GCC6.3.0",
  "DerivedVendorReportedEchoSpacing": 0.00049,
  "DeviceSerialNumber": "166018",
  "DwellTime": 3e-06,
  "EchoTime": 0.0204,
  "EchoTrainLength": 33,
  "EffectiveEchoSpacing": 0.000245,
  "FlipAngle": 90,
  "ImageComments": "SENSE1",
  "ImageOrientationPatientDICOM": [0.994011, 0.109121, 0.00595131, -0.104475, 0.964839, -0.241186],
  "ImageType": [
    "ORIGINAL",
    "PRIMARY",
    "M",
    "ND",
    "MOSAIC"
],
  "ImagingFrequency": 123.191,
  "InPlanePhaseEncodingDirectionDICOM": "COL",
  "InstitutionAddress": "Washington_Place_6_NYC_NYC_US_10003",
  "InstitutionName": "NYU_-_CBI",
  "InstitutionalDepartmentName": "Department",
  "MRAcquisitionType": "2D",
  "MagneticFieldStrength": 3,
  "Manufacturer": "Siemens",
  "ManufacturersModelName": "Prisma",
  "Modality": "MR",
  "ParallelReductionFactorInPlane": 2,
  "PartialFourier": 1,
  "PatientPosition": "HFS",
  "PercentPhaseFOV": 100,
  "PhaseEncodingDirection": "j",
  "PhaseEncodingSteps": 67,
  "PhaseResolution": 1,
  "PixelBandwidth": 2450,
  "ProcedureStepDescription": "Investigators_Hartley",
  "ProtocolName": "ME_SE_FieldMap_PA",
  "PulseSequenceDetails": "%CustomerSeq%_cmrr_mbep2d_se",
  "ReceiveCoilActiveElements": "HC1-7;NC1,2",
  "ReceiveCoilName": "HeadNeck_64",
  "ReconMatrixPE": 68,
  "RefLinesPE": 24,
  "RepetitionTime": 1.919,
  "SAR": 0.358723,
  "ScanOptions": "FS",
  "ScanningSequence": "EP",
  "SequenceName": "epse2d1_68",
  "SequenceVariant": "SK",
  "SeriesDescription": "ME_SE_FieldMap_PA",
  "SeriesNumber": 11,
  "ShimSetting": [259, -12665, -8388, 608, 25, -120, 49, -5],
  "SliceThickness": 3,
  "SliceTiming": [0.95, 0, 0.9925, 0.0425, 1.035, 0.085, 1.0775, 0.13, 1.1225, 0.1725, 1.165, 0.215, 1.2075, 0.2575, 1.25, 0.3025, 1.295, 0.345, 1.3375, 0.3875, 1.38, 0.4325, 1.425, 0.475, 1.4675, 0.5175, 1.51, 0.56, 1.5525, 0.605, 1.5975, 0.6475, 1.64, 0.69, 1.6825, 0.7325, 1.725, 0.7775, 1.77, 0.82, 1.8125, 0.8625, 1.855, 0.905],
  "SoftwareVersions": "syngo_MR_E11",
  "SpacingBetweenSlices": 3,
  "StationName": "AWP166018",
  "TotalReadoutTime": 0.016415,
  "TxRefAmp": 207.012,
  "WipMemBlock": "f25119f2-a13f-457c-8847-ba8f736210ed||Sequence: R016 ve11c/master r/8780670; Nov 27 2017 15:08:10 by eja",
  "dcmmeta_affine": [
    [-2.98203182220459, -0.31342414021492004, 0.0961817279458046, 111.54293823242188],
    [-0.3273634910583496, 2.894516944885254, -0.7173598408699036, -65.74955749511719],
    [0.01785392127931118, 0.723558783531189, 2.911381721496582, -76.6668472290039],
    [0.0, 0.0, 0.0, 1.0]
],
  "dcmmeta_reorient_transform": [
    [0.0, -1.0, 0.0, 67.0],
    [1.0, 0.0, 0.0, 0.0],
    [0.0, 0.0, 1.0, 0.0],
    [0.0, 0.0, 0.0, 1.0]
],
  "dcmmeta_shape": [68, 68, 44, 3],
  "dcmmeta_slice_dim": 2,
  "dcmmeta_version": 0.6,
  "global": {
    "const": {
      "AccessionNumber": "jtvL50ge",
      "AcquisitionMatrix": [68, 0, 0, 68],
      "AngioFlag": "N",
      "BitsAllocated": 16,
      "BitsStored": 16,
      "BodyPartExamined": "BRAIN",
      "Columns": 476,
      "EchoNumbers": 1,
      "EchoTime": 20.4,
      "EchoTrainLength": 33,
      "FlipAngle": 90.0,
      "HighBit": 15,
      "ImageOrientationPatient": [0.99401064088811, 0.1091211608426, 0.00595130721482, -0.1044747107852, 0.96483896347689, -0.2411862545071],
      "ImagePositionPatient": [-634.93950906488, -785.44667366158, 115.77537931985],
      "ImageType": [
        "ORIGINAL",
        "PRIMARY",
        "M",
        "ND",
        "MOSAIC"
],
      "ImagedNucleus": "1H",
      "ImagingFrequency": 123.191066,
      "InPlanePhaseEncodingDirection": "COL",
      "MRAcquisitionType": "2D",
      "MagneticFieldStrength": 3.0,
      "Manufacturer": "SIEMENS",
      "ManufacturerModelName": "Prisma",
      "Modality": "MR",
      "NumberOfAverages": 1.0,
      "NumberOfPhaseEncodingSteps": 67,
      "PercentPhaseFieldOfView": 100.0,
      "PercentSampling": 100.0,
      "PerformedProcedureStepStartTime": "115712.707000",
      "PhotometricInterpretation": "MONOCHROME2",
      "PixelBandwidth": 2450.0,
      "PixelRepresentation": 0,
      "PixelSpacing": [3.0, 3.0],
      "ProtocolName": "ME_SE_FieldMap_PA",
      "RepetitionTime": 1919.0,
      "Rows": 476,
      "SAR": 0.35872337412994,
      "SamplesPerPixel": 1,
      "ScanOptions": "FS",
      "ScanningSequence": "EP",
      "SequenceName": "epse2d1_68",
      "SequenceVariant": "SK",
      "SeriesDescription": "ME_SE_FieldMap_PA",
      "SeriesNumber": 11,
      "SeriesTime": "122955.613000",
      "SliceLocation": -55.103992311913,
      "SliceThickness": 3.0,
      "SmallestImagePixelValue": 0,
      "SoftwareVersions": "syngo MR E11",
      "SpacingBetweenSlices": 2.9999999461634,
      "SpecificCharacterSet": "ISO_IR 100",
      "StudyID": "1",
      "StudyTime": "115712.644000",
      "TransmitCoilName": "Body",
      "VariableFlipAngleFlag": "N",
      "WindowCenterWidthExplanation": "Algo1",
      "dBdt": 0.0},
    "slices": {}
  },
  "time": {
    "samples": {
      "AcquisitionNumber": [1, 2, 3],
      "AcquisitionTime": ["122952.310000", "122954.227500", "122956.147500"],
      "ContentTime": ["122955.616000", "122955.620000", "122957.394000"],
      "InstanceCreationTime": ["122955.616000", "122955.620000", "122957.394000"],
      "InstanceNumber": [1, 2, 3],
      "LargestImagePixelValue": [51313, 49389, 49457],
      "WindowCenter": [12517.0, 12413.0, 12457.0],
      "WindowWidth": [26695.0, 26444.0, 26561.0]
    },
    "slices": {}
  },
  "IntendedFor": [
    "func/sub-130_task-freq1_acq-normal_run-01_echo-1_bold.nii.gz",
    "func/sub-130_task-freq1_acq-normal_run-01_echo-1_sbref.nii.gz",
    "func/sub-130_task-freq1_acq-normal_run-01_echo-2_bold.nii.gz",
    "func/sub-130_task-freq1_acq-normal_run-01_echo-2_sbref.nii.gz",
    "func/sub-130_task-freq1_acq-normal_run-01_echo-3_bold.nii.gz",
    "func/sub-130_task-freq1_acq-normal_run-01_echo-3_sbref.nii.gz",
    "func/sub-130_task-freq1_acq-normal_run-01_echo-4_bold.nii.gz",
    "func/sub-130_task-freq1_acq-normal_run-01_echo-4_sbref.nii.gz",
    "func/sub-130_task-freq2_acq-normal_run-01_echo-1_bold.nii.gz",
    "func/sub-130_task-freq2_acq-normal_run-01_echo-1_sbref.nii.gz",
    "func/sub-130_task-freq2_acq-normal_run-01_echo-2_bold.nii.gz",
    "func/sub-130_task-freq2_acq-normal_run-01_echo-2_sbref.nii.gz",
    "func/sub-130_task-freq2_acq-normal_run-01_echo-3_bold.nii.gz",
    "func/sub-130_task-freq2_acq-normal_run-01_echo-3_sbref.nii.gz",
    "func/sub-130_task-freq2_acq-normal_run-01_echo-4_bold.nii.gz",
    "func/sub-130_task-freq2_acq-normal_run-01_echo-4_sbref.nii.gz",
    "func/sub-130_task-freqreports1_acq-normal_run-01_echo-1_bold.nii.gz",
    "func/sub-130_task-freqreports1_acq-normal_run-01_echo-1_sbref.nii.gz",
    "func/sub-130_task-freqreports1_acq-normal_run-01_echo-2_bold.nii.gz",
    "func/sub-130_task-freqreports1_acq-normal_run-01_echo-2_sbref.nii.gz",
    "func/sub-130_task-freqreports1_acq-normal_run-01_echo-3_bold.nii.gz",
    "func/sub-130_task-freqreports1_acq-normal_run-01_echo-3_sbref.nii.gz",
    "func/sub-130_task-freqreports1_acq-normal_run-01_echo-4_bold.nii.gz",
    "func/sub-130_task-freqreports1_acq-normal_run-01_echo-4_sbref.nii.gz",
    "func/sub-130_task-freqreports2_acq-normal_run-01_echo-1_bold.nii.gz",
    "func/sub-130_task-freqreports2_acq-normal_run-01_echo-1_sbref.nii.gz",
    "func/sub-130_task-freqreports2_acq-normal_run-01_echo-2_bold.nii.gz",
    "func/sub-130_task-freqreports2_acq-normal_run-01_echo-2_sbref.nii.gz",
    "func/sub-130_task-freqreports2_acq-normal_run-01_echo-3_bold.nii.gz",
    "func/sub-130_task-freqreports2_acq-normal_run-01_echo-3_sbref.nii.gz",
    "func/sub-130_task-freqreports2_acq-normal_run-01_echo-4_bold.nii.gz",
    "func/sub-130_task-freqreports2_acq-normal_run-01_echo-4_sbref.nii.gz",
    "func/sub-130_task-memtest1_acq-normal_run-01_echo-1_bold.nii.gz",
    "func/sub-130_task-memtest1_acq-normal_run-01_echo-1_sbref.nii.gz",
    "func/sub-130_task-memtest1_acq-normal_run-01_echo-2_bold.nii.gz",
    "func/sub-130_task-memtest1_acq-normal_run-01_echo-2_sbref.nii.gz",
    "func/sub-130_task-memtest1_acq-normal_run-01_echo-3_bold.nii.gz",
    "func/sub-130_task-memtest1_acq-normal_run-01_echo-3_sbref.nii.gz",
    "func/sub-130_task-memtest1_acq-normal_run-01_echo-4_bold.nii.gz",
    "func/sub-130_task-memtest1_acq-normal_run-01_echo-4_sbref.nii.gz",
    "func/sub-130_task-memtest2_acq-normal_run-01_echo-1_bold.nii.gz",
    "func/sub-130_task-memtest2_acq-normal_run-01_echo-1_sbref.nii.gz",
    "func/sub-130_task-memtest2_acq-normal_run-01_echo-2_bold.nii.gz",
    "func/sub-130_task-memtest2_acq-normal_run-01_echo-2_sbref.nii.gz",
    "func/sub-130_task-memtest2_acq-normal_run-01_echo-3_bold.nii.gz",
    "func/sub-130_task-memtest2_acq-normal_run-01_echo-3_sbref.nii.gz",
    "func/sub-130_task-memtest2_acq-normal_run-01_echo-4_bold.nii.gz",
    "func/sub-130_task-memtest2_acq-normal_run-01_echo-4_sbref.nii.gz",
    "func/sub-130_task-pairedassociates1_acq-normal_run-01_echo-1_bold.nii.gz",
    "func/sub-130_task-pairedassociates1_acq-normal_run-01_echo-1_sbref.nii.gz",
    "func/sub-130_task-pairedassociates1_acq-normal_run-01_echo-2_bold.nii.gz",
    "func/sub-130_task-pairedassociates1_acq-normal_run-01_echo-2_sbref.nii.gz",
    "func/sub-130_task-pairedassociates1_acq-normal_run-01_echo-3_bold.nii.gz",
    "func/sub-130_task-pairedassociates1_acq-normal_run-01_echo-3_sbref.nii.gz",
    "func/sub-130_task-pairedassociates1_acq-normal_run-01_echo-4_bold.nii.gz",
    "func/sub-130_task-pairedassociates1_acq-normal_run-01_echo-4_sbref.nii.gz",
    "func/sub-130_task-pairedassociates2_acq-normal_run-01_echo-1_bold.nii.gz",
    "func/sub-130_task-pairedassociates2_acq-normal_run-01_echo-1_sbref.nii.gz",
    "func/sub-130_task-pairedassociates2_acq-normal_run-01_echo-2_bold.nii.gz",
    "func/sub-130_task-pairedassociates2_acq-normal_run-01_echo-2_sbref.nii.gz",
    "func/sub-130_task-pairedassociates2_acq-normal_run-01_echo-3_bold.nii.gz",
    "func/sub-130_task-pairedassociates2_acq-normal_run-01_echo-3_sbref.nii.gz",
    "func/sub-130_task-pairedassociates2_acq-normal_run-01_echo-4_bold.nii.gz",
    "func/sub-130_task-pairedassociates2_acq-normal_run-01_echo-4_sbref.nii.gz"
  ]
}