{
  "AcquisitionMatrixPE": 68,
  "AcquisitionNumber": 1,
  "AcquisitionTime": "12:51:21.310000",
  "BandwidthPerPixelPhaseEncode": 60.024,
  "BaseResolution": 68,
  "BodyPartExamined": "BRAIN",
  "CoilString": "HC1-7;NC1_2",
  "ConsistencyInfo": "N4_VE11C_LATEST_20160120",
  "ConversionSoftware": "dcm2niix",
  "ConversionSoftwareVersion": "v1.0.20190410  GCC6.3.0",
  "DerivedVendorReportedEchoSpacing": 0.00049,
  "DeviceSerialNumber": "166018",
  "DwellTime": 3e-06,
  "EchoTime": 0.0204,
  "EchoTrainLength": 33,
  "EffectiveEchoSpacing": 0.000245,
  "FlipAngle": 90,
  "ImageComments": "SENSE1",
  "ImageOrientationPatientDICOM": [0.99887, -0.0474715, 0.00234696, 0.0469308, 0.977274, -0.206719],
  "ImageType": [
    "ORIGINAL",
    "PRIMARY",
    "M",
    "ND",
    "MOSAIC"
],
  "ImagingFrequency": 123.191,
  "InPlanePhaseEncodingDirectionDICOM": "COL",
  "InstitutionAddress": "Washington_Place_6_NYC_NYC_US_10003",
  "InstitutionName": "NYU_Center_for_Brain_Imaging",
  "InstitutionalDepartmentName": "Department",
  "MRAcquisitionType": "2D",
  "MagneticFieldStrength": 3,
  "Manufacturer": "Siemens",
  "ManufacturersModelName": "Prisma",
  "Modality": "MR",
  "ParallelReductionFactorInPlane": 2,
  "PartialFourier": 1,
  "PatientPosition": "HFS",
  "PercentPhaseFOV": 100,
  "PhaseEncodingDirection": "j-",
  "PhaseEncodingSteps": 67,
  "PhaseResolution": 1,
  "PixelBandwidth": 2450,
  "ProcedureStepDescription": "Investigators_Hartley",
  "ProtocolName": "ME_SE_FieldMap_AP",
  "PulseSequenceDetails": "%CustomerSeq%_cmrr_mbep2d_se",
  "ReceiveCoilActiveElements": "HC1-7;NC1,2",
  "ReceiveCoilName": "HeadNeck_64",
  "ReconMatrixPE": 68,
  "RefLinesPE": 24,
  "RepetitionTime": 1.919,
  "SAR": 0.392945,
  "ScanOptions": "FS",
  "ScanningSequence": "EP",
  "SequenceName": "epse2d1_68",
  "SequenceVariant": "SK",
  "SeriesDescription": "ME_SE_FieldMap_AP",
  "SeriesNumber": 36,
  "ShimSetting": [286, -12618, -8414, 553, 52, -109, 85, 21],
  "SliceThickness": 3,
  "SliceTiming": [0.95, 0, 0.9925, 0.045, 1.0375, 0.0875, 1.08, 0.13, 1.1225, 0.1725, 1.165, 0.2175, 1.21, 0.26, 1.2525, 0.3025, 1.295, 0.345, 1.3375, 0.39, 1.3825, 0.4325, 1.425, 0.475, 1.4675, 0.52, 1.51, 0.5625, 1.555, 0.605, 1.5975, 0.6475, 1.64, 0.6925, 1.685, 0.735, 1.7275, 0.7775, 1.77, 0.82, 1.8125, 0.865, 1.8575, 0.9075],
  "SoftwareVersions": "syngo_MR_E11",
  "SpacingBetweenSlices": 3,
  "StationName": "AWP166018",
  "TotalReadoutTime": 0.016415,
  "TxRefAmp": 198.052,
  "WipMemBlock": "8ce694b1-6460-40c8-a48e-97e5f9bc296a||Sequence: R016 ve11c/master r/8780670; Nov 27 2017 15:08:10 by eja",
  "dcmmeta_affine": [
    [-2.9966094493865967, 0.14079254865646362, -0.022558867931365967, 99.37218475341797],
    [0.1424144208431244, 2.9318225383758545, -0.619785726070404, -69.72708892822266],
    [0.007040868978947401, 0.6201561689376831, 2.935192823410034, -60.32252502441406],
    [0.0, 0.0, 0.0, 1.0]
],
  "dcmmeta_reorient_transform": [
    [0.0, -1.0, 0.0, 67.0],
    [1.0, 0.0, 0.0, 0.0],
    [0.0, 0.0, 1.0, 0.0],
    [0.0, 0.0, 0.0, 1.0]
],
  "dcmmeta_shape": [68, 68, 44, 3],
  "dcmmeta_slice_dim": 2,
  "dcmmeta_version": 0.6,
  "global": {
    "const": {
      "AccessionNumber": "juo1940s",
      "AcquisitionMatrix": [68, 0, 0, 68],
      "AngioFlag": "N",
      "BitsAllocated": 16,
      "BitsStored": 16,
      "BodyPartExamined": "BRAIN",
      "Columns": 476,
      "EchoNumbers": 1,
      "EchoTime": 20.4,
      "EchoTrainLength": 33,
      "FlipAngle": 90.0,
      "HighBit": 15,
      "ImageOrientationPatient": [0.99886983674608, -0.0474714760136, 0.00234695631405, 0.0469308482077, 0.97727420313334, -0.2067187155935],
      "ImagePositionPatient": [-748.83530431235, -695.74429189309, 106.30345516846],
      "ImageType": [
        "ORIGINAL",
        "PRIMARY",
        "M",
        "ND",
        "MOSAIC"
],
      "ImagedNucleus": "1H",
      "ImagingFrequency": 123.191088,
      "InPlanePhaseEncodingDirection": "COL",
      "MRAcquisitionType": "2D",
      "MagneticFieldStrength": 3.0,
      "Manufacturer": "SIEMENS",
      "ManufacturerModelName": "Prisma",
      "Modality": "MR",
      "NumberOfAverages": 1.0,
      "NumberOfPhaseEncodingSteps": 67,
      "PercentPhaseFieldOfView": 100.0,
      "PercentSampling": 100.0,
      "PerformedProcedureStepStartTime": "111932.930000",
      "PhotometricInterpretation": "MONOCHROME2",
      "PixelBandwidth": 2450.0,
      "PixelRepresentation": 0,
      "PixelSpacing": [3.0, 3.0],
      "ProtocolName": "ME_SE_FieldMap_AP",
      "RepetitionTime": 1919.0,
      "Rows": 476,
      "SAR": 0.39294481756073,
      "SamplesPerPixel": 1,
      "ScanOptions": "FS",
      "ScanningSequence": "EP",
      "SequenceName": "epse2d1_68",
      "SequenceVariant": "SK",
      "SeriesDescription": "ME_SE_FieldMap_AP",
      "SeriesNumber": 36,
      "SeriesTime": "125124.852000",
      "SliceLocation": -45.361368524678,
      "SliceThickness": 3.0,
      "SmallestImagePixelValue": 0,
      "SoftwareVersions": "syngo MR E11",
      "SpacingBetweenSlices": 3.0000001061777,
      "SpecificCharacterSet": "ISO_IR 100",
      "StudyID": "1",
      "StudyTime": "111932.858000",
      "TransmitCoilName": "Body",
      "VariableFlipAngleFlag": "N",
      "WindowCenterWidthExplanation": "Algo1",
      "dBdt": 0.0},
    "slices": {}
  },
  "time": {
    "samples": {
      "AcquisitionNumber": [1, 2, 3],
      "AcquisitionTime": ["125121.310000", "125123.230000", "125125.147500"],
      "ContentTime": ["125124.855000", "125124.858000", "125126.613000"],
      "InstanceCreationTime": ["125124.855000", "125124.858000", "125126.613000"],
      "InstanceNumber": [1, 2, 3],
      "LargestImagePixelValue": [44220, 44004, 44102],
      "WindowCenter": [12424.0, 12354.0, 12358.0],
      "WindowWidth": [26489.0, 26338.0, 26346.0]
    },
    "slices": {}
  },
  "IntendedFor": [
    "func/sub-152_task-freq1_acq-normal_run-01_echo-1_bold.nii.gz",
    "func/sub-152_task-freq1_acq-normal_run-01_echo-1_sbref.nii.gz",
    "func/sub-152_task-freq1_acq-normal_run-01_echo-2_bold.nii.gz",
    "func/sub-152_task-freq1_acq-normal_run-01_echo-2_sbref.nii.gz",
    "func/sub-152_task-freq1_acq-normal_run-01_echo-3_bold.nii.gz",
    "func/sub-152_task-freq1_acq-normal_run-01_echo-3_sbref.nii.gz",
    "func/sub-152_task-freq1_acq-normal_run-01_echo-4_bold.nii.gz",
    "func/sub-152_task-freq1_acq-normal_run-01_echo-4_sbref.nii.gz",
    "func/sub-152_task-freq2_acq-normal_run-01_echo-1_bold.nii.gz",
    "func/sub-152_task-freq2_acq-normal_run-01_echo-1_sbref.nii.gz",
    "func/sub-152_task-freq2_acq-normal_run-01_echo-2_bold.nii.gz",
    "func/sub-152_task-freq2_acq-normal_run-01_echo-2_sbref.nii.gz",
    "func/sub-152_task-freq2_acq-normal_run-01_echo-3_bold.nii.gz",
    "func/sub-152_task-freq2_acq-normal_run-01_echo-3_sbref.nii.gz",
    "func/sub-152_task-freq2_acq-normal_run-01_echo-4_bold.nii.gz",
    "func/sub-152_task-freq2_acq-normal_run-01_echo-4_sbref.nii.gz",
    "func/sub-152_task-freqreports1_acq-normal_run-01_echo-1_bold.nii.gz",
    "func/sub-152_task-freqreports1_acq-normal_run-01_echo-1_sbref.nii.gz",
    "func/sub-152_task-freqreports1_acq-normal_run-01_echo-2_bold.nii.gz",
    "func/sub-152_task-freqreports1_acq-normal_run-01_echo-2_sbref.nii.gz",
    "func/sub-152_task-freqreports1_acq-normal_run-01_echo-3_bold.nii.gz",
    "func/sub-152_task-freqreports1_acq-normal_run-01_echo-3_sbref.nii.gz",
    "func/sub-152_task-freqreports1_acq-normal_run-01_echo-4_bold.nii.gz",
    "func/sub-152_task-freqreports1_acq-normal_run-01_echo-4_sbref.nii.gz",
    "func/sub-152_task-freqreports2_acq-normal_run-01_echo-1_bold.nii.gz",
    "func/sub-152_task-freqreports2_acq-normal_run-01_echo-1_sbref.nii.gz",
    "func/sub-152_task-freqreports2_acq-normal_run-01_echo-2_bold.nii.gz",
    "func/sub-152_task-freqreports2_acq-normal_run-01_echo-2_sbref.nii.gz",
    "func/sub-152_task-freqreports2_acq-normal_run-01_echo-3_bold.nii.gz",
    "func/sub-152_task-freqreports2_acq-normal_run-01_echo-3_sbref.nii.gz",
    "func/sub-152_task-freqreports2_acq-normal_run-01_echo-4_bold.nii.gz",
    "func/sub-152_task-freqreports2_acq-normal_run-01_echo-4_sbref.nii.gz",
    "func/sub-152_task-memtest1_acq-normal_run-01_echo-1_bold.nii.gz",
    "func/sub-152_task-memtest1_acq-normal_run-01_echo-1_sbref.nii.gz",
    "func/sub-152_task-memtest1_acq-normal_run-01_echo-2_bold.nii.gz",
    "func/sub-152_task-memtest1_acq-normal_run-01_echo-2_sbref.nii.gz",
    "func/sub-152_task-memtest1_acq-normal_run-01_echo-3_bold.nii.gz",
    "func/sub-152_task-memtest1_acq-normal_run-01_echo-3_sbref.nii.gz",
    "func/sub-152_task-memtest1_acq-normal_run-01_echo-4_bold.nii.gz",
    "func/sub-152_task-memtest1_acq-normal_run-01_echo-4_sbref.nii.gz",
    "func/sub-152_task-memtest2_acq-normal_run-01_echo-1_bold.nii.gz",
    "func/sub-152_task-memtest2_acq-normal_run-01_echo-1_sbref.nii.gz",
    "func/sub-152_task-memtest2_acq-normal_run-01_echo-2_bold.nii.gz",
    "func/sub-152_task-memtest2_acq-normal_run-01_echo-2_sbref.nii.gz",
    "func/sub-152_task-memtest2_acq-normal_run-01_echo-3_bold.nii.gz",
    "func/sub-152_task-memtest2_acq-normal_run-01_echo-3_sbref.nii.gz",
    "func/sub-152_task-memtest2_acq-normal_run-01_echo-4_bold.nii.gz",
    "func/sub-152_task-memtest2_acq-normal_run-01_echo-4_sbref.nii.gz",
    "func/sub-152_task-pairedassociates1_acq-normal_run-01_echo-1_bold.nii.gz",
    "func/sub-152_task-pairedassociates1_acq-normal_run-01_echo-1_sbref.nii.gz",
    "func/sub-152_task-pairedassociates1_acq-normal_run-01_echo-2_bold.nii.gz",
    "func/sub-152_task-pairedassociates1_acq-normal_run-01_echo-2_sbref.nii.gz",
    "func/sub-152_task-pairedassociates1_acq-normal_run-01_echo-3_bold.nii.gz",
    "func/sub-152_task-pairedassociates1_acq-normal_run-01_echo-3_sbref.nii.gz",
    "func/sub-152_task-pairedassociates1_acq-normal_run-01_echo-4_bold.nii.gz",
    "func/sub-152_task-pairedassociates1_acq-normal_run-01_echo-4_sbref.nii.gz",
    "func/sub-152_task-pairedassociates2_acq-normal_run-01_echo-1_bold.nii.gz",
    "func/sub-152_task-pairedassociates2_acq-normal_run-01_echo-1_sbref.nii.gz",
    "func/sub-152_task-pairedassociates2_acq-normal_run-01_echo-2_bold.nii.gz",
    "func/sub-152_task-pairedassociates2_acq-normal_run-01_echo-2_sbref.nii.gz",
    "func/sub-152_task-pairedassociates2_acq-normal_run-01_echo-3_bold.nii.gz",
    "func/sub-152_task-pairedassociates2_acq-normal_run-01_echo-3_sbref.nii.gz",
    "func/sub-152_task-pairedassociates2_acq-normal_run-01_echo-4_bold.nii.gz",
    "func/sub-152_task-pairedassociates2_acq-normal_run-01_echo-4_sbref.nii.gz"
  ]
}