{
  "AcquisitionMatrixPE": 68,
  "AcquisitionNumber": 1,
  "AcquisitionTime": "11:56:39.325000",
  "BandwidthPerPixelPhaseEncode": 60.024,
  "BaseResolution": 68,
  "BodyPartExamined": "BRAIN",
  "CoilString": "HC1-7;NC1_2",
  "ConsistencyInfo": "N4_VE11C_LATEST_20160120",
  "ConversionSoftware": "dcm2niix",
  "ConversionSoftwareVersion": "v1.0.20190410  GCC6.3.0",
  "DerivedVendorReportedEchoSpacing": 0.00049,
  "DeviceSerialNumber": "166018",
  "DwellTime": 3e-06,
  "EchoTime": 0.0204,
  "EchoTrainLength": 33,
  "EffectiveEchoSpacing": 0.000245,
  "FlipAngle": 90,
  "ImageComments": "SENSE1",
  "ImageOrientationPatientDICOM": [0.99887, -0.0474715, 0.00234696, 0.0469308, 0.977274, -0.206719],
  "ImageType": [
    "ORIGINAL",
    "PRIMARY",
    "M",
    "ND",
    "MOSAIC"
],
  "ImagingFrequency": 123.191,
  "InPlanePhaseEncodingDirectionDICOM": "COL",
  "InstitutionAddress": "Washington_Place_6_NYC_NYC_US_10003",
  "InstitutionName": "NYU_Center_for_Brain_Imaging",
  "InstitutionalDepartmentName": "Department",
  "MRAcquisitionType": "2D",
  "MagneticFieldStrength": 3,
  "Manufacturer": "Siemens",
  "ManufacturersModelName": "Prisma",
  "Modality": "MR",
  "ParallelReductionFactorInPlane": 2,
  "PartialFourier": 1,
  "PatientPosition": "HFS",
  "PercentPhaseFOV": 100,
  "PhaseEncodingDirection": "j-",
  "PhaseEncodingSteps": 67,
  "PhaseResolution": 1,
  "PixelBandwidth": 2450,
  "ProcedureStepDescription": "Investigators_Hartley",
  "ProtocolName": "ME_SE_FieldMap_AP",
  "PulseSequenceDetails": "%CustomerSeq%_cmrr_mbep2d_se",
  "ReceiveCoilActiveElements": "HC1-7;NC1,2",
  "ReceiveCoilName": "HeadNeck_64",
  "ReconMatrixPE": 68,
  "RefLinesPE": 24,
  "RepetitionTime": 1.919,
  "SAR": 0.392945,
  "ScanOptions": "FS",
  "ScanningSequence": "EP",
  "SequenceName": "epse2d1_68",
  "SequenceVariant": "SK",
  "SeriesDescription": "ME_SE_FieldMap_AP",
  "SeriesNumber": 18,
  "ShimSetting": [286, -12615, -8421, 548, 49, -83, 88, 16],
  "SliceThickness": 3,
  "SliceTiming": [0.95, 0, 0.9925, 0.045, 1.0375, 0.0875, 1.08, 0.13, 1.1225, 0.175, 1.1675, 0.2175, 1.21, 0.26, 1.2525, 0.3025, 1.295, 0.3475, 1.34, 0.39, 1.3825, 0.4325, 1.425, 0.475, 1.4675, 0.52, 1.5125, 0.5625, 1.555, 0.605, 1.5975, 0.6475, 1.64, 0.6925, 1.685, 0.735, 1.7275, 0.7775, 1.77, 0.82, 1.8125, 0.865, 1.8575, 0.9075],
  "SoftwareVersions": "syngo_MR_E11",
  "SpacingBetweenSlices": 3,
  "StationName": "AWP166018",
  "TotalReadoutTime": 0.016415,
  "TxRefAmp": 198.052,
  "WipMemBlock": "30ec7fc5-94ba-48cc-933f-afd3480504ab||Sequence: R016 ve11c/master r/8780670; Nov 27 2017 15:08:10 by eja",
  "dcmmeta_affine": [
    [-2.9966094493865967, 0.14079254865646362, -0.022558867931365967, 99.37218475341797],
    [0.1424144208431244, 2.9318225383758545, -0.619785726070404, -76.61865997314453],
    [0.007040868978947401, 0.6201561689376831, 2.935192823410034, -62.828548431396484],
    [0.0, 0.0, 0.0, 1.0]
],
  "dcmmeta_reorient_transform": [
    [0.0, -1.0, 0.0, 67.0],
    [1.0, 0.0, 0.0, 0.0],
    [0.0, 0.0, 1.0, 0.0],
    [0.0, 0.0, 0.0, 1.0]
],
  "dcmmeta_shape": [68, 68, 44, 3],
  "dcmmeta_slice_dim": 2,
  "dcmmeta_version": 0.6,
  "global": {
    "const": {
      "AccessionNumber": "juo1940s",
      "AcquisitionMatrix": [68, 0, 0, 68],
      "AngioFlag": "N",
      "BitsAllocated": 16,
      "BitsStored": 16,
      "BodyPartExamined": "BRAIN",
      "Columns": 476,
      "EchoNumbers": 1,
      "EchoTime": 20.4,
      "EchoTrainLength": 33,
      "FlipAngle": 90.0,
      "HighBit": 15,
      "ImageOrientationPatient": [0.99886983674608, -0.0474714760136, 0.00234695631405, 0.0469308482077, 0.97727420313334, -0.2067187155935],
      "ImagePositionPatient": [-748.83530431235, -688.85272466286, 103.79743176148],
      "ImageType": [
        "ORIGINAL",
        "PRIMARY",
        "M",
        "ND",
        "MOSAIC"
],
      "ImagedNucleus": "1H",
      "ImagingFrequency": 123.191063,
      "InPlanePhaseEncodingDirection": "COL",
      "MRAcquisitionType": "2D",
      "MagneticFieldStrength": 3.0,
      "Manufacturer": "SIEMENS",
      "ManufacturerModelName": "Prisma",
      "Modality": "MR",
      "NumberOfAverages": 1.0,
      "NumberOfPhaseEncodingSteps": 67,
      "PercentPhaseFieldOfView": 100.0,
      "PercentSampling": 100.0,
      "PerformedProcedureStepStartTime": "111932.930000",
      "PhotometricInterpretation": "MONOCHROME2",
      "PixelBandwidth": 2450.0,
      "PixelRepresentation": 0,
      "PixelSpacing": [3.0, 3.0],
      "ProtocolName": "ME_SE_FieldMap_AP",
      "RepetitionTime": 1919.0,
      "Rows": 476,
      "SAR": 0.39294481756073,
      "SamplesPerPixel": 1,
      "ScanOptions": "FS",
      "ScanningSequence": "EP",
      "SequenceName": "epse2d1_68",
      "SequenceVariant": "SK",
      "SeriesDescription": "ME_SE_FieldMap_AP",
      "SeriesNumber": 18,
      "SeriesTime": "115642.996000",
      "SliceLocation": -46.389490865602,
      "SliceThickness": 3.0,
      "SmallestImagePixelValue": 0,
      "SoftwareVersions": "syngo MR E11",
      "SpacingBetweenSlices": 3.0000000153711,
      "SpecificCharacterSet": "ISO_IR 100",
      "StudyID": "1",
      "StudyTime": "111932.858000",
      "TransmitCoilName": "Body",
      "VariableFlipAngleFlag": "N",
      "WindowCenterWidthExplanation": "Algo1",
      "dBdt": 0.0},
    "slices": {}
  },
  "time": {
    "samples": {
      "AcquisitionNumber": [1, 2, 3],
      "AcquisitionTime": ["115639.325000", "115641.245000", "115643.162500"],
      "ContentTime": ["115643.000000", "115643.004000", "115644.775000"],
      "InstanceCreationTime": ["115643.000000", "115643.004000", "115644.775000"],
      "InstanceNumber": [1, 2, 3],
      "LargestImagePixelValue": [45113, 44698, 44630],
      "WindowCenter": [12547.0, 12453.0, 12476.0],
      "WindowWidth": [26826.0, 26612.0, 26672.0]
    },
    "slices": {}
  }
}