{
  "AcquisitionMatrixPE": 256,
  "AcquisitionNumber": 1,
  "AcquisitionTime": "11:54:55.102500",
  "BaseResolution": 256,
  "BodyPartExamined": "BRAIN",
  "CoilString": "HC1-7;NC1_2",
  "ConsistencyInfo": "N4_VE11C_LATEST_20160120",
  "ConversionSoftware": "dcm2niix",
  "ConversionSoftwareVersion": "v1.0.20190410  GCC6.3.0",
  "DeviceSerialNumber": "166018",
  "DwellTime": 2.6e-06,
  "EchoTime": 0.564,
  "EchoTrainLength": 314,
  "FlipAngle": 120,
  "ImageOrientationPatientDICOM": [-0.0348948, 0.997362, 0.0636474, 0.0188136, 0.0643305, -0.997751],
  "ImageType": [
    "ORIGINAL",
    "PRIMARY",
    "M",
    "ND",
    "NORM"
],
  "ImagingFrequency": 123.191,
  "InPlanePhaseEncodingDirectionDICOM": "ROW",
  "InstitutionAddress": "Washington_Place_6_NYC_NYC_US_10003",
  "InstitutionName": "NYU_Center_for_Brain_Imaging",
  "InstitutionalDepartmentName": "Department",
  "MRAcquisitionType": "3D",
  "MagneticFieldStrength": 3,
  "Manufacturer": "Siemens",
  "ManufacturersModelName": "Prisma",
  "Modality": "MR",
  "PartialFourier": 1,
  "PatientPosition": "HFS",
  "PercentPhaseFOV": 100,
  "PhaseEncodingSteps": 274,
  "PhaseOversampling": 0.1,
  "PhaseResolution": 1,
  "PixelBandwidth": 750,
  "ProcedureStepDescription": "Investigators_Hartley",
  "ProtocolName": "T2w_p2_s2_.9mm",
  "PulseSequenceDetails": "%SiemensSeq%_tse_vfl",
  "ReceiveCoilActiveElements": "HC1-7;NC1,2",
  "ReceiveCoilName": "HeadNeck_64",
  "ReconMatrixPE": 256,
  "RefLinesPE": 32,
  "RepetitionTime": 3.2,
  "SAR": 0.137922,
  "ScanOptions": "PFP",
  "ScanningSequence": "SE",
  "SequenceName": "_spc_314ns",
  "SequenceVariant": "SK_SP_OSP",
  "SeriesDescription": "T2w_p2_s2_.9mm",
  "SeriesNumber": 8,
  "ShimSetting": [236, -12620, -8596, -135, -94, -256, 126, -69],
  "SliceThickness": 0.9,
  "SoftwareVersions": "syngo_MR_E11",
  "StationName": "AWP166018",
  "TxRefAmp": 221.96,
  "dcmmeta_affine": [
    [0.899292528629303, -0.031350795179605484, 0.016902849078178406, -107.2103500366211],
    [0.030257005244493484, 0.8960676193237305, 0.057796917855739594, -94.76261901855469],
    [-0.018907900899648666, -0.05718322843313217, 0.8964172005653381, -124.28778076171875],
    [0.0, 0.0, 0.0, 1.0]
],
  "dcmmeta_reorient_transform": [
    [0.0, 0.0, -1.0, 255.0],
    [0.0, -1.0, 0.0, 255.0],
    [-1.0, 0.0, 0.0, 239.0],
    [0.0, 0.0, 0.0, 1.0]
],
  "dcmmeta_shape": [240, 256, 256],
  "dcmmeta_slice_dim": 0,
  "dcmmeta_version": 0.6,
  "global": {
    "const": {
      "AccessionNumber": "jsrrv60L",
      "AcquisitionMatrix": [0, 256, 256, 0],
      "AcquisitionNumber": 1,
      "AcquisitionTime": "115455.102500",
      "AngioFlag": "N",
      "BitsAllocated": 16,
      "BitsStored": 12,
      "BodyPartExamined": "BRAIN",
      "Columns": 256,
      "EchoNumbers": 1,
      "EchoTime": 564.0,
      "EchoTrainLength": 314,
      "FlipAngle": 120.0,
      "HighBit": 11,
      "ImageOrientationPatient": [-0.0348948000086, 0.99736220054646, 0.06364741827814, 0.01881360574559, 0.06433048163295, -0.9977512903383],
      "ImageType": [
        "ORIGINAL",
        "PRIMARY",
        "M",
        "ND",
        "NORM"
],
      "ImagedNucleus": "1H",
      "ImagingFrequency": 123.190826,
      "InPlanePhaseEncodingDirection": "ROW",
      "MRAcquisitionType": "3D",
      "MagneticFieldStrength": 3.0,
      "Manufacturer": "SIEMENS",
      "ManufacturerModelName": "Prisma",
      "Modality": "MR",
      "NumberOfAverages": 1.0,
      "NumberOfPhaseEncodingSteps": 274,
      "PercentPhaseFieldOfView": 100.0,
      "PercentSampling": 100.0,
      "PerformedProcedureStepStartTime": "114612.684000",
      "PhotometricInterpretation": "MONOCHROME2",
      "PixelBandwidth": 750.0,
      "PixelRepresentation": 0,
      "PixelSpacing": [0.8984375, 0.8984375],
      "ProtocolName": "T2w_p2_s2_.9mm",
      "RepetitionTime": 3200.0,
      "Rows": 256,
      "SAR": 0.13792165772762,
      "SamplesPerPixel": 1,
      "ScanOptions": "PFP",
      "ScanningSequence": "SE",
      "SequenceName": "*spc_314ns",
      "SequenceVariant": [
        "SK",
        "SP",
        "OSP"
],
      "SeriesDescription": "T2w_p2_s2_.9mm",
      "SeriesNumber": 8,
      "SeriesTime": "115938.614000",
      "SliceThickness": 0.89999997615814,
      "SmallestImagePixelValue": 0,
      "SoftwareVersions": "syngo MR E11",
      "SpecificCharacterSet": "ISO_IR 100",
      "StudyID": "1",
      "StudyTime": "114612.598000",
      "TransmitCoilName": "Body",
      "VariableFlipAngleFlag": "Y",
      "WindowCenterWidthExplanation": "Algo1",
      "dBdt": 0.0},
