{
  "AcquisitionMatrixPE": 68,
  "AcquisitionNumber": 1,
  "AcquisitionTime": "10:11:41.250000",
  "BandwidthPerPixelPhaseEncode": 60.024,
  "BaseResolution": 68,
  "BodyPartExamined": "BRAIN",
  "CoilString": "HC1-7;NC1_2",
  "ConsistencyInfo": "N4_VE11C_LATEST_20160120",
  "ConversionSoftware": "dcm2niix",
  "ConversionSoftwareVersion": "v1.0.20190410  GCC6.3.0",
  "DerivedVendorReportedEchoSpacing": 0.00049,
  "DeviceSerialNumber": "166018",
  "DwellTime": 3e-06,
  "EchoTime": 0.0204,
  "EchoTrainLength": 33,
  "EffectiveEchoSpacing": 0.000245,
  "FlipAngle": 90,
  "ImageComments": "SENSE1",
  "ImageOrientationPatientDICOM": [0.999245, -0.033179, -0.0201983, 0.03245, 0.998846, -0.0354057],
  "ImageType": [
    "ORIGINAL",
    "PRIMARY",
    "M",
    "ND",
    "MOSAIC"
],
  "ImagingFrequency": 123.191,
  "InPlanePhaseEncodingDirectionDICOM": "COL",
  "InstitutionAddress": "Washington_Place_6_NYC_NYC_US_10003",
  "InstitutionName": "NYU_-_CBI",
  "InstitutionalDepartmentName": "Department",
  "MRAcquisitionType": "2D",
  "MagneticFieldStrength": 3,
  "Manufacturer": "Siemens",
  "ManufacturersModelName": "Prisma",
  "Modality": "MR",
  "ParallelReductionFactorInPlane": 2,
  "PartialFourier": 1,
  "PatientPosition": "HFS",
  "PercentPhaseFOV": 100,
  "PhaseEncodingDirection": "j",
  "PhaseEncodingSteps": 67,
  "PhaseResolution": 1,
  "PixelBandwidth": 2450,
  "ProcedureStepDescription": "Investigators_Hartley",
  "ProtocolName": "ME_SE_FieldMap_PA",
  "PulseSequenceDetails": "%CustomerSeq%_cmrr_mbep2d_se",
  "ReceiveCoilActiveElements": "HC1-7;NC1,2",
  "ReceiveCoilName": "HeadNeck_64",
  "ReconMatrixPE": 68,
  "RefLinesPE": 24,
  "RepetitionTime": 1.919,
  "SAR": 0.474089,
  "ScanOptions": "FS",
  "ScanningSequence": "EP",
  "SequenceName": "epse2d1_68",
  "SequenceVariant": "SK",
  "SeriesDescription": "ME_SE_FieldMap_PA",
  "SeriesNumber": 10,
  "ShimSetting": [251, -12655, -8444, 478, -93, -95, 44, 38],
  "SliceThickness": 3,
  "SliceTiming": [0.95, 0, 0.9925, 0.045, 1.0375, 0.0875, 1.08, 0.13, 1.1225, 0.1725, 1.165, 0.2175, 1.21, 0.26, 1.2525, 0.3025, 1.295, 0.345, 1.3375, 0.39, 1.3825, 0.4325, 1.425, 0.475, 1.4675, 0.5175, 1.51, 0.5625, 1.555, 0.605, 1.5975, 0.6475, 1.64, 0.69, 1.6825, 0.735, 1.7275, 0.7775, 1.77, 0.82, 1.8125, 0.865, 1.8575, 0.9075],
  "SoftwareVersions": "syngo_MR_E11",
  "SpacingBetweenSlices": 3,
  "StationName": "AWP166018",
  "TotalReadoutTime": 0.016415,
  "TxRefAmp": 200.226,
  "WipMemBlock": "0f531ec4-e90b-4024-b063-da3a1431d892||Sequence: R016 ve11c/master r/8780670; Nov 27 2017 15:08:10 by eja",
  "dcmmeta_affine": [
    [-2.9977359771728516, 0.09735008329153061, -0.06404917687177658, 97.37242889404297],
    [0.09953687340021133, 2.9965381622314453, -0.10417048633098602, -91.27418518066406],
    [-0.06059493497014046, 0.10621695220470428, 2.997506618499756, -36.22706985473633],
    [0.0, 0.0, 0.0, 1.0]
],
  "dcmmeta_reorient_transform": [
    [0.0, -1.0, 0.0, 67.0],
    [1.0, 0.0, 0.0, 0.0],
    [0.0, 0.0, 1.0, 0.0],
    [0.0, 0.0, 0.0, 1.0]
],
  "dcmmeta_shape": [68, 68, 44, 3],
  "dcmmeta_slice_dim": 2,
  "dcmmeta_version": 0.6,
  "global": {
    "const": {
      "AccessionNumber": "k1c6q7uL",
      "AcquisitionMatrix": [68, 0, 0, 68],
      "AngioFlag": "N",
      "BitsAllocated": 16,
      "BitsStored": 16,
      "BodyPartExamined": "BRAIN",
      "Columns": 476,
      "EchoNumbers": 1,
      "EchoTime": 20.4,
      "EchoTrainLength": 33,
      "FlipAngle": 90.0,
      "HighBit": 15,
      "ImageOrientationPatient": [0.9992453076919, -0.0331789583125, -0.0201983113407, 0.03245002693277, 0.99884605199798, -0.0354056515279],
      "ImagePositionPatient": [-735.29242678201, -700.48213638101, 4.9190906637561],
      "ImageType": [
        "ORIGINAL",
        "PRIMARY",
        "M",
        "ND",
        "MOSAIC"
],
      "ImagedNucleus": "1H",
      "ImagingFrequency": 123.190765,
      "InPlanePhaseEncodingDirection": "COL",
      "MRAcquisitionType": "2D",
      "MagneticFieldStrength": 3.0,
      "Manufacturer": "SIEMENS",
      "ManufacturerModelName": "Prisma",
      "Modality": "MR",
      "NumberOfAverages": 1.0,
      "NumberOfPhaseEncodingSteps": 67,
      "PercentPhaseFieldOfView": 100.0,
      "PercentSampling": 100.0,
      "PerformedProcedureStepStartTime": "095046.407000",
      "PhotometricInterpretation": "MONOCHROME2",
      "PixelBandwidth": 2450.0,
      "PixelRepresentation": 0,
      "PixelSpacing": [3.0, 3.0],
      "ProtocolName": "ME_SE_FieldMap_PA",
      "RepetitionTime": 1919.0,
      "Rows": 476,
      "SAR": 0.47408909186702,
      "SamplesPerPixel": 1,
      "ScanOptions": "FS",
      "ScanningSequence": "EP",
      "SequenceName": "epse2d1_68",
      "SequenceVariant": "SK",
      "SeriesDescription": "ME_SE_FieldMap_PA",
      "SeriesNumber": 10,
      "SeriesTime": "101146.697000",
      "SliceLocation": -35.106477865266,
      "SliceThickness": 3.0,
      "SmallestImagePixelValue": 0,
      "SoftwareVersions": "syngo MR E11",
      "SpacingBetweenSlices": 3.000000029868,
      "SpecificCharacterSet": "ISO_IR 100",
      "StudyID": "2",
      "StudyTime": "095046.290000",
      "TransmitCoilName": "Body",
      "VariableFlipAngleFlag": "N",
      "WindowCenterWidthExplanation": "Algo1",
      "dBdt": 0.0},
    "slices": {}
  },
  "time": {
    "samples": {
      "AcquisitionNumber": [1, 2, 3],
      "AcquisitionTime": ["101141.250000", "101143.170000", "101145.087500"],
      "ContentTime": ["101146.701000", "101146.704000", "101146.707000"],
      "InstanceCreationTime": ["101146.701000", "101146.704000", "101146.707000"],
      "InstanceNumber": [1, 2, 3],
      "LargestImagePixelValue": [59307, 59115, 59521],
      "WindowCenter": [12357.0, 12276.0, 12286.0],
      "WindowWidth": [26709.0, 26523.0, 26556.0]
    },
    "slices": {}
  },
  "IntendedFor": [
    "func/sub-228_task-freq1_acq-normal_run-01_echo-1_bold.nii.gz",
    "func/sub-228_task-freq1_acq-normal_run-01_echo-1_sbref.nii.gz",
    "func/sub-228_task-freq1_acq-normal_run-01_echo-2_bold.nii.gz",
    "func/sub-228_task-freq1_acq-normal_run-01_echo-2_sbref.nii.gz",
    "func/sub-228_task-freq1_acq-normal_run-01_echo-3_bold.nii.gz",
    "func/sub-228_task-freq1_acq-normal_run-01_echo-3_sbref.nii.gz",
    "func/sub-228_task-freq1_acq-normal_run-01_echo-4_bold.nii.gz",
    "func/sub-228_task-freq1_acq-normal_run-01_echo-4_sbref.nii.gz",
    "func/sub-228_task-freq2_acq-normal_run-01_echo-1_bold.nii.gz",
    "func/sub-228_task-freq2_acq-normal_run-01_echo-1_sbref.nii.gz",
    "func/sub-228_task-freq2_acq-normal_run-01_echo-2_bold.nii.gz",
    "func/sub-228_task-freq2_acq-normal_run-01_echo-2_sbref.nii.gz",
    "func/sub-228_task-freq2_acq-normal_run-01_echo-3_bold.nii.gz",
    "func/sub-228_task-freq2_acq-normal_run-01_echo-3_sbref.nii.gz",
    "func/sub-228_task-freq2_acq-normal_run-01_echo-4_bold.nii.gz",
    "func/sub-228_task-freq2_acq-normal_run-01_echo-4_sbref.nii.gz",
    "func/sub-228_task-freqreports1_acq-normal_run-01_echo-1_bold.nii.gz",
    "func/sub-228_task-freqreports1_acq-normal_run-01_echo-1_sbref.nii.gz",
    "func/sub-228_task-freqreports1_acq-normal_run-01_echo-2_bold.nii.gz",
    "func/sub-228_task-freqreports1_acq-normal_run-01_echo-2_sbref.nii.gz",
    "func/sub-228_task-freqreports1_acq-normal_run-01_echo-3_bold.nii.gz",
    "func/sub-228_task-freqreports1_acq-normal_run-01_echo-3_sbref.nii.gz",
    "func/sub-228_task-freqreports1_acq-normal_run-01_echo-4_bold.nii.gz",
    "func/sub-228_task-freqreports1_acq-normal_run-01_echo-4_sbref.nii.gz",
    "func/sub-228_task-memtest1_acq-normal_run-01_echo-1_bold.nii.gz",
    "func/sub-228_task-memtest1_acq-normal_run-01_echo-1_sbref.nii.gz",
    "func/sub-228_task-memtest1_acq-normal_run-01_echo-2_bold.nii.gz",
    "func/sub-228_task-memtest1_acq-normal_run-01_echo-2_sbref.nii.gz",
    "func/sub-228_task-memtest1_acq-normal_run-01_echo-3_bold.nii.gz",
    "func/sub-228_task-memtest1_acq-normal_run-01_echo-3_sbref.nii.gz",
    "func/sub-228_task-memtest1_acq-normal_run-01_echo-4_bold.nii.gz",
    "func/sub-228_task-memtest1_acq-normal_run-01_echo-4_sbref.nii.gz",
    "func/sub-228_task-pairedassociates1_acq-normal_run-01_echo-1_bold.nii.gz",
    "func/sub-228_task-pairedassociates1_acq-normal_run-01_echo-1_sbref.nii.gz",
    "func/sub-228_task-pairedassociates1_acq-normal_run-01_echo-2_bold.nii.gz",
    "func/sub-228_task-pairedassociates1_acq-normal_run-01_echo-2_sbref.nii.gz",
    "func/sub-228_task-pairedassociates1_acq-normal_run-01_echo-3_bold.nii.gz",
    "func/sub-228_task-pairedassociates1_acq-normal_run-01_echo-3_sbref.nii.gz",
    "func/sub-228_task-pairedassociates1_acq-normal_run-01_echo-4_bold.nii.gz",
    "func/sub-228_task-pairedassociates1_acq-normal_run-01_echo-4_sbref.nii.gz"
  ]
}