{
  "AcquisitionMatrixPE": 68,
  "AcquisitionNumber": 1,
  "AcquisitionTime": "12:24:41.300000",
  "BandwidthPerPixelPhaseEncode": 60.024,
  "BaseResolution": 68,
  "BodyPartExamined": "BRAIN",
  "CoilString": "HC1-7;NC1_2",
  "ConsistencyInfo": "N4_VE11C_LATEST_20160120",
  "ConversionSoftware": "dcm2niix",
  "ConversionSoftwareVersion": "v1.0.20190410  GCC6.3.0",
  "DerivedVendorReportedEchoSpacing": 0.00049,
  "DeviceSerialNumber": "166018",
  "DwellTime": 3e-06,
  "EchoTime": 0.0204,
  "EchoTrainLength": 33,
  "EffectiveEchoSpacing": 0.000245,
  "FlipAngle": 90,
  "ImageComments": "SENSE1",
  "ImageOrientationPatientDICOM": [0.989988, 0.0993051, -0.100314, -0.124713, 0.948222, -0.292099],
  "ImageType": [
    "ORIGINAL",
    "PRIMARY",
    "M",
    "ND",
    "MOSAIC"
],
  "ImagingFrequency": 123.191,
  "InPlanePhaseEncodingDirectionDICOM": "COL",
  "InstitutionAddress": "Washington_Place_6_NYC_NYC_US_10003",
  "InstitutionName": "NYU_Center_for_Brain_Imaging",
  "InstitutionalDepartmentName": "Department",
  "MRAcquisitionType": "2D",
  "MagneticFieldStrength": 3,
  "Manufacturer": "Siemens",
  "ManufacturersModelName": "Prisma",
  "Modality": "MR",
  "ParallelReductionFactorInPlane": 2,
  "PartialFourier": 1,
  "PatientPosition": "HFS",
  "PercentPhaseFOV": 100,
  "PhaseEncodingDirection": "j-",
  "PhaseEncodingSteps": 67,
  "PhaseResolution": 1,
  "PixelBandwidth": 2450,
  "ProcedureStepDescription": "Investigators_Hartley",
  "ProtocolName": "ME_SE_FieldMap_AP",
  "PulseSequenceDetails": "%CustomerSeq%_cmrr_mbep2d_se",
  "ReceiveCoilActiveElements": "HC1-7;NC1,2",
  "ReceiveCoilName": "HeadNeck_64",
  "ReconMatrixPE": 68,
  "RefLinesPE": 24,
  "RepetitionTime": 1.919,
  "SAR": 0.532362,
  "ScanOptions": "FS",
  "ScanningSequence": "EP",
  "SequenceName": "epse2d1_68",
  "SequenceVariant": "SK",
  "SeriesDescription": "ME_SE_FieldMap_AP",
  "SeriesNumber": 9,
  "ShimSetting": [237, -12676, -8418, 522, -34, -208, 13, -13],
  "SliceThickness": 3,
  "SliceTiming": [0.9475, 0, 0.9925, 0.0425, 1.035, 0.085, 1.0775, 0.1275, 1.12, 0.1725, 1.165, 0.215, 1.2075, 0.2575, 1.25, 0.3, 1.2925, 0.345, 1.3375, 0.3875, 1.38, 0.43, 1.4225, 0.4725, 1.465, 0.5175, 1.51, 0.56, 1.5525, 0.6025, 1.595, 0.6475, 1.6375, 0.69, 1.6825, 0.7325, 1.725, 0.775, 1.7675, 0.82, 1.8125, 0.8625, 1.855, 0.905],
  "SoftwareVersions": "syngo_MR_E11",
  "SpacingBetweenSlices": 3,
  "StationName": "AWP166018",
  "TotalReadoutTime": 0.016415,
  "TxRefAmp": 212.533,
  "WipMemBlock": "b141d880-7b89-42d2-839a-0e815f39e7d2||Sequence: R016 ve11c/master r/8780670; Nov 27 2017 15:08:10 by eja",
  "dcmmeta_affine": [
    [-2.9699630737304688, -0.3741404414176941, -0.19833846390247345, 110.01078796386719],
    [-0.2979152798652649, 2.844665765762329, -0.9050543904304504, -62.091304779052734],
    [-0.3009413480758667, 0.8762966394424438, 2.8533382415771484, -56.999759674072266],
    [0.0, 0.0, 0.0, 1.0]
],
  "dcmmeta_reorient_transform": [
    [0.0, -1.0, 0.0, 67.0],
    [1.0, 0.0, 0.0, 0.0],
    [0.0, 0.0, 1.0, 0.0],
    [0.0, 0.0, 0.0, 1.0]
],
  "dcmmeta_shape": [68, 68, 44, 3],
  "dcmmeta_slice_dim": 2,
  "dcmmeta_version": 0.6,
  "global": {
    "const": {
      "AccessionNumber": "jtLnctm0",
      "AcquisitionMatrix": [68, 0, 0, 68],
      "AngioFlag": "N",
      "BitsAllocated": 16,
      "BitsStored": 16,
      "BodyPartExamined": "BRAIN",
      "Columns": 476,
      "EchoNumbers": 1,
      "EchoTime": 20.4,
      "EchoTrainLength": 33,
      "FlipAngle": 90.0,
      "HighBit": 15,
      "ImageOrientationPatient": [0.98998769795589, 0.09930509746368, -0.1003137852627, -0.1247134832007, 0.94822190785329, -0.2920988883495],
      "ImagePositionPatient": [-614.4911936359, -769.58782717595, 241.86867267125],
      "ImageType": [
        "ORIGINAL",
        "PRIMARY",
        "M",
        "ND",
        "MOSAIC"
],
      "ImagedNucleus": "1H",
      "ImagingFrequency": 123.191146,
      "InPlanePhaseEncodingDirection": "COL",
      "LargestImagePixelValue": 65535,
      "MRAcquisitionType": "2D",
      "MagneticFieldStrength": 3.0,
      "Manufacturer": "SIEMENS",
      "ManufacturerModelName": "Prisma",
      "Modality": "MR",
      "NumberOfAverages": 1.0,
      "NumberOfPhaseEncodingSteps": 67,
      "PercentPhaseFieldOfView": 100.0,
      "PercentSampling": 100.0,
      "PerformedProcedureStepStartTime": "115941.243000",
      "PhotometricInterpretation": "MONOCHROME2",
      "PixelBandwidth": 2450.0,
      "PixelRepresentation": 0,
      "PixelSpacing": [3.0, 3.0],
      "ProtocolName": "ME_SE_FieldMap_AP",
      "RepetitionTime": 1919.0,
      "Rows": 476,
      "SAR": 0.53236233809941,
      "SamplesPerPixel": 1,
      "ScanOptions": "FS",
      "ScanningSequence": "EP",
      "SequenceName": "epse2d1_68",
      "SequenceVariant": "SK",
      "SeriesDescription": "ME_SE_FieldMap_AP",
      "SeriesNumber": 9,
      "SeriesTime": "122447.852000",
      "SliceLocation": -42.754317722771,
      "SliceThickness": 3.0,
      "SmallestImagePixelValue": 0,
      "SoftwareVersions": "syngo MR E11",
      "SpacingBetweenSlices": 2.9999999974122,
      "SpecificCharacterSet": "ISO_IR 100",
      "StudyID": "1",
      "StudyTime": "115941.049000",
      "TransmitCoilName": "Body",
      "VariableFlipAngleFlag": "N",
      "WindowCenterWidthExplanation": "Algo1",
      "dBdt": 0.0},
    "slices": {}
  },
  "time": {
    "samples": {
      "AcquisitionNumber": [1, 2, 3],
      "AcquisitionTime": ["122441.300000", "122443.220000", "122445.140000"],
      "ContentTime": ["122447.857000", "122447.861000", "122447.864000"],
      "InstanceCreationTime": ["122447.857000", "122447.861000", "122447.864000"],
      "InstanceNumber": [1, 2, 3],
      "WindowCenter": [12823.0, 12729.0, 12740.0],
      "WindowWidth": [27669.0, 27455.0, 27482.0]
    },
    "slices": {}
  },
  "IntendedFor": [
    "func/sub-128_task-freq1_acq-normal_run-01_echo-1_bold.nii.gz",
    "func/sub-128_task-freq1_acq-normal_run-01_echo-1_sbref.nii.gz",
    "func/sub-128_task-freq1_acq-normal_run-01_echo-2_bold.nii.gz",
    "func/sub-128_task-freq1_acq-normal_run-01_echo-2_sbref.nii.gz",
    "func/sub-128_task-freq1_acq-normal_run-01_echo-3_bold.nii.gz",
    "func/sub-128_task-freq1_acq-normal_run-01_echo-3_sbref.nii.gz",
    "func/sub-128_task-freq1_acq-normal_run-01_echo-4_bold.nii.gz",
    "func/sub-128_task-freq1_acq-normal_run-01_echo-4_sbref.nii.gz",
    "func/sub-128_task-freq2_acq-normal_run-01_echo-1_bold.nii.gz",
    "func/sub-128_task-freq2_acq-normal_run-01_echo-1_sbref.nii.gz",
    "func/sub-128_task-freq2_acq-normal_run-01_echo-2_bold.nii.gz",
    "func/sub-128_task-freq2_acq-normal_run-01_echo-2_sbref.nii.gz",
    "func/sub-128_task-freq2_acq-normal_run-01_echo-3_bold.nii.gz",
    "func/sub-128_task-freq2_acq-normal_run-01_echo-3_sbref.nii.gz",
    "func/sub-128_task-freq2_acq-normal_run-01_echo-4_bold.nii.gz",
    "func/sub-128_task-freq2_acq-normal_run-01_echo-4_sbref.nii.gz",
    "func/sub-128_task-freqreports1_acq-normal_run-01_echo-1_bold.nii.gz",
    "func/sub-128_task-freqreports1_acq-normal_run-01_echo-1_sbref.nii.gz",
    "func/sub-128_task-freqreports1_acq-normal_run-01_echo-2_bold.nii.gz",
    "func/sub-128_task-freqreports1_acq-normal_run-01_echo-2_sbref.nii.gz",
    "func/sub-128_task-freqreports1_acq-normal_run-01_echo-3_bold.nii.gz",
    "func/sub-128_task-freqreports1_acq-normal_run-01_echo-3_sbref.nii.gz",
    "func/sub-128_task-freqreports1_acq-normal_run-01_echo-4_bold.nii.gz",
    "func/sub-128_task-freqreports1_acq-normal_run-01_echo-4_sbref.nii.gz",
    "func/sub-128_task-freqreports2_acq-normal_run-01_echo-1_bold.nii.gz",
    "func/sub-128_task-freqreports2_acq-normal_run-01_echo-1_sbref.nii.gz",
    "func/sub-128_task-freqreports2_acq-normal_run-01_echo-2_bold.nii.gz",
    "func/sub-128_task-freqreports2_acq-normal_run-01_echo-2_sbref.nii.gz",
    "func/sub-128_task-freqreports2_acq-normal_run-01_echo-3_bold.nii.gz",
    "func/sub-128_task-freqreports2_acq-normal_run-01_echo-3_sbref.nii.gz",
    "func/sub-128_task-freqreports2_acq-normal_run-01_echo-4_bold.nii.gz",
    "func/sub-128_task-freqreports2_acq-normal_run-01_echo-4_sbref.nii.gz",
    "func/sub-128_task-memtest1_acq-normal_run-01_echo-1_bold.nii.gz",
    "func/sub-128_task-memtest1_acq-normal_run-01_echo-1_sbref.nii.gz",
    "func/sub-128_task-memtest1_acq-normal_run-01_echo-2_bold.nii.gz",
    "func/sub-128_task-memtest1_acq-normal_run-01_echo-2_sbref.nii.gz",
    "func/sub-128_task-memtest1_acq-normal_run-01_echo-3_bold.nii.gz",
    "func/sub-128_task-memtest1_acq-normal_run-01_echo-3_sbref.nii.gz",
    "func/sub-128_task-memtest1_acq-normal_run-01_echo-4_bold.nii.gz",
    "func/sub-128_task-memtest1_acq-normal_run-01_echo-4_sbref.nii.gz",
    "func/sub-128_task-memtest2_acq-normal_run-01_echo-1_bold.nii.gz",
    "func/sub-128_task-memtest2_acq-normal_run-01_echo-1_sbref.nii.gz",
    "func/sub-128_task-memtest2_acq-normal_run-01_echo-2_bold.nii.gz",
    "func/sub-128_task-memtest2_acq-normal_run-01_echo-2_sbref.nii.gz",
    "func/sub-128_task-memtest2_acq-normal_run-01_echo-3_bold.nii.gz",
    "func/sub-128_task-memtest2_acq-normal_run-01_echo-3_sbref.nii.gz",
    "func/sub-128_task-memtest2_acq-normal_run-01_echo-4_bold.nii.gz",
    "func/sub-128_task-memtest2_acq-normal_run-01_echo-4_sbref.nii.gz",
    "func/sub-128_task-pairedassociates1_acq-normal_run-01_echo-1_bold.nii.gz",
    "func/sub-128_task-pairedassociates1_acq-normal_run-01_echo-1_sbref.nii.gz",
    "func/sub-128_task-pairedassociates1_acq-normal_run-01_echo-2_bold.nii.gz",
    "func/sub-128_task-pairedassociates1_acq-normal_run-01_echo-2_sbref.nii.gz",
    "func/sub-128_task-pairedassociates1_acq-normal_run-01_echo-3_bold.nii.gz",
    "func/sub-128_task-pairedassociates1_acq-normal_run-01_echo-3_sbref.nii.gz",
    "func/sub-128_task-pairedassociates1_acq-normal_run-01_echo-4_bold.nii.gz",
    "func/sub-128_task-pairedassociates1_acq-normal_run-01_echo-4_sbref.nii.gz",
    "func/sub-128_task-pairedassociates2_acq-normal_run-01_echo-1_bold.nii.gz",
    "func/sub-128_task-pairedassociates2_acq-normal_run-01_echo-1_sbref.nii.gz",
    "func/sub-128_task-pairedassociates2_acq-normal_run-01_echo-2_bold.nii.gz",
    "func/sub-128_task-pairedassociates2_acq-normal_run-01_echo-2_sbref.nii.gz",
    "func/sub-128_task-pairedassociates2_acq-normal_run-01_echo-3_bold.nii.gz",
    "func/sub-128_task-pairedassociates2_acq-normal_run-01_echo-3_sbref.nii.gz",
    "func/sub-128_task-pairedassociates2_acq-normal_run-01_echo-4_bold.nii.gz",
    "func/sub-128_task-pairedassociates2_acq-normal_run-01_echo-4_sbref.nii.gz"
  ]
}