{
  "AcquisitionMatrixPE": 68,
  "AcquisitionNumber": 1,
  "AcquisitionTime": "12:11:13.277500",
  "BandwidthPerPixelPhaseEncode": 60.024,
  "BaseResolution": 68,
  "BodyPartExamined": "BRAIN",
  "CoilString": "HC1-7;NC1_2",
  "ConsistencyInfo": "N4_VE11C_LATEST_20160120",
  "ConversionSoftware": "dcm2niix",
  "ConversionSoftwareVersion": "v1.0.20190410  GCC6.3.0",
  "DerivedVendorReportedEchoSpacing": 0.00049,
  "DeviceSerialNumber": "166018",
  "DwellTime": 3e-06,
  "EchoTime": 0.0204,
  "EchoTrainLength": 33,
  "EffectiveEchoSpacing": 0.000245,
  "FlipAngle": 90,
  "ImageComments": "SENSE1",
  "ImageOrientationPatientDICOM": [0.982623, 0.165482, -0.0840689, -0.177333, 0.970743, -0.161896],
  "ImageType": [
    "ORIGINAL",
    "PRIMARY",
    "M",
    "ND",
    "MOSAIC"
],
  "ImagingFrequency": 123.191,
  "InPlanePhaseEncodingDirectionDICOM": "COL",
  "InstitutionAddress": "Washington_Place_6_NYC_NYC_US_10003",
  "InstitutionName": "NYU_-_CBI",
  "InstitutionalDepartmentName": "Department",
  "MRAcquisitionType": "2D",
  "MagneticFieldStrength": 3,
  "Manufacturer": "Siemens",
  "ManufacturersModelName": "Prisma",
  "Modality": "MR",
  "ParallelReductionFactorInPlane": 2,
  "PartialFourier": 1,
  "PatientPosition": "HFS",
  "PercentPhaseFOV": 100,
  "PhaseEncodingDirection": "j",
  "PhaseEncodingSteps": 67,
  "PhaseResolution": 1,
  "PixelBandwidth": 2450,
  "ProcedureStepDescription": "Investigators_Hartley",
  "ProtocolName": "ME_SE_FieldMap_PA",
  "PulseSequenceDetails": "%CustomerSeq%_cmrr_mbep2d_se",
  "ReceiveCoilActiveElements": "HC1-7;NC1,2",
  "ReceiveCoilName": "HeadNeck_64",
  "ReconMatrixPE": 68,
  "RefLinesPE": 24,
  "RepetitionTime": 1.919,
  "SAR": 0.405086,
  "ScanOptions": "FS",
  "ScanningSequence": "EP",
  "SequenceName": "epse2d1_68",
  "SequenceVariant": "SK",
  "SeriesDescription": "ME_SE_FieldMap_PA",
  "SeriesNumber": 10,
  "ShimSetting": [229, -12640, -8457, 295, 10, -65, -44, -16],
  "SliceThickness": 3,
  "SliceTiming": [0.95, 0, 0.9925, 0.045, 1.0375, 0.0875, 1.08, 0.13, 1.1225, 0.1725, 1.165, 0.2175, 1.21, 0.26, 1.2525, 0.3025, 1.295, 0.3475, 1.3375, 0.39, 1.3825, 0.4325, 1.425, 0.475, 1.4675, 0.52, 1.5125, 0.5625, 1.555, 0.605, 1.5975, 0.6475, 1.64, 0.6925, 1.685, 0.735, 1.7275, 0.7775, 1.77, 0.82, 1.8125, 0.865, 1.8575, 0.9075],
  "SoftwareVersions": "syngo_MR_E11",
  "SpacingBetweenSlices": 3,
  "StationName": "AWP166018",
  "TotalReadoutTime": 0.016415,
  "TxRefAmp": 204.592,
  "WipMemBlock": "d6027556-082b-4cca-b620-2c149224fb7a||Sequence: R016 ve11c/master r/8780670; Nov 27 2017 15:08:10 by eja",
  "dcmmeta_affine": [
    [-2.947869062423706, -0.5319988131523132, -0.16445517539978027, 119.15013122558594],
    [-0.49644744396209717, 2.9122302532196045, -0.5219722390174866, -58.45909881591797],
    [-0.2522066533565521, 0.4856874644756317, 2.9496610164642334, -36.400665283203125],
    [0.0, 0.0, 0.0, 1.0]
],
  "dcmmeta_reorient_transform": [
    [0.0, -1.0, 0.0, 67.0],
    [1.0, 0.0, 0.0, 0.0],
    [0.0, 0.0, 1.0, 0.0],
    [0.0, 0.0, 0.0, 1.0]
],
  "dcmmeta_shape": [68, 68, 44, 3],
  "dcmmeta_slice_dim": 2,
  "dcmmeta_version": 0.6,
  "global": {
    "const": {
      "AccessionNumber": "k0patiy4",
      "AcquisitionMatrix": [68, 0, 0, 68],
      "AngioFlag": "N",
      "BitsAllocated": 16,
      "BitsStored": 16,
      "BodyPartExamined": "BRAIN",
      "Columns": 476,
      "EchoNumbers": 1,
      "EchoTime": 20.4,
      "EchoTrainLength": 33,
      "FlipAngle": 90.0,
      "HighBit": 15,
      "ImageOrientationPatient": [0.98262300595662, 0.16548248024343, -0.0840688818604, -0.1773329417133, 0.97074341094279, -0.1618958242034],
      "ImagePositionPatient": [-576.34372617195, -832.0305717989, 146.67079445324],
      "ImageType": [
        "ORIGINAL",
        "PRIMARY",
        "M",
        "ND",
        "MOSAIC"
],
      "ImagedNucleus": "1H",
      "ImagingFrequency": 123.19075,
      "InPlanePhaseEncodingDirection": "COL",
      "MRAcquisitionType": "2D",
      "MagneticFieldStrength": 3.0,
      "Manufacturer": "SIEMENS",
      "ManufacturerModelName": "Prisma",
      "Modality": "MR",
      "NumberOfAverages": 1.0,
      "NumberOfPhaseEncodingSteps": 67,
      "PercentPhaseFieldOfView": 100.0,
      "PercentSampling": 100.0,
      "PerformedProcedureStepStartTime": "114949.207000",
      "PhotometricInterpretation": "MONOCHROME2",
      "PixelBandwidth": 2450.0,
      "PixelRepresentation": 0,
      "PixelSpacing": [3.0, 3.0],
      "ProtocolName": "ME_SE_FieldMap_PA",
      "RepetitionTime": 1919.0,
      "Rows": 476,
      "SAR": 0.40508622234432,
      "SamplesPerPixel": 1,
      "ScanOptions": "FS",
      "ScanningSequence": "EP",
      "SequenceName": "epse2d1_68",
      "SequenceVariant": "SK",
      "SeriesDescription": "ME_SE_FieldMap_PA",
      "SeriesNumber": 10,
      "SeriesTime": "121118.203000",
      "SliceLocation": -32.150150315101,
      "SliceThickness": 3.0,
      "SmallestImagePixelValue": 0,
      "SoftwareVersions": "syngo MR E11",
      "SpacingBetweenSlices": 2.9999999920852,
      "SpecificCharacterSet": "ISO_IR 100",
      "StudyID": "1",
      "StudyTime": "114949.157000",
      "TransmitCoilName": "Body",
      "VariableFlipAngleFlag": "N",
      "WindowCenterWidthExplanation": "Algo1",
      "dBdt": 0.0},
    "slices": {}
  },
  "time": {
    "samples": {
      "AcquisitionNumber": [1, 2, 3],
      "AcquisitionTime": ["121113.277500", "121115.197500", "121117.115000"],
      "ContentTime": ["121118.207000", "121118.210000", "121118.213000"],
      "InstanceCreationTime": ["121118.207000", "121118.210000", "121118.213000"],
      "InstanceNumber": [1, 2, 3],
      "LargestImagePixelValue": [63086, 62079, 62325],
      "WindowCenter": [13133.0, 13063.0, 13081.0],
      "WindowWidth": [28280.0, 28116.0, 28186.0]
    },
    "slices": {}
  },
  "IntendedFor": [
    "func/sub-224_task-freq1_acq-normal_run-01_echo-1_bold.nii.gz",
    "func/sub-224_task-freq1_acq-normal_run-01_echo-1_sbref.nii.gz",
    "func/sub-224_task-freq1_acq-normal_run-01_echo-2_bold.nii.gz",
    "func/sub-224_task-freq1_acq-normal_run-01_echo-2_sbref.nii.gz",
    "func/sub-224_task-freq1_acq-normal_run-01_echo-3_bold.nii.gz",
    "func/sub-224_task-freq1_acq-normal_run-01_echo-3_sbref.nii.gz",
    "func/sub-224_task-freq1_acq-normal_run-01_echo-4_bold.nii.gz",
    "func/sub-224_task-freq1_acq-normal_run-01_echo-4_sbref.nii.gz",
    "func/sub-224_task-freq2_acq-normal_run-01_echo-1_bold.nii.gz",
    "func/sub-224_task-freq2_acq-normal_run-01_echo-1_sbref.nii.gz",
    "func/sub-224_task-freq2_acq-normal_run-01_echo-2_bold.nii.gz",
    "func/sub-224_task-freq2_acq-normal_run-01_echo-2_sbref.nii.gz",
    "func/sub-224_task-freq2_acq-normal_run-01_echo-3_bold.nii.gz",
    "func/sub-224_task-freq2_acq-normal_run-01_echo-3_sbref.nii.gz",
    "func/sub-224_task-freq2_acq-normal_run-01_echo-4_bold.nii.gz",
    "func/sub-224_task-freq2_acq-normal_run-01_echo-4_sbref.nii.gz",
    "func/sub-224_task-freqreports1_acq-normal_run-01_echo-1_bold.nii.gz",
    "func/sub-224_task-freqreports1_acq-normal_run-01_echo-1_sbref.nii.gz",
    "func/sub-224_task-freqreports1_acq-normal_run-01_echo-2_bold.nii.gz",
    "func/sub-224_task-freqreports1_acq-normal_run-01_echo-2_sbref.nii.gz",
    "func/sub-224_task-freqreports1_acq-normal_run-01_echo-3_bold.nii.gz",
    "func/sub-224_task-freqreports1_acq-normal_run-01_echo-3_sbref.nii.gz",
    "func/sub-224_task-freqreports1_acq-normal_run-01_echo-4_bold.nii.gz",
    "func/sub-224_task-freqreports1_acq-normal_run-01_echo-4_sbref.nii.gz",
    "func/sub-224_task-freqreports2_acq-normal_run-01_echo-1_bold.nii.gz",
    "func/sub-224_task-freqreports2_acq-normal_run-01_echo-1_sbref.nii.gz",
    "func/sub-224_task-freqreports2_acq-normal_run-01_echo-2_bold.nii.gz",
    "func/sub-224_task-freqreports2_acq-normal_run-01_echo-2_sbref.nii.gz",
    "func/sub-224_task-freqreports2_acq-normal_run-01_echo-3_bold.nii.gz",
    "func/sub-224_task-freqreports2_acq-normal_run-01_echo-3_sbref.nii.gz",
    "func/sub-224_task-freqreports2_acq-normal_run-01_echo-4_bold.nii.gz",
    "func/sub-224_task-freqreports2_acq-normal_run-01_echo-4_sbref.nii.gz",
    "func/sub-224_task-memtest1_acq-normal_run-01_echo-1_bold.nii.gz",
    "func/sub-224_task-memtest1_acq-normal_run-01_echo-1_sbref.nii.gz",
    "func/sub-224_task-memtest1_acq-normal_run-01_echo-2_bold.nii.gz",
    "func/sub-224_task-memtest1_acq-normal_run-01_echo-2_sbref.nii.gz",
    "func/sub-224_task-memtest1_acq-normal_run-01_echo-3_bold.nii.gz",
    "func/sub-224_task-memtest1_acq-normal_run-01_echo-3_sbref.nii.gz",
    "func/sub-224_task-memtest1_acq-normal_run-01_echo-4_bold.nii.gz",
    "func/sub-224_task-memtest1_acq-normal_run-01_echo-4_sbref.nii.gz",
    "func/sub-224_task-memtest2_acq-normal_run-01_echo-1_bold.nii.gz",
    "func/sub-224_task-memtest2_acq-normal_run-01_echo-1_sbref.nii.gz",
    "func/sub-224_task-memtest2_acq-normal_run-01_echo-2_bold.nii.gz",
    "func/sub-224_task-memtest2_acq-normal_run-01_echo-2_sbref.nii.gz",
    "func/sub-224_task-memtest2_acq-normal_run-01_echo-3_bold.nii.gz",
    "func/sub-224_task-memtest2_acq-normal_run-01_echo-3_sbref.nii.gz",
    "func/sub-224_task-memtest2_acq-normal_run-01_echo-4_bold.nii.gz",
    "func/sub-224_task-memtest2_acq-normal_run-01_echo-4_sbref.nii.gz",
    "func/sub-224_task-pairedassociates1_acq-normal_run-01_echo-1_bold.nii.gz",
    "func/sub-224_task-pairedassociates1_acq-normal_run-01_echo-1_sbref.nii.gz",
    "func/sub-224_task-pairedassociates1_acq-normal_run-01_echo-2_bold.nii.gz",
    "func/sub-224_task-pairedassociates1_acq-normal_run-01_echo-2_sbref.nii.gz",
    "func/sub-224_task-pairedassociates1_acq-normal_run-01_echo-3_bold.nii.gz",
    "func/sub-224_task-pairedassociates1_acq-normal_run-01_echo-3_sbref.nii.gz",
    "func/sub-224_task-pairedassociates1_acq-normal_run-01_echo-4_bold.nii.gz",
    "func/sub-224_task-pairedassociates1_acq-normal_run-01_echo-4_sbref.nii.gz",
    "func/sub-224_task-pairedassociates2_acq-normal_run-01_echo-1_bold.nii.gz",
    "func/sub-224_task-pairedassociates2_acq-normal_run-01_echo-1_sbref.nii.gz",
    "func/sub-224_task-pairedassociates2_acq-normal_run-01_echo-2_bold.nii.gz",
    "func/sub-224_task-pairedassociates2_acq-normal_run-01_echo-2_sbref.nii.gz",
    "func/sub-224_task-pairedassociates2_acq-normal_run-01_echo-3_bold.nii.gz",
    "func/sub-224_task-pairedassociates2_acq-normal_run-01_echo-3_sbref.nii.gz",
    "func/sub-224_task-pairedassociates2_acq-normal_run-01_echo-4_bold.nii.gz",
    "func/sub-224_task-pairedassociates2_acq-normal_run-01_echo-4_sbref.nii.gz"
  ]
}