{
  "AcquisitionMatrixPE": 68,
  "AcquisitionNumber": 1,
  "AcquisitionTime": "10:51:53.295000",
  "BandwidthPerPixelPhaseEncode": 60.024,
  "BaseResolution": 68,
  "BodyPartExamined": "BRAIN",
  "CoilString": "HC1-7;NC1_2",
  "ConsistencyInfo": "N4_VE11C_LATEST_20160120",
  "ConversionSoftware": "dcm2niix",
  "ConversionSoftwareVersion": "v1.0.20190410  GCC6.3.0",
  "DerivedVendorReportedEchoSpacing": 0.00049,
  "DeviceSerialNumber": "166018",
  "DwellTime": 3e-06,
  "EchoTime": 0.0204,
  "EchoTrainLength": 33,
  "EffectiveEchoSpacing": 0.000245,
  "FlipAngle": 90,
  "ImageComments": "SENSE1",
  "ImageOrientationPatientDICOM": [0.995783, 0.0294606, 0.0868815, -0.00382356, 0.95954, -0.281546],
  "ImageType": [
    "ORIGINAL",
    "PRIMARY",
    "M",
    "ND",
    "MOSAIC"
],
  "ImagingFrequency": 123.191,
  "InPlanePhaseEncodingDirectionDICOM": "COL",
  "InstitutionAddress": "Washington_Place_6_NYC_NYC_US_10003",
  "InstitutionName": "NYU_-_CBI",
  "InstitutionalDepartmentName": "Department",
  "MRAcquisitionType": "2D",
  "MagneticFieldStrength": 3,
  "Manufacturer": "Siemens",
  "ManufacturersModelName": "Prisma",
  "Modality": "MR",
  "ParallelReductionFactorInPlane": 2,
  "PartialFourier": 1,
  "PatientPosition": "HFS",
  "PercentPhaseFOV": 100,
  "PhaseEncodingDirection": "j",
  "PhaseEncodingSteps": 67,
  "PhaseResolution": 1,
  "PixelBandwidth": 2450,
  "ProcedureStepDescription": "Investigators_Hartley",
  "ProtocolName": "ME_SE_FieldMap_PA",
  "PulseSequenceDetails": "%CustomerSeq%_cmrr_mbep2d_se",
  "ReceiveCoilActiveElements": "HC1-7;NC1,2",
  "ReceiveCoilName": "HeadNeck_64",
  "ReconMatrixPE": 68,
  "RefLinesPE": 24,
  "RepetitionTime": 1.919,
  "SAR": 0.384212,
  "ScanOptions": "FS",
  "ScanningSequence": "EP",
  "SequenceName": "epse2d1_68",
  "SequenceVariant": "SK",
  "SeriesDescription": "ME_SE_FieldMap_PA",
  "SeriesNumber": 11,
  "ShimSetting": [299, -12648, -8399, 627, 45, -151, 12, 19],
  "SliceThickness": 3,
  "SliceTiming": [0.95, 0, 0.9925, 0.0425, 1.035, 0.0875, 1.08, 0.13, 1.1225, 0.1725, 1.165, 0.215, 1.2075, 0.26, 1.2525, 0.3025, 1.295, 0.345, 1.3375, 0.3875, 1.38, 0.4325, 1.425, 0.475, 1.4675, 0.5175, 1.51, 0.5625, 1.555, 0.605, 1.5975, 0.6475, 1.64, 0.69, 1.6825, 0.735, 1.7275, 0.7775, 1.77, 0.82, 1.8125, 0.8625, 1.855, 0.9075],
  "SoftwareVersions": "syngo_MR_E11",
  "SpacingBetweenSlices": 3,
  "StationName": "AWP166018",
  "TotalReadoutTime": 0.016415,
  "TxRefAmp": 198.788,
  "WipMemBlock": "d06b4f2e-0515-4896-bffe-50c4f8798b90||Sequence: R016 ve11c/master r/8780670; Nov 27 2017 15:08:10 by eja",
  "dcmmeta_affine": [
    [-2.987348794937134, -0.011470667086541653, 0.27498236298561096, 100.67778015136719],
    [-0.08838168531656265, 2.878620147705078, -0.8400801420211792, -73.42330169677734],
    [0.26064449548721313, 0.8446386456489563, 2.86681866645813, -78.0271987915039],
    [0.0, 0.0, 0.0, 1.0]
],
  "dcmmeta_reorient_transform": [
    [0.0, -1.0, 0.0, 67.0],
    [1.0, 0.0, 0.0, 0.0],
    [0.0, 0.0, 1.0, 0.0],
    [0.0, 0.0, 0.0, 1.0]
],
  "dcmmeta_shape": [68, 68, 44, 3],
  "dcmmeta_slice_dim": 2,
  "dcmmeta_version": 0.6,
  "global": {
    "const": {
      "AccessionNumber": "juo13wff",
      "AcquisitionMatrix": [68, 0, 0, 68],
      "AngioFlag": "N",
      "BitsAllocated": 16,
      "BitsStored": 16,
      "BodyPartExamined": "BRAIN",
      "Columns": 476,
      "EchoNumbers": 1,
      "EchoTime": 20.4,
      "EchoTrainLength": 33,
      "FlipAngle": 90.0,
      "HighBit": 15,
      "ImageOrientationPatient": [0.99578294862287, 0.02946056055564, 0.0868814974761, -0.0038235558418, 0.95954005304051, -0.2815462076316],
      "ImagePositionPatient": [-706.98839420582, -724.71262310521, 97.698393425791],
      "ImageType": [
        "ORIGINAL",
        "PRIMARY",
        "M",
        "ND",
        "MOSAIC"
],
      "ImagedNucleus": "1H",
      "ImagingFrequency": 123.191062,
      "InPlanePhaseEncodingDirection": "COL",
      "MRAcquisitionType": "2D",
      "MagneticFieldStrength": 3.0,
      "Manufacturer": "SIEMENS",
      "ManufacturerModelName": "Prisma",
      "Modality": "MR",
      "NumberOfAverages": 1.0,
      "NumberOfPhaseEncodingSteps": 67,
      "PercentPhaseFieldOfView": 100.0,
      "PercentSampling": 100.0,
      "PerformedProcedureStepStartTime": "103224.104000",
      "PhotometricInterpretation": "MONOCHROME2",
      "PixelBandwidth": 2450.0,
      "PixelRepresentation": 0,
      "PixelSpacing": [3.0, 3.0],
      "ProtocolName": "ME_SE_FieldMap_PA",
      "RepetitionTime": 1919.0,
      "Rows": 476,
      "SAR": 0.38421196505359,
      "SamplesPerPixel": 1,
      "ScanOptions": "FS",
      "ScanningSequence": "EP",
      "SequenceName": "epse2d1_68",
      "SequenceVariant": "SK",
      "SeriesDescription": "ME_SE_FieldMap_PA",
      "SeriesNumber": 11,
      "SeriesTime": "105157.137000",
      "SliceLocation": -44.774587454303,
      "SliceThickness": 3.0,
      "SmallestImagePixelValue": 0,
      "SoftwareVersions": "syngo MR E11",
      "SpacingBetweenSlices": 2.9999999238269,
      "SpecificCharacterSet": "ISO_IR 100",
      "StudyID": "1",
      "StudyTime": "103224.050000",
      "TransmitCoilName": "Body",
      "VariableFlipAngleFlag": "N",
      "WindowCenterWidthExplanation": "Algo1",
      "dBdt": 0.0},
    "slices": {}
  },
  "time": {
    "samples": {
      "AcquisitionNumber": [1, 2, 3],
      "AcquisitionTime": ["105153.295000", "105155.212500", "105157.132500"],
      "ContentTime": ["105157.140000", "105157.144000", "105158.897000"],
      "InstanceCreationTime": ["105157.140000", "105157.144000", "105158.897000"],
      "InstanceNumber": [1, 2, 3],
      "LargestImagePixelValue": [62613, 59720, 59633],
      "WindowCenter": [11976.0, 11886.0, 11879.0],
      "WindowWidth": [25713.0, 25504.0, 25483.0]
    },
    "slices": {}
  },
  "IntendedFor": [
    "func/sub-134_task-freq1_acq-normal_run-01_echo-1_bold.nii.gz",
    "func/sub-134_task-freq1_acq-normal_run-01_echo-1_sbref.nii.gz",
    "func/sub-134_task-freq1_acq-normal_run-01_echo-2_bold.nii.gz",
    "func/sub-134_task-freq1_acq-normal_run-01_echo-2_sbref.nii.gz",
    "func/sub-134_task-freq1_acq-normal_run-01_echo-3_bold.nii.gz",
    "func/sub-134_task-freq1_acq-normal_run-01_echo-3_sbref.nii.gz",
    "func/sub-134_task-freq1_acq-normal_run-01_echo-4_bold.nii.gz",
    "func/sub-134_task-freq1_acq-normal_run-01_echo-4_sbref.nii.gz",
    "func/sub-134_task-freq2_acq-normal_run-01_echo-1_bold.nii.gz",
    "func/sub-134_task-freq2_acq-normal_run-01_echo-1_sbref.nii.gz",
    "func/sub-134_task-freq2_acq-normal_run-01_echo-2_bold.nii.gz",
    "func/sub-134_task-freq2_acq-normal_run-01_echo-2_sbref.nii.gz",
    "func/sub-134_task-freq2_acq-normal_run-01_echo-3_bold.nii.gz",
    "func/sub-134_task-freq2_acq-normal_run-01_echo-3_sbref.nii.gz",
    "func/sub-134_task-freq2_acq-normal_run-01_echo-4_bold.nii.gz",
    "func/sub-134_task-freq2_acq-normal_run-01_echo-4_sbref.nii.gz",
    "func/sub-134_task-freqreports1_acq-normal_run-01_echo-1_bold.nii.gz",
    "func/sub-134_task-freqreports1_acq-normal_run-01_echo-1_sbref.nii.gz",
    "func/sub-134_task-freqreports1_acq-normal_run-01_echo-2_bold.nii.gz",
    "func/sub-134_task-freqreports1_acq-normal_run-01_echo-2_sbref.nii.gz",
    "func/sub-134_task-freqreports1_acq-normal_run-01_echo-3_bold.nii.gz",
    "func/sub-134_task-freqreports1_acq-normal_run-01_echo-3_sbref.nii.gz",
    "func/sub-134_task-freqreports1_acq-normal_run-01_echo-4_bold.nii.gz",
    "func/sub-134_task-freqreports1_acq-normal_run-01_echo-4_sbref.nii.gz",
    "func/sub-134_task-freqreports2_acq-normal_run-01_echo-1_bold.nii.gz",
    "func/sub-134_task-freqreports2_acq-normal_run-01_echo-1_sbref.nii.gz",
    "func/sub-134_task-freqreports2_acq-normal_run-01_echo-2_bold.nii.gz",
    "func/sub-134_task-freqreports2_acq-normal_run-01_echo-2_sbref.nii.gz",
    "func/sub-134_task-freqreports2_acq-normal_run-01_echo-3_bold.nii.gz",
    "func/sub-134_task-freqreports2_acq-normal_run-01_echo-3_sbref.nii.gz",
    "func/sub-134_task-freqreports2_acq-normal_run-01_echo-4_bold.nii.gz",
    "func/sub-134_task-freqreports2_acq-normal_run-01_echo-4_sbref.nii.gz",
    "func/sub-134_task-memtest1_acq-normal_run-01_echo-1_bold.nii.gz",
    "func/sub-134_task-memtest1_acq-normal_run-01_echo-1_sbref.nii.gz",
    "func/sub-134_task-memtest1_acq-normal_run-01_echo-2_bold.nii.gz",
    "func/sub-134_task-memtest1_acq-normal_run-01_echo-2_sbref.nii.gz",
    "func/sub-134_task-memtest1_acq-normal_run-01_echo-3_bold.nii.gz",
    "func/sub-134_task-memtest1_acq-normal_run-01_echo-3_sbref.nii.gz",
    "func/sub-134_task-memtest1_acq-normal_run-01_echo-4_bold.nii.gz",
    "func/sub-134_task-memtest1_acq-normal_run-01_echo-4_sbref.nii.gz",
    "func/sub-134_task-memtest2_acq-normal_run-01_echo-1_bold.nii.gz",
    "func/sub-134_task-memtest2_acq-normal_run-01_echo-1_sbref.nii.gz",
    "func/sub-134_task-memtest2_acq-normal_run-01_echo-2_bold.nii.gz",
    "func/sub-134_task-memtest2_acq-normal_run-01_echo-2_sbref.nii.gz",
    "func/sub-134_task-memtest2_acq-normal_run-01_echo-3_bold.nii.gz",
    "func/sub-134_task-memtest2_acq-normal_run-01_echo-3_sbref.nii.gz",
    "func/sub-134_task-memtest2_acq-normal_run-01_echo-4_bold.nii.gz",
    "func/sub-134_task-memtest2_acq-normal_run-01_echo-4_sbref.nii.gz",
    "func/sub-134_task-pairedassociates1_acq-normal_run-01_echo-1_bold.nii.gz",
    "func/sub-134_task-pairedassociates1_acq-normal_run-01_echo-1_sbref.nii.gz",
    "func/sub-134_task-pairedassociates1_acq-normal_run-01_echo-2_bold.nii.gz",
    "func/sub-134_task-pairedassociates1_acq-normal_run-01_echo-2_sbref.nii.gz",
    "func/sub-134_task-pairedassociates1_acq-normal_run-01_echo-3_bold.nii.gz",
    "func/sub-134_task-pairedassociates1_acq-normal_run-01_echo-3_sbref.nii.gz",
    "func/sub-134_task-pairedassociates1_acq-normal_run-01_echo-4_bold.nii.gz",
    "func/sub-134_task-pairedassociates1_acq-normal_run-01_echo-4_sbref.nii.gz",
    "func/sub-134_task-pairedassociates2_acq-normal_run-01_echo-1_bold.nii.gz",
    "func/sub-134_task-pairedassociates2_acq-normal_run-01_echo-1_sbref.nii.gz",
    "func/sub-134_task-pairedassociates2_acq-normal_run-01_echo-2_bold.nii.gz",
    "func/sub-134_task-pairedassociates2_acq-normal_run-01_echo-2_sbref.nii.gz",
    "func/sub-134_task-pairedassociates2_acq-normal_run-01_echo-3_bold.nii.gz",
    "func/sub-134_task-pairedassociates2_acq-normal_run-01_echo-3_sbref.nii.gz",
    "func/sub-134_task-pairedassociates2_acq-normal_run-01_echo-4_bold.nii.gz",
    "func/sub-134_task-pairedassociates2_acq-normal_run-01_echo-4_sbref.nii.gz"
  ]
}