{
  "AcquisitionMatrixPE": 256,
  "AcquisitionNumber": 1,
  "AcquisitionTime": "17:30:43.715000",
  "BaseResolution": 256,
  "BodyPartExamined": "BRAIN",
  "CoilString": "HC1-7;NC1_2",
  "ConsistencyInfo": "N4_VE11C_LATEST_20160120",
  "ConversionSoftware": "dcm2niix",
  "ConversionSoftwareVersion": "v1.0.20190410  GCC6.3.0",
  "DeviceSerialNumber": "166018",
  "DwellTime": 2.6e-06,
  "EchoTime": 0.564,
  "EchoTrainLength": 314,
  "FlipAngle": 120,
  "ImageOrientationPatientDICOM": [-0.0370102, 0.99405, 0.102444, 0.00216707, 0.102593, -0.994721],
  "ImageType": [
    "ORIGINAL",
    "PRIMARY",
    "M",
    "ND",
    "NORM"
],
  "ImagingFrequency": 123.191,
  "InPlanePhaseEncodingDirectionDICOM": "ROW",
  "InstitutionAddress": "Washington_Place_6_NYC_NYC_US_10003",
  "InstitutionName": "NYU_Center_for_Brain_Imaging",
  "InstitutionalDepartmentName": "Department",
  "MRAcquisitionType": "3D",
  "MagneticFieldStrength": 3,
  "Manufacturer": "Siemens",
  "ManufacturersModelName": "Prisma",
  "Modality": "MR",
  "PartialFourier": 1,
  "PatientPosition": "HFS",
  "PercentPhaseFOV": 100,
  "PhaseEncodingSteps": 274,
  "PhaseOversampling": 0.1,
  "PhaseResolution": 1,
  "PixelBandwidth": 750,
  "ProcedureStepDescription": "Investigators_Hartley",
  "ProtocolName": "T2w_p2_s2_.9mm",
  "PulseSequenceDetails": "%SiemensSeq%_tse_vfl",
  "ReceiveCoilActiveElements": "HC1-7;NC1,2",
  "ReceiveCoilName": "HeadNeck_64",
  "ReconMatrixPE": 256,
  "RefLinesPE": 32,
  "RepetitionTime": 3.2,
  "SAR": 0.198718,
  "ScanOptions": "PFP",
  "ScanningSequence": "SE",
  "SequenceName": "_spc_314ns",
  "SequenceVariant": "SK_SP_OSP",
  "SeriesDescription": "T2w_p2_s2_.9mm",
  "SeriesNumber": 8,
  "ShimSetting": [269, -12616, -8531, -46, -62, -418, -16, -12],
  "SliceThickness": 0.9,
  "SoftwareVersions": "syngo_MR_E11",
  "StationName": "AWP166018",
  "TxRefAmp": 205.324,
  "dcmmeta_affine": [
    [0.8993812799453735, -0.03325139731168747, 0.0019469772232696414, -101.10279083251953],
    [0.03293358534574509, 0.8930918574333191, 0.09217370301485062, -111.02972412109375],
    [-0.005356063600629568, -0.092039093375206, 0.8936946392059326, -144.6016387939453],
    [0.0, 0.0, 0.0, 1.0]
],
  "dcmmeta_reorient_transform": [
    [0.0, 0.0, -1.0, 255.0],
    [0.0, -1.0, 0.0, 255.0],
    [-1.0, 0.0, 0.0, 239.0],
    [0.0, 0.0, 0.0, 1.0]
],
  "dcmmeta_shape": [240, 256, 256],
  "dcmmeta_slice_dim": 0,
  "dcmmeta_version": 0.6,
  "global": {
    "const": {
      "AccessionNumber": "jujxix6c",
      "AcquisitionMatrix": [0, 256, 256, 0],
      "AcquisitionNumber": 1,
      "AcquisitionTime": "173043.715000",
      "AngioFlag": "N",
      "BitsAllocated": 16,
      "BitsStored": 12,
      "BodyPartExamined": "BRAIN",
      "Columns": 256,
      "EchoNumbers": 1,
      "EchoTime": 564.0,
      "EchoTrainLength": 314,
      "FlipAngle": 120.0,
      "HighBit": 11,
      "ImageOrientationPatient": [-0.0370102505636, 0.99405008352715, 0.10244351025265, 0.0021670702747, 0.10259333877642, -0.9947210215157],
      "ImageType": [
        "ORIGINAL",
        "PRIMARY",
        "M",
        "ND",
        "NORM"
],
      "ImagedNucleus": "1H",
      "ImagingFrequency": 123.191126,
      "InPlanePhaseEncodingDirection": "ROW",
      "MRAcquisitionType": "3D",
      "MagneticFieldStrength": 3.0,
      "Manufacturer": "SIEMENS",
      "ManufacturerModelName": "Prisma",
      "Modality": "MR",
      "NumberOfAverages": 1.0,
      "NumberOfPhaseEncodingSteps": 274,
      "PercentPhaseFieldOfView": 100.0,
      "PercentSampling": 100.0,
      "PerformedProcedureStepStartTime": "171025.722000",
      "PhotometricInterpretation": "MONOCHROME2",
      "PixelBandwidth": 750.0,
      "PixelRepresentation": 0,
      "PixelSpacing": [0.8984375, 0.8984375],
      "ProtocolName": "T2w_p2_s2_.9mm",
      "RepetitionTime": 3200.0,
      "Rows": 256,
      "SAR": 0.19871780312102,
      "SamplesPerPixel": 1,
      "ScanOptions": "PFP",
      "ScanningSequence": "SE",
      "SequenceName": "*spc_314ns",
      "SequenceVariant": [
        "SK",
        "SP",
        "OSP"
],
      "SeriesDescription": "T2w_p2_s2_.9mm",
      "SeriesNumber": 8,
      "SeriesTime": "173525.915000",
      "SliceThickness": 0.89999997615814,
      "SmallestImagePixelValue": 0,
      "SoftwareVersions": "syngo MR E11",
      "SpecificCharacterSet": "ISO_IR 100",
      "StudyID": "1",
      "StudyTime": "171025.613000",
      "TransmitCoilName": "Body",
      "VariableFlipAngleFlag": "Y",
      "WindowCenterWidthExplanation": "Algo1",
      "dBdt": 0.0},
