{
  "AcquisitionMatrixPE": 68,
  "AcquisitionNumber": 1,
  "AcquisitionTime": "16:09:6.277500",
  "BandwidthPerPixelPhaseEncode": 60.024,
  "BaseResolution": 68,
  "BodyPartExamined": "BRAIN",
  "CoilString": "HC1-7;NC1_2",
  "ConsistencyInfo": "N4_VE11C_LATEST_20160120",
  "ConversionSoftware": "dcm2niix",
  "ConversionSoftwareVersion": "v1.0.20190410  GCC6.3.0",
  "DerivedVendorReportedEchoSpacing": 0.00049,
  "DeviceSerialNumber": "166018",
  "DwellTime": 3e-06,
  "EchoTime": 0.0204,
  "EchoTrainLength": 33,
  "EffectiveEchoSpacing": 0.000245,
  "FlipAngle": 90,
  "ImageComments": "SENSE1",
  "ImageOrientationPatientDICOM": [0.99906, 0.00242036, -0.0432799, -0.0190085, 0.921784, -0.387238],
  "ImageType": [
    "ORIGINAL",
    "PRIMARY",
    "M",
    "ND",
    "MOSAIC"
],
  "ImagingFrequency": 123.191,
  "InPlanePhaseEncodingDirectionDICOM": "COL",
  "InstitutionAddress": "Washington_Place_6_NYC_NYC_US_10003",
  "InstitutionName": "NYU_-_CBI",
  "InstitutionalDepartmentName": "Department",
  "MRAcquisitionType": "2D",
  "MagneticFieldStrength": 3,
  "Manufacturer": "Siemens",
  "ManufacturersModelName": "Prisma",
  "Modality": "MR",
  "ParallelReductionFactorInPlane": 2,
  "PartialFourier": 1,
  "PatientPosition": "HFS",
  "PercentPhaseFOV": 100,
  "PhaseEncodingDirection": "j-",
  "PhaseEncodingSteps": 67,
  "PhaseResolution": 1,
  "PixelBandwidth": 2450,
  "ProcedureStepDescription": "Investigators_Hartley",
  "ProtocolName": "ME_SE_FieldMap_AP",
  "PulseSequenceDetails": "%CustomerSeq%_cmrr_mbep2d_se",
  "ReceiveCoilActiveElements": "HC1-7;NC1,2",
  "ReceiveCoilName": "HeadNeck_64",
  "ReconMatrixPE": 68,
  "RefLinesPE": 24,
  "RepetitionTime": 1.919,
  "SAR": 0.340711,
  "ScanOptions": "FS",
  "ScanningSequence": "EP",
  "SequenceName": "epse2d1_68",
  "SequenceVariant": "SK",
  "SeriesDescription": "ME_SE_FieldMap_AP",
  "SeriesNumber": 9,
  "ShimSetting": [250, -12583, -8418, 166, 18, 17, 169, 46],
  "SliceThickness": 3,
  "SliceTiming": [0.9475, 0, 0.9925, 0.0425, 1.035, 0.085, 1.0775, 0.1275, 1.12, 0.1725, 1.165, 0.215, 1.2075, 0.2575, 1.25, 0.3025, 1.2925, 0.345, 1.3375, 0.3875, 1.38, 0.43, 1.4225, 0.475, 1.4675, 0.5175, 1.51, 0.56, 1.5525, 0.6025, 1.595, 0.6475, 1.64, 0.69, 1.6825, 0.7325, 1.725, 0.775, 1.7675, 0.82, 1.8125, 0.8625, 1.855, 0.905],
  "SoftwareVersions": "syngo_MR_E11",
  "SpacingBetweenSlices": 3,
  "StationName": "AWP166018",
  "TotalReadoutTime": 0.016415,
  "TxRefAmp": 279.617,
  "WipMemBlock": "648aab71-4585-4f38-9e95-c8aabf095295||Sequence: R016 ve11c/master r/8780670; Nov 27 2017 15:08:10 by eja",
  "dcmmeta_affine": [
    [-2.997180223464966, -0.057025566697120667, -0.11687231808900833, 102.56997680664062],
    [-0.00726108206436038, 2.7653517723083496, -1.1630895137786865, -63.92317581176758],
    [-0.12983962893486023, 1.1617134809494019, 2.762890338897705, -63.73202133178711],
    [0.0, 0.0, 0.0, 1.0]
],
  "dcmmeta_reorient_transform": [
    [0.0, -1.0, 0.0, 67.0],
    [1.0, 0.0, 0.0, 0.0],
    [0.0, 0.0, 1.0, 0.0],
    [0.0, 0.0, 0.0, 1.0]
],
  "dcmmeta_shape": [68, 68, 44, 3],
  "dcmmeta_slice_dim": 2,
  "dcmmeta_version": 0.6,
  "global": {
    "const": {
      "AccessionNumber": "jtohhwz4",
      "AcquisitionMatrix": [68, 0, 0, 68],
      "AngioFlag": "N",
      "BitsAllocated": 16,
      "BitsStored": 16,
      "BodyPartExamined": "BRAIN",
      "Columns": 476,
      "EchoNumbers": 1,
      "EchoTime": 20.4,
      "EchoTrainLength": 33,
      "FlipAngle": 90.0,
      "HighBit": 15,
      "ImageOrientationPatient": [0.99906005528786, 0.00242036072364, -0.0432798773356, -0.0190085217018, 0.92178389518155, -0.3872378167052],
      "ImagePositionPatient": [-698.54080503315, -686.96839228992, 277.5796092837],
      "ImageType": [
        "ORIGINAL",
        "PRIMARY",
        "M",
        "ND",
        "MOSAIC"
],
      "ImagedNucleus": "1H",
      "ImagingFrequency": 123.191127,
      "InPlanePhaseEncodingDirection": "COL",
      "LargestImagePixelValue": 65535,
      "MRAcquisitionType": "2D",
      "MagneticFieldStrength": 3.0,
      "Manufacturer": "SIEMENS",
      "ManufacturerModelName": "Prisma",
      "Modality": "MR",
      "NumberOfAverages": 1.0,
      "NumberOfPhaseEncodingSteps": 67,
      "PercentPhaseFieldOfView": 100.0,
      "PercentSampling": 100.0,
      "PerformedProcedureStepStartTime": "153349.532000",
      "PhotometricInterpretation": "MONOCHROME2",
      "PixelBandwidth": 2450.0,
      "PixelRepresentation": 0,
      "PixelSpacing": [3.0, 3.0],
      "ProtocolName": "ME_SE_FieldMap_AP",
      "RepetitionTime": 1919.0,
      "Rows": 476,
      "SAR": 0.3407109264724,
      "SamplesPerPixel": 1,
      "ScanOptions": "FS",
      "ScanningSequence": "EP",
      "SequenceName": "epse2d1_68",
      "SequenceVariant": "SK",
      "SeriesDescription": "ME_SE_FieldMap_AP",
      "SeriesNumber": 9,
      "SeriesTime": "160915.313000",
      "SliceLocation": -37.907934320236,
      "SliceThickness": 3.0,
      "SmallestImagePixelValue": 0,
      "SoftwareVersions": "syngo MR E11",
      "SpacingBetweenSlices": 2.9999999734496,
      "SpecificCharacterSet": "ISO_IR 100",
      "StudyID": "1",
      "StudyTime": "153349.422000",
      "TransmitCoilName": "Body",
      "VariableFlipAngleFlag": "N",
      "WindowCenterWidthExplanation": "Algo1",
      "dBdt": 0.0},
    "slices": {}
  },
  "time": {
    "samples": {
      "AcquisitionNumber": [1, 2, 3],
      "AcquisitionTime": ["160906.277500", "160908.197500", "160910.117500"],
      "ContentTime": ["160915.317000", "160915.321000", "160915.324000"],
      "InstanceCreationTime": ["160915.317000", "160915.321000", "160915.324000"],
      "InstanceNumber": [1, 2, 3],
      "WindowCenter": [14044.0, 14023.0, 14010.0],
      "WindowWidth": [30410.0, 30381.0, 30352.0]
    },
    "slices": {}
  },
  "IntendedFor": [
    "func/sub-126_task-freq1_acq-normal_run-01_echo-1_bold.nii.gz",
    "func/sub-126_task-freq1_acq-normal_run-01_echo-1_sbref.nii.gz",
    "func/sub-126_task-freq1_acq-normal_run-01_echo-2_bold.nii.gz",
    "func/sub-126_task-freq1_acq-normal_run-01_echo-2_sbref.nii.gz",
    "func/sub-126_task-freq1_acq-normal_run-01_echo-3_bold.nii.gz",
    "func/sub-126_task-freq1_acq-normal_run-01_echo-3_sbref.nii.gz",
    "func/sub-126_task-freq1_acq-normal_run-01_echo-4_bold.nii.gz",
    "func/sub-126_task-freq1_acq-normal_run-01_echo-4_sbref.nii.gz",
    "func/sub-126_task-freq2_acq-normal_run-01_echo-1_bold.nii.gz",
    "func/sub-126_task-freq2_acq-normal_run-01_echo-1_sbref.nii.gz",
    "func/sub-126_task-freq2_acq-normal_run-01_echo-2_bold.nii.gz",
    "func/sub-126_task-freq2_acq-normal_run-01_echo-2_sbref.nii.gz",
    "func/sub-126_task-freq2_acq-normal_run-01_echo-3_bold.nii.gz",
    "func/sub-126_task-freq2_acq-normal_run-01_echo-3_sbref.nii.gz",
    "func/sub-126_task-freq2_acq-normal_run-01_echo-4_bold.nii.gz",
    "func/sub-126_task-freq2_acq-normal_run-01_echo-4_sbref.nii.gz",
    "func/sub-126_task-freqreports1_acq-normal_run-01_echo-1_bold.nii.gz",
    "func/sub-126_task-freqreports1_acq-normal_run-01_echo-1_sbref.nii.gz",
    "func/sub-126_task-freqreports1_acq-normal_run-01_echo-2_bold.nii.gz",
    "func/sub-126_task-freqreports1_acq-normal_run-01_echo-2_sbref.nii.gz",
    "func/sub-126_task-freqreports1_acq-normal_run-01_echo-3_bold.nii.gz",
    "func/sub-126_task-freqreports1_acq-normal_run-01_echo-3_sbref.nii.gz",
    "func/sub-126_task-freqreports1_acq-normal_run-01_echo-4_bold.nii.gz",
    "func/sub-126_task-freqreports1_acq-normal_run-01_echo-4_sbref.nii.gz",
    "func/sub-126_task-freqreports2_acq-normal_run-01_echo-1_bold.nii.gz",
    "func/sub-126_task-freqreports2_acq-normal_run-01_echo-1_sbref.nii.gz",
    "func/sub-126_task-freqreports2_acq-normal_run-01_echo-2_bold.nii.gz",
    "func/sub-126_task-freqreports2_acq-normal_run-01_echo-2_sbref.nii.gz",
    "func/sub-126_task-freqreports2_acq-normal_run-01_echo-3_bold.nii.gz",
    "func/sub-126_task-freqreports2_acq-normal_run-01_echo-3_sbref.nii.gz",
    "func/sub-126_task-freqreports2_acq-normal_run-01_echo-4_bold.nii.gz",
    "func/sub-126_task-freqreports2_acq-normal_run-01_echo-4_sbref.nii.gz",
    "func/sub-126_task-memtest1_acq-normal_run-01_echo-1_bold.nii.gz",
    "func/sub-126_task-memtest1_acq-normal_run-01_echo-1_sbref.nii.gz",
    "func/sub-126_task-memtest1_acq-normal_run-01_echo-2_bold.nii.gz",
    "func/sub-126_task-memtest1_acq-normal_run-01_echo-2_sbref.nii.gz",
    "func/sub-126_task-memtest1_acq-normal_run-01_echo-3_bold.nii.gz",
    "func/sub-126_task-memtest1_acq-normal_run-01_echo-3_sbref.nii.gz",
    "func/sub-126_task-memtest1_acq-normal_run-01_echo-4_bold.nii.gz",
    "func/sub-126_task-memtest1_acq-normal_run-01_echo-4_sbref.nii.gz",
    "func/sub-126_task-memtest2_acq-normal_run-01_echo-1_bold.nii.gz",
    "func/sub-126_task-memtest2_acq-normal_run-01_echo-1_sbref.nii.gz",
    "func/sub-126_task-memtest2_acq-normal_run-01_echo-2_bold.nii.gz",
    "func/sub-126_task-memtest2_acq-normal_run-01_echo-2_sbref.nii.gz",
    "func/sub-126_task-memtest2_acq-normal_run-01_echo-3_bold.nii.gz",
    "func/sub-126_task-memtest2_acq-normal_run-01_echo-3_sbref.nii.gz",
    "func/sub-126_task-memtest2_acq-normal_run-01_echo-4_bold.nii.gz",
    "func/sub-126_task-memtest2_acq-normal_run-01_echo-4_sbref.nii.gz",
    "func/sub-126_task-pairedassociates1_acq-normal_run-01_echo-1_bold.nii.gz",
    "func/sub-126_task-pairedassociates1_acq-normal_run-01_echo-1_sbref.nii.gz",
    "func/sub-126_task-pairedassociates1_acq-normal_run-01_echo-2_bold.nii.gz",
    "func/sub-126_task-pairedassociates1_acq-normal_run-01_echo-2_sbref.nii.gz",
    "func/sub-126_task-pairedassociates1_acq-normal_run-01_echo-3_bold.nii.gz",
    "func/sub-126_task-pairedassociates1_acq-normal_run-01_echo-3_sbref.nii.gz",
    "func/sub-126_task-pairedassociates1_acq-normal_run-01_echo-4_bold.nii.gz",
    "func/sub-126_task-pairedassociates1_acq-normal_run-01_echo-4_sbref.nii.gz",
    "func/sub-126_task-pairedassociates2_acq-normal_run-01_echo-1_bold.nii.gz",
    "func/sub-126_task-pairedassociates2_acq-normal_run-01_echo-1_sbref.nii.gz",
    "func/sub-126_task-pairedassociates2_acq-normal_run-01_echo-2_bold.nii.gz",
    "func/sub-126_task-pairedassociates2_acq-normal_run-01_echo-2_sbref.nii.gz",
    "func/sub-126_task-pairedassociates2_acq-normal_run-01_echo-3_bold.nii.gz",
    "func/sub-126_task-pairedassociates2_acq-normal_run-01_echo-3_sbref.nii.gz",
    "func/sub-126_task-pairedassociates2_acq-normal_run-01_echo-4_bold.nii.gz",
    "func/sub-126_task-pairedassociates2_acq-normal_run-01_echo-4_sbref.nii.gz"
  ]
}