{
  "AcquisitionMatrixPE": 68,
  "AcquisitionNumber": 1,
  "AcquisitionTime": "15:12:57.287500",
  "BandwidthPerPixelPhaseEncode": 60.024,
  "BaseResolution": 68,
  "BodyPartExamined": "BRAIN",
  "CoilString": "HC1-7;NC1_2",
  "ConsistencyInfo": "N4_VE11C_LATEST_20160120",
  "ConversionSoftware": "dcm2niix",
  "ConversionSoftwareVersion": "v1.0.20190410  GCC6.3.0",
  "DerivedVendorReportedEchoSpacing": 0.00049,
  "DeviceSerialNumber": "166018",
  "DwellTime": 3e-06,
  "EchoTime": 0.0204,
  "EchoTrainLength": 33,
  "EffectiveEchoSpacing": 0.000245,
  "FlipAngle": 90,
  "ImageComments": "SENSE1",
  "ImageOrientationPatientDICOM": [0.998662, -0.010435, 0.0506433, 0.0242324, 0.959661, -0.280115],
  "ImageType": [
    "ORIGINAL",
    "PRIMARY",
    "M",
    "ND",
    "MOSAIC"
],
  "ImagingFrequency": 123.191,
  "InPlanePhaseEncodingDirectionDICOM": "COL",
  "InstitutionAddress": "Washington_Place_6_NYC_NYC_US_10003",
  "InstitutionName": "NYU_-_CBI",
  "InstitutionalDepartmentName": "Department",
  "MRAcquisitionType": "2D",
  "MagneticFieldStrength": 3,
  "Manufacturer": "Siemens",
  "ManufacturersModelName": "Prisma",
  "Modality": "MR",
  "ParallelReductionFactorInPlane": 2,
  "PartialFourier": 1,
  "PatientPosition": "HFS",
  "PercentPhaseFOV": 100,
  "PhaseEncodingDirection": "j-",
  "PhaseEncodingSteps": 67,
  "PhaseResolution": 1,
  "PixelBandwidth": 2450,
  "ProcedureStepDescription": "Investigators_Hartley",
  "ProtocolName": "ME_SE_FieldMap_AP",
  "PulseSequenceDetails": "%CustomerSeq%_cmrr_mbep2d_se",
  "ReceiveCoilActiveElements": "HC1-7;NC1,2",
  "ReceiveCoilName": "HeadNeck_64",
  "ReconMatrixPE": 68,
  "RefLinesPE": 24,
  "RepetitionTime": 1.919,
  "SAR": 0.406114,
  "ScanOptions": "FS",
  "ScanningSequence": "EP",
  "SequenceName": "epse2d1_68",
  "SequenceVariant": "SK",
  "SeriesDescription": "ME_SE_FieldMap_AP",
  "SeriesNumber": 9,
  "ShimSetting": [263, -12642, -8416, 648, -64, -304, 141, 50],
  "SliceThickness": 3,
  "SliceTiming": [0.95, 0, 0.9925, 0.045, 1.0375, 0.0875, 1.08, 0.13, 1.1225, 0.1725, 1.165, 0.2175, 1.21, 0.26, 1.2525, 0.3025, 1.295, 0.3475, 1.34, 0.39, 1.3825, 0.4325, 1.425, 0.475, 1.4675, 0.52, 1.5125, 0.5625, 1.555, 0.605, 1.5975, 0.6475, 1.64, 0.6925, 1.685, 0.735, 1.7275, 0.7775, 1.77, 0.82, 1.8125, 0.865, 1.8575, 0.9075],
  "SoftwareVersions": "syngo_MR_E11",
  "SpacingBetweenSlices": 3,
  "StationName": "AWP166018",
  "TotalReadoutTime": 0.016415,
  "TxRefAmp": 238.699,
  "WipMemBlock": "8126091e-e524-4e19-aa47-cdf285f6e378||Sequence: R016 ve11c/master r/8780670; Nov 27 2017 15:08:10 by eja",
  "dcmmeta_affine": [
    [-2.9959869384765625, 0.0726972222328186, 0.13703228533267975, 97.79702758789062],
    [0.03130492568016052, 2.878981590270996, -0.8429023027420044, -67.3719482421875],
    [0.1519300490617752, 0.8403448462486267, 2.8758890628814697, -82.15022277832031],
    [0.0, 0.0, 0.0, 1.0]
],
  "dcmmeta_reorient_transform": [
    [0.0, -1.0, 0.0, 67.0],
    [1.0, 0.0, 0.0, 0.0],
    [0.0, 0.0, 1.0, 0.0],
    [0.0, 0.0, 0.0, 1.0]
],
  "dcmmeta_shape": [68, 68, 44, 3],
  "dcmmeta_slice_dim": 2,
  "dcmmeta_version": 0.6,
  "global": {
    "const": {
      "AccessionNumber": "jynh0onv",
      "AcquisitionMatrix": [68, 0, 0, 68],
      "AngioFlag": "N",
      "BitsAllocated": 16,
      "BitsStored": 16,
      "BodyPartExamined": "BRAIN",
      "Columns": 476,
      "EchoNumbers": 1,
      "EchoTime": 20.4,
      "EchoTrainLength": 33,
      "FlipAngle": 90.0,
      "HighBit": 15,
      "ImageOrientationPatient": [0.99866228658866, -0.0104349747977, 0.05064334750473, 0.02423240853716, 0.95966056812884, -0.2801149484678],
      "ImagePositionPatient": [-728.6792948962, -706.44588993789, 114.58949966845],
      "ImageType": [
        "ORIGINAL",
        "PRIMARY",
        "M",
        "ND",
        "MOSAIC"
],
      "ImagedNucleus": "1H",
      "ImagingFrequency": 123.190772,
      "InPlanePhaseEncodingDirection": "COL",
      "MRAcquisitionType": "2D",
      "MagneticFieldStrength": 3.0,
      "Manufacturer": "SIEMENS",
      "ManufacturerModelName": "Prisma",
      "Modality": "MR",
      "NumberOfAverages": 1.0,
      "NumberOfPhaseEncodingSteps": 67,
      "PercentPhaseFieldOfView": 100.0,
      "PercentSampling": 100.0,
      "PerformedProcedureStepStartTime": "144843.518000",
      "PhotometricInterpretation": "MONOCHROME2",
      "PixelBandwidth": 2450.0,
      "PixelRepresentation": 0,
      "PixelSpacing": [3.0, 3.0],
      "ProtocolName": "ME_SE_FieldMap_AP",
      "RepetitionTime": 1919.0,
      "Rows": 476,
      "SAR": 0.40611394271747,
      "SamplesPerPixel": 1,
      "ScanOptions": "FS",
      "ScanningSequence": "EP",
      "SequenceName": "epse2d1_68",
      "SequenceVariant": "SK",
      "SeriesDescription": "ME_SE_FieldMap_AP",
      "SeriesNumber": 9,
      "SeriesTime": "151300.861000",
      "SliceLocation": -55.355202907556,
      "SliceThickness": 3.0,
      "SmallestImagePixelValue": 0,
      "SoftwareVersions": "syngo MR E11",
      "SpacingBetweenSlices": 2.99999996871,
      "SpecificCharacterSet": "ISO_IR 100",
      "StudyID": "2",
      "StudyTime": "144843.450000",
      "TransmitCoilName": "Body",
      "VariableFlipAngleFlag": "N",
      "WindowCenterWidthExplanation": "Algo1",
      "dBdt": 0.0},
    "slices": {}
  },
  "time": {
    "samples": {
      "AcquisitionNumber": [1, 2, 3],
      "AcquisitionTime": ["151257.287500", "151259.207500", "151301.125000"],
      "ContentTime": ["151300.864000", "151300.868000", "151302.617000"],
      "InstanceCreationTime": ["151300.864000", "151300.868000", "151302.617000"],
      "InstanceNumber": [1, 2, 3],
      "LargestImagePixelValue": [43404, 43080, 43346],
      "WindowCenter": [11749.0, 11657.0, 11667.0],
      "WindowWidth": [24729.0, 24536.0, 24556.0]
    },
    "slices": {}
  },
  "IntendedFor": [
    "func/sub-202_task-freq1_acq-normal_run-01_echo-1_bold.nii.gz",
    "func/sub-202_task-freq1_acq-normal_run-01_echo-1_sbref.nii.gz",
    "func/sub-202_task-freq1_acq-normal_run-01_echo-2_bold.nii.gz",
    "func/sub-202_task-freq1_acq-normal_run-01_echo-2_sbref.nii.gz",
    "func/sub-202_task-freq1_acq-normal_run-01_echo-3_bold.nii.gz",
    "func/sub-202_task-freq1_acq-normal_run-01_echo-3_sbref.nii.gz",
    "func/sub-202_task-freq1_acq-normal_run-01_echo-4_bold.nii.gz",
    "func/sub-202_task-freq1_acq-normal_run-01_echo-4_sbref.nii.gz",
    "func/sub-202_task-freq2_acq-normal_run-01_echo-1_bold.nii.gz",
    "func/sub-202_task-freq2_acq-normal_run-01_echo-1_sbref.nii.gz",
    "func/sub-202_task-freq2_acq-normal_run-01_echo-2_bold.nii.gz",
    "func/sub-202_task-freq2_acq-normal_run-01_echo-2_sbref.nii.gz",
    "func/sub-202_task-freq2_acq-normal_run-01_echo-3_bold.nii.gz",
    "func/sub-202_task-freq2_acq-normal_run-01_echo-3_sbref.nii.gz",
    "func/sub-202_task-freq2_acq-normal_run-01_echo-4_bold.nii.gz",
    "func/sub-202_task-freq2_acq-normal_run-01_echo-4_sbref.nii.gz",
    "func/sub-202_task-freqreports1_acq-normal_run-01_echo-1_bold.nii.gz",
    "func/sub-202_task-freqreports1_acq-normal_run-01_echo-1_sbref.nii.gz",
    "func/sub-202_task-freqreports1_acq-normal_run-01_echo-2_bold.nii.gz",
    "func/sub-202_task-freqreports1_acq-normal_run-01_echo-2_sbref.nii.gz",
    "func/sub-202_task-freqreports1_acq-normal_run-01_echo-3_bold.nii.gz",
    "func/sub-202_task-freqreports1_acq-normal_run-01_echo-3_sbref.nii.gz",
    "func/sub-202_task-freqreports1_acq-normal_run-01_echo-4_bold.nii.gz",
    "func/sub-202_task-freqreports1_acq-normal_run-01_echo-4_sbref.nii.gz",
    "func/sub-202_task-freqreports2_acq-normal_run-01_echo-1_bold.nii.gz",
    "func/sub-202_task-freqreports2_acq-normal_run-01_echo-1_sbref.nii.gz",
    "func/sub-202_task-freqreports2_acq-normal_run-01_echo-2_bold.nii.gz",
    "func/sub-202_task-freqreports2_acq-normal_run-01_echo-2_sbref.nii.gz",
    "func/sub-202_task-freqreports2_acq-normal_run-01_echo-3_bold.nii.gz",
    "func/sub-202_task-freqreports2_acq-normal_run-01_echo-3_sbref.nii.gz",
    "func/sub-202_task-freqreports2_acq-normal_run-01_echo-4_bold.nii.gz",
    "func/sub-202_task-freqreports2_acq-normal_run-01_echo-4_sbref.nii.gz",
    "func/sub-202_task-memtest1_acq-normal_run-01_echo-1_bold.nii.gz",
    "func/sub-202_task-memtest1_acq-normal_run-01_echo-1_sbref.nii.gz",
    "func/sub-202_task-memtest1_acq-normal_run-01_echo-2_bold.nii.gz",
    "func/sub-202_task-memtest1_acq-normal_run-01_echo-2_sbref.nii.gz",
    "func/sub-202_task-memtest1_acq-normal_run-01_echo-3_bold.nii.gz",
    "func/sub-202_task-memtest1_acq-normal_run-01_echo-3_sbref.nii.gz",
    "func/sub-202_task-memtest1_acq-normal_run-01_echo-4_bold.nii.gz",
    "func/sub-202_task-memtest1_acq-normal_run-01_echo-4_sbref.nii.gz",
    "func/sub-202_task-memtest2_acq-normal_run-01_echo-1_bold.nii.gz",
    "func/sub-202_task-memtest2_acq-normal_run-01_echo-1_sbref.nii.gz",
    "func/sub-202_task-memtest2_acq-normal_run-01_echo-2_bold.nii.gz",
    "func/sub-202_task-memtest2_acq-normal_run-01_echo-2_sbref.nii.gz",
    "func/sub-202_task-memtest2_acq-normal_run-01_echo-3_bold.nii.gz",
    "func/sub-202_task-memtest2_acq-normal_run-01_echo-3_sbref.nii.gz",
    "func/sub-202_task-memtest2_acq-normal_run-01_echo-4_bold.nii.gz",
    "func/sub-202_task-memtest2_acq-normal_run-01_echo-4_sbref.nii.gz",
    "func/sub-202_task-pairedassociates1_acq-normal_run-01_echo-1_bold.nii.gz",
    "func/sub-202_task-pairedassociates1_acq-normal_run-01_echo-1_sbref.nii.gz",
    "func/sub-202_task-pairedassociates1_acq-normal_run-01_echo-2_bold.nii.gz",
    "func/sub-202_task-pairedassociates1_acq-normal_run-01_echo-2_sbref.nii.gz",
    "func/sub-202_task-pairedassociates1_acq-normal_run-01_echo-3_bold.nii.gz",
    "func/sub-202_task-pairedassociates1_acq-normal_run-01_echo-3_sbref.nii.gz",
    "func/sub-202_task-pairedassociates1_acq-normal_run-01_echo-4_bold.nii.gz",
    "func/sub-202_task-pairedassociates1_acq-normal_run-01_echo-4_sbref.nii.gz",
    "func/sub-202_task-pairedassociates2_acq-normal_run-01_echo-1_bold.nii.gz",
    "func/sub-202_task-pairedassociates2_acq-normal_run-01_echo-1_sbref.nii.gz",
    "func/sub-202_task-pairedassociates2_acq-normal_run-01_echo-2_bold.nii.gz",
    "func/sub-202_task-pairedassociates2_acq-normal_run-01_echo-2_sbref.nii.gz",
    "func/sub-202_task-pairedassociates2_acq-normal_run-01_echo-3_bold.nii.gz",
    "func/sub-202_task-pairedassociates2_acq-normal_run-01_echo-3_sbref.nii.gz",
    "func/sub-202_task-pairedassociates2_acq-normal_run-01_echo-4_bold.nii.gz",
    "func/sub-202_task-pairedassociates2_acq-normal_run-01_echo-4_sbref.nii.gz"
  ]
}