{
  "AcquisitionMatrixPE": 68,
  "AcquisitionNumber": 1,
  "AcquisitionTime": "16:41:22.332500",
  "BandwidthPerPixelPhaseEncode": 60.024,
  "BaseResolution": 68,
  "BodyPartExamined": "BRAIN",
  "CoilString": "HC1-7;NC1_2",
  "ConsistencyInfo": "N4_VE11C_LATEST_20160120",
  "ConversionSoftware": "dcm2niix",
  "ConversionSoftwareVersion": "v1.0.20190410  GCC6.3.0",
  "DerivedVendorReportedEchoSpacing": 0.00049,
  "DeviceSerialNumber": "166018",
  "DwellTime": 3e-06,
  "EchoNumber": 2,
  "EchoTime": 0.03088,
  "EchoTrainLength": 33,
  "EffectiveEchoSpacing": 0.000245,
  "FlipAngle": 75,
  "ImageComments": "Unaliased_MB2_PE4_SENSE1",
  "ImageOrientationPatientDICOM": [
    0.996491,
    0.0833403,
    -0.00774686,
    -0.0824518,
    0.9615,
    -0.262143
  ],
  "ImageType": [
    "ORIGINAL",
    "PRIMARY",
    "M",
    "MB",
    "TE2",
    "ND",
    "MOSAIC"
  ],
  "ImagingFrequency": 123.191,
  "InPlanePhaseEncodingDirectionDICOM": "COL",
  "InstitutionAddress": "Washington_Place_6_NYC_NYC_US_10003",
  "InstitutionName": "NYU_Center_for_Brain_Imaging",
  "InstitutionalDepartmentName": "Department",
  "MRAcquisitionType": "2D",
  "MagneticFieldStrength": 3,
  "Manufacturer": "Siemens",
  "ManufacturersModelName": "Prisma",
  "Modality": "MR",
  "MultibandAccelerationFactor": 2,
  "ParallelReductionFactorInPlane": 2,
  "PartialFourier": 1,
  "PatientPosition": "HFS",
  "PercentPhaseFOV": 100,
  "PhaseEncodingDirection": "j-",
  "PhaseEncodingSteps": 67,
  "PhaseResolution": 1,
  "PixelBandwidth": 2450,
  "ProcedureStepDescription": "Investigators_Hartley",
  "ProtocolName": "TASK-memTest1",
  "PulseSequenceDetails": "%CustomerSeq%_cmrr_mbep2d_bold",
  "ReceiveCoilActiveElements": "HC1-7;NC1,2",
  "ReceiveCoilName": "HeadNeck_64",
  "ReconMatrixPE": 68,
  "RefLinesPE": 24,
  "RepetitionTime": 2,
  "SAR": 0.0439061,
  "ScanOptions": "FS",
  "ScanningSequence": "EP",
  "SequenceName": "epfid2d4_68",
  "SequenceVariant": "SK_SS",
  "SeriesDescription": "TASK-memTest1",
  "SeriesNumber": 16,
  "ShimSetting": [
    244,
    -12652,
    -8449,
    516,
    -43,
    -149,
    -17,
    -36
  ],
  "SliceThickness": 3,
  "SliceTiming": [
    0,
    0.45,
    0.9,
    1.35,
    1.8,
    0.27,
    0.72,
    1.17,
    1.62,
    0.09,
    0.54,
    0.99,
    1.44,
    1.89,
    0.36,
    0.81,
    1.26,
    1.71,
    0.18,
    0.63,
    1.08,
    1.53,
    0,
    0.45,
    0.9,
    1.35,
    1.8,
    0.27,
    0.72,
    1.17,
    1.62,
    0.09,
    0.54,
    0.99,
    1.44,
    1.89,
    0.36,
    0.81,
    1.26,
    1.71,
    0.18,
    0.63,
    1.08,
    1.53
  ],
  "SoftwareVersions": "syngo_MR_E11",
  "SpacingBetweenSlices": 3,
  "StationName": "AWP166018",
  "TotalReadoutTime": 0.016415,
  "TxRefAmp": 233.619,
  "WipMemBlock": "3de96335-8283-45ef-996f-9e63c75b4558||Sequence: R016 ve11c/master r/8780670; Nov 27 2017 15:05:12 by eja",
  "NumberOfVolumes": 126
}