{
  "AcquisitionMatrixPE": 68,
  "AcquisitionNumber": 1,
  "AcquisitionTime": "10:38:9.287500",
  "BandwidthPerPixelPhaseEncode": 60.024,
  "BaseResolution": 68,
  "BodyPartExamined": "BRAIN",
  "CoilString": "HC1-7;NC1_2",
  "ConsistencyInfo": "N4_VE11C_LATEST_20160120",
  "ConversionSoftware": "dcm2niix",
  "ConversionSoftwareVersion": "v1.0.20190410  GCC6.3.0",
  "DerivedVendorReportedEchoSpacing": 0.00049,
  "DeviceSerialNumber": "166018",
  "DwellTime": 3e-06,
  "EchoTime": 0.0204,
  "EchoTrainLength": 33,
  "EffectiveEchoSpacing": 0.000245,
  "FlipAngle": 90,
  "ImageComments": "SENSE1",
  "ImageOrientationPatientDICOM": [0.998208, 0.0310997, -0.0511179, -0.0369515, 0.992345, -0.117839],
  "ImageType": [
    "ORIGINAL",
    "PRIMARY",
    "M",
    "ND",
    "MOSAIC"
],
  "ImagingFrequency": 123.191,
  "InPlanePhaseEncodingDirectionDICOM": "COL",
  "InstitutionAddress": "Washington_Place_6_NYC_NYC_US_10003",
  "InstitutionName": "NYU_-_CBI",
  "InstitutionalDepartmentName": "Department",
  "MRAcquisitionType": "2D",
  "MagneticFieldStrength": 3,
  "Manufacturer": "Siemens",
  "ManufacturersModelName": "Prisma",
  "Modality": "MR",
  "ParallelReductionFactorInPlane": 2,
  "PartialFourier": 1,
  "PatientPosition": "HFS",
  "PercentPhaseFOV": 100,
  "PhaseEncodingDirection": "j",
  "PhaseEncodingSteps": 67,
  "PhaseResolution": 1,
  "PixelBandwidth": 2450,
  "ProcedureStepDescription": "Investigators_Hartley",
  "ProtocolName": "ME_SE_FieldMap_PA",
  "PulseSequenceDetails": "%CustomerSeq%_cmrr_mbep2d_se",
  "ReceiveCoilActiveElements": "HC1-7;NC1,2",
  "ReceiveCoilName": "HeadNeck_64",
  "ReconMatrixPE": 68,
  "RefLinesPE": 24,
  "RepetitionTime": 1.919,
  "SAR": 0.311778,
  "ScanOptions": "FS",
  "ScanningSequence": "EP",
  "SequenceName": "epse2d1_68",
  "SequenceVariant": "SK",
  "SeriesDescription": "ME_SE_FieldMap_PA",
  "SeriesNumber": 10,
  "ShimSetting": [257, -12690, -8395, 542, 12, -261, 158, 14],
  "SliceThickness": 3,
  "SliceTiming": [0.95, 0, 0.9925, 0.0425, 1.035, 0.0875, 1.08, 0.13, 1.1225, 0.1725, 1.165, 0.215, 1.2075, 0.26, 1.2525, 0.3025, 1.295, 0.345, 1.3375, 0.3875, 1.38, 0.4325, 1.425, 0.475, 1.4675, 0.5175, 1.51, 0.56, 1.5525, 0.605, 1.5975, 0.6475, 1.64, 0.69, 1.6825, 0.7325, 1.725, 0.7775, 1.77, 0.82, 1.8125, 0.8625, 1.855, 0.905],
  "SoftwareVersions": "syngo_MR_E11",
  "SpacingBetweenSlices": 3,
  "StationName": "AWP166018",
  "TotalReadoutTime": 0.016415,
  "TxRefAmp": 222.871,
  "WipMemBlock": "727ab3a9-122a-4501-afa0-f38184fb7df1||Sequence: R016 ve11c/master r/8780670; Nov 27 2017 15:08:10 by eja",
  "dcmmeta_affine": [
    [-2.9946248531341553, -0.11085451394319534, -0.14118556678295135, 109.05635833740234],
    [-0.09329911321401596, 2.9770350456237793, -0.35854896903038025, -73.87692260742188],
    [-0.1533537209033966, 0.35351571440696716, 2.9751486778259277, -47.47248458862305],
    [0.0, 0.0, 0.0, 1.0]
],
  "dcmmeta_reorient_transform": [
    [0.0, -1.0, 0.0, 67.0],
    [1.0, 0.0, 0.0, 0.0],
    [0.0, 0.0, 1.0, 0.0],
    [0.0, 0.0, 0.0, 1.0]
],
  "dcmmeta_shape": [68, 68, 44, 3],
  "dcmmeta_slice_dim": 2,
  "dcmmeta_version": 0.6,
  "global": {
    "const": {
      "AccessionNumber": "jtyvct3g",
      "AcquisitionMatrix": [68, 0, 0, 68],
      "AngioFlag": "N",
      "BitsAllocated": 16,
      "BitsStored": 16,
      "BodyPartExamined": "BRAIN",
      "Columns": 476,
      "EchoNumbers": 1,
      "EchoTime": 20.4,
      "EchoTrainLength": 33,
      "FlipAngle": 90.0,
      "HighBit": 15,
      "ImageOrientationPatient": [0.99820827888166, 0.03109970416532, -0.0511179065783, -0.0369515046846, 0.99234502949705, -0.1178385706551],
      "ImagePositionPatient": [-689.91825341981, -751.93260738559, 79.614432190944],
      "ImageType": [
        "ORIGINAL",
        "PRIMARY",
        "M",
        "ND",
        "MOSAIC"
],
      "ImagedNucleus": "1H",
      "ImagingFrequency": 123.191099,
      "InPlanePhaseEncodingDirection": "COL",
      "MRAcquisitionType": "2D",
      "MagneticFieldStrength": 3.0,
      "Manufacturer": "SIEMENS",
      "ManufacturerModelName": "Prisma",
      "Modality": "MR",
      "NumberOfAverages": 1.0,
      "NumberOfPhaseEncodingSteps": 67,
      "PercentPhaseFieldOfView": 100.0,
      "PercentSampling": 100.0,
      "PerformedProcedureStepStartTime": "102430.474000",
      "PhotometricInterpretation": "MONOCHROME2",
      "PixelBandwidth": 2450.0,
      "PixelRepresentation": 0,
      "PixelSpacing": [3.0, 3.0],
      "ProtocolName": "ME_SE_FieldMap_PA",
      "RepetitionTime": 1919.0,
      "Rows": 476,
      "SAR": 0.31177846868676,
      "SamplesPerPixel": 1,
      "ScanOptions": "FS",
      "ScanningSequence": "EP",
      "SequenceName": "epse2d1_68",
      "SequenceVariant": "SK",
      "SeriesDescription": "ME_SE_FieldMap_PA",
      "SeriesNumber": 10,
      "SeriesTime": "103813.111000",
      "SliceLocation": -43.382129228674,
      "SliceThickness": 3.0,
      "SmallestImagePixelValue": 0,
      "SoftwareVersions": "syngo MR E11",
      "SpacingBetweenSlices": 2.9999999677486,
      "SpecificCharacterSet": "ISO_IR 100",
      "StudyID": "1",
      "StudyTime": "102430.413000",
      "TransmitCoilName": "Body",
      "VariableFlipAngleFlag": "N",
      "WindowCenterWidthExplanation": "Algo1",
      "dBdt": 0.0},
    "slices": {}
  },
  "time": {
    "samples": {
      "AcquisitionNumber": [1, 2, 3],
      "AcquisitionTime": ["103809.287500", "103811.205000", "103813.125000"],
      "ContentTime": ["103813.114000", "103813.117000", "103814.888000"],
      "InstanceCreationTime": ["103813.114000", "103813.117000", "103814.888000"],
      "InstanceNumber": [1, 2, 3],
      "LargestImagePixelValue": [65535, 64179, 64840],
      "WindowCenter": [11950.0, 11889.0, 11927.0],
      "WindowWidth": [25295.0, 25177.0, 25269.0]
    },
    "slices": {}
  },
  "IntendedFor": [
    "func/sub-156_task-freq1_acq-normal_run-01_echo-1_bold.nii.gz",
    "func/sub-156_task-freq1_acq-normal_run-01_echo-1_sbref.nii.gz",
    "func/sub-156_task-freq1_acq-normal_run-01_echo-2_bold.nii.gz",
    "func/sub-156_task-freq1_acq-normal_run-01_echo-2_sbref.nii.gz",
    "func/sub-156_task-freq1_acq-normal_run-01_echo-3_bold.nii.gz",
    "func/sub-156_task-freq1_acq-normal_run-01_echo-3_sbref.nii.gz",
    "func/sub-156_task-freq1_acq-normal_run-01_echo-4_bold.nii.gz",
    "func/sub-156_task-freq1_acq-normal_run-01_echo-4_sbref.nii.gz",
    "func/sub-156_task-freq2_acq-normal_run-01_echo-1_bold.nii.gz",
    "func/sub-156_task-freq2_acq-normal_run-01_echo-1_sbref.nii.gz",
    "func/sub-156_task-freq2_acq-normal_run-01_echo-2_bold.nii.gz",
    "func/sub-156_task-freq2_acq-normal_run-01_echo-2_sbref.nii.gz",
    "func/sub-156_task-freq2_acq-normal_run-01_echo-3_bold.nii.gz",
    "func/sub-156_task-freq2_acq-normal_run-01_echo-3_sbref.nii.gz",
    "func/sub-156_task-freq2_acq-normal_run-01_echo-4_bold.nii.gz",
    "func/sub-156_task-freq2_acq-normal_run-01_echo-4_sbref.nii.gz",
    "func/sub-156_task-freqreports1_acq-normal_run-01_echo-1_bold.nii.gz",
    "func/sub-156_task-freqreports1_acq-normal_run-01_echo-1_sbref.nii.gz",
    "func/sub-156_task-freqreports1_acq-normal_run-01_echo-2_bold.nii.gz",
    "func/sub-156_task-freqreports1_acq-normal_run-01_echo-2_sbref.nii.gz",
    "func/sub-156_task-freqreports1_acq-normal_run-01_echo-3_bold.nii.gz",
    "func/sub-156_task-freqreports1_acq-normal_run-01_echo-3_sbref.nii.gz",
    "func/sub-156_task-freqreports1_acq-normal_run-01_echo-4_bold.nii.gz",
    "func/sub-156_task-freqreports1_acq-normal_run-01_echo-4_sbref.nii.gz",
    "func/sub-156_task-freqreports2_acq-normal_run-01_echo-1_bold.nii.gz",
    "func/sub-156_task-freqreports2_acq-normal_run-01_echo-1_sbref.nii.gz",
    "func/sub-156_task-freqreports2_acq-normal_run-01_echo-2_bold.nii.gz",
    "func/sub-156_task-freqreports2_acq-normal_run-01_echo-2_sbref.nii.gz",
    "func/sub-156_task-freqreports2_acq-normal_run-01_echo-3_bold.nii.gz",
    "func/sub-156_task-freqreports2_acq-normal_run-01_echo-3_sbref.nii.gz",
    "func/sub-156_task-freqreports2_acq-normal_run-01_echo-4_bold.nii.gz",
    "func/sub-156_task-freqreports2_acq-normal_run-01_echo-4_sbref.nii.gz",
    "func/sub-156_task-memtest1_acq-normal_run-01_echo-1_bold.nii.gz",
    "func/sub-156_task-memtest1_acq-normal_run-01_echo-1_sbref.nii.gz",
    "func/sub-156_task-memtest1_acq-normal_run-01_echo-2_bold.nii.gz",
    "func/sub-156_task-memtest1_acq-normal_run-01_echo-2_sbref.nii.gz",
    "func/sub-156_task-memtest1_acq-normal_run-01_echo-3_bold.nii.gz",
    "func/sub-156_task-memtest1_acq-normal_run-01_echo-3_sbref.nii.gz",
    "func/sub-156_task-memtest1_acq-normal_run-01_echo-4_bold.nii.gz",
    "func/sub-156_task-memtest1_acq-normal_run-01_echo-4_sbref.nii.gz",
    "func/sub-156_task-memtest2_acq-normal_run-01_echo-1_bold.nii.gz",
    "func/sub-156_task-memtest2_acq-normal_run-01_echo-1_sbref.nii.gz",
    "func/sub-156_task-memtest2_acq-normal_run-01_echo-2_bold.nii.gz",
    "func/sub-156_task-memtest2_acq-normal_run-01_echo-2_sbref.nii.gz",
    "func/sub-156_task-memtest2_acq-normal_run-01_echo-3_bold.nii.gz",
    "func/sub-156_task-memtest2_acq-normal_run-01_echo-3_sbref.nii.gz",
    "func/sub-156_task-memtest2_acq-normal_run-01_echo-4_bold.nii.gz",
    "func/sub-156_task-memtest2_acq-normal_run-01_echo-4_sbref.nii.gz",
    "func/sub-156_task-pairedassociates1_acq-normal_run-01_echo-1_bold.nii.gz",
    "func/sub-156_task-pairedassociates1_acq-normal_run-01_echo-1_sbref.nii.gz",
    "func/sub-156_task-pairedassociates1_acq-normal_run-01_echo-2_bold.nii.gz",
    "func/sub-156_task-pairedassociates1_acq-normal_run-01_echo-2_sbref.nii.gz",
    "func/sub-156_task-pairedassociates1_acq-normal_run-01_echo-3_bold.nii.gz",
    "func/sub-156_task-pairedassociates1_acq-normal_run-01_echo-3_sbref.nii.gz",
    "func/sub-156_task-pairedassociates1_acq-normal_run-01_echo-4_bold.nii.gz",
    "func/sub-156_task-pairedassociates1_acq-normal_run-01_echo-4_sbref.nii.gz",
    "func/sub-156_task-pairedassociates2_acq-normal_run-01_echo-1_bold.nii.gz",
    "func/sub-156_task-pairedassociates2_acq-normal_run-01_echo-1_sbref.nii.gz",
    "func/sub-156_task-pairedassociates2_acq-normal_run-01_echo-2_bold.nii.gz",
    "func/sub-156_task-pairedassociates2_acq-normal_run-01_echo-2_sbref.nii.gz",
    "func/sub-156_task-pairedassociates2_acq-normal_run-01_echo-3_bold.nii.gz",
    "func/sub-156_task-pairedassociates2_acq-normal_run-01_echo-3_sbref.nii.gz",
    "func/sub-156_task-pairedassociates2_acq-normal_run-01_echo-4_bold.nii.gz",
    "func/sub-156_task-pairedassociates2_acq-normal_run-01_echo-4_sbref.nii.gz"
  ]
}