{
  "AcquisitionMatrixPE": 68,
  "AcquisitionNumber": 1,
  "AcquisitionTime": "17:21:10.292500",
  "BandwidthPerPixelPhaseEncode": 60.024,
  "BaseResolution": 68,
  "BodyPartExamined": "BRAIN",
  "CoilString": "HC1-7;NC1_2",
  "ConsistencyInfo": "N4_VE11C_LATEST_20160120",
  "ConversionSoftware": "dcm2niix",
  "ConversionSoftwareVersion": "v1.0.20190410  GCC6.3.0",
  "DerivedVendorReportedEchoSpacing": 0.00049,
  "DeviceSerialNumber": "166018",
  "DwellTime": 3e-06,
  "EchoTime": 0.0204,
  "EchoTrainLength": 33,
  "EffectiveEchoSpacing": 0.000245,
  "FlipAngle": 90,
  "ImageComments": "SENSE1",
  "ImageOrientationPatientDICOM": [0.996491, 0.0833403, -0.00774686, -0.0824518, 0.9615, -0.262143],
  "ImageType": [
    "ORIGINAL",
    "PRIMARY",
    "M",
    "ND",
    "MOSAIC"
],
  "ImagingFrequency": 123.191,
  "InPlanePhaseEncodingDirectionDICOM": "COL",
  "InstitutionAddress": "Washington_Place_6_NYC_NYC_US_10003",
  "InstitutionName": "NYU_Center_for_Brain_Imaging",
  "InstitutionalDepartmentName": "Department",
  "MRAcquisitionType": "2D",
  "MagneticFieldStrength": 3,
  "Manufacturer": "Siemens",
  "ManufacturersModelName": "Prisma",
  "Modality": "MR",
  "ParallelReductionFactorInPlane": 2,
  "PartialFourier": 1,
  "PatientPosition": "HFS",
  "PercentPhaseFOV": 100,
  "PhaseEncodingDirection": "j-",
  "PhaseEncodingSteps": 67,
  "PhaseResolution": 1,
  "PixelBandwidth": 2450,
  "ProcedureStepDescription": "Investigators_Hartley",
  "ProtocolName": "ME_SE_FieldMap_AP",
  "PulseSequenceDetails": "%CustomerSeq%_cmrr_mbep2d_se",
  "ReceiveCoilActiveElements": "HC1-7;NC1,2",
  "ReceiveCoilName": "HeadNeck_64",
  "ReconMatrixPE": 68,
  "RefLinesPE": 24,
  "RepetitionTime": 1.919,
  "SAR": 0.38911,
  "ScanOptions": "FS",
  "ScanningSequence": "EP",
  "SequenceName": "epse2d1_68",
  "SequenceVariant": "SK",
  "SeriesDescription": "ME_SE_FieldMap_AP",
  "SeriesNumber": 27,
  "ShimSetting": [244, -12652, -8449, 516, -43, -149, -17, -36],
  "SliceThickness": 3,
  "SliceTiming": [0.95, 0, 0.9925, 0.0425, 1.035, 0.0875, 1.08, 0.13, 1.1225, 0.1725, 1.165, 0.215, 1.2075, 0.26, 1.2525, 0.3025, 1.295, 0.345, 1.3375, 0.3875, 1.38, 0.4325, 1.425, 0.475, 1.4675, 0.5175, 1.51, 0.56, 1.5525, 0.605, 1.5975, 0.6475, 1.64, 0.69, 1.6825, 0.7325, 1.725, 0.7775, 1.77, 0.82, 1.8125, 0.8625, 1.855, 0.905],
  "SoftwareVersions": "syngo_MR_E11",
  "SpacingBetweenSlices": 3,
  "StationName": "AWP166018",
  "TotalReadoutTime": 0.016415,
  "TxRefAmp": 233.619,
  "WipMemBlock": "971fcd61-af7a-4957-bdbe-620f9b635d52||Sequence: R016 ve11c/master r/8780670; Nov 27 2017 15:08:10 by eja",
  "dcmmeta_affine": [
    [-2.9894731044769287, -0.24735544621944427, 0.04319535940885544, 107.68638610839844],
    [-0.2500208616256714, 2.8845009803771973, -0.7855852246284485, -60.28063201904297],
    [-0.023240577429533005, 0.7864285707473755, 2.894994020462036, -80.89010620117188],
    [0.0, 0.0, 0.0, 1.0]
],
  "dcmmeta_reorient_transform": [
    [0.0, -1.0, 0.0, 67.0],
    [1.0, 0.0, 0.0, 0.0],
    [0.0, 0.0, 1.0, 0.0],
    [0.0, 0.0, 0.0, 1.0]
],
  "dcmmeta_shape": [68, 68, 44, 3],
  "dcmmeta_slice_dim": 2,
  "dcmmeta_version": 0.6,
  "global": {
    "const": {
      "AccessionNumber": "jv5a5hof",
      "AcquisitionMatrix": [68, 0, 0, 68],
      "AngioFlag": "N",
      "BitsAllocated": 16,
      "BitsStored": 16,
      "BodyPartExamined": "BRAIN",
      "Columns": 476,
      "EchoNumbers": 1,
      "EchoTime": 20.4,
      "EchoTrainLength": 33,
      "FlipAngle": 90.0,
      "HighBit": 15,
      "ImageOrientationPatient": [0.99649103495924, 0.08334028688354, -0.007746859237, -0.0824518150208, 0.96150029857698, -0.2621428504388],
      "ImagePositionPatient": [-650.50557480576, -772.42336643434, 136.97310710913],
      "ImageType": [
        "ORIGINAL",
        "PRIMARY",
        "M",
        "ND",
        "MOSAIC"
],
      "ImagedNucleus": "1H",
      "ImagingFrequency": 123.191202,
      "InPlanePhaseEncodingDirection": "COL",
      "MRAcquisitionType": "2D",
      "MagneticFieldStrength": 3.0,
      "Manufacturer": "SIEMENS",
      "ManufacturerModelName": "Prisma",
      "Modality": "MR",
      "NumberOfAverages": 1.0,
      "NumberOfPhaseEncodingSteps": 67,
      "PercentPhaseFieldOfView": 100.0,
      "PercentSampling": 100.0,
      "PerformedProcedureStepStartTime": "155847.236000",
      "PhotometricInterpretation": "MONOCHROME2",
      "PixelBandwidth": 2450.0,
      "PixelRepresentation": 0,
      "PixelSpacing": [3.0, 3.0],
      "ProtocolName": "ME_SE_FieldMap_AP",
      "RepetitionTime": 1919.0,
      "Rows": 476,
      "SAR": 0.38910952347384,
      "SamplesPerPixel": 1,
      "ScanOptions": "FS",
      "ScanningSequence": "EP",
      "SequenceName": "epse2d1_68",
      "SequenceVariant": "SK",
      "SeriesDescription": "ME_SE_FieldMap_AP",
      "SeriesNumber": 27,
      "SeriesTime": "172115.797000",
      "SliceLocation": -60.72308271627,
      "SliceThickness": 3.0,
      "SmallestImagePixelValue": 0,
      "SoftwareVersions": "syngo MR E11",
      "SpacingBetweenSlices": 2.9999999434026,
      "SpecificCharacterSet": "ISO_IR 100",
      "StudyID": "1",
      "StudyTime": "155847.181000",
      "TransmitCoilName": "Body",
      "VariableFlipAngleFlag": "N",
      "WindowCenterWidthExplanation": "Algo1",
      "dBdt": 0.0},
    "slices": {}
  },
  "time": {
    "samples": {
      "AcquisitionNumber": [1, 2, 3],
      "AcquisitionTime": ["172110.292500", "172112.210000", "172114.130000"],
      "ContentTime": ["172115.800000", "172115.804000", "172115.806000"],
      "InstanceCreationTime": ["172115.800000", "172115.804000", "172115.806000"],
      "InstanceNumber": [1, 2, 3],
      "LargestImagePixelValue": [60543, 60000, 60379],
      "WindowCenter": [11666.0, 11563.0, 11588.0],
      "WindowWidth": [24517.0, 24301.0, 24355.0]
    },
    "slices": {}
  },
  "IntendedFor": [
    "func/sub-164_task-freq1_acq-normal_run-01_echo-1_bold.nii.gz",
    "func/sub-164_task-freq1_acq-normal_run-01_echo-1_sbref.nii.gz",
    "func/sub-164_task-freq1_acq-normal_run-01_echo-2_bold.nii.gz",
    "func/sub-164_task-freq1_acq-normal_run-01_echo-2_sbref.nii.gz",
    "func/sub-164_task-freq1_acq-normal_run-01_echo-3_bold.nii.gz",
    "func/sub-164_task-freq1_acq-normal_run-01_echo-3_sbref.nii.gz",
    "func/sub-164_task-freq1_acq-normal_run-01_echo-4_bold.nii.gz",
    "func/sub-164_task-freq1_acq-normal_run-01_echo-4_sbref.nii.gz",
    "func/sub-164_task-freq2_acq-normal_run-01_echo-1_bold.nii.gz",
    "func/sub-164_task-freq2_acq-normal_run-01_echo-1_sbref.nii.gz",
    "func/sub-164_task-freq2_acq-normal_run-01_echo-2_bold.nii.gz",
    "func/sub-164_task-freq2_acq-normal_run-01_echo-2_sbref.nii.gz",
    "func/sub-164_task-freq2_acq-normal_run-01_echo-3_bold.nii.gz",
    "func/sub-164_task-freq2_acq-normal_run-01_echo-3_sbref.nii.gz",
    "func/sub-164_task-freq2_acq-normal_run-01_echo-4_bold.nii.gz",
    "func/sub-164_task-freq2_acq-normal_run-01_echo-4_sbref.nii.gz",
    "func/sub-164_task-freqreports1_acq-normal_run-01_echo-1_bold.nii.gz",
    "func/sub-164_task-freqreports1_acq-normal_run-01_echo-1_sbref.nii.gz",
    "func/sub-164_task-freqreports1_acq-normal_run-01_echo-2_bold.nii.gz",
    "func/sub-164_task-freqreports1_acq-normal_run-01_echo-2_sbref.nii.gz",
    "func/sub-164_task-freqreports1_acq-normal_run-01_echo-3_bold.nii.gz",
    "func/sub-164_task-freqreports1_acq-normal_run-01_echo-3_sbref.nii.gz",
    "func/sub-164_task-freqreports1_acq-normal_run-01_echo-4_bold.nii.gz",
    "func/sub-164_task-freqreports1_acq-normal_run-01_echo-4_sbref.nii.gz",
    "func/sub-164_task-freqreports2_acq-normal_run-01_echo-1_bold.nii.gz",
    "func/sub-164_task-freqreports2_acq-normal_run-01_echo-1_sbref.nii.gz",
    "func/sub-164_task-freqreports2_acq-normal_run-01_echo-2_bold.nii.gz",
    "func/sub-164_task-freqreports2_acq-normal_run-01_echo-2_sbref.nii.gz",
    "func/sub-164_task-freqreports2_acq-normal_run-01_echo-3_bold.nii.gz",
    "func/sub-164_task-freqreports2_acq-normal_run-01_echo-3_sbref.nii.gz",
    "func/sub-164_task-freqreports2_acq-normal_run-01_echo-4_bold.nii.gz",
    "func/sub-164_task-freqreports2_acq-normal_run-01_echo-4_sbref.nii.gz",
    "func/sub-164_task-memtest1_acq-normal_run-01_echo-1_bold.nii.gz",
    "func/sub-164_task-memtest1_acq-normal_run-01_echo-1_sbref.nii.gz",
    "func/sub-164_task-memtest1_acq-normal_run-01_echo-2_bold.nii.gz",
    "func/sub-164_task-memtest1_acq-normal_run-01_echo-2_sbref.nii.gz",
    "func/sub-164_task-memtest1_acq-normal_run-01_echo-3_bold.nii.gz",
    "func/sub-164_task-memtest1_acq-normal_run-01_echo-3_sbref.nii.gz",
    "func/sub-164_task-memtest1_acq-normal_run-01_echo-4_bold.nii.gz",
    "func/sub-164_task-memtest1_acq-normal_run-01_echo-4_sbref.nii.gz",
    "func/sub-164_task-memtest2_acq-normal_run-01_echo-1_bold.nii.gz",
    "func/sub-164_task-memtest2_acq-normal_run-01_echo-1_sbref.nii.gz",
    "func/sub-164_task-memtest2_acq-normal_run-01_echo-2_bold.nii.gz",
    "func/sub-164_task-memtest2_acq-normal_run-01_echo-2_sbref.nii.gz",
    "func/sub-164_task-memtest2_acq-normal_run-01_echo-3_bold.nii.gz",
    "func/sub-164_task-memtest2_acq-normal_run-01_echo-3_sbref.nii.gz",
    "func/sub-164_task-memtest2_acq-normal_run-01_echo-4_bold.nii.gz",
    "func/sub-164_task-memtest2_acq-normal_run-01_echo-4_sbref.nii.gz",
    "func/sub-164_task-pairedassociates1_acq-normal_run-01_echo-1_bold.nii.gz",
    "func/sub-164_task-pairedassociates1_acq-normal_run-01_echo-1_sbref.nii.gz",
    "func/sub-164_task-pairedassociates1_acq-normal_run-01_echo-2_bold.nii.gz",
    "func/sub-164_task-pairedassociates1_acq-normal_run-01_echo-2_sbref.nii.gz",
    "func/sub-164_task-pairedassociates1_acq-normal_run-01_echo-3_bold.nii.gz",
    "func/sub-164_task-pairedassociates1_acq-normal_run-01_echo-3_sbref.nii.gz",
    "func/sub-164_task-pairedassociates1_acq-normal_run-01_echo-4_bold.nii.gz",
    "func/sub-164_task-pairedassociates1_acq-normal_run-01_echo-4_sbref.nii.gz",
    "func/sub-164_task-pairedassociates2_acq-normal_run-01_echo-1_bold.nii.gz",
    "func/sub-164_task-pairedassociates2_acq-normal_run-01_echo-1_sbref.nii.gz",
    "func/sub-164_task-pairedassociates2_acq-normal_run-01_echo-2_bold.nii.gz",
    "func/sub-164_task-pairedassociates2_acq-normal_run-01_echo-2_sbref.nii.gz",
    "func/sub-164_task-pairedassociates2_acq-normal_run-01_echo-3_bold.nii.gz",
    "func/sub-164_task-pairedassociates2_acq-normal_run-01_echo-3_sbref.nii.gz",
    "func/sub-164_task-pairedassociates2_acq-normal_run-01_echo-4_bold.nii.gz",
    "func/sub-164_task-pairedassociates2_acq-normal_run-01_echo-4_sbref.nii.gz"
  ]
}