{
  "AcquisitionMatrixPE": 68,
  "AcquisitionNumber": 1,
  "AcquisitionTime": "15:58:48.295000",
  "BandwidthPerPixelPhaseEncode": 60.024,
  "BaseResolution": 68,
  "BodyPartExamined": "BRAIN",
  "CoilString": "HC1-7;NC1_2",
  "ConsistencyInfo": "N4_VE11C_LATEST_20160120",
  "ConversionSoftware": "dcm2niix",
  "ConversionSoftwareVersion": "v1.0.20190410  GCC6.3.0",
  "DerivedVendorReportedEchoSpacing": 0.00049,
  "DeviceSerialNumber": "166018",
  "DwellTime": 3e-06,
  "EchoTime": 0.0204,
  "EchoTrainLength": 33,
  "EffectiveEchoSpacing": 0.000245,
  "FlipAngle": 90,
  "ImageComments": "SENSE1",
  "ImageOrientationPatientDICOM": [0.997321, 0.0704832, -0.0195465, -0.0721888, 0.905473, -0.418219],
  "ImageType": [
    "ORIGINAL",
    "PRIMARY",
    "M",
    "ND",
    "MOSAIC"
],
  "ImagingFrequency": 123.191,
  "InPlanePhaseEncodingDirectionDICOM": "COL",
  "InstitutionAddress": "Washington_Place_6_NYC_NYC_US_10003",
  "InstitutionName": "NYU_Center_for_Brain_Imaging",
  "InstitutionalDepartmentName": "Department",
  "MRAcquisitionType": "2D",
  "MagneticFieldStrength": 3,
  "Manufacturer": "Siemens",
  "ManufacturersModelName": "Prisma",
  "Modality": "MR",
  "ParallelReductionFactorInPlane": 2,
  "PartialFourier": 1,
  "PatientPosition": "HFS",
  "PercentPhaseFOV": 100,
  "PhaseEncodingDirection": "j-",
  "PhaseEncodingSteps": 67,
  "PhaseResolution": 1,
  "PixelBandwidth": 2450,
  "ProcedureStepDescription": "Investigators_Hartley",
  "ProtocolName": "ME_SE_FieldMap_AP",
  "PulseSequenceDetails": "%CustomerSeq%_cmrr_mbep2d_se",
  "ReceiveCoilActiveElements": "HC1-7;NC1,2",
  "ReceiveCoilName": "HeadNeck_64",
  "ReconMatrixPE": 68,
  "RefLinesPE": 24,
  "RepetitionTime": 1.919,
  "SAR": 0.633955,
  "ScanOptions": "FS",
  "ScanningSequence": "EP",
  "SequenceName": "epse2d1_68",
  "SequenceVariant": "SK",
  "SeriesDescription": "ME_SE_FieldMap_AP",
  "SeriesNumber": 10,
  "ShimSetting": [253, -12628, -8396, 675, -8, -61, -202, 60],
  "SliceThickness": 3,
  "SliceTiming": [0.95, 0, 0.9925, 0.0425, 1.035, 0.085, 1.0775, 0.13, 1.1225, 0.1725, 1.165, 0.215, 1.2075, 0.2575, 1.25, 0.3025, 1.295, 0.345, 1.3375, 0.3875, 1.38, 0.43, 1.4225, 0.475, 1.4675, 0.5175, 1.51, 0.56, 1.5525, 0.6025, 1.595, 0.6475, 1.64, 0.69, 1.6825, 0.7325, 1.725, 0.7775, 1.77, 0.82, 1.8125, 0.8625, 1.855, 0.905],
  "SoftwareVersions": "syngo_MR_E11",
  "SpacingBetweenSlices": 3,
  "StationName": "AWP166018",
  "TotalReadoutTime": 0.016415,
  "TxRefAmp": 198.527,
  "WipMemBlock": "e3236158-0adf-4e52-b713-c07f6aef3bdd||Sequence: R016 ve11c/master r/8780670; Nov 27 2017 15:08:10 by eja",
  "dcmmeta_affine": [
    [-2.991964340209961, -0.216566264629364, 0.03533579781651497, 110.87313842773438],
    [-0.21144966781139374, 2.716418743133545, -1.255530834197998, -59.356449127197266],
    [-0.05863959714770317, 1.2546583414077759, 2.7244069576263428, -78.64685821533203],
    [0.0, 0.0, 0.0, 1.0]
],
  "dcmmeta_reorient_transform": [
    [0.0, -1.0, 0.0, 67.0],
    [1.0, 0.0, 0.0, 0.0],
    [0.0, 0.0, 1.0, 0.0],
    [0.0, 0.0, 0.0, 1.0]
],
  "dcmmeta_shape": [68, 68, 44, 3],
  "dcmmeta_slice_dim": 2,
  "dcmmeta_version": 0.6,
  "global": {
    "const": {
      "AccessionNumber": "ju8h9s7x",
      "AcquisitionMatrix": [68, 0, 0, 68],
      "AngioFlag": "N",
      "BitsAllocated": 16,
      "BitsStored": 16,
      "BodyPartExamined": "BRAIN",
      "Columns": 476,
      "EchoNumbers": 1,
      "EchoTime": 20.4,
      "EchoTrainLength": 33,
      "FlipAngle": 90.0,
      "HighBit": 15,
      "ImageOrientationPatient": [0.99732143669546, 0.07048322474479, -0.019546532615, -0.0721887560648, 0.90547295275197, -0.4182194583379],
      "ImagePositionPatient": [-662.54440221085, -719.92879342006, 273.32803628429],
      "ImageType": [
        "ORIGINAL",
        "PRIMARY",
        "M",
        "ND",
        "MOSAIC"
],
      "ImagedNucleus": "1H",
      "ImagingFrequency": 123.190825,
      "InPlanePhaseEncodingDirection": "COL",
      "MRAcquisitionType": "2D",
      "MagneticFieldStrength": 3.0,
      "Manufacturer": "SIEMENS",
      "ManufacturerModelName": "Prisma",
      "Modality": "MR",
      "NumberOfAverages": 1.0,
      "NumberOfPhaseEncodingSteps": 67,
      "PercentPhaseFieldOfView": 100.0,
      "PercentSampling": 100.0,
      "PerformedProcedureStepStartTime": "153957.220000",
      "PhotometricInterpretation": "MONOCHROME2",
      "PixelBandwidth": 2450.0,
      "PixelRepresentation": 0,
      "PixelSpacing": [3.0, 3.0],
      "ProtocolName": "ME_SE_FieldMap_AP",
      "RepetitionTime": 1919.0,
      "Rows": 476,
      "SAR": 0.63395532804497,
      "SamplesPerPixel": 1,
      "ScanOptions": "FS",
      "ScanningSequence": "EP",
      "SequenceName": "epse2d1_68",
      "SequenceVariant": "SK",
      "SeriesDescription": "ME_SE_FieldMap_AP",
      "SeriesNumber": 10,
      "SeriesTime": "155853.464000",
      "SliceLocation": -45.274806467901,
      "SliceThickness": 3.0,
      "SmallestImagePixelValue": 0,
      "SoftwareVersions": "syngo MR E11",
      "SpacingBetweenSlices": 2.999999978712,
      "SpecificCharacterSet": "ISO_IR 100",
      "StudyID": "1",
      "StudyTime": "153957.117000",
      "TransmitCoilName": "Body",
      "VariableFlipAngleFlag": "N",
      "WindowCenterWidthExplanation": "Algo1",
      "dBdt": 0.0},
    "slices": {}
  },
  "time": {
    "samples": {
      "AcquisitionNumber": [1, 2, 3],
      "AcquisitionTime": ["155848.295000", "155850.212500", "155852.132500"],
      "ContentTime": ["155853.467000", "155853.470000", "155853.473000"],
      "InstanceCreationTime": ["155853.467000", "155853.470000", "155853.473000"],
      "InstanceNumber": [1, 2, 3],
      "LargestImagePixelValue": [42486, 42016, 43082],
      "WindowCenter": [11989.0, 11895.0, 11921.0],
      "WindowWidth": [26015.0, 25793.0, 25859.0]
    },
    "slices": {}
  },
  "IntendedFor": [
    "func/sub-161_task-freq1_acq-normal_run-01_echo-1_bold.nii.gz",
    "func/sub-161_task-freq1_acq-normal_run-01_echo-1_sbref.nii.gz",
    "func/sub-161_task-freq1_acq-normal_run-01_echo-2_bold.nii.gz",
    "func/sub-161_task-freq1_acq-normal_run-01_echo-2_sbref.nii.gz",
    "func/sub-161_task-freq1_acq-normal_run-01_echo-3_bold.nii.gz",
    "func/sub-161_task-freq1_acq-normal_run-01_echo-3_sbref.nii.gz",
    "func/sub-161_task-freq1_acq-normal_run-01_echo-4_bold.nii.gz",
    "func/sub-161_task-freq1_acq-normal_run-01_echo-4_sbref.nii.gz",
    "func/sub-161_task-freq2_acq-normal_run-01_echo-1_bold.nii.gz",
    "func/sub-161_task-freq2_acq-normal_run-01_echo-1_sbref.nii.gz",
    "func/sub-161_task-freq2_acq-normal_run-01_echo-2_bold.nii.gz",
    "func/sub-161_task-freq2_acq-normal_run-01_echo-2_sbref.nii.gz",
    "func/sub-161_task-freq2_acq-normal_run-01_echo-3_bold.nii.gz",
    "func/sub-161_task-freq2_acq-normal_run-01_echo-3_sbref.nii.gz",
    "func/sub-161_task-freq2_acq-normal_run-01_echo-4_bold.nii.gz",
    "func/sub-161_task-freq2_acq-normal_run-01_echo-4_sbref.nii.gz",
    "func/sub-161_task-freqreports1_acq-normal_run-01_echo-1_bold.nii.gz",
    "func/sub-161_task-freqreports1_acq-normal_run-01_echo-1_sbref.nii.gz",
    "func/sub-161_task-freqreports1_acq-normal_run-01_echo-2_bold.nii.gz",
    "func/sub-161_task-freqreports1_acq-normal_run-01_echo-2_sbref.nii.gz",
    "func/sub-161_task-freqreports1_acq-normal_run-01_echo-3_bold.nii.gz",
    "func/sub-161_task-freqreports1_acq-normal_run-01_echo-3_sbref.nii.gz",
    "func/sub-161_task-freqreports1_acq-normal_run-01_echo-4_bold.nii.gz",
    "func/sub-161_task-freqreports1_acq-normal_run-01_echo-4_sbref.nii.gz",
    "func/sub-161_task-freqreports2_acq-normal_run-01_echo-1_bold.nii.gz",
    "func/sub-161_task-freqreports2_acq-normal_run-01_echo-1_sbref.nii.gz",
    "func/sub-161_task-freqreports2_acq-normal_run-01_echo-2_bold.nii.gz",
    "func/sub-161_task-freqreports2_acq-normal_run-01_echo-2_sbref.nii.gz",
    "func/sub-161_task-freqreports2_acq-normal_run-01_echo-3_bold.nii.gz",
    "func/sub-161_task-freqreports2_acq-normal_run-01_echo-3_sbref.nii.gz",
    "func/sub-161_task-freqreports2_acq-normal_run-01_echo-4_bold.nii.gz",
    "func/sub-161_task-freqreports2_acq-normal_run-01_echo-4_sbref.nii.gz",
    "func/sub-161_task-memtest1_acq-normal_run-01_echo-1_bold.nii.gz",
    "func/sub-161_task-memtest1_acq-normal_run-01_echo-1_sbref.nii.gz",
    "func/sub-161_task-memtest1_acq-normal_run-01_echo-2_bold.nii.gz",
    "func/sub-161_task-memtest1_acq-normal_run-01_echo-2_sbref.nii.gz",
    "func/sub-161_task-memtest1_acq-normal_run-01_echo-3_bold.nii.gz",
    "func/sub-161_task-memtest1_acq-normal_run-01_echo-3_sbref.nii.gz",
    "func/sub-161_task-memtest1_acq-normal_run-01_echo-4_bold.nii.gz",
    "func/sub-161_task-memtest1_acq-normal_run-01_echo-4_sbref.nii.gz",
    "func/sub-161_task-memtest2_acq-normal_run-01_echo-1_bold.nii.gz",
    "func/sub-161_task-memtest2_acq-normal_run-01_echo-1_sbref.nii.gz",
    "func/sub-161_task-memtest2_acq-normal_run-01_echo-2_bold.nii.gz",
    "func/sub-161_task-memtest2_acq-normal_run-01_echo-2_sbref.nii.gz",
    "func/sub-161_task-memtest2_acq-normal_run-01_echo-3_bold.nii.gz",
    "func/sub-161_task-memtest2_acq-normal_run-01_echo-3_sbref.nii.gz",
    "func/sub-161_task-memtest2_acq-normal_run-01_echo-4_bold.nii.gz",
    "func/sub-161_task-memtest2_acq-normal_run-01_echo-4_sbref.nii.gz",
    "func/sub-161_task-pairedassociates1_acq-normal_run-01_echo-1_bold.nii.gz",
    "func/sub-161_task-pairedassociates1_acq-normal_run-01_echo-1_sbref.nii.gz",
    "func/sub-161_task-pairedassociates1_acq-normal_run-01_echo-2_bold.nii.gz",
    "func/sub-161_task-pairedassociates1_acq-normal_run-01_echo-2_sbref.nii.gz",
    "func/sub-161_task-pairedassociates1_acq-normal_run-01_echo-3_bold.nii.gz",
    "func/sub-161_task-pairedassociates1_acq-normal_run-01_echo-3_sbref.nii.gz",
    "func/sub-161_task-pairedassociates1_acq-normal_run-01_echo-4_bold.nii.gz",
    "func/sub-161_task-pairedassociates1_acq-normal_run-01_echo-4_sbref.nii.gz",
    "func/sub-161_task-pairedassociates2_acq-normal_run-01_echo-1_bold.nii.gz",
    "func/sub-161_task-pairedassociates2_acq-normal_run-01_echo-1_sbref.nii.gz",
    "func/sub-161_task-pairedassociates2_acq-normal_run-01_echo-2_bold.nii.gz",
    "func/sub-161_task-pairedassociates2_acq-normal_run-01_echo-2_sbref.nii.gz",
    "func/sub-161_task-pairedassociates2_acq-normal_run-01_echo-3_bold.nii.gz",
    "func/sub-161_task-pairedassociates2_acq-normal_run-01_echo-3_sbref.nii.gz",
    "func/sub-161_task-pairedassociates2_acq-normal_run-01_echo-4_bold.nii.gz",
    "func/sub-161_task-pairedassociates2_acq-normal_run-01_echo-4_sbref.nii.gz"
  ]
}