{
  "AcquisitionMatrixPE": 68,
  "AcquisitionNumber": 1,
  "AcquisitionTime": "13:51:10.305000",
  "BandwidthPerPixelPhaseEncode": 60.024,
  "BaseResolution": 68,
  "BodyPartExamined": "BRAIN",
  "CoilString": "HC1-7;NC1_2",
  "ConsistencyInfo": "N4_VE11C_LATEST_20160120",
  "ConversionSoftware": "dcm2niix",
  "ConversionSoftwareVersion": "v1.0.20190410  GCC6.3.0",
  "DerivedVendorReportedEchoSpacing": 0.00049,
  "DeviceSerialNumber": "166018",
  "DwellTime": 3e-06,
  "EchoTime": 0.0204,
  "EchoTrainLength": 33,
  "EffectiveEchoSpacing": 0.000245,
  "FlipAngle": 90,
  "ImageComments": "SENSE1",
  "ImageOrientationPatientDICOM": [0.994296, 0.106362, -0.00793843, -0.105382, 0.968205, -0.226879],
  "ImageType": [
    "ORIGINAL",
    "PRIMARY",
    "M",
    "ND",
    "MOSAIC"
],
  "ImagingFrequency": 123.191,
  "InPlanePhaseEncodingDirectionDICOM": "COL",
  "InstitutionAddress": "Washington_Place_6_NYC_NYC_US_10003",
  "InstitutionName": "NYU_Center_for_Brain_Imaging",
  "InstitutionalDepartmentName": "Department",
  "MRAcquisitionType": "2D",
  "MagneticFieldStrength": 3,
  "Manufacturer": "Siemens",
  "ManufacturersModelName": "Prisma",
  "Modality": "MR",
  "ParallelReductionFactorInPlane": 2,
  "PartialFourier": 1,
  "PatientPosition": "HFS",
  "PercentPhaseFOV": 100,
  "PhaseEncodingDirection": "j-",
  "PhaseEncodingSteps": 67,
  "PhaseResolution": 1,
  "PixelBandwidth": 2450,
  "ProcedureStepDescription": "Investigators_Hartley",
  "ProtocolName": "ME_SE_FieldMap_AP",
  "PulseSequenceDetails": "%CustomerSeq%_cmrr_mbep2d_se",
  "ReceiveCoilActiveElements": "HC1-7;NC1,2",
  "ReceiveCoilName": "HeadNeck_64",
  "ReconMatrixPE": 68,
  "RefLinesPE": 24,
  "RepetitionTime": 1.919,
  "SAR": 0.383925,
  "ScanOptions": "FS",
  "ScanningSequence": "EP",
  "SequenceName": "epse2d1_68",
  "SequenceVariant": "SK",
  "SeriesDescription": "ME_SE_FieldMap_AP",
  "SeriesNumber": 9,
  "ShimSetting": [268, -12602, -8401, 385, -29, -10, 135, -34],
  "SliceThickness": 3,
  "SliceTiming": [0.9475, 0, 0.9925, 0.0425, 1.035, 0.085, 1.0775, 0.1275, 1.12, 0.1725, 1.165, 0.215, 1.2075, 0.2575, 1.25, 0.3, 1.2925, 0.345, 1.3375, 0.3875, 1.38, 0.43, 1.4225, 0.4725, 1.465, 0.5175, 1.51, 0.56, 1.5525, 0.6025, 1.595, 0.645, 1.6375, 0.69, 1.6825, 0.7325, 1.725, 0.775, 1.7675, 0.8175, 1.81, 0.8625, 1.855, 0.905],
  "SoftwareVersions": "syngo_MR_E11",
  "SpacingBetweenSlices": 3,
  "StationName": "AWP166018",
  "TotalReadoutTime": 0.016415,
  "TxRefAmp": 243.455,
  "WipMemBlock": "48521f55-ed60-431d-b307-8a8dc1c907e8||Sequence: R016 ve11c/master r/8780670; Nov 27 2017 15:08:10 by eja",
  "dcmmeta_affine": [
    [-2.9828875064849854, -0.3161461651325226, 0.04933556169271469, 109.1843490600586],
    [-0.3190849721431732, 2.9046144485473633, -0.679263710975647, -40.092281341552734],
    [-0.023815274238586426, 0.6806365251541138, 2.9216718673706055, -71.5245132446289],
    [0.0, 0.0, 0.0, 1.0]
],
  "dcmmeta_reorient_transform": [
    [0.0, -1.0, 0.0, 67.0],
    [1.0, 0.0, 0.0, 0.0],
    [0.0, 0.0, 1.0, 0.0],
    [0.0, 0.0, 0.0, 1.0]
],
  "dcmmeta_shape": [68, 68, 44, 3],
  "dcmmeta_slice_dim": 2,
  "dcmmeta_version": 0.6,
  "global": {
    "const": {
      "AccessionNumber": "jsrrvmy9",
      "AcquisitionMatrix": [68, 0, 0, 68],
      "AngioFlag": "N",
      "BitsAllocated": 16,
      "BitsStored": 16,
      "BodyPartExamined": "BRAIN",
      "Columns": 476,
      "EchoNumbers": 1,
      "EchoTime": 20.4,
      "EchoTrainLength": 33,
      "FlipAngle": 90.0,
      "HighBit": 15,
      "ImageOrientationPatient": [0.99429582073459, 0.10636165793998, -0.0079384249056, -0.1053820509449, 0.96820484191544, -0.2268788386565],
      "ImagePositionPatient": [-632.01778109614, -812.15159082109, 117.78629620287],
      "ImageType": [
        "ORIGINAL",
        "PRIMARY",
        "M",
        "ND",
        "MOSAIC"
],
      "ImagedNucleus": "1H",
      "ImagingFrequency": 123.190784,
      "InPlanePhaseEncodingDirection": "COL",
      "MRAcquisitionType": "2D",
      "MagneticFieldStrength": 3.0,
      "Manufacturer": "SIEMENS",
      "ManufacturerModelName": "Prisma",
      "Modality": "MR",
      "NumberOfAverages": 1.0,
      "NumberOfPhaseEncodingSteps": 67,
      "PercentPhaseFieldOfView": 100.0,
      "PercentSampling": 100.0,
      "PerformedProcedureStepStartTime": "132603.966000",
      "PhotometricInterpretation": "MONOCHROME2",
      "PixelBandwidth": 2450.0,
      "PixelRepresentation": 0,
      "PixelSpacing": [3.0, 3.0],
      "ProtocolName": "ME_SE_FieldMap_AP",
      "RepetitionTime": 1919.0,
      "Rows": 476,
      "SAR": 0.38392470864241,
      "SamplesPerPixel": 1,
      "ScanOptions": "FS",
      "ScanningSequence": "EP",
      "SequenceName": "epse2d1_68",
      "SequenceVariant": "SK",
      "SeriesDescription": "ME_SE_FieldMap_AP",
      "SeriesNumber": 9,
      "SeriesTime": "135116.311000",
      "SliceLocation": -58.783754898064,
      "SliceThickness": 3.0,
      "SmallestImagePixelValue": 0,
      "SoftwareVersions": "syngo MR E11",
      "SpacingBetweenSlices": 2.9999999472202,
      "SpecificCharacterSet": "ISO_IR 100",
      "StudyID": "1",
      "StudyTime": "132603.895000",
      "TransmitCoilName": "Body",
      "VariableFlipAngleFlag": "N",
      "WindowCenterWidthExplanation": "Algo1",
      "dBdt": 0.0},
    "slices": {}
  },
  "time": {
    "samples": {
      "AcquisitionNumber": [1, 2, 3],
      "AcquisitionTime": ["135110.305000", "135112.225000", "135114.142500"],
      "ContentTime": ["135116.317000", "135116.323000", "135116.326000"],
      "InstanceCreationTime": ["135116.317000", "135116.323000", "135116.326000"],
      "InstanceNumber": [1, 2, 3],
      "LargestImagePixelValue": [54606, 55573, 65535],
      "WindowCenter": [11332.0, 11271.0, 11317.0],
      "WindowWidth": [23882.0, 23762.0, 23882.0]
    },
    "slices": {}
  },
  "IntendedFor": [
    "func/sub-123_task-freq1_acq-normal_run-01_echo-1_bold.nii.gz",
    "func/sub-123_task-freq1_acq-normal_run-01_echo-1_sbref.nii.gz",
    "func/sub-123_task-freq1_acq-normal_run-01_echo-2_bold.nii.gz",
    "func/sub-123_task-freq1_acq-normal_run-01_echo-2_sbref.nii.gz",
    "func/sub-123_task-freq1_acq-normal_run-01_echo-3_bold.nii.gz",
    "func/sub-123_task-freq1_acq-normal_run-01_echo-3_sbref.nii.gz",
    "func/sub-123_task-freq1_acq-normal_run-01_echo-4_bold.nii.gz",
    "func/sub-123_task-freq1_acq-normal_run-01_echo-4_sbref.nii.gz",
    "func/sub-123_task-freq2_acq-normal_run-01_echo-1_bold.nii.gz",
    "func/sub-123_task-freq2_acq-normal_run-01_echo-1_sbref.nii.gz",
    "func/sub-123_task-freq2_acq-normal_run-01_echo-2_bold.nii.gz",
    "func/sub-123_task-freq2_acq-normal_run-01_echo-2_sbref.nii.gz",
    "func/sub-123_task-freq2_acq-normal_run-01_echo-3_bold.nii.gz",
    "func/sub-123_task-freq2_acq-normal_run-01_echo-3_sbref.nii.gz",
    "func/sub-123_task-freq2_acq-normal_run-01_echo-4_bold.nii.gz",
    "func/sub-123_task-freq2_acq-normal_run-01_echo-4_sbref.nii.gz",
    "func/sub-123_task-freqreports1_acq-normal_run-01_echo-1_bold.nii.gz",
    "func/sub-123_task-freqreports1_acq-normal_run-01_echo-1_sbref.nii.gz",
    "func/sub-123_task-freqreports1_acq-normal_run-01_echo-2_bold.nii.gz",
    "func/sub-123_task-freqreports1_acq-normal_run-01_echo-2_sbref.nii.gz",
    "func/sub-123_task-freqreports1_acq-normal_run-01_echo-3_bold.nii.gz",
    "func/sub-123_task-freqreports1_acq-normal_run-01_echo-3_sbref.nii.gz",
    "func/sub-123_task-freqreports1_acq-normal_run-01_echo-4_bold.nii.gz",
    "func/sub-123_task-freqreports1_acq-normal_run-01_echo-4_sbref.nii.gz",
    "func/sub-123_task-freqreports2_acq-normal_run-01_echo-1_bold.nii.gz",
    "func/sub-123_task-freqreports2_acq-normal_run-01_echo-1_sbref.nii.gz",
    "func/sub-123_task-freqreports2_acq-normal_run-01_echo-2_bold.nii.gz",
    "func/sub-123_task-freqreports2_acq-normal_run-01_echo-2_sbref.nii.gz",
    "func/sub-123_task-freqreports2_acq-normal_run-01_echo-3_bold.nii.gz",
    "func/sub-123_task-freqreports2_acq-normal_run-01_echo-3_sbref.nii.gz",
    "func/sub-123_task-freqreports2_acq-normal_run-01_echo-4_bold.nii.gz",
    "func/sub-123_task-freqreports2_acq-normal_run-01_echo-4_sbref.nii.gz",
    "func/sub-123_task-memtest1_acq-normal_run-01_echo-1_bold.nii.gz",
    "func/sub-123_task-memtest1_acq-normal_run-01_echo-1_sbref.nii.gz",
    "func/sub-123_task-memtest1_acq-normal_run-01_echo-2_bold.nii.gz",
    "func/sub-123_task-memtest1_acq-normal_run-01_echo-2_sbref.nii.gz",
    "func/sub-123_task-memtest1_acq-normal_run-01_echo-3_bold.nii.gz",
    "func/sub-123_task-memtest1_acq-normal_run-01_echo-3_sbref.nii.gz",
    "func/sub-123_task-memtest1_acq-normal_run-01_echo-4_bold.nii.gz",
    "func/sub-123_task-memtest1_acq-normal_run-01_echo-4_sbref.nii.gz",
    "func/sub-123_task-memtest2_acq-normal_run-01_echo-1_bold.nii.gz",
    "func/sub-123_task-memtest2_acq-normal_run-01_echo-1_sbref.nii.gz",
    "func/sub-123_task-memtest2_acq-normal_run-01_echo-2_bold.nii.gz",
    "func/sub-123_task-memtest2_acq-normal_run-01_echo-2_sbref.nii.gz",
    "func/sub-123_task-memtest2_acq-normal_run-01_echo-3_bold.nii.gz",
    "func/sub-123_task-memtest2_acq-normal_run-01_echo-3_sbref.nii.gz",
    "func/sub-123_task-memtest2_acq-normal_run-01_echo-4_bold.nii.gz",
    "func/sub-123_task-memtest2_acq-normal_run-01_echo-4_sbref.nii.gz",
    "func/sub-123_task-pairedassociates1_acq-normal_run-01_echo-1_bold.nii.gz",
    "func/sub-123_task-pairedassociates1_acq-normal_run-01_echo-1_sbref.nii.gz",
    "func/sub-123_task-pairedassociates1_acq-normal_run-01_echo-2_bold.nii.gz",
    "func/sub-123_task-pairedassociates1_acq-normal_run-01_echo-2_sbref.nii.gz",
    "func/sub-123_task-pairedassociates1_acq-normal_run-01_echo-3_bold.nii.gz",
    "func/sub-123_task-pairedassociates1_acq-normal_run-01_echo-3_sbref.nii.gz",
    "func/sub-123_task-pairedassociates1_acq-normal_run-01_echo-4_bold.nii.gz",
    "func/sub-123_task-pairedassociates1_acq-normal_run-01_echo-4_sbref.nii.gz",
    "func/sub-123_task-pairedassociates2_acq-normal_run-01_echo-1_bold.nii.gz",
    "func/sub-123_task-pairedassociates2_acq-normal_run-01_echo-1_sbref.nii.gz",
    "func/sub-123_task-pairedassociates2_acq-normal_run-01_echo-2_bold.nii.gz",
    "func/sub-123_task-pairedassociates2_acq-normal_run-01_echo-2_sbref.nii.gz",
    "func/sub-123_task-pairedassociates2_acq-normal_run-01_echo-3_bold.nii.gz",
    "func/sub-123_task-pairedassociates2_acq-normal_run-01_echo-3_sbref.nii.gz",
    "func/sub-123_task-pairedassociates2_acq-normal_run-01_echo-4_bold.nii.gz",
    "func/sub-123_task-pairedassociates2_acq-normal_run-01_echo-4_sbref.nii.gz"
  ]
}