{
  "AcquisitionMatrixPE": 68,
  "AcquisitionNumber": 1,
  "AcquisitionTime": "11:10:40.260000",
  "BandwidthPerPixelPhaseEncode": 60.024,
  "BaseResolution": 68,
  "BodyPartExamined": "BRAIN",
  "CoilString": "HC1-7;NC1_2",
  "ConsistencyInfo": "N4_VE11C_LATEST_20160120",
  "ConversionSoftware": "dcm2niix",
  "ConversionSoftwareVersion": "v1.0.20190410  GCC6.3.0",
  "DerivedVendorReportedEchoSpacing": 0.00049,
  "DeviceSerialNumber": "166018",
  "DwellTime": 3e-06,
  "EchoTime": 0.0204,
  "EchoTrainLength": 33,
  "EffectiveEchoSpacing": 0.000245,
  "FlipAngle": 90,
  "ImageComments": "SENSE1",
  "ImageOrientationPatientDICOM": [0.996202, 0.0228972, 0.0840076, 0.000347716, 0.963751, -0.266805],
  "ImageType": [
    "ORIGINAL",
    "PRIMARY",
    "M",
    "ND",
    "MOSAIC"
],
  "ImagingFrequency": 123.191,
  "InPlanePhaseEncodingDirectionDICOM": "COL",
  "InstitutionAddress": "Washington_Place_6_NYC_NYC_US_10003",
  "InstitutionName": "NYU_-_CBI",
  "InstitutionalDepartmentName": "Department",
  "MRAcquisitionType": "2D",
  "MagneticFieldStrength": 3,
  "Manufacturer": "Siemens",
  "ManufacturersModelName": "Prisma",
  "Modality": "MR",
  "ParallelReductionFactorInPlane": 2,
  "PartialFourier": 1,
  "PatientPosition": "HFS",
  "PercentPhaseFOV": 100,
  "PhaseEncodingDirection": "j",
  "PhaseEncodingSteps": 67,
  "PhaseResolution": 1,
  "PixelBandwidth": 2450,
  "ProcedureStepDescription": "Investigators_Hartley",
  "ProtocolName": "ME_SE_FieldMap_PA",
  "PulseSequenceDetails": "%CustomerSeq%_cmrr_mbep2d_se",
  "ReceiveCoilActiveElements": "HC1-7;NC1,2",
  "ReceiveCoilName": "HeadNeck_64",
  "ReconMatrixPE": 68,
  "RefLinesPE": 24,
  "RepetitionTime": 1.919,
  "SAR": 0.418947,
  "ScanOptions": "FS",
  "ScanningSequence": "EP",
  "SequenceName": "epse2d1_68",
  "SequenceVariant": "SK",
  "SeriesDescription": "ME_SE_FieldMap_PA",
  "SeriesNumber": 10,
  "ShimSetting": [285, -12646, -8381, 352, -119, -58, 28, -20],
  "SliceThickness": 3,
  "SliceTiming": [0.95, 0, 0.9925, 0.0425, 1.035, 0.0875, 1.08, 0.13, 1.1225, 0.1725, 1.165, 0.215, 1.2075, 0.26, 1.2525, 0.3025, 1.295, 0.345, 1.3375, 0.3875, 1.38, 0.4325, 1.425, 0.475, 1.4675, 0.5175, 1.51, 0.5625, 1.555, 0.605, 1.5975, 0.6475, 1.64, 0.69, 1.6825, 0.735, 1.7275, 0.7775, 1.77, 0.82, 1.8125, 0.8625, 1.855, 0.9075],
  "SoftwareVersions": "syngo_MR_E11",
  "SpacingBetweenSlices": 3,
  "StationName": "AWP166018",
  "TotalReadoutTime": 0.016415,
  "TxRefAmp": 207.51,
  "WipMemBlock": "29160383-1c3c-4f02-8cda-4206e7f5d733||Sequence: R016 ve11c/master r/8780670; Nov 27 2017 15:08:10 by eja",
  "dcmmeta_affine": [
    [-2.9886059761047363, 0.0010431477567180991, 0.26121437549591064, 98.54013061523438],
    [-0.0686916932463646, 2.891251802444458, -0.7974614500999451, -53.796085357666016],
    [0.25202280282974243, 0.8004137873649597, 2.880246877670288, -82.29696655273438],
    [0.0, 0.0, 0.0, 1.0]
],
  "dcmmeta_reorient_transform": [
    [0.0, -1.0, 0.0, 67.0],
    [1.0, 0.0, 0.0, 0.0],
    [0.0, 0.0, 1.0, 0.0],
    [0.0, 0.0, 0.0, 1.0]
],
  "dcmmeta_shape": [68, 68, 44, 3],
  "dcmmeta_slice_dim": 2,
  "dcmmeta_version": 0.6,
  "global": {
    "const": {
      "AccessionNumber": "k04dtmyx",
      "AcquisitionMatrix": [68, 0, 0, 68],
      "AngioFlag": "N",
      "BitsAllocated": 16,
      "BitsStored": 16,
      "BodyPartExamined": "BRAIN",
      "Columns": 476,
      "EchoNumbers": 1,
      "EchoTime": 20.4,
      "EchoTrainLength": 33,
      "FlipAngle": 90.0,
      "HighBit": 15,
      "ImageOrientationPatient": [0.99620200728563, 0.02289723083872, 0.08400760382248, 0.0003477159001, 0.96375058305037, -0.2668045965941],
      "ImagePositionPatient": [-708.49845241831, -743.74624416441, 83.20251960528],
      "ImageType": [
        "ORIGINAL",
        "PRIMARY",
        "M",
        "ND",
        "MOSAIC"
],
      "ImagedNucleus": "1H",
      "ImagingFrequency": 123.190752,
      "InPlanePhaseEncodingDirection": "COL",
      "MRAcquisitionType": "2D",
      "MagneticFieldStrength": 3.0,
      "Manufacturer": "SIEMENS",
      "ManufacturerModelName": "Prisma",
      "Modality": "MR",
      "NumberOfAverages": 1.0,
      "NumberOfPhaseEncodingSteps": 67,
      "PercentPhaseFieldOfView": 100.0,
      "PercentSampling": 100.0,
      "PerformedProcedureStepStartTime": "104528.983000",
      "PhotometricInterpretation": "MONOCHROME2",
      "PixelBandwidth": 2450.0,
      "PixelRepresentation": 0,
      "PixelSpacing": [3.0, 3.0],
      "ProtocolName": "ME_SE_FieldMap_PA",
      "RepetitionTime": 1919.0,
      "Rows": 476,
      "SAR": 0.41894721279994,
      "SamplesPerPixel": 1,
      "ScanOptions": "FS",
      "ScanningSequence": "EP",
      "SequenceName": "epse2d1_68",
      "SequenceVariant": "SK",
      "SeriesDescription": "ME_SE_FieldMap_PA",
      "SeriesNumber": 10,
      "SeriesTime": "111045.392000",
      "SliceLocation": -56.13172378087,
      "SliceThickness": 3.0,
      "SmallestImagePixelValue": 0,
      "SoftwareVersions": "syngo MR E11",
      "SpacingBetweenSlices": 2.9999999026719,
      "SpecificCharacterSet": "ISO_IR 100",
      "StudyID": "1",
      "StudyTime": "104528.831000",
      "TransmitCoilName": "Body",
      "VariableFlipAngleFlag": "N",
      "WindowCenterWidthExplanation": "Algo1",
      "dBdt": 0.0},
    "slices": {}
  },
  "time": {
    "samples": {
      "AcquisitionNumber": [1, 2, 3],
      "AcquisitionTime": ["111040.260000", "111042.177500", "111044.097500"],
      "ContentTime": ["111045.396000", "111045.399000", "111045.402000"],
      "InstanceCreationTime": ["111045.396000", "111045.399000", "111045.402000"],
      "InstanceNumber": [1, 2, 3],
      "LargestImagePixelValue": [50532, 49223, 49678],
      "WindowCenter": [11215.0, 11105.0, 11109.0],
      "WindowWidth": [23693.0, 23460.0, 23463.0]
    },
    "slices": {}
  },
  "IntendedFor": [
    "func/sub-218_task-freq1_acq-normal_run-01_echo-1_bold.nii.gz",
    "func/sub-218_task-freq1_acq-normal_run-01_echo-1_sbref.nii.gz",
    "func/sub-218_task-freq1_acq-normal_run-01_echo-2_bold.nii.gz",
    "func/sub-218_task-freq1_acq-normal_run-01_echo-2_sbref.nii.gz",
    "func/sub-218_task-freq1_acq-normal_run-01_echo-3_bold.nii.gz",
    "func/sub-218_task-freq1_acq-normal_run-01_echo-3_sbref.nii.gz",
    "func/sub-218_task-freq1_acq-normal_run-01_echo-4_bold.nii.gz",
    "func/sub-218_task-freq1_acq-normal_run-01_echo-4_sbref.nii.gz",
    "func/sub-218_task-freq2_acq-normal_run-01_echo-1_bold.nii.gz",
    "func/sub-218_task-freq2_acq-normal_run-01_echo-1_sbref.nii.gz",
    "func/sub-218_task-freq2_acq-normal_run-01_echo-2_bold.nii.gz",
    "func/sub-218_task-freq2_acq-normal_run-01_echo-2_sbref.nii.gz",
    "func/sub-218_task-freq2_acq-normal_run-01_echo-3_bold.nii.gz",
    "func/sub-218_task-freq2_acq-normal_run-01_echo-3_sbref.nii.gz",
    "func/sub-218_task-freq2_acq-normal_run-01_echo-4_bold.nii.gz",
    "func/sub-218_task-freq2_acq-normal_run-01_echo-4_sbref.nii.gz",
    "func/sub-218_task-freqreports1_acq-normal_run-01_echo-1_bold.nii.gz",
    "func/sub-218_task-freqreports1_acq-normal_run-01_echo-1_sbref.nii.gz",
    "func/sub-218_task-freqreports1_acq-normal_run-01_echo-2_bold.nii.gz",
    "func/sub-218_task-freqreports1_acq-normal_run-01_echo-2_sbref.nii.gz",
    "func/sub-218_task-freqreports1_acq-normal_run-01_echo-3_bold.nii.gz",
    "func/sub-218_task-freqreports1_acq-normal_run-01_echo-3_sbref.nii.gz",
    "func/sub-218_task-freqreports1_acq-normal_run-01_echo-4_bold.nii.gz",
    "func/sub-218_task-freqreports1_acq-normal_run-01_echo-4_sbref.nii.gz",
    "func/sub-218_task-memtest1_acq-normal_run-01_echo-1_bold.nii.gz",
    "func/sub-218_task-memtest1_acq-normal_run-01_echo-1_sbref.nii.gz",
    "func/sub-218_task-memtest1_acq-normal_run-01_echo-2_bold.nii.gz",
    "func/sub-218_task-memtest1_acq-normal_run-01_echo-2_sbref.nii.gz",
    "func/sub-218_task-memtest1_acq-normal_run-01_echo-3_bold.nii.gz",
    "func/sub-218_task-memtest1_acq-normal_run-01_echo-3_sbref.nii.gz",
    "func/sub-218_task-memtest1_acq-normal_run-01_echo-4_bold.nii.gz",
    "func/sub-218_task-memtest1_acq-normal_run-01_echo-4_sbref.nii.gz",
    "func/sub-218_task-pairedassociates1_acq-normal_run-01_echo-1_bold.nii.gz",
    "func/sub-218_task-pairedassociates1_acq-normal_run-01_echo-1_sbref.nii.gz",
    "func/sub-218_task-pairedassociates1_acq-normal_run-01_echo-2_bold.nii.gz",
    "func/sub-218_task-pairedassociates1_acq-normal_run-01_echo-2_sbref.nii.gz",
    "func/sub-218_task-pairedassociates1_acq-normal_run-01_echo-3_bold.nii.gz",
    "func/sub-218_task-pairedassociates1_acq-normal_run-01_echo-3_sbref.nii.gz",
    "func/sub-218_task-pairedassociates1_acq-normal_run-01_echo-4_bold.nii.gz",
    "func/sub-218_task-pairedassociates1_acq-normal_run-01_echo-4_sbref.nii.gz",
    "func/sub-218_task-pairedassociates2_acq-normal_run-01_echo-1_bold.nii.gz",
    "func/sub-218_task-pairedassociates2_acq-normal_run-01_echo-1_sbref.nii.gz",
    "func/sub-218_task-pairedassociates2_acq-normal_run-01_echo-2_bold.nii.gz",
    "func/sub-218_task-pairedassociates2_acq-normal_run-01_echo-2_sbref.nii.gz",
    "func/sub-218_task-pairedassociates2_acq-normal_run-01_echo-3_bold.nii.gz",
    "func/sub-218_task-pairedassociates2_acq-normal_run-01_echo-3_sbref.nii.gz",
    "func/sub-218_task-pairedassociates2_acq-normal_run-01_echo-4_bold.nii.gz",
    "func/sub-218_task-pairedassociates2_acq-normal_run-01_echo-4_sbref.nii.gz"
  ]
}