{
  "AcquisitionMatrixPE": 68,
  "AcquisitionNumber": 1,
  "AcquisitionTime": "16:49:20.265000",
  "BandwidthPerPixelPhaseEncode": 60.024,
  "BaseResolution": 68,
  "BodyPartExamined": "BRAIN",
  "CoilString": "HC1-7;NC1_2",
  "ConsistencyInfo": "N4_VE11C_LATEST_20160120",
  "ConversionSoftware": "dcm2niix",
  "ConversionSoftwareVersion": "v1.0.20190410  GCC6.3.0",
  "DerivedVendorReportedEchoSpacing": 0.00049,
  "DeviceSerialNumber": "166018",
  "DwellTime": 3e-06,
  "EchoTime": 0.0204,
  "EchoTrainLength": 33,
  "EffectiveEchoSpacing": 0.000245,
  "FlipAngle": 90,
  "ImageComments": "SENSE1",
  "ImageOrientationPatientDICOM": [0.997977, -0.0553787, 0.0312205, 0.0626125, 0.94125, -0.331854],
  "ImageType": [
    "ORIGINAL",
    "PRIMARY",
    "M",
    "ND",
    "MOSAIC"
],
  "ImagingFrequency": 123.191,
  "InPlanePhaseEncodingDirectionDICOM": "COL",
  "InstitutionAddress": "Washington_Place_6_NYC_NYC_US_10003",
  "InstitutionName": "NYU_-_CBI",
  "InstitutionalDepartmentName": "Department",
  "MRAcquisitionType": "2D",
  "MagneticFieldStrength": 3,
  "Manufacturer": "Siemens",
  "ManufacturersModelName": "Prisma",
  "Modality": "MR",
  "ParallelReductionFactorInPlane": 2,
  "PartialFourier": 1,
  "PatientPosition": "HFS",
  "PercentPhaseFOV": 100,
  "PhaseEncodingDirection": "j",
  "PhaseEncodingSteps": 67,
  "PhaseResolution": 1,
  "PixelBandwidth": 2450,
  "ProcedureStepDescription": "Investigators_Hartley",
  "ProtocolName": "ME_SE_FieldMap_PA",
  "PulseSequenceDetails": "%CustomerSeq%_cmrr_mbep2d_se",
  "ReceiveCoilActiveElements": "HC1-7;NC1,2",
  "ReceiveCoilName": "HeadNeck_64",
  "ReconMatrixPE": 68,
  "RefLinesPE": 24,
  "RepetitionTime": 1.919,
  "SAR": 0.499622,
  "ScanOptions": "FS",
  "ScanningSequence": "EP",
  "SequenceName": "epse2d1_68",
  "SequenceVariant": "SK",
  "SeriesDescription": "ME_SE_FieldMap_PA",
  "SeriesNumber": 10,
  "ShimSetting": [266, -12646, -8404, 361, 18, -209, 92, 49],
  "SliceThickness": 3,
  "SliceTiming": [0.95, 0, 0.9925, 0.045, 1.0375, 0.0875, 1.08, 0.13, 1.1225, 0.175, 1.165, 0.2175, 1.21, 0.26, 1.2525, 0.3025, 1.295, 0.3475, 1.34, 0.39, 1.3825, 0.4325, 1.425, 0.475, 1.4675, 0.52, 1.5125, 0.5625, 1.555, 0.605, 1.5975, 0.6475, 1.64, 0.6925, 1.685, 0.735, 1.7275, 0.7775, 1.77, 0.82, 1.8125, 0.865, 1.8575, 0.9075],
  "SoftwareVersions": "syngo_MR_E11",
  "SpacingBetweenSlices": 3,
  "StationName": "AWP166018",
  "TotalReadoutTime": 0.016415,
  "TxRefAmp": 264.148,
  "WipMemBlock": "a75147f4-300b-41ba-b8b5-25b0fd96abdf||Sequence: R016 ve11c/master r/8780670; Nov 27 2017 15:08:10 by eja",
  "dcmmeta_affine": [
    [-2.993931531906128, 0.18783752620220184, 0.033025965094566345, 95.99746704101562],
    [0.1661360114812851, 2.823751211166382, -0.9994136691093445, -68.89742279052734],
    [0.09366150200366974, 0.9955631494522095, 2.828441619873047, -71.82919311523438],
    [0.0, 0.0, 0.0, 1.0]
],
  "dcmmeta_reorient_transform": [
    [0.0, -1.0, 0.0, 67.0],
    [1.0, 0.0, 0.0, 0.0],
    [0.0, 0.0, 1.0, 0.0],
    [0.0, 0.0, 0.0, 1.0]
],
  "dcmmeta_shape": [68, 68, 44, 3],
  "dcmmeta_slice_dim": 2,
  "dcmmeta_version": 0.6,
  "global": {
    "const": {
      "AccessionNumber": "jyekooex",
      "AcquisitionMatrix": [68, 0, 0, 68],
      "AngioFlag": "N",
      "BitsAllocated": 16,
      "BitsStored": 16,
      "BodyPartExamined": "BRAIN",
      "Columns": 476,
      "EchoNumbers": 1,
      "EchoTime": 20.4,
      "EchoTrainLength": 33,
      "FlipAngle": 90.0,
      "HighBit": 15,
      "ImageOrientationPatient": [0.99797719585641, -0.0553786682238, 0.03122050057785, 0.06261250718341, 0.94125041493973, -0.3318543811975],
      "ImagePositionPatient": [-757.66347764053, -662.44741708434, 178.86147595533],
      "ImageType": [
        "ORIGINAL",
        "PRIMARY",
        "M",
        "ND",
        "MOSAIC"
],
      "ImagedNucleus": "1H",
      "ImagingFrequency": 123.191013,
      "InPlanePhaseEncodingDirection": "COL",
      "MRAcquisitionType": "2D",
      "MagneticFieldStrength": 3.0,
      "Manufacturer": "SIEMENS",
      "ManufacturerModelName": "Prisma",
      "Modality": "MR",
      "NumberOfAverages": 1.0,
      "NumberOfPhaseEncodingSteps": 67,
      "PercentPhaseFieldOfView": 100.0,
      "PercentSampling": 100.0,
      "PerformedProcedureStepStartTime": "162136.716000",
      "PhotometricInterpretation": "MONOCHROME2",
      "PixelBandwidth": 2450.0,
      "PixelRepresentation": 0,
      "PixelSpacing": [3.0, 3.0],
      "ProtocolName": "ME_SE_FieldMap_PA",
      "RepetitionTime": 1919.0,
      "Rows": 476,
      "SAR": 0.49962215633618,
      "SamplesPerPixel": 1,
      "ScanOptions": "FS",
      "ScanningSequence": "EP",
      "SequenceName": "epse2d1_68",
      "SequenceVariant": "SK",
      "SeriesDescription": "ME_SE_FieldMap_PA",
      "SeriesNumber": 10,
      "SeriesTime": "164925.980000",
      "SliceLocation": -43.712408068327,
      "SliceThickness": 3.0,
      "SmallestImagePixelValue": 0,
      "SoftwareVersions": "syngo MR E11",
      "SpacingBetweenSlices": 2.9999999958945,
      "SpecificCharacterSet": "ISO_IR 100",
      "StudyID": "1",
      "StudyTime": "162136.645000",
      "TransmitCoilName": "Body",
      "VariableFlipAngleFlag": "N",
      "WindowCenterWidthExplanation": "Algo1",
      "dBdt": 0.0},
    "slices": {}
  },
  "time": {
    "samples": {
      "AcquisitionNumber": [1, 2, 3],
      "AcquisitionTime": ["164920.265000", "164922.185000", "164924.102500"],
      "ContentTime": ["164925.984000", "164925.988000", "164925.991000"],
      "InstanceCreationTime": ["164925.984000", "164925.988000", "164925.991000"],
      "InstanceNumber": [1, 2, 3],
      "LargestImagePixelValue": [61092, 58995, 60222],
      "WindowCenter": [12758.0, 12719.0, 12742.0],
      "WindowWidth": [27025.0, 26955.0, 27013.0]
    },
    "slices": {}
  },
  "IntendedFor": [
    "func/sub-195_task-freq1_acq-normal_run-01_echo-1_bold.nii.gz",
    "func/sub-195_task-freq1_acq-normal_run-01_echo-1_sbref.nii.gz",
    "func/sub-195_task-freq1_acq-normal_run-01_echo-2_bold.nii.gz",
    "func/sub-195_task-freq1_acq-normal_run-01_echo-2_sbref.nii.gz",
    "func/sub-195_task-freq1_acq-normal_run-01_echo-3_bold.nii.gz",
    "func/sub-195_task-freq1_acq-normal_run-01_echo-3_sbref.nii.gz",
    "func/sub-195_task-freq1_acq-normal_run-01_echo-4_bold.nii.gz",
    "func/sub-195_task-freq1_acq-normal_run-01_echo-4_sbref.nii.gz",
    "func/sub-195_task-freq2_acq-normal_run-01_echo-1_bold.nii.gz",
    "func/sub-195_task-freq2_acq-normal_run-01_echo-1_sbref.nii.gz",
    "func/sub-195_task-freq2_acq-normal_run-01_echo-2_bold.nii.gz",
    "func/sub-195_task-freq2_acq-normal_run-01_echo-2_sbref.nii.gz",
    "func/sub-195_task-freq2_acq-normal_run-01_echo-3_bold.nii.gz",
    "func/sub-195_task-freq2_acq-normal_run-01_echo-3_sbref.nii.gz",
    "func/sub-195_task-freq2_acq-normal_run-01_echo-4_bold.nii.gz",
    "func/sub-195_task-freq2_acq-normal_run-01_echo-4_sbref.nii.gz",
    "func/sub-195_task-freqreports1_acq-normal_run-01_echo-1_bold.nii.gz",
    "func/sub-195_task-freqreports1_acq-normal_run-01_echo-1_sbref.nii.gz",
    "func/sub-195_task-freqreports1_acq-normal_run-01_echo-2_bold.nii.gz",
    "func/sub-195_task-freqreports1_acq-normal_run-01_echo-2_sbref.nii.gz",
    "func/sub-195_task-freqreports1_acq-normal_run-01_echo-3_bold.nii.gz",
    "func/sub-195_task-freqreports1_acq-normal_run-01_echo-3_sbref.nii.gz",
    "func/sub-195_task-freqreports1_acq-normal_run-01_echo-4_bold.nii.gz",
    "func/sub-195_task-freqreports1_acq-normal_run-01_echo-4_sbref.nii.gz",
    "func/sub-195_task-freqreports2_acq-normal_run-01_echo-1_bold.nii.gz",
    "func/sub-195_task-freqreports2_acq-normal_run-01_echo-1_sbref.nii.gz",
    "func/sub-195_task-freqreports2_acq-normal_run-01_echo-2_bold.nii.gz",
    "func/sub-195_task-freqreports2_acq-normal_run-01_echo-2_sbref.nii.gz",
    "func/sub-195_task-freqreports2_acq-normal_run-01_echo-3_bold.nii.gz",
    "func/sub-195_task-freqreports2_acq-normal_run-01_echo-3_sbref.nii.gz",
    "func/sub-195_task-freqreports2_acq-normal_run-01_echo-4_bold.nii.gz",
    "func/sub-195_task-freqreports2_acq-normal_run-01_echo-4_sbref.nii.gz",
    "func/sub-195_task-memtest1_acq-normal_run-01_echo-1_bold.nii.gz",
    "func/sub-195_task-memtest1_acq-normal_run-01_echo-1_sbref.nii.gz",
    "func/sub-195_task-memtest1_acq-normal_run-01_echo-2_bold.nii.gz",
    "func/sub-195_task-memtest1_acq-normal_run-01_echo-2_sbref.nii.gz",
    "func/sub-195_task-memtest1_acq-normal_run-01_echo-3_bold.nii.gz",
    "func/sub-195_task-memtest1_acq-normal_run-01_echo-3_sbref.nii.gz",
    "func/sub-195_task-memtest1_acq-normal_run-01_echo-4_bold.nii.gz",
    "func/sub-195_task-memtest1_acq-normal_run-01_echo-4_sbref.nii.gz",
    "func/sub-195_task-memtest2_acq-normal_run-01_echo-1_bold.nii.gz",
    "func/sub-195_task-memtest2_acq-normal_run-01_echo-1_sbref.nii.gz",
    "func/sub-195_task-memtest2_acq-normal_run-01_echo-2_bold.nii.gz",
    "func/sub-195_task-memtest2_acq-normal_run-01_echo-2_sbref.nii.gz",
    "func/sub-195_task-memtest2_acq-normal_run-01_echo-3_bold.nii.gz",
    "func/sub-195_task-memtest2_acq-normal_run-01_echo-3_sbref.nii.gz",
    "func/sub-195_task-memtest2_acq-normal_run-01_echo-4_bold.nii.gz",
    "func/sub-195_task-memtest2_acq-normal_run-01_echo-4_sbref.nii.gz",
    "func/sub-195_task-pairedassociates1_acq-normal_run-01_echo-1_bold.nii.gz",
    "func/sub-195_task-pairedassociates1_acq-normal_run-01_echo-1_sbref.nii.gz",
    "func/sub-195_task-pairedassociates1_acq-normal_run-01_echo-2_bold.nii.gz",
    "func/sub-195_task-pairedassociates1_acq-normal_run-01_echo-2_sbref.nii.gz",
    "func/sub-195_task-pairedassociates1_acq-normal_run-01_echo-3_bold.nii.gz",
    "func/sub-195_task-pairedassociates1_acq-normal_run-01_echo-3_sbref.nii.gz",
    "func/sub-195_task-pairedassociates1_acq-normal_run-01_echo-4_bold.nii.gz",
    "func/sub-195_task-pairedassociates1_acq-normal_run-01_echo-4_sbref.nii.gz",
    "func/sub-195_task-pairedassociates2_acq-normal_run-01_echo-1_bold.nii.gz",
    "func/sub-195_task-pairedassociates2_acq-normal_run-01_echo-1_sbref.nii.gz",
    "func/sub-195_task-pairedassociates2_acq-normal_run-01_echo-2_bold.nii.gz",
    "func/sub-195_task-pairedassociates2_acq-normal_run-01_echo-2_sbref.nii.gz",
    "func/sub-195_task-pairedassociates2_acq-normal_run-01_echo-3_bold.nii.gz",
    "func/sub-195_task-pairedassociates2_acq-normal_run-01_echo-3_sbref.nii.gz",
    "func/sub-195_task-pairedassociates2_acq-normal_run-01_echo-4_bold.nii.gz",
    "func/sub-195_task-pairedassociates2_acq-normal_run-01_echo-4_sbref.nii.gz"
  ]
}