{
  "AcquisitionMatrixPE": 128,
  "AcquisitionNumber": 1,
  "AcquisitionTime": "11:37:51.080000",
  "BaseResolution": 128,
  "BodyPartExamined": "BRAIN",
  "ConsistencyInfo": "N4_VE11C_LATEST_20160120",
  "ConversionSoftware": "dcm2niix",
  "ConversionSoftwareVersion": "v1.0.20190410  GCC6.3.0",
  "DeviceSerialNumber": "166018",
  "DwellTime": 7.3e-06,
  "EchoTime": 0.00103,
  "FlipAngle": 3,
  "ImageOrientationPatientDICOM": [-0.122373, 0.985705, 0.115802, -0.00826161, 0.115663, -0.993254],
  "ImageType": [
    "ORIGINAL",
    "PRIMARY",
    "M",
    "ND"
],
  "ImagingFrequency": 123.191,
  "InPlanePhaseEncodingDirectionDICOM": "ROW",
  "InstitutionAddress": "Washington_Place_6_NYC_NYC_US_10003",
  "InstitutionName": "NYU_Center_for_Brain_Imaging",
  "InstitutionalDepartmentName": "Department",
  "MRAcquisitionType": "3D",
  "MagneticFieldStrength": 3,
  "Manufacturer": "Siemens",
  "ManufacturersModelName": "Prisma",
  "Modality": "MR",
  "PartialFourier": 0.75,
  "PatientPosition": "HFS",
  "PercentPhaseFOV": 100,
  "PhaseEncodingSteps": 96,
  "PhaseResolution": 1,
  "PixelBandwidth": 535,
  "ProcedureStepDescription": "Investigators_Hartley",
  "ProtocolName": "BIAS_BodyCoil",
  "PulseSequenceDetails": "%SiemensSeq%_tfl",
  "ReceiveCoilActiveElements": "BC",
  "ReceiveCoilName": "Body",
  "ReconMatrixPE": 128,
  "RepetitionTime": 0.25,
  "SAR": 0.00638476,
  "ScanOptions": "PFP",
  "ScanningSequence": "GR",
  "SequenceName": "_tfl3d1_16ns",
  "SequenceVariant": "SK_SP",
  "SeriesDescription": "BIAS_BodyCoil",
  "SeriesNumber": 5,
  "ShimSetting": [231, -12673, -8513, 101, -129, -507, 63, 19],
  "SliceThickness": 2,
  "SoftwareVersions": "syngo_MR_E11",
  "StationName": "AWP166018",
  "TxRefAmp": 221.326,
  "dcmmeta_affine": [
    [1.984899640083313, -0.24474549293518066, -0.01652321219444275, -71.8136215209961],
    [0.24500790238380432, 1.9714105129241943, 0.231326162815094, -135.1999969482422],
    [-0.012021000497043133, -0.23160377144813538, 1.9865082502365112, -84.86933135986328],
    [0.0, 0.0, 0.0, 1.0]
],
  "dcmmeta_reorient_transform": [
    [0.0, 0.0, -1.0, 127.0],
    [0.0, -1.0, 0.0, 127.0],
    [-1.0, 0.0, 0.0, 87.0],
    [0.0, 0.0, 0.0, 1.0]
],
  "dcmmeta_shape": [88, 128, 128],
  "dcmmeta_slice_dim": 0,
  "dcmmeta_version": 0.6,
  "global": {
    "const": {
      "AccessionNumber": "k01snm3L",
      "AcquisitionMatrix": [0, 128, 128, 0],
      "AcquisitionNumber": 1,
      "AcquisitionTime": "113751.080000",
      "AngioFlag": "N",
      "BitsAllocated": 16,
      "BitsStored": 12,
      "BodyPartExamined": "BRAIN",
      "Columns": 128,
      "EchoNumbers": 1,
      "EchoTime": 1.03,
      "EchoTrainLength": 1,
      "FlipAngle": 3.0,
      "HighBit": 11,
      "ImageOrientationPatient": [-0.1223727470918, 0.98570524728986, 0.11580188355303, -0.0082616064403, 0.11566308056047, -0.993254145551],
      "ImageType": [
        "ORIGINAL",
        "PRIMARY",
        "M",
        "ND"
],
      "ImagedNucleus": "1H",
      "ImagingFrequency": 123.190981,
      "InPlanePhaseEncodingDirection": "ROW",
      "MRAcquisitionType": "3D",
      "MagneticFieldStrength": 3.0,
      "Manufacturer": "SIEMENS",
      "ManufacturerModelName": "Prisma",
      "Modality": "MR",
      "NumberOfAverages": 1.0,
      "NumberOfPhaseEncodingSteps": 96,
      "PercentPhaseFieldOfView": 100.0,
      "PercentSampling": 100.0,
      "PerformedProcedureStepStartTime": "112604.663000",
      "PhotometricInterpretation": "MONOCHROME2",
      "PixelBandwidth": 535.0,
      "PixelRepresentation": 0,
      "PixelSpacing": [2.0, 2.0],
      "ProtocolName": "BIAS_BodyCoil",
      "RepetitionTime": 250.0,
      "Rows": 128,
      "SAR": 0.00638476006876,
      "SamplesPerPixel": 1,
      "ScanOptions": "PFP",
      "ScanningSequence": "GR",
      "SequenceName": "*tfl3d1_16ns",
      "SequenceVariant": [
        "SK",
        "SP"
],
      "SeriesDescription": "BIAS_BodyCoil",
      "SeriesNumber": 5,
      "SeriesTime": "113815.673000",
      "SliceThickness": 2.0,
      "SmallestImagePixelValue": 0,
      "SoftwareVersions": "syngo MR E11",
      "SpecificCharacterSet": "ISO_IR 100",
      "StudyID": "1",
      "StudyTime": "112604.543000",
      "TransmitCoilName": "Body",
      "VariableFlipAngleFlag": "N",
      "WindowCenterWidthExplanation": "Algo1",
      "dBdt": 0.0},
