{
  "AcquisitionMatrixPE": 68,
  "AcquisitionNumber": 1,
  "AcquisitionTime": "10:17:30.302500",
  "BandwidthPerPixelPhaseEncode": 60.024,
  "BaseResolution": 68,
  "BodyPartExamined": "BRAIN",
  "CoilString": "HC1-7;NC1_2",
  "ConsistencyInfo": "N4_VE11C_LATEST_20160120",
  "ConversionSoftware": "dcm2niix",
  "ConversionSoftwareVersion": "v1.0.20190410  GCC6.3.0",
  "DerivedVendorReportedEchoSpacing": 0.00049,
  "DeviceSerialNumber": "166018",
  "DwellTime": 3e-06,
  "EchoTime": 0.0204,
  "EchoTrainLength": 33,
  "EffectiveEchoSpacing": 0.000245,
  "FlipAngle": 90,
  "ImageComments": "SENSE1",
  "ImageOrientationPatientDICOM": [0.994188, 0.048186, -0.0962684, -0.0716131, 0.963702, -0.257198],
  "ImageType": [
    "ORIGINAL",
    "PRIMARY",
    "M",
    "ND",
    "MOSAIC"
],
  "ImagingFrequency": 123.191,
  "InPlanePhaseEncodingDirectionDICOM": "COL",
  "InstitutionAddress": "Washington_Place_6_NYC_NYC_US_10003",
  "InstitutionName": "NYU_Center_for_Brain_Imaging",
  "InstitutionalDepartmentName": "Department",
  "MRAcquisitionType": "2D",
  "MagneticFieldStrength": 3,
  "Manufacturer": "Siemens",
  "ManufacturersModelName": "Prisma",
  "Modality": "MR",
  "ParallelReductionFactorInPlane": 2,
  "PartialFourier": 1,
  "PatientPosition": "HFS",
  "PercentPhaseFOV": 100,
  "PhaseEncodingDirection": "j",
  "PhaseEncodingSteps": 67,
  "PhaseResolution": 1,
  "PixelBandwidth": 2450,
  "ProcedureStepDescription": "Investigators_Hartley",
  "ProtocolName": "ME_SE_FieldMap_PA",
  "PulseSequenceDetails": "%CustomerSeq%_cmrr_mbep2d_se",
  "ReceiveCoilActiveElements": "HC1-7;NC1,2",
  "ReceiveCoilName": "HeadNeck_64",
  "ReconMatrixPE": 68,
  "RefLinesPE": 24,
  "RepetitionTime": 1.919,
  "SAR": 0.32654,
  "ScanOptions": "FS",
  "ScanningSequence": "EP",
  "SequenceName": "epse2d1_68",
  "SequenceVariant": "SK",
  "SeriesDescription": "ME_SE_FieldMap_PA",
  "SeriesNumber": 10,
  "ShimSetting": [237, -12605, -8456, 306, 15, 120, 199, -43],
  "SliceThickness": 3,
  "SliceTiming": [0.95, 0, 0.9925, 0.0425, 1.035, 0.0875, 1.08, 0.13, 1.1225, 0.1725, 1.165, 0.215, 1.2075, 0.26, 1.2525, 0.3025, 1.295, 0.345, 1.3375, 0.3875, 1.38, 0.4325, 1.425, 0.475, 1.4675, 0.5175, 1.51, 0.5625, 1.555, 0.605, 1.5975, 0.6475, 1.64, 0.69, 1.6825, 0.735, 1.7275, 0.7775, 1.77, 0.82, 1.8125, 0.8625, 1.855, 0.9075],
  "SoftwareVersions": "syngo_MR_E11",
  "SpacingBetweenSlices": 3,
  "StationName": "AWP166018",
  "TotalReadoutTime": 0.016415,
  "TxRefAmp": 217.429,
  "WipMemBlock": "4db380eb-87b0-441a-a35c-9fdd370c7207||Sequence: R016 ve11c/master r/8780670; Nov 27 2017 15:08:10 by eja",
  "dcmmeta_affine": [
    [-2.98256516456604, -0.2148393839597702, -0.24114201962947845, 110.76175689697266],
    [-0.14455798268318176, 2.8911049365997314, -0.7877914905548096, -64.08760833740234],
    [-0.28880515694618225, 0.771593451499939, 2.884654998779297, -49.809146881103516],
    [0.0, 0.0, 0.0, 1.0]
],
  "dcmmeta_reorient_transform": [
    [0.0, -1.0, 0.0, 67.0],
    [1.0, 0.0, 0.0, 0.0],
    [0.0, 0.0, 1.0, 0.0],
    [0.0, 0.0, 0.0, 1.0]
],
  "dcmmeta_shape": [68, 68, 44, 3],
  "dcmmeta_slice_dim": 2,
  "dcmmeta_version": 0.6,
  "global": {
    "const": {
      "AccessionNumber": "jypuiLwb",
      "AcquisitionMatrix": [68, 0, 0, 68],
      "AngioFlag": "N",
      "BitsAllocated": 16,
      "BitsStored": 16,
      "BodyPartExamined": "BRAIN",
      "Columns": 476,
      "EchoNumbers": 1,
      "EchoTime": 20.4,
      "EchoTrainLength": 33,
      "FlipAngle": 90.0,
      "HighBit": 15,
      "ImageOrientationPatient": [0.99418836605031, 0.04818599193165, -0.0962683904081, -0.0716131285068, 0.96370163539007, -0.2571978183655],
      "ImagePositionPatient": [-660.98356712306, -748.89164888805, 218.20893373331],
      "ImageType": [
        "ORIGINAL",
        "PRIMARY",
        "M",
        "ND",
        "MOSAIC"
],
      "ImagedNucleus": "1H",
      "ImagingFrequency": 123.190833,
      "InPlanePhaseEncodingDirection": "COL",
      "MRAcquisitionType": "2D",
      "MagneticFieldStrength": 3.0,
      "Manufacturer": "SIEMENS",
      "ManufacturerModelName": "Prisma",
      "Modality": "MR",
      "NumberOfAverages": 1.0,
      "NumberOfPhaseEncodingSteps": 67,
      "PercentPhaseFieldOfView": 100.0,
      "PercentSampling": 100.0,
      "PerformedProcedureStepStartTime": "095411.070000",
      "PhotometricInterpretation": "MONOCHROME2",
      "PixelBandwidth": 2450.0,
      "PixelRepresentation": 0,
      "PixelSpacing": [3.0, 3.0],
      "ProtocolName": "ME_SE_FieldMap_PA",
      "RepetitionTime": 1919.0,
      "Rows": 476,
      "SAR": 0.32654004368903,
      "SamplesPerPixel": 1,
      "ScanOptions": "FS",
      "ScanningSequence": "EP",
      "SequenceName": "epse2d1_68",
      "SequenceVariant": "SK",
      "SeriesDescription": "ME_SE_FieldMap_PA",
      "SeriesNumber": 10,
      "SeriesTime": "101734.079000",
      "SliceLocation": -39.967951814669,
      "SliceThickness": 3.0,
      "SmallestImagePixelValue": 0,
      "SoftwareVersions": "syngo MR E11",
      "SpacingBetweenSlices": 2.9999999683353,
      "SpecificCharacterSet": "ISO_IR 100",
      "StudyID": "1",
      "StudyTime": "095411.006000",
      "TransmitCoilName": "Body",
      "VariableFlipAngleFlag": "N",
      "WindowCenterWidthExplanation": "Algo1",
      "dBdt": 0.0},
    "slices": {}
  },
  "time": {
    "samples": {
      "AcquisitionNumber": [1, 2, 3],
      "AcquisitionTime": ["101730.302500", "101732.220000", "101734.140000"],
      "ContentTime": ["101734.082000", "101734.085000", "101735.839000"],
      "InstanceCreationTime": ["101734.082000", "101734.085000", "101735.839000"],
      "InstanceNumber": [1, 2, 3],
      "LargestImagePixelValue": [51017, 50174, 50198],
      "WindowCenter": [11465.0, 11391.0, 11420.0],
      "WindowWidth": [24313.0, 24170.0, 24243.0]
    },
    "slices": {}
  },
  "IntendedFor": [
    "func/sub-205_task-freq1_acq-normal_run-01_echo-1_bold.nii.gz",
    "func/sub-205_task-freq1_acq-normal_run-01_echo-1_sbref.nii.gz",
    "func/sub-205_task-freq1_acq-normal_run-01_echo-2_bold.nii.gz",
    "func/sub-205_task-freq1_acq-normal_run-01_echo-2_sbref.nii.gz",
    "func/sub-205_task-freq1_acq-normal_run-01_echo-3_bold.nii.gz",
    "func/sub-205_task-freq1_acq-normal_run-01_echo-3_sbref.nii.gz",
    "func/sub-205_task-freq1_acq-normal_run-01_echo-4_bold.nii.gz",
    "func/sub-205_task-freq1_acq-normal_run-01_echo-4_sbref.nii.gz",
    "func/sub-205_task-freq2_acq-normal_run-01_echo-1_bold.nii.gz",
    "func/sub-205_task-freq2_acq-normal_run-01_echo-1_sbref.nii.gz",
    "func/sub-205_task-freq2_acq-normal_run-01_echo-2_bold.nii.gz",
    "func/sub-205_task-freq2_acq-normal_run-01_echo-2_sbref.nii.gz",
    "func/sub-205_task-freq2_acq-normal_run-01_echo-3_bold.nii.gz",
    "func/sub-205_task-freq2_acq-normal_run-01_echo-3_sbref.nii.gz",
    "func/sub-205_task-freq2_acq-normal_run-01_echo-4_bold.nii.gz",
    "func/sub-205_task-freq2_acq-normal_run-01_echo-4_sbref.nii.gz",
    "func/sub-205_task-freqreports1_acq-normal_run-01_echo-1_bold.nii.gz",
    "func/sub-205_task-freqreports1_acq-normal_run-01_echo-1_sbref.nii.gz",
    "func/sub-205_task-freqreports1_acq-normal_run-01_echo-2_bold.nii.gz",
    "func/sub-205_task-freqreports1_acq-normal_run-01_echo-2_sbref.nii.gz",
    "func/sub-205_task-freqreports1_acq-normal_run-01_echo-3_bold.nii.gz",
    "func/sub-205_task-freqreports1_acq-normal_run-01_echo-3_sbref.nii.gz",
    "func/sub-205_task-freqreports1_acq-normal_run-01_echo-4_bold.nii.gz",
    "func/sub-205_task-freqreports1_acq-normal_run-01_echo-4_sbref.nii.gz",
    "func/sub-205_task-freqreports2_acq-normal_run-01_echo-1_bold.nii.gz",
    "func/sub-205_task-freqreports2_acq-normal_run-01_echo-1_sbref.nii.gz",
    "func/sub-205_task-freqreports2_acq-normal_run-01_echo-2_bold.nii.gz",
    "func/sub-205_task-freqreports2_acq-normal_run-01_echo-2_sbref.nii.gz",
    "func/sub-205_task-freqreports2_acq-normal_run-01_echo-3_bold.nii.gz",
    "func/sub-205_task-freqreports2_acq-normal_run-01_echo-3_sbref.nii.gz",
    "func/sub-205_task-freqreports2_acq-normal_run-01_echo-4_bold.nii.gz",
    "func/sub-205_task-freqreports2_acq-normal_run-01_echo-4_sbref.nii.gz",
    "func/sub-205_task-memtest1_acq-normal_run-01_echo-1_bold.nii.gz",
    "func/sub-205_task-memtest1_acq-normal_run-01_echo-1_sbref.nii.gz",
    "func/sub-205_task-memtest1_acq-normal_run-01_echo-2_bold.nii.gz",
    "func/sub-205_task-memtest1_acq-normal_run-01_echo-2_sbref.nii.gz",
    "func/sub-205_task-memtest1_acq-normal_run-01_echo-3_bold.nii.gz",
    "func/sub-205_task-memtest1_acq-normal_run-01_echo-3_sbref.nii.gz",
    "func/sub-205_task-memtest1_acq-normal_run-01_echo-4_bold.nii.gz",
    "func/sub-205_task-memtest1_acq-normal_run-01_echo-4_sbref.nii.gz",
    "func/sub-205_task-memtest2_acq-normal_run-01_echo-1_bold.nii.gz",
    "func/sub-205_task-memtest2_acq-normal_run-01_echo-1_sbref.nii.gz",
    "func/sub-205_task-memtest2_acq-normal_run-01_echo-2_bold.nii.gz",
    "func/sub-205_task-memtest2_acq-normal_run-01_echo-2_sbref.nii.gz",
    "func/sub-205_task-memtest2_acq-normal_run-01_echo-3_bold.nii.gz",
    "func/sub-205_task-memtest2_acq-normal_run-01_echo-3_sbref.nii.gz",
    "func/sub-205_task-memtest2_acq-normal_run-01_echo-4_bold.nii.gz",
    "func/sub-205_task-memtest2_acq-normal_run-01_echo-4_sbref.nii.gz",
    "func/sub-205_task-pairedassociates1_acq-normal_run-01_echo-1_bold.nii.gz",
    "func/sub-205_task-pairedassociates1_acq-normal_run-01_echo-1_sbref.nii.gz",
    "func/sub-205_task-pairedassociates1_acq-normal_run-01_echo-2_bold.nii.gz",
    "func/sub-205_task-pairedassociates1_acq-normal_run-01_echo-2_sbref.nii.gz",
    "func/sub-205_task-pairedassociates1_acq-normal_run-01_echo-3_bold.nii.gz",
    "func/sub-205_task-pairedassociates1_acq-normal_run-01_echo-3_sbref.nii.gz",
    "func/sub-205_task-pairedassociates1_acq-normal_run-01_echo-4_bold.nii.gz",
    "func/sub-205_task-pairedassociates1_acq-normal_run-01_echo-4_sbref.nii.gz",
    "func/sub-205_task-pairedassociates2_acq-normal_run-01_echo-1_bold.nii.gz",
    "func/sub-205_task-pairedassociates2_acq-normal_run-01_echo-1_sbref.nii.gz",
    "func/sub-205_task-pairedassociates2_acq-normal_run-01_echo-2_bold.nii.gz",
    "func/sub-205_task-pairedassociates2_acq-normal_run-01_echo-2_sbref.nii.gz",
    "func/sub-205_task-pairedassociates2_acq-normal_run-01_echo-3_bold.nii.gz",
    "func/sub-205_task-pairedassociates2_acq-normal_run-01_echo-3_sbref.nii.gz",
    "func/sub-205_task-pairedassociates2_acq-normal_run-01_echo-4_bold.nii.gz",
    "func/sub-205_task-pairedassociates2_acq-normal_run-01_echo-4_sbref.nii.gz"
  ]
}