{
  "AcquisitionMatrixPE": 68,
  "AcquisitionNumber": 1,
  "AcquisitionTime": "17:58:56.295000",
  "BandwidthPerPixelPhaseEncode": 60.024,
  "BaseResolution": 68,
  "BodyPartExamined": "BRAIN",
  "CoilString": "HC1-7;NC1_2",
  "ConsistencyInfo": "N4_VE11C_LATEST_20160120",
  "ConversionSoftware": "dcm2niix",
  "ConversionSoftwareVersion": "v1.0.20190410  GCC6.3.0",
  "DerivedVendorReportedEchoSpacing": 0.00049,
  "DeviceSerialNumber": "166018",
  "DwellTime": 3e-06,
  "EchoTime": 0.0204,
  "EchoTrainLength": 33,
  "EffectiveEchoSpacing": 0.000245,
  "FlipAngle": 90,
  "ImageComments": "SENSE1",
  "ImageOrientationPatientDICOM": [0.995916, 0.0796381, 0.0425215, -0.0582962, 0.926935, -0.370665],
  "ImageType": [
    "ORIGINAL",
    "PRIMARY",
    "M",
    "ND",
    "MOSAIC"
],
  "ImagingFrequency": 123.191,
  "InPlanePhaseEncodingDirectionDICOM": "COL",
  "InstitutionAddress": "Washington_Place_6_NYC_NYC_US_10003",
  "InstitutionName": "NYU_-_CBI",
  "InstitutionalDepartmentName": "Department",
  "MRAcquisitionType": "2D",
  "MagneticFieldStrength": 3,
  "Manufacturer": "Siemens",
  "ManufacturersModelName": "Prisma",
  "Modality": "MR",
  "ParallelReductionFactorInPlane": 2,
  "PartialFourier": 1,
  "PatientPosition": "HFS",
  "PercentPhaseFOV": 100,
  "PhaseEncodingDirection": "j-",
  "PhaseEncodingSteps": 67,
  "PhaseResolution": 1,
  "PixelBandwidth": 2450,
  "ProcedureStepDescription": "Investigators_Hartley",
  "ProtocolName": "ME_SE_FieldMap_AP",
  "PulseSequenceDetails": "%CustomerSeq%_cmrr_mbep2d_se",
  "ReceiveCoilActiveElements": "HC1-7;NC1,2",
  "ReceiveCoilName": "HeadNeck_64",
  "ReconMatrixPE": 68,
  "RefLinesPE": 24,
  "RepetitionTime": 1.919,
  "SAR": 0.561498,
  "ScanOptions": "FS",
  "ScanningSequence": "EP",
  "SequenceName": "epse2d1_68",
  "SequenceVariant": "SK",
  "SeriesDescription": "ME_SE_FieldMap_AP",
  "SeriesNumber": 10,
  "ShimSetting": [276, -12677, -8514, 667, 83, -268, -72, -66],
  "SliceThickness": 3,
  "SliceTiming": [0.9475, 0, 0.9925, 0.0425, 1.035, 0.085, 1.0775, 0.1275, 1.12, 0.1725, 1.165, 0.215, 1.2075, 0.2575, 1.25, 0.3, 1.2925, 0.345, 1.3375, 0.3875, 1.38, 0.43, 1.4225, 0.475, 1.465, 0.5175, 1.51, 0.56, 1.5525, 0.6025, 1.595, 0.6475, 1.64, 0.69, 1.6825, 0.7325, 1.725, 0.775, 1.7675, 0.82, 1.8125, 0.8625, 1.855, 0.905],
  "SoftwareVersions": "syngo_MR_E11",
  "SpacingBetweenSlices": 3,
  "StationName": "AWP166018",
  "TotalReadoutTime": 0.016415,
  "TxRefAmp": 200.279,
  "WipMemBlock": "33d7653e-4f17-4048-afba-6dc23fd1086b||Sequence: R016 ve11c/master r/8780670; Nov 27 2017 15:08:10 by eja",
  "dcmmeta_affine": [
    [-2.9877495765686035, -0.1748885214328766, 0.20680119097232819, 102.56079864501953],
    [-0.23891425132751465, 2.780806064605713, -1.1000174283981323, -62.84389114379883],
    [0.12756451964378357, 1.111994743347168, 2.7833783626556396, -99.5145034790039],
    [0.0, 0.0, 0.0, 1.0]
],
  "dcmmeta_reorient_transform": [
    [0.0, -1.0, 0.0, 67.0],
    [1.0, 0.0, 0.0, 0.0],
    [0.0, 0.0, 1.0, 0.0],
    [0.0, 0.0, 0.0, 1.0]
],
  "dcmmeta_shape": [68, 68, 44, 3],
  "dcmmeta_slice_dim": 2,
  "dcmmeta_version": 0.6,
  "global": {
    "const": {
      "AccessionNumber": "jxvzuhoo",
      "AcquisitionMatrix": [68, 0, 0, 68],
      "AngioFlag": "N",
      "BitsAllocated": 16,
      "BitsStored": 16,
      "BodyPartExamined": "BRAIN",
      "Columns": 476,
      "EchoNumbers": 1,
      "EchoTime": 20.4,
      "EchoTrainLength": 33,
      "FlipAngle": 90.0,
      "HighBit": 15,
      "ImageOrientationPatient": [0.99591651093015, 0.07963808546192, 0.04252150750716, -0.0582961752461, 0.9269353176907, -0.3706649063094],
      "ImagePositionPatient": [-664.66691476128, -739.49302952565, 175.81289947059],
      "ImageType": [
        "ORIGINAL",
        "PRIMARY",
        "M",
        "ND",
        "MOSAIC"
],
      "ImagedNucleus": "1H",
      "ImagingFrequency": 123.190983,
      "InPlanePhaseEncodingDirection": "COL",
      "MRAcquisitionType": "2D",
      "MagneticFieldStrength": 3.0,
      "Manufacturer": "SIEMENS",
      "ManufacturerModelName": "Prisma",
      "Modality": "MR",
      "NumberOfAverages": 1.0,
      "NumberOfPhaseEncodingSteps": 67,
      "PercentPhaseFieldOfView": 100.0,
      "PercentSampling": 100.0,
      "PerformedProcedureStepStartTime": "173938.355000",
      "PhotometricInterpretation": "MONOCHROME2",
      "PixelBandwidth": 2450.0,
      "PixelRepresentation": 0,
      "PixelSpacing": [3.0, 3.0],
      "ProtocolName": "ME_SE_FieldMap_AP",
      "RepetitionTime": 1919.0,
      "Rows": 476,
      "SAR": 0.56149790863343,
      "SamplesPerPixel": 1,
      "ScanOptions": "FS",
      "ScanningSequence": "EP",
      "SequenceName": "epse2d1_68",
      "SequenceVariant": "SK",
      "SeriesDescription": "ME_SE_FieldMap_AP",
      "SeriesNumber": 10,
      "SeriesTime": "175901.154000",
      "SliceLocation": -62.215818180891,
      "SliceThickness": 3.0,
      "SmallestImagePixelValue": 0,
      "SoftwareVersions": "syngo MR E11",
      "SpacingBetweenSlices": 2.9999999846599,
      "SpecificCharacterSet": "ISO_IR 100",
      "StudyID": "1",
      "StudyTime": "173938.292000",
      "TransmitCoilName": "Body",
      "VariableFlipAngleFlag": "N",
      "WindowCenterWidthExplanation": "Algo1",
      "dBdt": 0.0},
    "slices": {}
  },
  "time": {
    "samples": {
      "AcquisitionNumber": [1, 2, 3],
      "AcquisitionTime": ["175856.295000", "175858.215000", "175900.135000"],
      "ContentTime": ["175901.158000", "175901.161000", "175901.164000"],
      "InstanceCreationTime": ["175901.158000", "175901.161000", "175901.164000"],
      "InstanceNumber": [1, 2, 3],
      "LargestImagePixelValue": [54088, 53647, 54009],
      "WindowCenter": [11596.0, 11476.0, 11493.0],
      "WindowWidth": [24995.0, 24717.0, 24758.0]
    },
    "slices": {}
  },
  "IntendedFor": [
    "func/sub-180_task-freq1_acq-normal_run-01_echo-1_bold.nii.gz",
    "func/sub-180_task-freq1_acq-normal_run-01_echo-1_sbref.nii.gz",
    "func/sub-180_task-freq1_acq-normal_run-01_echo-2_bold.nii.gz",
    "func/sub-180_task-freq1_acq-normal_run-01_echo-2_sbref.nii.gz",
    "func/sub-180_task-freq1_acq-normal_run-01_echo-3_bold.nii.gz",
    "func/sub-180_task-freq1_acq-normal_run-01_echo-3_sbref.nii.gz",
    "func/sub-180_task-freq1_acq-normal_run-01_echo-4_bold.nii.gz",
    "func/sub-180_task-freq1_acq-normal_run-01_echo-4_sbref.nii.gz",
    "func/sub-180_task-freq2_acq-normal_run-01_echo-1_bold.nii.gz",
    "func/sub-180_task-freq2_acq-normal_run-01_echo-1_sbref.nii.gz",
    "func/sub-180_task-freq2_acq-normal_run-01_echo-2_bold.nii.gz",
    "func/sub-180_task-freq2_acq-normal_run-01_echo-2_sbref.nii.gz",
    "func/sub-180_task-freq2_acq-normal_run-01_echo-3_bold.nii.gz",
    "func/sub-180_task-freq2_acq-normal_run-01_echo-3_sbref.nii.gz",
    "func/sub-180_task-freq2_acq-normal_run-01_echo-4_bold.nii.gz",
    "func/sub-180_task-freq2_acq-normal_run-01_echo-4_sbref.nii.gz",
    "func/sub-180_task-freqreports1_acq-normal_run-01_echo-1_bold.nii.gz",
    "func/sub-180_task-freqreports1_acq-normal_run-01_echo-1_sbref.nii.gz",
    "func/sub-180_task-freqreports1_acq-normal_run-01_echo-2_bold.nii.gz",
    "func/sub-180_task-freqreports1_acq-normal_run-01_echo-2_sbref.nii.gz",
    "func/sub-180_task-freqreports1_acq-normal_run-01_echo-3_bold.nii.gz",
    "func/sub-180_task-freqreports1_acq-normal_run-01_echo-3_sbref.nii.gz",
    "func/sub-180_task-freqreports1_acq-normal_run-01_echo-4_bold.nii.gz",
    "func/sub-180_task-freqreports1_acq-normal_run-01_echo-4_sbref.nii.gz",
    "func/sub-180_task-freqreports2_acq-normal_run-01_echo-1_bold.nii.gz",
    "func/sub-180_task-freqreports2_acq-normal_run-01_echo-1_sbref.nii.gz",
    "func/sub-180_task-freqreports2_acq-normal_run-01_echo-2_bold.nii.gz",
    "func/sub-180_task-freqreports2_acq-normal_run-01_echo-2_sbref.nii.gz",
    "func/sub-180_task-freqreports2_acq-normal_run-01_echo-3_bold.nii.gz",
    "func/sub-180_task-freqreports2_acq-normal_run-01_echo-3_sbref.nii.gz",
    "func/sub-180_task-freqreports2_acq-normal_run-01_echo-4_bold.nii.gz",
    "func/sub-180_task-freqreports2_acq-normal_run-01_echo-4_sbref.nii.gz",
    "func/sub-180_task-memtest1_acq-normal_run-01_echo-1_bold.nii.gz",
    "func/sub-180_task-memtest1_acq-normal_run-01_echo-1_sbref.nii.gz",
    "func/sub-180_task-memtest1_acq-normal_run-01_echo-2_bold.nii.gz",
    "func/sub-180_task-memtest1_acq-normal_run-01_echo-2_sbref.nii.gz",
    "func/sub-180_task-memtest1_acq-normal_run-01_echo-3_bold.nii.gz",
    "func/sub-180_task-memtest1_acq-normal_run-01_echo-3_sbref.nii.gz",
    "func/sub-180_task-memtest1_acq-normal_run-01_echo-4_bold.nii.gz",
    "func/sub-180_task-memtest1_acq-normal_run-01_echo-4_sbref.nii.gz",
    "func/sub-180_task-memtest2_acq-normal_run-01_echo-1_bold.nii.gz",
    "func/sub-180_task-memtest2_acq-normal_run-01_echo-1_sbref.nii.gz",
    "func/sub-180_task-memtest2_acq-normal_run-01_echo-2_bold.nii.gz",
    "func/sub-180_task-memtest2_acq-normal_run-01_echo-2_sbref.nii.gz",
    "func/sub-180_task-memtest2_acq-normal_run-01_echo-3_bold.nii.gz",
    "func/sub-180_task-memtest2_acq-normal_run-01_echo-3_sbref.nii.gz",
    "func/sub-180_task-memtest2_acq-normal_run-01_echo-4_bold.nii.gz",
    "func/sub-180_task-memtest2_acq-normal_run-01_echo-4_sbref.nii.gz",
    "func/sub-180_task-pairedassociates1_acq-normal_run-01_echo-1_bold.nii.gz",
    "func/sub-180_task-pairedassociates1_acq-normal_run-01_echo-1_sbref.nii.gz",
    "func/sub-180_task-pairedassociates1_acq-normal_run-01_echo-2_bold.nii.gz",
    "func/sub-180_task-pairedassociates1_acq-normal_run-01_echo-2_sbref.nii.gz",
    "func/sub-180_task-pairedassociates1_acq-normal_run-01_echo-3_bold.nii.gz",
    "func/sub-180_task-pairedassociates1_acq-normal_run-01_echo-3_sbref.nii.gz",
    "func/sub-180_task-pairedassociates1_acq-normal_run-01_echo-4_bold.nii.gz",
    "func/sub-180_task-pairedassociates1_acq-normal_run-01_echo-4_sbref.nii.gz",
    "func/sub-180_task-pairedassociates2_acq-normal_run-01_echo-1_bold.nii.gz",
    "func/sub-180_task-pairedassociates2_acq-normal_run-01_echo-1_sbref.nii.gz",
    "func/sub-180_task-pairedassociates2_acq-normal_run-01_echo-2_bold.nii.gz",
    "func/sub-180_task-pairedassociates2_acq-normal_run-01_echo-2_sbref.nii.gz",
    "func/sub-180_task-pairedassociates2_acq-normal_run-01_echo-3_bold.nii.gz",
    "func/sub-180_task-pairedassociates2_acq-normal_run-01_echo-3_sbref.nii.gz",
    "func/sub-180_task-pairedassociates2_acq-normal_run-01_echo-4_bold.nii.gz",
    "func/sub-180_task-pairedassociates2_acq-normal_run-01_echo-4_sbref.nii.gz"
  ]
}