{
  "AcquisitionMatrixPE": 68,
  "AcquisitionNumber": 1,
  "AcquisitionTime": "17:18:10.260000",
  "BandwidthPerPixelPhaseEncode": 60.024,
  "BaseResolution": 68,
  "BodyPartExamined": "BRAIN",
  "CoilString": "HC1-7;NC1_2",
  "ConsistencyInfo": "N4_VE11C_LATEST_20160120",
  "ConversionSoftware": "dcm2niix",
  "ConversionSoftwareVersion": "v1.0.20190410  GCC6.3.0",
  "DerivedVendorReportedEchoSpacing": 0.00049,
  "DeviceSerialNumber": "166018",
  "DwellTime": 3e-06,
  "EchoTime": 0.0204,
  "EchoTrainLength": 33,
  "EffectiveEchoSpacing": 0.000245,
  "FlipAngle": 90,
  "ImageComments": "SENSE1",
  "ImageOrientationPatientDICOM": [0.998533, -0.00632673, 0.0537788, 0.0277171, 0.912901, -0.407238],
  "ImageType": [
    "ORIGINAL",
    "PRIMARY",
    "M",
    "ND",
    "MOSAIC"
],
  "ImagingFrequency": 123.191,
  "InPlanePhaseEncodingDirectionDICOM": "COL",
  "InstitutionAddress": "Washington_Place_6_NYC_NYC_US_10003",
  "InstitutionName": "NYU_Center_for_Brain_Imaging",
  "InstitutionalDepartmentName": "Department",
  "MRAcquisitionType": "2D",
  "MagneticFieldStrength": 3,
  "Manufacturer": "Siemens",
  "ManufacturersModelName": "Prisma",
  "Modality": "MR",
  "ParallelReductionFactorInPlane": 2,
  "PartialFourier": 1,
  "PatientPosition": "HFS",
  "PercentPhaseFOV": 100,
  "PhaseEncodingDirection": "j",
  "PhaseEncodingSteps": 67,
  "PhaseResolution": 1,
  "PixelBandwidth": 2450,
  "ProcedureStepDescription": "Investigators_Hartley",
  "ProtocolName": "ME_SE_FieldMap_PA",
  "PulseSequenceDetails": "%CustomerSeq%_cmrr_mbep2d_se",
  "ReceiveCoilActiveElements": "HC1-7;NC1,2",
  "ReceiveCoilName": "HeadNeck_64",
  "ReconMatrixPE": 68,
  "RefLinesPE": 24,
  "RepetitionTime": 1.919,
  "SAR": 0.360867,
  "ScanOptions": "FS",
  "ScanningSequence": "EP",
  "SequenceName": "epse2d1_68",
  "SequenceVariant": "SK",
  "SeriesDescription": "ME_SE_FieldMap_PA",
  "SeriesNumber": 10,
  "ShimSetting": [281, -12642, -8351, 665, -28, -258, 20, -8],
  "SliceThickness": 3,
  "SliceTiming": [0.95, 0, 0.9925, 0.0425, 1.035, 0.085, 1.0775, 0.13, 1.1225, 0.1725, 1.165, 0.215, 1.2075, 0.26, 1.25, 0.3025, 1.295, 0.345, 1.3375, 0.3875, 1.38, 0.4325, 1.425, 0.475, 1.4675, 0.5175, 1.51, 0.56, 1.5525, 0.605, 1.5975, 0.6475, 1.64, 0.69, 1.6825, 0.7325, 1.725, 0.7775, 1.77, 0.82, 1.8125, 0.8625, 1.855, 0.905],
  "SoftwareVersions": "syngo_MR_E11",
  "SpacingBetweenSlices": 3,
  "StationName": "AWP166018",
  "TotalReadoutTime": 0.016415,
  "TxRefAmp": 211.232,
  "WipMemBlock": "70f98426-3f1c-4b4d-9730-fd9839c6d01a||Sequence: R016 ve11c/master r/8780670; Nov 27 2017 15:08:10 by eja",
  "dcmmeta_affine": [
    [-2.995598554611206, 0.08315134048461914, 0.13955481350421906, 95.90364837646484],
    [0.018980177119374275, 2.7387044429779053, -1.2243930101394653, -61.37209701538086],
    [0.16133643686771393, 1.221713662147522, 2.7352123260498047, -67.55026245117188],
    [0.0, 0.0, 0.0, 1.0]
],
  "dcmmeta_reorient_transform": [
    [0.0, -1.0, 0.0, 67.0],
    [1.0, 0.0, 0.0, 0.0],
    [0.0, 0.0, 1.0, 0.0],
    [0.0, 0.0, 0.0, 1.0]
],
  "dcmmeta_shape": [68, 68, 44, 3],
  "dcmmeta_slice_dim": 2,
  "dcmmeta_version": 0.6,
  "global": {
    "const": {
      "AccessionNumber": "k0ci6mb1",
      "AcquisitionMatrix": [68, 0, 0, 68],
      "AngioFlag": "N",
      "BitsAllocated": 16,
      "BitsStored": 16,
      "BodyPartExamined": "BRAIN",
      "Columns": 476,
      "EchoNumbers": 1,
      "EchoTime": 20.4,
      "EchoTrainLength": 33,
      "FlipAngle": 90.0,
      "HighBit": 15,
      "ImageOrientationPatient": [0.99853282976844, -0.0063267258081, 0.05377881009457, 0.02771711268755, 0.91290144730436, -0.4072379024279],
      "ImagePositionPatient": [-729.53974971558, -676.94482378931, 230.6215218912],
      "ImageType": [
        "ORIGINAL",
        "PRIMARY",
        "M",
        "ND",
        "MOSAIC"
],
      "ImagedNucleus": "1H",
      "ImagingFrequency": 123.190998,
      "InPlanePhaseEncodingDirection": "COL",
      "MRAcquisitionType": "2D",
      "MagneticFieldStrength": 3.0,
      "Manufacturer": "SIEMENS",
      "ManufacturerModelName": "Prisma",
      "Modality": "MR",
      "NumberOfAverages": 1.0,
      "NumberOfPhaseEncodingSteps": 67,
      "PercentPhaseFieldOfView": 100.0,
      "PercentSampling": 100.0,
      "PerformedProcedureStepStartTime": "165305.663000",
      "PhotometricInterpretation": "MONOCHROME2",
      "PixelBandwidth": 2450.0,
      "PixelRepresentation": 0,
      "PixelSpacing": [3.0, 3.0],
      "ProtocolName": "ME_SE_FieldMap_PA",
      "RepetitionTime": 1919.0,
      "Rows": 476,
      "SAR": 0.36086748385326,
      "SamplesPerPixel": 1,
      "ScanOptions": "FS",
      "ScanningSequence": "EP",
      "SequenceName": "epse2d1_68",
      "SequenceVariant": "SK",
      "SeriesDescription": "ME_SE_FieldMap_PA",
      "SeriesNumber": 10,
      "SeriesTime": "171814.705000",
      "SliceLocation": -32.0789734932,
      "SliceThickness": 3.0,
      "SmallestImagePixelValue": 0,
      "SoftwareVersions": "syngo MR E11",
      "SpacingBetweenSlices": 3.0000000231657,
      "SpecificCharacterSet": "ISO_IR 100",
      "StudyID": "1",
      "StudyTime": "165305.602000",
      "TransmitCoilName": "Body",
      "VariableFlipAngleFlag": "N",
      "WindowCenterWidthExplanation": "Algo1",
      "dBdt": 0.0},
    "slices": {}
  },
  "time": {
    "samples": {
      "AcquisitionNumber": [1, 2, 3],
      "AcquisitionTime": ["171810.260000", "171812.177500", "171814.097500"],
      "ContentTime": ["171814.708000", "171814.711000", "171815.397000"],
      "InstanceCreationTime": ["171814.708000", "171814.711000", "171815.397000"],
      "InstanceNumber": [1, 2, 3],
      "LargestImagePixelValue": [60821, 59581, 59172],
      "WindowCenter": [12783.0, 12727.0, 12741.0],
      "WindowWidth": [27637.0, 27540.0, 27579.0]
    },
    "slices": {}
  },
  "IntendedFor": [
    "func/sub-212_task-freq1_acq-normal_run-01_echo-1_bold.nii.gz",
    "func/sub-212_task-freq1_acq-normal_run-01_echo-1_sbref.nii.gz",
    "func/sub-212_task-freq1_acq-normal_run-01_echo-2_bold.nii.gz",
    "func/sub-212_task-freq1_acq-normal_run-01_echo-2_sbref.nii.gz",
    "func/sub-212_task-freq1_acq-normal_run-01_echo-3_bold.nii.gz",
    "func/sub-212_task-freq1_acq-normal_run-01_echo-3_sbref.nii.gz",
    "func/sub-212_task-freq1_acq-normal_run-01_echo-4_bold.nii.gz",
    "func/sub-212_task-freq1_acq-normal_run-01_echo-4_sbref.nii.gz",
    "func/sub-212_task-freq2_acq-normal_run-01_echo-1_bold.nii.gz",
    "func/sub-212_task-freq2_acq-normal_run-01_echo-1_sbref.nii.gz",
    "func/sub-212_task-freq2_acq-normal_run-01_echo-2_bold.nii.gz",
    "func/sub-212_task-freq2_acq-normal_run-01_echo-2_sbref.nii.gz",
    "func/sub-212_task-freq2_acq-normal_run-01_echo-3_bold.nii.gz",
    "func/sub-212_task-freq2_acq-normal_run-01_echo-3_sbref.nii.gz",
    "func/sub-212_task-freq2_acq-normal_run-01_echo-4_bold.nii.gz",
    "func/sub-212_task-freq2_acq-normal_run-01_echo-4_sbref.nii.gz",
    "func/sub-212_task-freqreports1_acq-normal_run-01_echo-1_bold.nii.gz",
    "func/sub-212_task-freqreports1_acq-normal_run-01_echo-1_sbref.nii.gz",
    "func/sub-212_task-freqreports1_acq-normal_run-01_echo-2_bold.nii.gz",
    "func/sub-212_task-freqreports1_acq-normal_run-01_echo-2_sbref.nii.gz",
    "func/sub-212_task-freqreports1_acq-normal_run-01_echo-3_bold.nii.gz",
    "func/sub-212_task-freqreports1_acq-normal_run-01_echo-3_sbref.nii.gz",
    "func/sub-212_task-freqreports1_acq-normal_run-01_echo-4_bold.nii.gz",
    "func/sub-212_task-freqreports1_acq-normal_run-01_echo-4_sbref.nii.gz",
    "func/sub-212_task-freqreports2_acq-normal_run-01_echo-1_bold.nii.gz",
    "func/sub-212_task-freqreports2_acq-normal_run-01_echo-1_sbref.nii.gz",
    "func/sub-212_task-freqreports2_acq-normal_run-01_echo-2_bold.nii.gz",
    "func/sub-212_task-freqreports2_acq-normal_run-01_echo-2_sbref.nii.gz",
    "func/sub-212_task-freqreports2_acq-normal_run-01_echo-3_bold.nii.gz",
    "func/sub-212_task-freqreports2_acq-normal_run-01_echo-3_sbref.nii.gz",
    "func/sub-212_task-freqreports2_acq-normal_run-01_echo-4_bold.nii.gz",
    "func/sub-212_task-freqreports2_acq-normal_run-01_echo-4_sbref.nii.gz",
    "func/sub-212_task-memtest1_acq-normal_run-01_echo-1_bold.nii.gz",
    "func/sub-212_task-memtest1_acq-normal_run-01_echo-1_sbref.nii.gz",
    "func/sub-212_task-memtest1_acq-normal_run-01_echo-2_bold.nii.gz",
    "func/sub-212_task-memtest1_acq-normal_run-01_echo-2_sbref.nii.gz",
    "func/sub-212_task-memtest1_acq-normal_run-01_echo-3_bold.nii.gz",
    "func/sub-212_task-memtest1_acq-normal_run-01_echo-3_sbref.nii.gz",
    "func/sub-212_task-memtest1_acq-normal_run-01_echo-4_bold.nii.gz",
    "func/sub-212_task-memtest1_acq-normal_run-01_echo-4_sbref.nii.gz",
    "func/sub-212_task-memtest2_acq-normal_run-01_echo-1_bold.nii.gz",
    "func/sub-212_task-memtest2_acq-normal_run-01_echo-1_sbref.nii.gz",
    "func/sub-212_task-memtest2_acq-normal_run-01_echo-2_bold.nii.gz",
    "func/sub-212_task-memtest2_acq-normal_run-01_echo-2_sbref.nii.gz",
    "func/sub-212_task-memtest2_acq-normal_run-01_echo-3_bold.nii.gz",
    "func/sub-212_task-memtest2_acq-normal_run-01_echo-3_sbref.nii.gz",
    "func/sub-212_task-memtest2_acq-normal_run-01_echo-4_bold.nii.gz",
    "func/sub-212_task-memtest2_acq-normal_run-01_echo-4_sbref.nii.gz",
    "func/sub-212_task-pairedassociates1_acq-normal_run-01_echo-1_bold.nii.gz",
    "func/sub-212_task-pairedassociates1_acq-normal_run-01_echo-1_sbref.nii.gz",
    "func/sub-212_task-pairedassociates1_acq-normal_run-01_echo-2_bold.nii.gz",
    "func/sub-212_task-pairedassociates1_acq-normal_run-01_echo-2_sbref.nii.gz",
    "func/sub-212_task-pairedassociates1_acq-normal_run-01_echo-3_bold.nii.gz",
    "func/sub-212_task-pairedassociates1_acq-normal_run-01_echo-3_sbref.nii.gz",
    "func/sub-212_task-pairedassociates1_acq-normal_run-01_echo-4_bold.nii.gz",
    "func/sub-212_task-pairedassociates1_acq-normal_run-01_echo-4_sbref.nii.gz",
    "func/sub-212_task-pairedassociates2_acq-normal_run-01_echo-1_bold.nii.gz",
    "func/sub-212_task-pairedassociates2_acq-normal_run-01_echo-1_sbref.nii.gz",
    "func/sub-212_task-pairedassociates2_acq-normal_run-01_echo-2_bold.nii.gz",
    "func/sub-212_task-pairedassociates2_acq-normal_run-01_echo-2_sbref.nii.gz",
    "func/sub-212_task-pairedassociates2_acq-normal_run-01_echo-3_bold.nii.gz",
    "func/sub-212_task-pairedassociates2_acq-normal_run-01_echo-3_sbref.nii.gz",
    "func/sub-212_task-pairedassociates2_acq-normal_run-01_echo-4_bold.nii.gz",
    "func/sub-212_task-pairedassociates2_acq-normal_run-01_echo-4_sbref.nii.gz"
  ]
}