{
  "AcquisitionMatrixPE": 68,
  "AcquisitionNumber": 1,
  "AcquisitionTime": "14:20:0.292500",
  "BandwidthPerPixelPhaseEncode": 60.024,
  "BaseResolution": 68,
  "BodyPartExamined": "BRAIN",
  "CoilString": "HC1-7;NC1_2",
  "ConsistencyInfo": "N4_VE11C_LATEST_20160120",
  "ConversionSoftware": "dcm2niix",
  "ConversionSoftwareVersion": "v1.0.20190410  GCC6.3.0",
  "DerivedVendorReportedEchoSpacing": 0.00049,
  "DeviceSerialNumber": "166018",
  "DwellTime": 3e-06,
  "EchoTime": 0.0204,
  "EchoTrainLength": 33,
  "EffectiveEchoSpacing": 0.000245,
  "FlipAngle": 90,
  "ImageComments": "SENSE1",
  "ImageOrientationPatientDICOM": [0.996268, -0.0728743, -0.0462525, 0.0579679, 0.961949, -0.267008],
  "ImageType": [
    "ORIGINAL",
    "PRIMARY",
    "M",
    "ND",
    "MOSAIC"
],
  "ImagingFrequency": 123.191,
  "InPlanePhaseEncodingDirectionDICOM": "COL",
  "InstitutionAddress": "Washington_Place_6_NYC_NYC_US_10003",
  "InstitutionName": "NYU_Center_for_Brain_Imaging",
  "InstitutionalDepartmentName": "Department",
  "MRAcquisitionType": "2D",
  "MagneticFieldStrength": 3,
  "Manufacturer": "Siemens",
  "ManufacturersModelName": "Prisma",
  "Modality": "MR",
  "ParallelReductionFactorInPlane": 2,
  "PartialFourier": 1,
  "PatientPosition": "HFS",
  "PercentPhaseFOV": 100,
  "PhaseEncodingDirection": "j-",
  "PhaseEncodingSteps": 67,
  "PhaseResolution": 1,
  "PixelBandwidth": 2450,
  "ProcedureStepDescription": "Investigators_Hartley",
  "ProtocolName": "ME_SE_FieldMap_AP",
  "PulseSequenceDetails": "%CustomerSeq%_cmrr_mbep2d_se",
  "ReceiveCoilActiveElements": "HC1-7;NC1,2",
  "ReceiveCoilName": "HeadNeck_64",
  "ReconMatrixPE": 68,
  "RefLinesPE": 24,
  "RepetitionTime": 1.919,
  "SAR": 0.420461,
  "ScanOptions": "FS",
  "ScanningSequence": "EP",
  "SequenceName": "epse2d1_68",
  "SequenceVariant": "SK",
  "SeriesDescription": "ME_SE_FieldMap_AP",
  "SeriesNumber": 9,
  "ShimSetting": [242, -12638, -8338, 514, -62, -250, -16, 28],
  "SliceThickness": 3,
  "SliceTiming": [0.95, 0, 0.9925, 0.0425, 1.035, 0.085, 1.0775, 0.13, 1.1225, 0.1725, 1.165, 0.215, 1.2075, 0.2575, 1.25, 0.3025, 1.295, 0.345, 1.3375, 0.3875, 1.38, 0.43, 1.4225, 0.475, 1.4675, 0.5175, 1.51, 0.56, 1.5525, 0.605, 1.595, 0.6475, 1.64, 0.69, 1.6825, 0.7325, 1.725, 0.7775, 1.77, 0.82, 1.8125, 0.8625, 1.855, 0.905],
  "SoftwareVersions": "syngo_MR_E11",
  "SpacingBetweenSlices": 3,
  "StationName": "AWP166018",
  "TotalReadoutTime": 0.016415,
  "TxRefAmp": 229.968,
  "WipMemBlock": "f2c3d282-829d-4de8-be71-52bcd053b834||Sequence: R016 ve11c/master r/8780670; Nov 27 2017 15:08:10 by eja",
  "dcmmeta_affine": [
    [-2.9888041019439697, 0.17390362918376923, -0.19185175001621246, 93.04389190673828],
    [0.21862275898456573, 2.885847806930542, -0.7899913191795349, -80.46994018554688],
    [-0.13875754177570343, 0.8010241985321045, 2.8877511024475098, -49.15281295776367],
    [0.0, 0.0, 0.0, 1.0]
],
  "dcmmeta_reorient_transform": [
    [0.0, -1.0, 0.0, 67.0],
    [1.0, 0.0, 0.0, 0.0],
    [0.0, 0.0, 1.0, 0.0],
    [0.0, 0.0, 0.0, 1.0]
],
  "dcmmeta_shape": [68, 68, 44, 3],
  "dcmmeta_slice_dim": 2,
  "dcmmeta_version": 0.6,
  "global": {
    "const": {
      "AccessionNumber": "jrya0zzb",
      "AcquisitionMatrix": [68, 0, 0, 68],
      "AngioFlag": "N",
      "BitsAllocated": 16,
      "BitsStored": 16,
      "BodyPartExamined": "BRAIN",
      "Columns": 476,
      "EchoNumbers": 1,
      "EchoTime": 20.4,
      "EchoTrainLength": 33,
      "FlipAngle": 90.0,
      "HighBit": 15,
      "ImageOrientationPatient": [0.9962680604118, -0.0728742541525, -0.0462525122023, 0.05796787573283, 0.96194928295783, -0.2670080568072],
      "ImagePositionPatient": [-749.88782949338, -656.99577952084, 196.23127487994],
      "ImageType": [
        "ORIGINAL",
        "PRIMARY",
        "M",
        "ND",
        "MOSAIC"
],
      "ImagedNucleus": "1H",
      "ImagingFrequency": 123.190808,
      "InPlanePhaseEncodingDirection": "COL",
      "LargestImagePixelValue": 65535,
      "MRAcquisitionType": "2D",
      "MagneticFieldStrength": 3.0,
      "Manufacturer": "SIEMENS",
      "ManufacturerModelName": "Prisma",
      "Modality": "MR",
      "NumberOfAverages": 1.0,
      "NumberOfPhaseEncodingSteps": 67,
      "PercentPhaseFieldOfView": 100.0,
      "PercentSampling": 100.0,
      "PerformedProcedureStepStartTime": "140551.397000",
      "PhotometricInterpretation": "MONOCHROME2",
      "PixelBandwidth": 2450.0,
      "PixelRepresentation": 0,
      "PixelSpacing": [3.0, 3.0],
      "ProtocolName": "ME_SE_FieldMap_AP",
      "RepetitionTime": 1919.0,
      "Rows": 476,
      "SAR": 0.42046087991919,
      "SamplesPerPixel": 1,
      "ScanOptions": "FS",
      "ScanningSequence": "EP",
      "SequenceName": "epse2d1_68",
      "SequenceVariant": "SK",
      "SeriesDescription": "ME_SE_FieldMap_AP",
      "SeriesNumber": 9,
      "SeriesTime": "142005.378000",
      "SliceLocation": -32.073722626394,
      "SliceThickness": 3.0,
      "SmallestImagePixelValue": 0,
      "SoftwareVersions": "syngo MR E11",
      "SpacingBetweenSlices": 2.9999999695325,
      "SpecificCharacterSet": "ISO_IR 100",
      "StudyID": "1",
      "StudyTime": "140551.322000",
      "TransmitCoilName": "Body",
      "VariableFlipAngleFlag": "N",
      "WindowCenterWidthExplanation": "Algo1",
      "dBdt": 0.0},
    "slices": {}
  },
  "time": {
    "samples": {
      "AcquisitionNumber": [1, 2, 3],
      "AcquisitionTime": ["142000.292500", "142002.210000", "142004.130000"],
      "ContentTime": ["142005.382000", "142005.386000", "142005.388000"],
      "InstanceCreationTime": ["142005.382000", "142005.386000", "142005.388000"],
      "InstanceNumber": [1, 2, 3],
      "WindowCenter": [13168.0, 13168.0, 13189.0],
      "WindowWidth": [28672.0, 28709.0, 28773.0]
    },
    "slices": {}
  },
  "IntendedFor": [
    "func/sub-105_task-freq1_acq-normal_run-01_echo-1_bold.nii.gz",
    "func/sub-105_task-freq1_acq-normal_run-01_echo-1_sbref.nii.gz",
    "func/sub-105_task-freq1_acq-normal_run-01_echo-2_bold.nii.gz",
    "func/sub-105_task-freq1_acq-normal_run-01_echo-2_sbref.nii.gz",
    "func/sub-105_task-freq1_acq-normal_run-01_echo-3_bold.nii.gz",
    "func/sub-105_task-freq1_acq-normal_run-01_echo-3_sbref.nii.gz",
    "func/sub-105_task-freq1_acq-normal_run-01_echo-4_bold.nii.gz",
    "func/sub-105_task-freq1_acq-normal_run-01_echo-4_sbref.nii.gz",
    "func/sub-105_task-freq2_acq-normal_run-01_echo-1_bold.nii.gz",
    "func/sub-105_task-freq2_acq-normal_run-01_echo-1_sbref.nii.gz",
    "func/sub-105_task-freq2_acq-normal_run-01_echo-2_bold.nii.gz",
    "func/sub-105_task-freq2_acq-normal_run-01_echo-2_sbref.nii.gz",
    "func/sub-105_task-freq2_acq-normal_run-01_echo-3_bold.nii.gz",
    "func/sub-105_task-freq2_acq-normal_run-01_echo-3_sbref.nii.gz",
    "func/sub-105_task-freq2_acq-normal_run-01_echo-4_bold.nii.gz",
    "func/sub-105_task-freq2_acq-normal_run-01_echo-4_sbref.nii.gz",
    "func/sub-105_task-freqreports1_acq-normal_run-01_echo-1_bold.nii.gz",
    "func/sub-105_task-freqreports1_acq-normal_run-01_echo-1_sbref.nii.gz",
    "func/sub-105_task-freqreports1_acq-normal_run-01_echo-2_bold.nii.gz",
    "func/sub-105_task-freqreports1_acq-normal_run-01_echo-2_sbref.nii.gz",
    "func/sub-105_task-freqreports1_acq-normal_run-01_echo-3_bold.nii.gz",
    "func/sub-105_task-freqreports1_acq-normal_run-01_echo-3_sbref.nii.gz",
    "func/sub-105_task-freqreports1_acq-normal_run-01_echo-4_bold.nii.gz",
    "func/sub-105_task-freqreports1_acq-normal_run-01_echo-4_sbref.nii.gz",
    "func/sub-105_task-freqreports2_acq-normal_run-01_echo-1_bold.nii.gz",
    "func/sub-105_task-freqreports2_acq-normal_run-01_echo-1_sbref.nii.gz",
    "func/sub-105_task-freqreports2_acq-normal_run-01_echo-2_bold.nii.gz",
    "func/sub-105_task-freqreports2_acq-normal_run-01_echo-2_sbref.nii.gz",
    "func/sub-105_task-freqreports2_acq-normal_run-01_echo-3_bold.nii.gz",
    "func/sub-105_task-freqreports2_acq-normal_run-01_echo-3_sbref.nii.gz",
    "func/sub-105_task-freqreports2_acq-normal_run-01_echo-4_bold.nii.gz",
    "func/sub-105_task-freqreports2_acq-normal_run-01_echo-4_sbref.nii.gz",
    "func/sub-105_task-memtest1_acq-normal_run-01_echo-1_bold.nii.gz",
    "func/sub-105_task-memtest1_acq-normal_run-01_echo-1_sbref.nii.gz",
    "func/sub-105_task-memtest1_acq-normal_run-01_echo-2_bold.nii.gz",
    "func/sub-105_task-memtest1_acq-normal_run-01_echo-2_sbref.nii.gz",
    "func/sub-105_task-memtest1_acq-normal_run-01_echo-3_bold.nii.gz",
    "func/sub-105_task-memtest1_acq-normal_run-01_echo-3_sbref.nii.gz",
    "func/sub-105_task-memtest1_acq-normal_run-01_echo-4_bold.nii.gz",
    "func/sub-105_task-memtest1_acq-normal_run-01_echo-4_sbref.nii.gz",
    "func/sub-105_task-memtest2_acq-normal_run-01_echo-1_bold.nii.gz",
    "func/sub-105_task-memtest2_acq-normal_run-01_echo-1_sbref.nii.gz",
    "func/sub-105_task-memtest2_acq-normal_run-01_echo-2_bold.nii.gz",
    "func/sub-105_task-memtest2_acq-normal_run-01_echo-2_sbref.nii.gz",
    "func/sub-105_task-memtest2_acq-normal_run-01_echo-3_bold.nii.gz",
    "func/sub-105_task-memtest2_acq-normal_run-01_echo-3_sbref.nii.gz",
    "func/sub-105_task-memtest2_acq-normal_run-01_echo-4_bold.nii.gz",
    "func/sub-105_task-memtest2_acq-normal_run-01_echo-4_sbref.nii.gz",
    "func/sub-105_task-pairedassociates1_acq-normal_run-01_echo-1_bold.nii.gz",
    "func/sub-105_task-pairedassociates1_acq-normal_run-01_echo-1_sbref.nii.gz",
    "func/sub-105_task-pairedassociates1_acq-normal_run-01_echo-2_bold.nii.gz",
    "func/sub-105_task-pairedassociates1_acq-normal_run-01_echo-2_sbref.nii.gz",
    "func/sub-105_task-pairedassociates1_acq-normal_run-01_echo-3_bold.nii.gz",
    "func/sub-105_task-pairedassociates1_acq-normal_run-01_echo-3_sbref.nii.gz",
    "func/sub-105_task-pairedassociates1_acq-normal_run-01_echo-4_bold.nii.gz",
    "func/sub-105_task-pairedassociates1_acq-normal_run-01_echo-4_sbref.nii.gz",
    "func/sub-105_task-pairedassociates2_acq-normal_run-01_echo-1_bold.nii.gz",
    "func/sub-105_task-pairedassociates2_acq-normal_run-01_echo-1_sbref.nii.gz",
    "func/sub-105_task-pairedassociates2_acq-normal_run-01_echo-2_bold.nii.gz",
    "func/sub-105_task-pairedassociates2_acq-normal_run-01_echo-2_sbref.nii.gz",
    "func/sub-105_task-pairedassociates2_acq-normal_run-01_echo-3_bold.nii.gz",
    "func/sub-105_task-pairedassociates2_acq-normal_run-01_echo-3_sbref.nii.gz",
    "func/sub-105_task-pairedassociates2_acq-normal_run-01_echo-4_bold.nii.gz",
    "func/sub-105_task-pairedassociates2_acq-normal_run-01_echo-4_sbref.nii.gz"
  ]
}