{
  "AcquisitionMatrixPE": 68,
  "AcquisitionNumber": 1,
  "AcquisitionTime": "14:02:51.307500",
  "BandwidthPerPixelPhaseEncode": 60.024,
  "BaseResolution": 68,
  "BodyPartExamined": "BRAIN",
  "CoilString": "HC1-7;NC1_2",
  "ConsistencyInfo": "N4_VE11C_LATEST_20160120",
  "ConversionSoftware": "dcm2niix",
  "ConversionSoftwareVersion": "v1.0.20190410  GCC6.3.0",
  "DerivedVendorReportedEchoSpacing": 0.00049,
  "DeviceSerialNumber": "166018",
  "DwellTime": 3e-06,
  "EchoTime": 0.0204,
  "EchoTrainLength": 33,
  "EffectiveEchoSpacing": 0.000245,
  "FlipAngle": 90,
  "ImageComments": "SENSE1",
  "ImageOrientationPatientDICOM": [0.993414, -0.0286005, 0.110952, 0.0581497, 0.960219, -0.273127],
  "ImageType": [
    "ORIGINAL",
    "PRIMARY",
    "M",
    "ND",
    "MOSAIC"
],
  "ImagingFrequency": 123.191,
  "InPlanePhaseEncodingDirectionDICOM": "COL",
  "InstitutionAddress": "Washington_Place_6_NYC_NYC_US_10003",
  "InstitutionName": "NYU_Center_for_Brain_Imaging",
  "InstitutionalDepartmentName": "Department",
  "MRAcquisitionType": "2D",
  "MagneticFieldStrength": 3,
  "Manufacturer": "Siemens",
  "ManufacturersModelName": "Prisma",
  "Modality": "MR",
  "ParallelReductionFactorInPlane": 2,
  "PartialFourier": 1,
  "PatientPosition": "HFS",
  "PercentPhaseFOV": 100,
  "PhaseEncodingDirection": "j",
  "PhaseEncodingSteps": 67,
  "PhaseResolution": 1,
  "PixelBandwidth": 2450,
  "ProcedureStepDescription": "Investigators_Hartley",
  "ProtocolName": "ME_SE_FieldMap_PA",
  "PulseSequenceDetails": "%CustomerSeq%_cmrr_mbep2d_se",
  "ReceiveCoilActiveElements": "HC1-7;NC1,2",
  "ReceiveCoilName": "HeadNeck_64",
  "ReconMatrixPE": 68,
  "RefLinesPE": 24,
  "RepetitionTime": 1.919,
  "SAR": 0.342691,
  "ScanOptions": "FS",
  "ScanningSequence": "EP",
  "SequenceName": "epse2d1_68",
  "SequenceVariant": "SK",
  "SeriesDescription": "ME_SE_FieldMap_PA",
  "SeriesNumber": 10,
  "ShimSetting": [310, -12630, -8462, 380, 85, -172, 164, -18],
  "SliceThickness": 3,
  "SliceTiming": [0.95, 0, 0.9925, 0.045, 1.0375, 0.0875, 1.08, 0.13, 1.1225, 0.1725, 1.165, 0.2175, 1.21, 0.26, 1.2525, 0.3025, 1.295, 0.345, 1.3375, 0.39, 1.3825, 0.4325, 1.425, 0.475, 1.4675, 0.52, 1.5125, 0.5625, 1.555, 0.605, 1.5975, 0.6475, 1.64, 0.6925, 1.685, 0.735, 1.7275, 0.7775, 1.77, 0.82, 1.8125, 0.865, 1.8575, 0.9075],
  "SoftwareVersions": "syngo_MR_E11",
  "SpacingBetweenSlices": 3,
  "StationName": "AWP166018",
  "TotalReadoutTime": 0.016415,
  "TxRefAmp": 219.143,
  "WipMemBlock": "914c9392-6c85-45b8-8a8e-4dc456444f8f||Sequence: R016 ve11c/master r/8780670; Nov 27 2017 15:08:10 by eja",
  "dcmmeta_affine": [
    [-2.9802424907684326, 0.17444925010204315, 0.2961803674697876, 92.74991607666016],
    [0.08580164611339569, 2.8806569576263428, -0.8333391547203064, -70.38098907470703],
    [0.3328564763069153, 0.819379985332489, 2.8666746616363525, -74.04598999023438],
    [0.0, 0.0, 0.0, 1.0]
],
  "dcmmeta_reorient_transform": [
    [0.0, -1.0, 0.0, 67.0],
    [1.0, 0.0, 0.0, 0.0],
    [0.0, 0.0, 1.0, 0.0],
    [0.0, 0.0, 0.0, 1.0]
],
  "dcmmeta_shape": [68, 68, 44, 3],
  "dcmmeta_slice_dim": 2,
  "dcmmeta_version": 0.6,
  "global": {
    "const": {
      "AccessionNumber": "jyvxjv9s",
      "AcquisitionMatrix": [68, 0, 0, 68],
      "AngioFlag": "N",
      "BitsAllocated": 16,
      "BitsStored": 16,
      "BodyPartExamined": "BRAIN",
      "Columns": 476,
      "EchoNumbers": 1,
      "EchoTime": 20.4,
      "EchoTrainLength": 33,
      "FlipAngle": 90.0,
      "HighBit": 15,
      "ImageOrientationPatient": [0.99341412708046, -0.0286005497947, 0.11095215486147, 0.05814974785084, 0.96021895241658, -0.2731266560497],
      "ImagePositionPatient": [-747.99510878377, -692.77348373169, 80.103262793709],
      "ImageType": [
        "ORIGINAL",
        "PRIMARY",
        "M",
        "ND",
        "MOSAIC"
],
      "ImagedNucleus": "1H",
      "ImagingFrequency": 123.191028,
      "InPlanePhaseEncodingDirection": "COL",
      "LargestImagePixelValue": 65535,
      "MRAcquisitionType": "2D",
      "MagneticFieldStrength": 3.0,
      "Manufacturer": "SIEMENS",
      "ManufacturerModelName": "Prisma",
      "Modality": "MR",
      "NumberOfAverages": 1.0,
      "NumberOfPhaseEncodingSteps": 67,
      "PercentPhaseFieldOfView": 100.0,
      "PercentSampling": 100.0,
      "PerformedProcedureStepStartTime": "133929.677000",
      "PhotometricInterpretation": "MONOCHROME2",
      "PixelBandwidth": 2450.0,
      "PixelRepresentation": 0,
      "PixelSpacing": [3.0, 3.0],
      "ProtocolName": "ME_SE_FieldMap_PA",
      "RepetitionTime": 1919.0,
      "Rows": 476,
      "SAR": 0.3426906462272,
      "SamplesPerPixel": 1,
      "ScanOptions": "FS",
      "ScanningSequence": "EP",
      "SequenceName": "epse2d1_68",
      "SequenceVariant": "SK",
      "SeriesDescription": "ME_SE_FieldMap_PA",
      "SeriesNumber": 10,
      "SeriesTime": "140254.954000",
      "SliceLocation": -42.047939100607,
      "SliceThickness": 3.0,
      "SmallestImagePixelValue": 0,
      "SoftwareVersions": "syngo MR E11",
      "SpacingBetweenSlices": 2.999999996185,
      "SpecificCharacterSet": "ISO_IR 100",
      "StudyID": "1",
      "StudyTime": "133929.499000",
      "TransmitCoilName": "Body",
      "VariableFlipAngleFlag": "N",
      "WindowCenterWidthExplanation": "Algo1",
      "dBdt": 0.0},
    "slices": {}
  },
  "time": {
    "samples": {
      "AcquisitionNumber": [1, 2, 3],
      "AcquisitionTime": ["140251.307500", "140253.227500", "140255.145000"],
      "ContentTime": ["140254.958000", "140254.961000", "140256.717000"],
      "InstanceCreationTime": ["140254.958000", "140254.961000", "140256.717000"],
      "InstanceNumber": [1, 2, 3],
      "WindowCenter": [12642.0, 12635.0, 12661.0],
      "WindowWidth": [26976.0, 26981.0, 27043.0]
    },
    "slices": {}
  },
  "IntendedFor": [
    "func/sub-207_task-freq1_acq-normal_run-01_echo-1_bold.nii.gz",
    "func/sub-207_task-freq1_acq-normal_run-01_echo-1_sbref.nii.gz",
    "func/sub-207_task-freq1_acq-normal_run-01_echo-2_bold.nii.gz",
    "func/sub-207_task-freq1_acq-normal_run-01_echo-2_sbref.nii.gz",
    "func/sub-207_task-freq1_acq-normal_run-01_echo-3_bold.nii.gz",
    "func/sub-207_task-freq1_acq-normal_run-01_echo-3_sbref.nii.gz",
    "func/sub-207_task-freq1_acq-normal_run-01_echo-4_bold.nii.gz",
    "func/sub-207_task-freq1_acq-normal_run-01_echo-4_sbref.nii.gz",
    "func/sub-207_task-freq2_acq-normal_run-01_echo-1_bold.nii.gz",
    "func/sub-207_task-freq2_acq-normal_run-01_echo-1_sbref.nii.gz",
    "func/sub-207_task-freq2_acq-normal_run-01_echo-2_bold.nii.gz",
    "func/sub-207_task-freq2_acq-normal_run-01_echo-2_sbref.nii.gz",
    "func/sub-207_task-freq2_acq-normal_run-01_echo-3_bold.nii.gz",
    "func/sub-207_task-freq2_acq-normal_run-01_echo-3_sbref.nii.gz",
    "func/sub-207_task-freq2_acq-normal_run-01_echo-4_bold.nii.gz",
    "func/sub-207_task-freq2_acq-normal_run-01_echo-4_sbref.nii.gz",
    "func/sub-207_task-freqreports1_acq-normal_run-01_echo-1_bold.nii.gz",
    "func/sub-207_task-freqreports1_acq-normal_run-01_echo-1_sbref.nii.gz",
    "func/sub-207_task-freqreports1_acq-normal_run-01_echo-2_bold.nii.gz",
    "func/sub-207_task-freqreports1_acq-normal_run-01_echo-2_sbref.nii.gz",
    "func/sub-207_task-freqreports1_acq-normal_run-01_echo-3_bold.nii.gz",
    "func/sub-207_task-freqreports1_acq-normal_run-01_echo-3_sbref.nii.gz",
    "func/sub-207_task-freqreports1_acq-normal_run-01_echo-4_bold.nii.gz",
    "func/sub-207_task-freqreports1_acq-normal_run-01_echo-4_sbref.nii.gz",
    "func/sub-207_task-freqreports2_acq-normal_run-01_echo-1_bold.nii.gz",
    "func/sub-207_task-freqreports2_acq-normal_run-01_echo-1_sbref.nii.gz",
    "func/sub-207_task-freqreports2_acq-normal_run-01_echo-2_bold.nii.gz",
    "func/sub-207_task-freqreports2_acq-normal_run-01_echo-2_sbref.nii.gz",
    "func/sub-207_task-freqreports2_acq-normal_run-01_echo-3_bold.nii.gz",
    "func/sub-207_task-freqreports2_acq-normal_run-01_echo-3_sbref.nii.gz",
    "func/sub-207_task-freqreports2_acq-normal_run-01_echo-4_bold.nii.gz",
    "func/sub-207_task-freqreports2_acq-normal_run-01_echo-4_sbref.nii.gz",
    "func/sub-207_task-memtest1_acq-normal_run-01_echo-1_bold.nii.gz",
    "func/sub-207_task-memtest1_acq-normal_run-01_echo-1_sbref.nii.gz",
    "func/sub-207_task-memtest1_acq-normal_run-01_echo-2_bold.nii.gz",
    "func/sub-207_task-memtest1_acq-normal_run-01_echo-2_sbref.nii.gz",
    "func/sub-207_task-memtest1_acq-normal_run-01_echo-3_bold.nii.gz",
    "func/sub-207_task-memtest1_acq-normal_run-01_echo-3_sbref.nii.gz",
    "func/sub-207_task-memtest1_acq-normal_run-01_echo-4_bold.nii.gz",
    "func/sub-207_task-memtest1_acq-normal_run-01_echo-4_sbref.nii.gz",
    "func/sub-207_task-memtest2_acq-normal_run-01_echo-1_bold.nii.gz",
    "func/sub-207_task-memtest2_acq-normal_run-01_echo-1_sbref.nii.gz",
    "func/sub-207_task-memtest2_acq-normal_run-01_echo-2_bold.nii.gz",
    "func/sub-207_task-memtest2_acq-normal_run-01_echo-2_sbref.nii.gz",
    "func/sub-207_task-memtest2_acq-normal_run-01_echo-3_bold.nii.gz",
    "func/sub-207_task-memtest2_acq-normal_run-01_echo-3_sbref.nii.gz",
    "func/sub-207_task-memtest2_acq-normal_run-01_echo-4_bold.nii.gz",
    "func/sub-207_task-memtest2_acq-normal_run-01_echo-4_sbref.nii.gz",
    "func/sub-207_task-pairedassociates1_acq-normal_run-01_echo-1_bold.nii.gz",
    "func/sub-207_task-pairedassociates1_acq-normal_run-01_echo-1_sbref.nii.gz",
    "func/sub-207_task-pairedassociates1_acq-normal_run-01_echo-2_bold.nii.gz",
    "func/sub-207_task-pairedassociates1_acq-normal_run-01_echo-2_sbref.nii.gz",
    "func/sub-207_task-pairedassociates1_acq-normal_run-01_echo-3_bold.nii.gz",
    "func/sub-207_task-pairedassociates1_acq-normal_run-01_echo-3_sbref.nii.gz",
    "func/sub-207_task-pairedassociates1_acq-normal_run-01_echo-4_bold.nii.gz",
    "func/sub-207_task-pairedassociates1_acq-normal_run-01_echo-4_sbref.nii.gz",
    "func/sub-207_task-pairedassociates2_acq-normal_run-01_echo-1_bold.nii.gz",
    "func/sub-207_task-pairedassociates2_acq-normal_run-01_echo-1_sbref.nii.gz",
    "func/sub-207_task-pairedassociates2_acq-normal_run-01_echo-2_bold.nii.gz",
    "func/sub-207_task-pairedassociates2_acq-normal_run-01_echo-2_sbref.nii.gz",
    "func/sub-207_task-pairedassociates2_acq-normal_run-01_echo-3_bold.nii.gz",
    "func/sub-207_task-pairedassociates2_acq-normal_run-01_echo-3_sbref.nii.gz",
    "func/sub-207_task-pairedassociates2_acq-normal_run-01_echo-4_bold.nii.gz",
    "func/sub-207_task-pairedassociates2_acq-normal_run-01_echo-4_sbref.nii.gz"
  ]
}