{
  "AcquisitionMatrixPE": 68,
  "AcquisitionNumber": 1,
  "AcquisitionTime": "13:53:41.280000",
  "BandwidthPerPixelPhaseEncode": 60.024,
  "BaseResolution": 68,
  "BodyPartExamined": "BRAIN",
  "CoilString": "HC1-7;NC1_2",
  "ConsistencyInfo": "N4_VE11C_LATEST_20160120",
  "ConversionSoftware": "dcm2niix",
  "ConversionSoftwareVersion": "v1.0.20190410  GCC6.3.0",
  "DerivedVendorReportedEchoSpacing": 0.00049,
  "DeviceSerialNumber": "166018",
  "DwellTime": 3e-06,
  "EchoTime": 0.0204,
  "EchoTrainLength": 33,
  "EffectiveEchoSpacing": 0.000245,
  "FlipAngle": 90,
  "ImageComments": "SENSE1",
  "ImageOrientationPatientDICOM": [0.99963, 0.02624, 0.00714648, -0.0240812, 0.976151, -0.215753],
  "ImageType": [
    "ORIGINAL",
    "PRIMARY",
    "M",
    "ND",
    "MOSAIC"
],
  "ImagingFrequency": 123.191,
  "InPlanePhaseEncodingDirectionDICOM": "COL",
  "InstitutionAddress": "Washington_Place_6_NYC_NYC_US_10003",
  "InstitutionName": "NYU_Center_for_Brain_Imaging",
  "InstitutionalDepartmentName": "Department",
  "MRAcquisitionType": "2D",
  "MagneticFieldStrength": 3,
  "Manufacturer": "Siemens",
  "ManufacturersModelName": "Prisma",
  "Modality": "MR",
  "ParallelReductionFactorInPlane": 2,
  "PartialFourier": 1,
  "PatientPosition": "HFS",
  "PercentPhaseFOV": 100,
  "PhaseEncodingDirection": "j",
  "PhaseEncodingSteps": 67,
  "PhaseResolution": 1,
  "PixelBandwidth": 2450,
  "ProcedureStepDescription": "Investigators_Hartley",
  "ProtocolName": "ME_SE_FieldMap_PA",
  "PulseSequenceDetails": "%CustomerSeq%_cmrr_mbep2d_se",
  "ReceiveCoilActiveElements": "HC1-7;NC1,2",
  "ReceiveCoilName": "HeadNeck_64",
  "ReconMatrixPE": 68,
  "RefLinesPE": 24,
  "RepetitionTime": 1.919,
  "SAR": 0.52905,
  "ScanOptions": "FS",
  "ScanningSequence": "EP",
  "SequenceName": "epse2d1_68",
  "SequenceVariant": "SK",
  "SeriesDescription": "ME_SE_FieldMap_PA",
  "SeriesNumber": 11,
  "ShimSetting": [265, -12646, -8433, 461, 64, -171, 0, -22],
  "SliceThickness": 3,
  "SliceTiming": [0.95, 0, 0.9925, 0.0425, 1.035, 0.085, 1.0775, 0.13, 1.1225, 0.1725, 1.165, 0.215, 1.2075, 0.2575, 1.25, 0.3025, 1.295, 0.345, 1.3375, 0.3875, 1.38, 0.43, 1.4225, 0.475, 1.4675, 0.5175, 1.51, 0.56, 1.5525, 0.6025, 1.595, 0.6475, 1.64, 0.69, 1.6825, 0.7325, 1.725, 0.775, 1.7675, 0.82, 1.8125, 0.8625, 1.855, 0.905],
  "SoftwareVersions": "syngo_MR_E11",
  "SpacingBetweenSlices": 3,
  "StationName": "AWP166018",
  "TotalReadoutTime": 0.016415,
  "TxRefAmp": 257.99,
  "WipMemBlock": "4e7de4a6-8662-4fbb-b033-a0b632b5315f||Sequence: R016 ve11c/master r/8780670; Nov 27 2017 15:08:10 by eja",
  "dcmmeta_affine": [
    [-2.9988903999328613, -0.07224369794130325, 0.03791220113635063, 102.74166107177734],
    [-0.07871999591588974, 2.928452968597412, -0.6465027928352356, -73.599365234375],
    [0.02143944799900055, 0.647258460521698, 2.9292657375335693, -77.50349426269531],
    [0.0, 0.0, 0.0, 1.0]
],
  "dcmmeta_reorient_transform": [
    [0.0, -1.0, 0.0, 67.0],
    [1.0, 0.0, 0.0, 0.0],
    [0.0, 0.0, 1.0, 0.0],
    [0.0, 0.0, 0.0, 1.0]
],
  "dcmmeta_shape": [68, 68, 44, 3],
  "dcmmeta_slice_dim": 2,
  "dcmmeta_version": 0.6,
  "global": {
    "const": {
      "AccessionNumber": "jyfwxnfz",
      "AcquisitionMatrix": [68, 0, 0, 68],
      "AngioFlag": "N",
      "BitsAllocated": 16,
      "BitsStored": 16,
      "BodyPartExamined": "BRAIN",
      "Columns": 476,
      "EchoNumbers": 1,
      "EchoTime": 20.4,
      "EchoTrainLength": 33,
      "FlipAngle": 90.0,
      "HighBit": 15,
      "ImageOrientationPatient": [0.99963012675569, 0.02623999747882, 0.0071464826811, -0.0240812334751, 0.97615101958358, -0.2157528242232],
      "ImagePositionPatient": [-694.93725775521, -736.07029577117, 93.529907872008],
      "ImageType": [
        "ORIGINAL",
        "PRIMARY",
        "M",
        "ND",
        "MOSAIC"
],
      "ImagedNucleus": "1H",
      "ImagingFrequency": 123.191111,
      "InPlanePhaseEncodingDirection": "COL",
      "MRAcquisitionType": "2D",
      "MagneticFieldStrength": 3.0,
      "Manufacturer": "SIEMENS",
      "ManufacturerModelName": "Prisma",
      "Modality": "MR",
      "NumberOfAverages": 1.0,
      "NumberOfPhaseEncodingSteps": 67,
      "PercentPhaseFieldOfView": 100.0,
      "PercentSampling": 100.0,
      "PerformedProcedureStepStartTime": "132625.905000",
      "PhotometricInterpretation": "MONOCHROME2",
      "PixelBandwidth": 2450.0,
      "PixelRepresentation": 0,
      "PixelSpacing": [3.0, 3.0],
      "ProtocolName": "ME_SE_FieldMap_PA",
      "RepetitionTime": 1919.0,
      "Rows": 476,
      "SAR": 0.52904969224196,
      "SamplesPerPixel": 1,
      "ScanOptions": "FS",
      "ScanningSequence": "EP",
      "SequenceName": "epse2d1_68",
      "SequenceVariant": "SK",
      "SeriesDescription": "ME_SE_FieldMap_PA",
      "SeriesNumber": 11,
      "SeriesTime": "135344.649000",
      "SliceLocation": -58.516984451861,
      "SliceThickness": 3.0,
      "SmallestImagePixelValue": 0,
      "SoftwareVersions": "syngo MR E11",
      "SpacingBetweenSlices": 3.0000000851139,
      "SpecificCharacterSet": "ISO_IR 100",
      "StudyID": "1",
      "StudyTime": "132625.824000",
      "TransmitCoilName": "Body",
      "VariableFlipAngleFlag": "N",
      "WindowCenterWidthExplanation": "Algo1",
      "dBdt": 0.0},
    "slices": {}
  },
  "time": {
    "samples": {
      "AcquisitionNumber": [1, 2, 3],
      "AcquisitionTime": ["135341.280000", "135343.197500", "135345.117500"],
      "ContentTime": ["135344.652000", "135344.655000", "135346.400000"],
      "InstanceCreationTime": ["135344.652000", "135344.655000", "135346.400000"],
      "InstanceNumber": [1, 2, 3],
      "LargestImagePixelValue": [51241, 49128, 50168],
      "WindowCenter": [11601.0, 11498.0, 11495.0],
      "WindowWidth": [24436.0, 24216.0, 24208.0]
    },
    "slices": {}
  },
  "IntendedFor": [
    "func/sub-196_task-freq1_acq-normal_run-01_echo-1_bold.nii.gz",
    "func/sub-196_task-freq1_acq-normal_run-01_echo-1_sbref.nii.gz",
    "func/sub-196_task-freq1_acq-normal_run-01_echo-2_bold.nii.gz",
    "func/sub-196_task-freq1_acq-normal_run-01_echo-2_sbref.nii.gz",
    "func/sub-196_task-freq1_acq-normal_run-01_echo-3_bold.nii.gz",
    "func/sub-196_task-freq1_acq-normal_run-01_echo-3_sbref.nii.gz",
    "func/sub-196_task-freq1_acq-normal_run-01_echo-4_bold.nii.gz",
    "func/sub-196_task-freq1_acq-normal_run-01_echo-4_sbref.nii.gz",
    "func/sub-196_task-freq2_acq-normal_run-01_echo-1_bold.nii.gz",
    "func/sub-196_task-freq2_acq-normal_run-01_echo-1_sbref.nii.gz",
    "func/sub-196_task-freq2_acq-normal_run-01_echo-2_bold.nii.gz",
    "func/sub-196_task-freq2_acq-normal_run-01_echo-2_sbref.nii.gz",
    "func/sub-196_task-freq2_acq-normal_run-01_echo-3_bold.nii.gz",
    "func/sub-196_task-freq2_acq-normal_run-01_echo-3_sbref.nii.gz",
    "func/sub-196_task-freq2_acq-normal_run-01_echo-4_bold.nii.gz",
    "func/sub-196_task-freq2_acq-normal_run-01_echo-4_sbref.nii.gz",
    "func/sub-196_task-freqreports1_acq-normal_run-01_echo-1_bold.nii.gz",
    "func/sub-196_task-freqreports1_acq-normal_run-01_echo-1_sbref.nii.gz",
    "func/sub-196_task-freqreports1_acq-normal_run-01_echo-2_bold.nii.gz",
    "func/sub-196_task-freqreports1_acq-normal_run-01_echo-2_sbref.nii.gz",
    "func/sub-196_task-freqreports1_acq-normal_run-01_echo-3_bold.nii.gz",
    "func/sub-196_task-freqreports1_acq-normal_run-01_echo-3_sbref.nii.gz",
    "func/sub-196_task-freqreports1_acq-normal_run-01_echo-4_bold.nii.gz",
    "func/sub-196_task-freqreports1_acq-normal_run-01_echo-4_sbref.nii.gz",
    "func/sub-196_task-freqreports2_acq-normal_run-01_echo-1_bold.nii.gz",
    "func/sub-196_task-freqreports2_acq-normal_run-01_echo-1_sbref.nii.gz",
    "func/sub-196_task-freqreports2_acq-normal_run-01_echo-2_bold.nii.gz",
    "func/sub-196_task-freqreports2_acq-normal_run-01_echo-2_sbref.nii.gz",
    "func/sub-196_task-freqreports2_acq-normal_run-01_echo-3_bold.nii.gz",
    "func/sub-196_task-freqreports2_acq-normal_run-01_echo-3_sbref.nii.gz",
    "func/sub-196_task-freqreports2_acq-normal_run-01_echo-4_bold.nii.gz",
    "func/sub-196_task-freqreports2_acq-normal_run-01_echo-4_sbref.nii.gz",
    "func/sub-196_task-memtest1_acq-normal_run-01_echo-1_bold.nii.gz",
    "func/sub-196_task-memtest1_acq-normal_run-01_echo-1_sbref.nii.gz",
    "func/sub-196_task-memtest1_acq-normal_run-01_echo-2_bold.nii.gz",
    "func/sub-196_task-memtest1_acq-normal_run-01_echo-2_sbref.nii.gz",
    "func/sub-196_task-memtest1_acq-normal_run-01_echo-3_bold.nii.gz",
    "func/sub-196_task-memtest1_acq-normal_run-01_echo-3_sbref.nii.gz",
    "func/sub-196_task-memtest1_acq-normal_run-01_echo-4_bold.nii.gz",
    "func/sub-196_task-memtest1_acq-normal_run-01_echo-4_sbref.nii.gz",
    "func/sub-196_task-memtest2_acq-normal_run-01_echo-1_bold.nii.gz",
    "func/sub-196_task-memtest2_acq-normal_run-01_echo-1_sbref.nii.gz",
    "func/sub-196_task-memtest2_acq-normal_run-01_echo-2_bold.nii.gz",
    "func/sub-196_task-memtest2_acq-normal_run-01_echo-2_sbref.nii.gz",
    "func/sub-196_task-memtest2_acq-normal_run-01_echo-3_bold.nii.gz",
    "func/sub-196_task-memtest2_acq-normal_run-01_echo-3_sbref.nii.gz",
    "func/sub-196_task-memtest2_acq-normal_run-01_echo-4_bold.nii.gz",
    "func/sub-196_task-memtest2_acq-normal_run-01_echo-4_sbref.nii.gz",
    "func/sub-196_task-pairedassociates1_acq-normal_run-01_echo-1_bold.nii.gz",
    "func/sub-196_task-pairedassociates1_acq-normal_run-01_echo-1_sbref.nii.gz",
    "func/sub-196_task-pairedassociates1_acq-normal_run-01_echo-2_bold.nii.gz",
    "func/sub-196_task-pairedassociates1_acq-normal_run-01_echo-2_sbref.nii.gz",
    "func/sub-196_task-pairedassociates1_acq-normal_run-01_echo-3_bold.nii.gz",
    "func/sub-196_task-pairedassociates1_acq-normal_run-01_echo-3_sbref.nii.gz",
    "func/sub-196_task-pairedassociates1_acq-normal_run-01_echo-4_bold.nii.gz",
    "func/sub-196_task-pairedassociates1_acq-normal_run-01_echo-4_sbref.nii.gz",
    "func/sub-196_task-pairedassociates2_acq-normal_run-01_echo-1_bold.nii.gz",
    "func/sub-196_task-pairedassociates2_acq-normal_run-01_echo-1_sbref.nii.gz",
    "func/sub-196_task-pairedassociates2_acq-normal_run-01_echo-2_bold.nii.gz",
    "func/sub-196_task-pairedassociates2_acq-normal_run-01_echo-2_sbref.nii.gz",
    "func/sub-196_task-pairedassociates2_acq-normal_run-01_echo-3_bold.nii.gz",
    "func/sub-196_task-pairedassociates2_acq-normal_run-01_echo-3_sbref.nii.gz",
    "func/sub-196_task-pairedassociates2_acq-normal_run-01_echo-4_bold.nii.gz",
    "func/sub-196_task-pairedassociates2_acq-normal_run-01_echo-4_sbref.nii.gz"
  ]
}