{
  "AcquisitionMatrixPE": 68,
  "AcquisitionNumber": 1,
  "AcquisitionTime": "12:03:23.295000",
  "BandwidthPerPixelPhaseEncode": 60.024,
  "BaseResolution": 68,
  "BodyPartExamined": "BRAIN",
  "CoilString": "HC1-7;NC1_2",
  "ConsistencyInfo": "N4_VE11C_LATEST_20160120",
  "ConversionSoftware": "dcm2niix",
  "ConversionSoftwareVersion": "v1.0.20190410  GCC6.3.0",
  "DerivedVendorReportedEchoSpacing": 0.00049,
  "DeviceSerialNumber": "166018",
  "DwellTime": 3e-06,
  "EchoTime": 0.0204,
  "EchoTrainLength": 33,
  "EffectiveEchoSpacing": 0.000245,
  "FlipAngle": 90,
  "ImageComments": "SENSE1",
  "ImageOrientationPatientDICOM": [0.995793, 0.0907672, 0.0125862, -0.0851945, 0.967609, -0.237645],
  "ImageType": [
    "ORIGINAL",
    "PRIMARY",
    "M",
    "ND",
    "MOSAIC"
],
  "ImagingFrequency": 123.191,
  "InPlanePhaseEncodingDirectionDICOM": "COL",
  "InstitutionAddress": "Washington_Place_6_NYC_NYC_US_10003",
  "InstitutionName": "NYU_-_CBI",
  "InstitutionalDepartmentName": "Department",
  "MRAcquisitionType": "2D",
  "MagneticFieldStrength": 3,
  "Manufacturer": "Siemens",
  "ManufacturersModelName": "Prisma",
  "Modality": "MR",
  "ParallelReductionFactorInPlane": 2,
  "PartialFourier": 1,
  "PatientPosition": "HFS",
  "PercentPhaseFOV": 100,
  "PhaseEncodingDirection": "j-",
  "PhaseEncodingSteps": 67,
  "PhaseResolution": 1,
  "PixelBandwidth": 2450,
  "ProcedureStepDescription": "Investigators_Hartley",
  "ProtocolName": "ME_SE_FieldMap_AP",
  "PulseSequenceDetails": "%CustomerSeq%_cmrr_mbep2d_se",
  "ReceiveCoilActiveElements": "HC1-7;NC1,2",
  "ReceiveCoilName": "HeadNeck_64",
  "ReconMatrixPE": 68,
  "RefLinesPE": 24,
  "RepetitionTime": 1.919,
  "SAR": 0.377445,
  "ScanOptions": "FS",
  "ScanningSequence": "EP",
  "SequenceName": "epse2d1_68",
  "SequenceVariant": "SK",
  "SeriesDescription": "ME_SE_FieldMap_AP",
  "SeriesNumber": 9,
  "ShimSetting": [243, -12656, -8398, 615, -13, -208, 54, -3],
  "SliceThickness": 3,
  "SliceTiming": [0.95, 0, 0.9925, 0.0425, 1.035, 0.0875, 1.08, 0.13, 1.1225, 0.1725, 1.165, 0.215, 1.2075, 0.26, 1.2525, 0.3025, 1.295, 0.345, 1.3375, 0.39, 1.38, 0.4325, 1.425, 0.475, 1.4675, 0.5175, 1.51, 0.5625, 1.555, 0.605, 1.5975, 0.6475, 1.64, 0.69, 1.6825, 0.735, 1.7275, 0.7775, 1.77, 0.82, 1.8125, 0.8625, 1.855, 0.9075],
  "SoftwareVersions": "syngo_MR_E11",
  "SpacingBetweenSlices": 3,
  "StationName": "AWP166018",
  "TotalReadoutTime": 0.016415,
  "TxRefAmp": 202.636,
  "WipMemBlock": "cb15b9e4-7272-47e8-b100-df609e54b275||Sequence: R016 ve11c/master r/8780670; Nov 27 2017 15:08:10 by eja",
  "dcmmeta_affine": [
    [-2.987377882003784, -0.25558358430862427, 0.10124673694372177, 109.0645751953125],
    [-0.2723016142845154, 2.9028260707855225, -0.7067194581031799, -63.53019332885742],
    [0.037758588790893555, 0.7129358649253845, 2.913811445236206, -66.7999038696289],
    [0.0, 0.0, 0.0, 1.0]
],
  "dcmmeta_reorient_transform": [
    [0.0, -1.0, 0.0, 67.0],
    [1.0, 0.0, 0.0, 0.0],
    [0.0, 0.0, 1.0, 0.0],
    [0.0, 0.0, 0.0, 1.0]
],
  "dcmmeta_shape": [68, 68, 44, 3],
  "dcmmeta_slice_dim": 2,
  "dcmmeta_version": 0.6,
  "global": {
    "const": {
      "AccessionNumber": "jumrq3gq",
      "AcquisitionMatrix": [68, 0, 0, 68],
      "AngioFlag": "N",
      "BitsAllocated": 16,
      "BitsStored": 16,
      "BodyPartExamined": "BRAIN",
      "Columns": 476,
      "EchoNumbers": 1,
      "EchoTime": 20.4,
      "EchoTrainLength": 33,
      "FlipAngle": 90.0,
      "HighBit": 15,
      "ImageOrientationPatient": [0.99579260035352, 0.09076720077673, 0.0125861965794, -0.0851945309418, 0.96760870706119, -0.2376452859136],
      "ImagePositionPatient": [-649.22649179625, -778.68521425157, 118.70296248973],
      "ImageType": [
        "ORIGINAL",
        "PRIMARY",
        "M",
        "ND",
        "MOSAIC"
],
      "ImagedNucleus": "1H",
      "ImagingFrequency": 123.191006,
      "InPlanePhaseEncodingDirection": "COL",
      "MRAcquisitionType": "2D",
      "MagneticFieldStrength": 3.0,
      "Manufacturer": "SIEMENS",
      "ManufacturerModelName": "Prisma",
      "Modality": "MR",
      "NumberOfAverages": 1.0,
      "NumberOfPhaseEncodingSteps": 67,
      "PercentPhaseFieldOfView": 100.0,
      "PercentSampling": 100.0,
      "PerformedProcedureStepStartTime": "114121.154000",
      "PhotometricInterpretation": "MONOCHROME2",
      "PixelBandwidth": 2450.0,
      "PixelRepresentation": 0,
      "PixelSpacing": [3.0, 3.0],
      "ProtocolName": "ME_SE_FieldMap_AP",
      "RepetitionTime": 1919.0,
      "Rows": 476,
      "SAR": 0.37744480723098,
      "SamplesPerPixel": 1,
      "ScanOptions": "FS",
      "ScanningSequence": "EP",
      "SequenceName": "epse2d1_68",
      "SequenceVariant": "SK",
      "SeriesDescription": "ME_SE_FieldMap_AP",
      "SeriesNumber": 9,
      "SeriesTime": "120330.487000",
      "SliceLocation": -46.233954750844,
      "SliceThickness": 3.0,
      "SmallestImagePixelValue": 0,
      "SoftwareVersions": "syngo MR E11",
      "SpacingBetweenSlices": 3.0000000704381,
      "SpecificCharacterSet": "ISO_IR 100",
      "StudyID": "1",
      "StudyTime": "114121.097000",
      "TransmitCoilName": "Body",
      "VariableFlipAngleFlag": "N",
      "WindowCenterWidthExplanation": "Algo1",
      "dBdt": 0.0},
    "slices": {}
  },
  "time": {
    "samples": {
      "AcquisitionNumber": [1, 2, 3],
      "AcquisitionTime": ["120323.295000", "120325.212500", "120327.132500"],
      "ContentTime": ["120330.490000", "120330.494000", "120330.497000"],
      "InstanceCreationTime": ["120330.490000", "120330.494000", "120330.497000"],
      "InstanceNumber": [1, 2, 3],
      "LargestImagePixelValue": [43254, 42668, 42723],
      "WindowCenter": [11179.0, 11095.0, 11104.0],
      "WindowWidth": [23587.0, 23404.0, 23423.0]
    },
    "slices": {}
  },
  "IntendedFor": [
    "func/sub-147_task-freq1_acq-normal_run-01_echo-1_bold.nii.gz",
    "func/sub-147_task-freq1_acq-normal_run-01_echo-1_sbref.nii.gz",
    "func/sub-147_task-freq1_acq-normal_run-01_echo-2_bold.nii.gz",
    "func/sub-147_task-freq1_acq-normal_run-01_echo-2_sbref.nii.gz",
    "func/sub-147_task-freq1_acq-normal_run-01_echo-3_bold.nii.gz",
    "func/sub-147_task-freq1_acq-normal_run-01_echo-3_sbref.nii.gz",
    "func/sub-147_task-freq1_acq-normal_run-01_echo-4_bold.nii.gz",
    "func/sub-147_task-freq1_acq-normal_run-01_echo-4_sbref.nii.gz",
    "func/sub-147_task-freq2_acq-normal_run-01_echo-1_bold.nii.gz",
    "func/sub-147_task-freq2_acq-normal_run-01_echo-1_sbref.nii.gz",
    "func/sub-147_task-freq2_acq-normal_run-01_echo-2_bold.nii.gz",
    "func/sub-147_task-freq2_acq-normal_run-01_echo-2_sbref.nii.gz",
    "func/sub-147_task-freq2_acq-normal_run-01_echo-3_bold.nii.gz",
    "func/sub-147_task-freq2_acq-normal_run-01_echo-3_sbref.nii.gz",
    "func/sub-147_task-freq2_acq-normal_run-01_echo-4_bold.nii.gz",
    "func/sub-147_task-freq2_acq-normal_run-01_echo-4_sbref.nii.gz",
    "func/sub-147_task-freqreports1_acq-normal_run-01_echo-1_bold.nii.gz",
    "func/sub-147_task-freqreports1_acq-normal_run-01_echo-1_sbref.nii.gz",
    "func/sub-147_task-freqreports1_acq-normal_run-01_echo-2_bold.nii.gz",
    "func/sub-147_task-freqreports1_acq-normal_run-01_echo-2_sbref.nii.gz",
    "func/sub-147_task-freqreports1_acq-normal_run-01_echo-3_bold.nii.gz",
    "func/sub-147_task-freqreports1_acq-normal_run-01_echo-3_sbref.nii.gz",
    "func/sub-147_task-freqreports1_acq-normal_run-01_echo-4_bold.nii.gz",
    "func/sub-147_task-freqreports1_acq-normal_run-01_echo-4_sbref.nii.gz",
    "func/sub-147_task-freqreports2_acq-normal_run-01_echo-1_bold.nii.gz",
    "func/sub-147_task-freqreports2_acq-normal_run-01_echo-1_sbref.nii.gz",
    "func/sub-147_task-freqreports2_acq-normal_run-01_echo-2_bold.nii.gz",
    "func/sub-147_task-freqreports2_acq-normal_run-01_echo-2_sbref.nii.gz",
    "func/sub-147_task-freqreports2_acq-normal_run-01_echo-3_bold.nii.gz",
    "func/sub-147_task-freqreports2_acq-normal_run-01_echo-3_sbref.nii.gz",
    "func/sub-147_task-freqreports2_acq-normal_run-01_echo-4_bold.nii.gz",
    "func/sub-147_task-freqreports2_acq-normal_run-01_echo-4_sbref.nii.gz",
    "func/sub-147_task-memtest1_acq-normal_run-01_echo-1_bold.nii.gz",
    "func/sub-147_task-memtest1_acq-normal_run-01_echo-1_sbref.nii.gz",
    "func/sub-147_task-memtest1_acq-normal_run-01_echo-2_bold.nii.gz",
    "func/sub-147_task-memtest1_acq-normal_run-01_echo-2_sbref.nii.gz",
    "func/sub-147_task-memtest1_acq-normal_run-01_echo-3_bold.nii.gz",
    "func/sub-147_task-memtest1_acq-normal_run-01_echo-3_sbref.nii.gz",
    "func/sub-147_task-memtest1_acq-normal_run-01_echo-4_bold.nii.gz",
    "func/sub-147_task-memtest1_acq-normal_run-01_echo-4_sbref.nii.gz",
    "func/sub-147_task-memtest2_acq-normal_run-01_echo-1_bold.nii.gz",
    "func/sub-147_task-memtest2_acq-normal_run-01_echo-1_sbref.nii.gz",
    "func/sub-147_task-memtest2_acq-normal_run-01_echo-2_bold.nii.gz",
    "func/sub-147_task-memtest2_acq-normal_run-01_echo-2_sbref.nii.gz",
    "func/sub-147_task-memtest2_acq-normal_run-01_echo-3_bold.nii.gz",
    "func/sub-147_task-memtest2_acq-normal_run-01_echo-3_sbref.nii.gz",
    "func/sub-147_task-memtest2_acq-normal_run-01_echo-4_bold.nii.gz",
    "func/sub-147_task-memtest2_acq-normal_run-01_echo-4_sbref.nii.gz",
    "func/sub-147_task-pairedassociates1_acq-normal_run-01_echo-1_bold.nii.gz",
    "func/sub-147_task-pairedassociates1_acq-normal_run-01_echo-1_sbref.nii.gz",
    "func/sub-147_task-pairedassociates1_acq-normal_run-01_echo-2_bold.nii.gz",
    "func/sub-147_task-pairedassociates1_acq-normal_run-01_echo-2_sbref.nii.gz",
    "func/sub-147_task-pairedassociates1_acq-normal_run-01_echo-3_bold.nii.gz",
    "func/sub-147_task-pairedassociates1_acq-normal_run-01_echo-3_sbref.nii.gz",
    "func/sub-147_task-pairedassociates1_acq-normal_run-01_echo-4_bold.nii.gz",
    "func/sub-147_task-pairedassociates1_acq-normal_run-01_echo-4_sbref.nii.gz",
    "func/sub-147_task-pairedassociates2_acq-normal_run-01_echo-1_bold.nii.gz",
    "func/sub-147_task-pairedassociates2_acq-normal_run-01_echo-1_sbref.nii.gz",
    "func/sub-147_task-pairedassociates2_acq-normal_run-01_echo-2_bold.nii.gz",
    "func/sub-147_task-pairedassociates2_acq-normal_run-01_echo-2_sbref.nii.gz",
    "func/sub-147_task-pairedassociates2_acq-normal_run-01_echo-3_bold.nii.gz",
    "func/sub-147_task-pairedassociates2_acq-normal_run-01_echo-3_sbref.nii.gz",
    "func/sub-147_task-pairedassociates2_acq-normal_run-01_echo-4_bold.nii.gz",
    "func/sub-147_task-pairedassociates2_acq-normal_run-01_echo-4_sbref.nii.gz"
  ]
}