{
  "AcquisitionMatrixPE": 68,
  "AcquisitionNumber": 1,
  "AcquisitionTime": "12:44:41.262500",
  "BandwidthPerPixelPhaseEncode": 60.024,
  "BaseResolution": 68,
  "BodyPartExamined": "BRAIN",
  "CoilString": "HC1-7;NC1_2",
  "ConsistencyInfo": "N4_VE11C_LATEST_20160120",
  "ConversionSoftware": "dcm2niix",
  "ConversionSoftwareVersion": "v1.0.20190410  GCC6.3.0",
  "DerivedVendorReportedEchoSpacing": 0.00049,
  "DeviceSerialNumber": "166018",
  "DwellTime": 3e-06,
  "EchoTime": 0.0204,
  "EchoTrainLength": 33,
  "EffectiveEchoSpacing": 0.000245,
  "FlipAngle": 90,
  "ImageComments": "SENSE1",
  "ImageOrientationPatientDICOM": [0.996465, 0.0629205, 0.0556593, -0.0530946, 0.985172, -0.163147],
  "ImageType": [
    "ORIGINAL",
    "PRIMARY",
    "M",
    "ND",
    "MOSAIC"
],
  "ImagingFrequency": 123.191,
  "InPlanePhaseEncodingDirectionDICOM": "COL",
  "InstitutionAddress": "Washington_Place_6_NYC_NYC_US_10003",
  "InstitutionName": "NYU_Center_for_Brain_Imaging",
  "InstitutionalDepartmentName": "Department",
  "MRAcquisitionType": "2D",
  "MagneticFieldStrength": 3,
  "Manufacturer": "Siemens",
  "ManufacturersModelName": "Prisma",
  "Modality": "MR",
  "ParallelReductionFactorInPlane": 2,
  "PartialFourier": 1,
  "PatientPosition": "HFS",
  "PercentPhaseFOV": 100,
  "PhaseEncodingDirection": "j",
  "PhaseEncodingSteps": 67,
  "PhaseResolution": 1,
  "PixelBandwidth": 2450,
  "ProcedureStepDescription": "Investigators_Hartley",
  "ProtocolName": "ME_SE_FieldMap_PA",
  "PulseSequenceDetails": "%CustomerSeq%_cmrr_mbep2d_se",
  "ReceiveCoilActiveElements": "HC1-7;NC1,2",
  "ReceiveCoilName": "HeadNeck_64",
  "ReconMatrixPE": 68,
  "RefLinesPE": 24,
  "RepetitionTime": 1.919,
  "SAR": 0.324973,
  "ScanOptions": "FS",
  "ScanningSequence": "EP",
  "SequenceName": "epse2d1_68",
  "SequenceVariant": "SK",
  "SeriesDescription": "ME_SE_FieldMap_PA",
  "SeriesNumber": 10,
  "ShimSetting": [287, -12668, -8422, 409, 26, -328, 61, -37],
  "SliceThickness": 3,
  "SliceTiming": [0.9475, 0, 0.9925, 0.0425, 1.035, 0.085, 1.0775, 0.1275, 1.12, 0.1725, 1.165, 0.215, 1.2075, 0.2575, 1.25, 0.3, 1.2925, 0.345, 1.3375, 0.3875, 1.38, 0.43, 1.4225, 0.4725, 1.465, 0.5175, 1.51, 0.56, 1.5525, 0.6025, 1.595, 0.645, 1.6375, 0.69, 1.6825, 0.7325, 1.725, 0.775, 1.7675, 0.82, 1.8125, 0.8625, 1.855, 0.905],
  "SoftwareVersions": "syngo_MR_E11",
  "SpacingBetweenSlices": 3,
  "StationName": "AWP166018",
  "TotalReadoutTime": 0.016415,
  "TxRefAmp": 200.995,
  "WipMemBlock": "c8217cda-9a8f-456b-b35e-c7a381e71da9||Sequence: R016 ve11c/master r/8780670; Nov 27 2017 15:08:10 by eja",
  "dcmmeta_affine": [
    [-2.9893958568573, -0.15928365290164948, 0.19529789686203003, 102.54194641113281],
    [-0.18876150250434875, 2.9555163383483887, -0.47884494066238403, -72.08099365234375],
    [0.16697797179222107, 0.48944059014320374, 2.955091714859009, -69.39559173583984],
    [0.0, 0.0, 0.0, 1.0]
],
  "dcmmeta_reorient_transform": [
    [0.0, -1.0, 0.0, 67.0],
    [1.0, 0.0, 0.0, 0.0],
    [0.0, 0.0, 1.0, 0.0],
    [0.0, 0.0, 0.0, 1.0]
],
  "dcmmeta_shape": [68, 68, 44, 3],
  "dcmmeta_slice_dim": 2,
  "dcmmeta_version": 0.6,
  "global": {
    "const": {
      "AccessionNumber": "jyov0wd0",
      "AcquisitionMatrix": [68, 0, 0, 68],
      "AngioFlag": "N",
      "BitsAllocated": 16,
      "BitsStored": 16,
      "BodyPartExamined": "BRAIN",
      "Columns": 476,
      "EchoNumbers": 1,
      "EchoTime": 20.4,
      "EchoTrainLength": 33,
      "FlipAngle": 90.0,
      "HighBit": 15,
      "ImageOrientationPatient": [0.99646527787865, 0.06292050110285, 0.05565932557256, -0.053094552356, 0.98517210134261, -0.1631468640407],
      "ImagePositionPatient": [-669.21282667767, -767.3712678653, 29.179299487721],
      "ImageType": [
        "ORIGINAL",
        "PRIMARY",
        "M",
        "ND",
        "MOSAIC"
],
      "ImagedNucleus": "1H",
      "ImagingFrequency": 123.191133,
      "InPlanePhaseEncodingDirection": "COL",
      "MRAcquisitionType": "2D",
      "MagneticFieldStrength": 3.0,
      "Manufacturer": "SIEMENS",
      "ManufacturerModelName": "Prisma",
      "Modality": "MR",
      "NumberOfAverages": 1.0,
      "NumberOfPhaseEncodingSteps": 67,
      "PercentPhaseFieldOfView": 100.0,
      "PercentSampling": 100.0,
      "PerformedProcedureStepStartTime": "121527.745000",
      "PhotometricInterpretation": "MONOCHROME2",
      "PixelBandwidth": 2450.0,
      "PixelRepresentation": 0,
      "PixelSpacing": [3.0, 3.0],
      "ProtocolName": "ME_SE_FieldMap_PA",
      "RepetitionTime": 1919.0,
      "Rows": 476,
      "SAR": 0.32497277243297,
      "SamplesPerPixel": 1,
      "ScanOptions": "FS",
      "ScanningSequence": "EP",
      "SequenceName": "epse2d1_68",
      "SequenceVariant": "SK",
      "SeriesDescription": "ME_SE_FieldMap_PA",
      "SeriesNumber": 10,
      "SeriesTime": "124446.859000",
      "SliceLocation": -50.176162775163,
      "SliceThickness": 3.0,
      "SmallestImagePixelValue": 0,
      "SoftwareVersions": "syngo MR E11",
      "SpacingBetweenSlices": 3.0000000281773,
      "SpecificCharacterSet": "ISO_IR 100",
      "StudyID": "1",
      "StudyTime": "121527.679000",
      "TransmitCoilName": "Body",
      "VariableFlipAngleFlag": "N",
      "WindowCenterWidthExplanation": "Algo1",
      "dBdt": 0.0},
    "slices": {}
  },
  "time": {
    "samples": {
      "AcquisitionNumber": [1, 2, 3],
      "AcquisitionTime": ["124441.262500", "124443.182500", "124445.102500"],
      "ContentTime": ["124446.862000", "124446.866000", "124446.869000"],
      "InstanceCreationTime": ["124446.862000", "124446.866000", "124446.869000"],
      "InstanceNumber": [1, 2, 3],
      "LargestImagePixelValue": [65535, 64450, 63832],
      "WindowCenter": [11130.0, 11036.0, 11053.0],
      "WindowWidth": [23427.0, 23222.0, 23264.0]
    },
    "slices": {}
  },
  "IntendedFor": [
    "func/sub-204_task-freq1_acq-normal_run-01_echo-1_bold.nii.gz",
    "func/sub-204_task-freq1_acq-normal_run-01_echo-1_sbref.nii.gz",
    "func/sub-204_task-freq1_acq-normal_run-01_echo-2_bold.nii.gz",
    "func/sub-204_task-freq1_acq-normal_run-01_echo-2_sbref.nii.gz",
    "func/sub-204_task-freq1_acq-normal_run-01_echo-3_bold.nii.gz",
    "func/sub-204_task-freq1_acq-normal_run-01_echo-3_sbref.nii.gz",
    "func/sub-204_task-freq1_acq-normal_run-01_echo-4_bold.nii.gz",
    "func/sub-204_task-freq1_acq-normal_run-01_echo-4_sbref.nii.gz",
    "func/sub-204_task-freq2_acq-normal_run-01_echo-1_bold.nii.gz",
    "func/sub-204_task-freq2_acq-normal_run-01_echo-1_sbref.nii.gz",
    "func/sub-204_task-freq2_acq-normal_run-01_echo-2_bold.nii.gz",
    "func/sub-204_task-freq2_acq-normal_run-01_echo-2_sbref.nii.gz",
    "func/sub-204_task-freq2_acq-normal_run-01_echo-3_bold.nii.gz",
    "func/sub-204_task-freq2_acq-normal_run-01_echo-3_sbref.nii.gz",
    "func/sub-204_task-freq2_acq-normal_run-01_echo-4_bold.nii.gz",
    "func/sub-204_task-freq2_acq-normal_run-01_echo-4_sbref.nii.gz",
    "func/sub-204_task-freqreports1_acq-normal_run-01_echo-1_bold.nii.gz",
    "func/sub-204_task-freqreports1_acq-normal_run-01_echo-1_sbref.nii.gz",
    "func/sub-204_task-freqreports1_acq-normal_run-01_echo-2_bold.nii.gz",
    "func/sub-204_task-freqreports1_acq-normal_run-01_echo-2_sbref.nii.gz",
    "func/sub-204_task-freqreports1_acq-normal_run-01_echo-3_bold.nii.gz",
    "func/sub-204_task-freqreports1_acq-normal_run-01_echo-3_sbref.nii.gz",
    "func/sub-204_task-freqreports1_acq-normal_run-01_echo-4_bold.nii.gz",
    "func/sub-204_task-freqreports1_acq-normal_run-01_echo-4_sbref.nii.gz",
    "func/sub-204_task-freqreports2_acq-normal_run-01_echo-1_bold.nii.gz",
    "func/sub-204_task-freqreports2_acq-normal_run-01_echo-1_sbref.nii.gz",
    "func/sub-204_task-freqreports2_acq-normal_run-01_echo-2_bold.nii.gz",
    "func/sub-204_task-freqreports2_acq-normal_run-01_echo-2_sbref.nii.gz",
    "func/sub-204_task-freqreports2_acq-normal_run-01_echo-3_bold.nii.gz",
    "func/sub-204_task-freqreports2_acq-normal_run-01_echo-3_sbref.nii.gz",
    "func/sub-204_task-freqreports2_acq-normal_run-01_echo-4_bold.nii.gz",
    "func/sub-204_task-freqreports2_acq-normal_run-01_echo-4_sbref.nii.gz",
    "func/sub-204_task-memtest1_acq-normal_run-01_echo-1_bold.nii.gz",
    "func/sub-204_task-memtest1_acq-normal_run-01_echo-1_sbref.nii.gz",
    "func/sub-204_task-memtest1_acq-normal_run-01_echo-2_bold.nii.gz",
    "func/sub-204_task-memtest1_acq-normal_run-01_echo-2_sbref.nii.gz",
    "func/sub-204_task-memtest1_acq-normal_run-01_echo-3_bold.nii.gz",
    "func/sub-204_task-memtest1_acq-normal_run-01_echo-3_sbref.nii.gz",
    "func/sub-204_task-memtest1_acq-normal_run-01_echo-4_bold.nii.gz",
    "func/sub-204_task-memtest1_acq-normal_run-01_echo-4_sbref.nii.gz",
    "func/sub-204_task-memtest2_acq-normal_run-01_echo-1_bold.nii.gz",
    "func/sub-204_task-memtest2_acq-normal_run-01_echo-1_sbref.nii.gz",
    "func/sub-204_task-memtest2_acq-normal_run-01_echo-2_bold.nii.gz",
    "func/sub-204_task-memtest2_acq-normal_run-01_echo-2_sbref.nii.gz",
    "func/sub-204_task-memtest2_acq-normal_run-01_echo-3_bold.nii.gz",
    "func/sub-204_task-memtest2_acq-normal_run-01_echo-3_sbref.nii.gz",
    "func/sub-204_task-memtest2_acq-normal_run-01_echo-4_bold.nii.gz",
    "func/sub-204_task-memtest2_acq-normal_run-01_echo-4_sbref.nii.gz",
    "func/sub-204_task-pairedassociates1_acq-normal_run-01_echo-1_bold.nii.gz",
    "func/sub-204_task-pairedassociates1_acq-normal_run-01_echo-1_sbref.nii.gz",
    "func/sub-204_task-pairedassociates1_acq-normal_run-01_echo-2_bold.nii.gz",
    "func/sub-204_task-pairedassociates1_acq-normal_run-01_echo-2_sbref.nii.gz",
    "func/sub-204_task-pairedassociates1_acq-normal_run-01_echo-3_bold.nii.gz",
    "func/sub-204_task-pairedassociates1_acq-normal_run-01_echo-3_sbref.nii.gz",
    "func/sub-204_task-pairedassociates1_acq-normal_run-01_echo-4_bold.nii.gz",
    "func/sub-204_task-pairedassociates1_acq-normal_run-01_echo-4_sbref.nii.gz",
    "func/sub-204_task-pairedassociates2_acq-normal_run-01_echo-1_bold.nii.gz",
    "func/sub-204_task-pairedassociates2_acq-normal_run-01_echo-1_sbref.nii.gz",
    "func/sub-204_task-pairedassociates2_acq-normal_run-01_echo-2_bold.nii.gz",
    "func/sub-204_task-pairedassociates2_acq-normal_run-01_echo-2_sbref.nii.gz",
    "func/sub-204_task-pairedassociates2_acq-normal_run-01_echo-3_bold.nii.gz",
    "func/sub-204_task-pairedassociates2_acq-normal_run-01_echo-3_sbref.nii.gz",
    "func/sub-204_task-pairedassociates2_acq-normal_run-01_echo-4_bold.nii.gz",
    "func/sub-204_task-pairedassociates2_acq-normal_run-01_echo-4_sbref.nii.gz"
  ]
}