{
  "AcquisitionMatrixPE": 128,
  "AcquisitionNumber": 1,
  "AcquisitionTime": "15:40:35.170000",
  "BaseResolution": 128,
  "BodyPartExamined": "BRAIN",
  "ConsistencyInfo": "N4_VE11C_LATEST_20160120",
  "ConversionSoftware": "dcm2niix",
  "ConversionSoftwareVersion": "v1.0.20190410  GCC6.3.0",
  "DeviceSerialNumber": "166018",
  "DwellTime": 7.3e-06,
  "EchoTime": 0.00103,
  "FlipAngle": 3,
  "ImageOrientationPatientDICOM": [-0.0765775, 0.996277, 0.0396069, 0.00639977, 0.0402138, -0.999171],
  "ImageType": [
    "ORIGINAL",
    "PRIMARY",
    "M",
    "ND"
],
  "ImagingFrequency": 123.191,
  "InPlanePhaseEncodingDirectionDICOM": "ROW",
  "InstitutionAddress": "Washington_Place_6_NYC_NYC_US_10003",
  "InstitutionName": "NYU_Center_for_Brain_Imaging",
  "InstitutionalDepartmentName": "Department",
  "MRAcquisitionType": "3D",
  "MagneticFieldStrength": 3,
  "Manufacturer": "Siemens",
  "ManufacturersModelName": "Prisma",
  "Modality": "MR",
  "PartialFourier": 0.75,
  "PatientPosition": "HFS",
  "PercentPhaseFOV": 100,
  "PhaseEncodingSteps": 96,
  "PhaseResolution": 1,
  "PixelBandwidth": 535,
  "ProcedureStepDescription": "Investigators_Hartley",
  "ProtocolName": "BIAS_BodyCoil",
  "PulseSequenceDetails": "%SiemensSeq%_tfl",
  "ReceiveCoilActiveElements": "BC",
  "ReceiveCoilName": "Body",
  "ReconMatrixPE": 128,
  "RepetitionTime": 0.25,
  "SAR": 0.0114168,
  "ScanOptions": "PFP",
  "ScanningSequence": "GR",
  "SequenceName": "_tfl3d1_16ns",
  "SequenceVariant": "SK_SP",
  "SeriesDescription": "BIAS_BodyCoil",
  "SeriesNumber": 5,
  "ShimSetting": [246, -12575, -8554, 263, -71, -189, 305, 33],
  "SliceThickness": 2,
  "SoftwareVersions": "syngo_MR_E11",
  "StationName": "AWP166018",
  "TxRefAmp": 207.092,
  "dcmmeta_affine": [
    [1.9940861463546753, -0.15315495431423187, 0.01279954519122839, -76.94612884521484],
    [0.15252098441123962, 1.9925533533096313, 0.08042766153812408, -140.2358856201172],
    [-0.018910834565758705, -0.07921374589204788, 1.9983412027359009, -117.51777648925781],
    [0.0, 0.0, 0.0, 1.0]
],
  "dcmmeta_reorient_transform": [
    [0.0, 0.0, -1.0, 127.0],
    [0.0, -1.0, 0.0, 127.0],
    [-1.0, 0.0, 0.0, 87.0],
    [0.0, 0.0, 0.0, 1.0]
],
  "dcmmeta_shape": [88, 128, 128],
  "dcmmeta_slice_dim": 0,
  "dcmmeta_version": 0.6,
  "global": {
    "const": {
      "AccessionNumber": "jyq6cyvL",
      "AcquisitionMatrix": [0, 128, 128, 0],
      "AcquisitionNumber": 1,
      "AcquisitionTime": "154035.170000",
      "AngioFlag": "N",
      "BitsAllocated": 16,
      "BitsStored": 12,
      "BodyPartExamined": "BRAIN",
      "Columns": 128,
      "EchoNumbers": 1,
      "EchoTime": 1.03,
      "EchoTrainLength": 1,
      "FlipAngle": 3.0,
      "HighBit": 11,
      "ImageOrientationPatient": [-0.0765774785805, 0.99627666110881, 0.03960687193081, 0.00639977249242, 0.040213830207, -0.9991706014351],
      "ImageType": [
        "ORIGINAL",
        "PRIMARY",
        "M",
        "ND"
],
      "ImagedNucleus": "1H",
      "ImagingFrequency": 123.190917,
      "InPlanePhaseEncodingDirection": "ROW",
      "MRAcquisitionType": "3D",
      "MagneticFieldStrength": 3.0,
      "Manufacturer": "SIEMENS",
      "ManufacturerModelName": "Prisma",
      "Modality": "MR",
      "NumberOfAverages": 1.0,
      "NumberOfPhaseEncodingSteps": 96,
      "PercentPhaseFieldOfView": 100.0,
      "PercentSampling": 100.0,
      "PerformedProcedureStepStartTime": "152724.229000",
      "PhotometricInterpretation": "MONOCHROME2",
      "PixelBandwidth": 535.0,
      "PixelRepresentation": 0,
      "PixelSpacing": [2.0, 2.0],
      "ProtocolName": "BIAS_BodyCoil",
      "RepetitionTime": 250.0,
      "Rows": 128,
      "SAR": 0.0114168072213,
      "SamplesPerPixel": 1,
      "ScanOptions": "PFP",
      "ScanningSequence": "GR",
      "SequenceName": "*tfl3d1_16ns",
      "SequenceVariant": [
        "SK",
        "SP"
],
      "SeriesDescription": "BIAS_BodyCoil",
      "SeriesNumber": 5,
      "SeriesTime": "154100.137000",
      "SliceThickness": 2.0,
      "SmallestImagePixelValue": 0,
      "SoftwareVersions": "syngo MR E11",
      "SpecificCharacterSet": "ISO_IR 100",
      "StudyID": "1",
      "StudyTime": "152724.176000",
      "TransmitCoilName": "Body",
      "VariableFlipAngleFlag": "N",
      "WindowCenterWidthExplanation": "Algo1",
      "dBdt": 0.0},
