{
  "AcquisitionMatrixPE": 68,
  "AcquisitionNumber": 1,
  "AcquisitionTime": "14:07:42.290000",
  "BandwidthPerPixelPhaseEncode": 60.024,
  "BaseResolution": 68,
  "BodyPartExamined": "BRAIN",
  "CoilString": "HC1-7;NC1_2",
  "ConsistencyInfo": "N4_VE11C_LATEST_20160120",
  "ConversionSoftware": "dcm2niix",
  "ConversionSoftwareVersion": "v1.0.20190410  GCC6.3.0",
  "DerivedVendorReportedEchoSpacing": 0.00049,
  "DeviceSerialNumber": "166018",
  "DwellTime": 3e-06,
  "EchoTime": 0.0204,
  "EchoTrainLength": 33,
  "EffectiveEchoSpacing": 0.000245,
  "FlipAngle": 90,
  "ImageComments": "SENSE1",
  "ImageOrientationPatientDICOM": [0.989644, 0.136541, -0.0442877, -0.142963, 0.965289, -0.218583],
  "ImageType": [
    "ORIGINAL",
    "PRIMARY",
    "M",
    "ND",
    "MOSAIC"
],
  "ImagingFrequency": 123.191,
  "InPlanePhaseEncodingDirectionDICOM": "COL",
  "InstitutionAddress": "Washington_Place_6_NYC_NYC_US_10003",
  "InstitutionName": "NYU_-_CBI",
  "InstitutionalDepartmentName": "Department",
  "MRAcquisitionType": "2D",
  "MagneticFieldStrength": 3,
  "Manufacturer": "Siemens",
  "ManufacturersModelName": "Prisma",
  "Modality": "MR",
  "ParallelReductionFactorInPlane": 2,
  "PartialFourier": 1,
  "PatientPosition": "HFS",
  "PercentPhaseFOV": 100,
  "PhaseEncodingDirection": "j-",
  "PhaseEncodingSteps": 67,
  "PhaseResolution": 1,
  "PixelBandwidth": 2450,
  "ProcedureStepDescription": "Investigators_Hartley",
  "ProtocolName": "ME_SE_FieldMap_AP",
  "PulseSequenceDetails": "%CustomerSeq%_cmrr_mbep2d_se",
  "ReceiveCoilActiveElements": "HC1-7;NC1,2",
  "ReceiveCoilName": "HeadNeck_64",
  "ReconMatrixPE": 68,
  "RefLinesPE": 24,
  "RepetitionTime": 1.919,
  "SAR": 0.373915,
  "ScanOptions": "FS",
  "ScanningSequence": "EP",
  "SequenceName": "epse2d1_68",
  "SequenceVariant": "SK",
  "SeriesDescription": "ME_SE_FieldMap_AP",
  "SeriesNumber": 10,
  "ShimSetting": [232, -12702, -8420, 653, 3, -155, 46, -21],
  "SliceThickness": 3,
  "SliceTiming": [0.9475, 0, 0.9925, 0.0425, 1.035, 0.085, 1.0775, 0.1275, 1.12, 0.1725, 1.165, 0.215, 1.2075, 0.2575, 1.25, 0.3025, 1.2925, 0.345, 1.3375, 0.3875, 1.38, 0.43, 1.4225, 0.475, 1.4675, 0.5175, 1.51, 0.56, 1.5525, 0.6025, 1.595, 0.6475, 1.64, 0.69, 1.6825, 0.7325, 1.725, 0.775, 1.7675, 0.82, 1.8125, 0.8625, 1.855, 0.905],
  "SoftwareVersions": "syngo_MR_E11",
  "SpacingBetweenSlices": 3,
  "StationName": "AWP166018",
  "TotalReadoutTime": 0.016415,
  "TxRefAmp": 206.255,
  "WipMemBlock": "f389b662-9efd-44cb-97eb-f4423941a32d||Sequence: R016 ve11c/master r/8780670; Nov 27 2017 15:08:10 by eja",
  "dcmmeta_affine": [
    [-2.9689319133758545, -0.4288875460624695, -0.038714755326509476, 116.65837860107422],
    [-0.4096226692199707, 2.895867347717285, -0.6679530143737793, -61.054344177246094],
    [-0.13286316394805908, 0.655749499797821, 2.9244384765625, -61.15524673461914],
    [0.0, 0.0, 0.0, 1.0]
],
  "dcmmeta_reorient_transform": [
    [0.0, -1.0, 0.0, 67.0],
    [1.0, 0.0, 0.0, 0.0],
    [0.0, 0.0, 1.0, 0.0],
    [0.0, 0.0, 0.0, 1.0]
],
  "dcmmeta_shape": [68, 68, 44, 3],
  "dcmmeta_slice_dim": 2,
  "dcmmeta_version": 0.6,
  "global": {
    "const": {
      "AccessionNumber": "juo12tim",
      "AcquisitionMatrix": [68, 0, 0, 68],
      "AngioFlag": "N",
      "BitsAllocated": 16,
      "BitsStored": 16,
      "BodyPartExamined": "BRAIN",
      "Columns": 476,
      "EchoNumbers": 1,
      "EchoTime": 20.4,
      "EchoTrainLength": 33,
      "FlipAngle": 90.0,
      "HighBit": 15,
      "ImageOrientationPatient": [0.98964396815689, 0.13654088710489, -0.0442877233474, -0.1429625104497, 0.96528913598793, -0.218583175358],
      "ImagePositionPatient": [-606.09196538875, -807.28874593957, 143.65696187338],
      "ImageType": [
        "ORIGINAL",
        "PRIMARY",
        "M",
        "ND",
        "MOSAIC"
],
      "ImagedNucleus": "1H",
      "ImagingFrequency": 123.190869,
      "InPlanePhaseEncodingDirection": "COL",
      "MRAcquisitionType": "2D",
      "MagneticFieldStrength": 3.0,
      "Manufacturer": "SIEMENS",
      "ManufacturerModelName": "Prisma",
      "Modality": "MR",
      "NumberOfAverages": 1.0,
      "NumberOfPhaseEncodingSteps": 67,
      "PercentPhaseFieldOfView": 100.0,
      "PercentSampling": 100.0,
      "PerformedProcedureStepStartTime": "133911.622000",
      "PhotometricInterpretation": "MONOCHROME2",
      "PixelBandwidth": 2450.0,
      "PixelRepresentation": 0,
      "PixelSpacing": [3.0, 3.0],
      "ProtocolName": "ME_SE_FieldMap_AP",
      "RepetitionTime": 1919.0,
      "Rows": 476,
      "SAR": 0.37391539573241,
      "SamplesPerPixel": 1,
      "ScanOptions": "FS",
      "ScanningSequence": "EP",
      "SequenceName": "epse2d1_68",
      "SequenceVariant": "SK",
      "SeriesDescription": "ME_SE_FieldMap_AP",
      "SeriesNumber": 10,
      "SeriesTime": "140746.276000",
      "SliceLocation": -47.526572464689,
      "SliceThickness": 3.0,
      "SmallestImagePixelValue": 0,
      "SoftwareVersions": "syngo MR E11",
      "SpacingBetweenSlices": 3.0000000749266,
      "SpecificCharacterSet": "ISO_IR 100",
      "StudyID": "1",
      "StudyTime": "133911.537000",
      "TransmitCoilName": "Body",
      "VariableFlipAngleFlag": "N",
      "WindowCenterWidthExplanation": "Algo1",
      "dBdt": 0.0},
    "slices": {}
  },
  "time": {
    "samples": {
      "AcquisitionNumber": [1, 2, 3],
      "AcquisitionTime": ["140742.290000", "140744.210000", "140746.130000"],
      "ContentTime": ["140746.279000", "140746.283000", "140748.045000"],
      "InstanceCreationTime": ["140746.279000", "140746.283000", "140748.045000"],
      "InstanceNumber": [1, 2, 3],
      "LargestImagePixelValue": [46005, 45434, 44892],
      "WindowCenter": [11908.0, 11790.0, 11793.0],
      "WindowWidth": [25360.0, 25081.0, 25104.0]
    },
    "slices": {}
  },
  "IntendedFor": [
    "func/sub-143_task-freq1_acq-normal_run-01_echo-1_bold.nii.gz",
    "func/sub-143_task-freq1_acq-normal_run-01_echo-1_sbref.nii.gz",
    "func/sub-143_task-freq1_acq-normal_run-01_echo-2_bold.nii.gz",
    "func/sub-143_task-freq1_acq-normal_run-01_echo-2_sbref.nii.gz",
    "func/sub-143_task-freq1_acq-normal_run-01_echo-3_bold.nii.gz",
    "func/sub-143_task-freq1_acq-normal_run-01_echo-3_sbref.nii.gz",
    "func/sub-143_task-freq1_acq-normal_run-01_echo-4_bold.nii.gz",
    "func/sub-143_task-freq1_acq-normal_run-01_echo-4_sbref.nii.gz",
    "func/sub-143_task-freq2_acq-normal_run-01_echo-1_bold.nii.gz",
    "func/sub-143_task-freq2_acq-normal_run-01_echo-1_sbref.nii.gz",
    "func/sub-143_task-freq2_acq-normal_run-01_echo-2_bold.nii.gz",
    "func/sub-143_task-freq2_acq-normal_run-01_echo-2_sbref.nii.gz",
    "func/sub-143_task-freq2_acq-normal_run-01_echo-3_bold.nii.gz",
    "func/sub-143_task-freq2_acq-normal_run-01_echo-3_sbref.nii.gz",
    "func/sub-143_task-freq2_acq-normal_run-01_echo-4_bold.nii.gz",
    "func/sub-143_task-freq2_acq-normal_run-01_echo-4_sbref.nii.gz",
    "func/sub-143_task-freqreports1_acq-normal_run-01_echo-1_bold.nii.gz",
    "func/sub-143_task-freqreports1_acq-normal_run-01_echo-1_sbref.nii.gz",
    "func/sub-143_task-freqreports1_acq-normal_run-01_echo-2_bold.nii.gz",
    "func/sub-143_task-freqreports1_acq-normal_run-01_echo-2_sbref.nii.gz",
    "func/sub-143_task-freqreports1_acq-normal_run-01_echo-3_bold.nii.gz",
    "func/sub-143_task-freqreports1_acq-normal_run-01_echo-3_sbref.nii.gz",
    "func/sub-143_task-freqreports1_acq-normal_run-01_echo-4_bold.nii.gz",
    "func/sub-143_task-freqreports1_acq-normal_run-01_echo-4_sbref.nii.gz",
    "func/sub-143_task-freqreports2_acq-normal_run-01_echo-1_bold.nii.gz",
    "func/sub-143_task-freqreports2_acq-normal_run-01_echo-1_sbref.nii.gz",
    "func/sub-143_task-freqreports2_acq-normal_run-01_echo-2_bold.nii.gz",
    "func/sub-143_task-freqreports2_acq-normal_run-01_echo-2_sbref.nii.gz",
    "func/sub-143_task-freqreports2_acq-normal_run-01_echo-3_bold.nii.gz",
    "func/sub-143_task-freqreports2_acq-normal_run-01_echo-3_sbref.nii.gz",
    "func/sub-143_task-freqreports2_acq-normal_run-01_echo-4_bold.nii.gz",
    "func/sub-143_task-freqreports2_acq-normal_run-01_echo-4_sbref.nii.gz",
    "func/sub-143_task-memtest1_acq-normal_run-01_echo-1_bold.nii.gz",
    "func/sub-143_task-memtest1_acq-normal_run-01_echo-1_sbref.nii.gz",
    "func/sub-143_task-memtest1_acq-normal_run-01_echo-2_bold.nii.gz",
    "func/sub-143_task-memtest1_acq-normal_run-01_echo-2_sbref.nii.gz",
    "func/sub-143_task-memtest1_acq-normal_run-01_echo-3_bold.nii.gz",
    "func/sub-143_task-memtest1_acq-normal_run-01_echo-3_sbref.nii.gz",
    "func/sub-143_task-memtest1_acq-normal_run-01_echo-4_bold.nii.gz",
    "func/sub-143_task-memtest1_acq-normal_run-01_echo-4_sbref.nii.gz",
    "func/sub-143_task-memtest2_acq-normal_run-01_echo-1_bold.nii.gz",
    "func/sub-143_task-memtest2_acq-normal_run-01_echo-1_sbref.nii.gz",
    "func/sub-143_task-memtest2_acq-normal_run-01_echo-2_bold.nii.gz",
    "func/sub-143_task-memtest2_acq-normal_run-01_echo-2_sbref.nii.gz",
    "func/sub-143_task-memtest2_acq-normal_run-01_echo-3_bold.nii.gz",
    "func/sub-143_task-memtest2_acq-normal_run-01_echo-3_sbref.nii.gz",
    "func/sub-143_task-memtest2_acq-normal_run-01_echo-4_bold.nii.gz",
    "func/sub-143_task-memtest2_acq-normal_run-01_echo-4_sbref.nii.gz",
    "func/sub-143_task-pairedassociates1_acq-normal_run-01_echo-1_bold.nii.gz",
    "func/sub-143_task-pairedassociates1_acq-normal_run-01_echo-1_sbref.nii.gz",
    "func/sub-143_task-pairedassociates1_acq-normal_run-01_echo-2_bold.nii.gz",
    "func/sub-143_task-pairedassociates1_acq-normal_run-01_echo-2_sbref.nii.gz",
    "func/sub-143_task-pairedassociates1_acq-normal_run-01_echo-3_bold.nii.gz",
    "func/sub-143_task-pairedassociates1_acq-normal_run-01_echo-3_sbref.nii.gz",
    "func/sub-143_task-pairedassociates1_acq-normal_run-01_echo-4_bold.nii.gz",
    "func/sub-143_task-pairedassociates1_acq-normal_run-01_echo-4_sbref.nii.gz",
    "func/sub-143_task-pairedassociates2_acq-normal_run-01_echo-1_bold.nii.gz",
    "func/sub-143_task-pairedassociates2_acq-normal_run-01_echo-1_sbref.nii.gz",
    "func/sub-143_task-pairedassociates2_acq-normal_run-01_echo-2_bold.nii.gz",
    "func/sub-143_task-pairedassociates2_acq-normal_run-01_echo-2_sbref.nii.gz",
    "func/sub-143_task-pairedassociates2_acq-normal_run-01_echo-3_bold.nii.gz",
    "func/sub-143_task-pairedassociates2_acq-normal_run-01_echo-3_sbref.nii.gz",
    "func/sub-143_task-pairedassociates2_acq-normal_run-01_echo-4_bold.nii.gz",
    "func/sub-143_task-pairedassociates2_acq-normal_run-01_echo-4_sbref.nii.gz"
  ]
}