{
  "AcquisitionMatrixPE": 68,
  "AcquisitionNumber": 1,
  "AcquisitionTime": "14:59:16.290000",
  "BandwidthPerPixelPhaseEncode": 60.024,
  "BaseResolution": 68,
  "BodyPartExamined": "BRAIN",
  "CoilString": "HC1-7;NC1_2",
  "ConsistencyInfo": "N4_VE11C_LATEST_20160120",
  "ConversionSoftware": "dcm2niix",
  "ConversionSoftwareVersion": "v1.0.20190410  GCC6.3.0",
  "DerivedVendorReportedEchoSpacing": 0.00049,
  "DeviceSerialNumber": "166018",
  "DwellTime": 3e-06,
  "EchoTime": 0.0204,
  "EchoTrainLength": 33,
  "EffectiveEchoSpacing": 0.000245,
  "FlipAngle": 90,
  "ImageComments": "SENSE1",
  "ImageOrientationPatientDICOM": [0.992526, 0.109501, 0.0538712, -0.0939961, 0.967494, -0.234778],
  "ImageType": [
    "ORIGINAL",
    "PRIMARY",
    "M",
    "ND",
    "MOSAIC"
],
  "ImagingFrequency": 123.191,
  "InPlanePhaseEncodingDirectionDICOM": "COL",
  "InstitutionAddress": "Washington_Place_6_NYC_NYC_US_10003",
  "InstitutionName": "NYU_-_CBI",
  "InstitutionalDepartmentName": "Department",
  "MRAcquisitionType": "2D",
  "MagneticFieldStrength": 3,
  "Manufacturer": "Siemens",
  "ManufacturersModelName": "Prisma",
  "Modality": "MR",
  "ParallelReductionFactorInPlane": 2,
  "PartialFourier": 1,
  "PatientPosition": "HFS",
  "PercentPhaseFOV": 100,
  "PhaseEncodingDirection": "j-",
  "PhaseEncodingSteps": 67,
  "PhaseResolution": 1,
  "PixelBandwidth": 2450,
  "ProcedureStepDescription": "Investigators_Hartley",
  "ProtocolName": "ME_SE_FieldMap_AP",
  "PulseSequenceDetails": "%CustomerSeq%_cmrr_mbep2d_se",
  "ReceiveCoilActiveElements": "HC1-7;NC1,2",
  "ReceiveCoilName": "HeadNeck_64",
  "ReconMatrixPE": 68,
  "RefLinesPE": 24,
  "RepetitionTime": 1.919,
  "SAR": 0.41567,
  "ScanOptions": "FS",
  "ScanningSequence": "EP",
  "SequenceName": "epse2d1_68",
  "SequenceVariant": "SK",
  "SeriesDescription": "ME_SE_FieldMap_AP",
  "SeriesNumber": 10,
  "ShimSetting": [268, -12362, -8880, -374, 183, 1351, 165, -72],
  "SliceThickness": 3,
  "SliceTiming": [0.95, 0, 0.9925, 0.0425, 1.035, 0.0875, 1.08, 0.13, 1.1225, 0.1725, 1.165, 0.215, 1.2075, 0.26, 1.2525, 0.3025, 1.295, 0.345, 1.3375, 0.39, 1.38, 0.4325, 1.425, 0.475, 1.4675, 0.5175, 1.51, 0.5625, 1.555, 0.605, 1.5975, 0.6475, 1.64, 0.69, 1.6825, 0.735, 1.7275, 0.7775, 1.77, 0.82, 1.8125, 0.8625, 1.855, 0.9075],
  "SoftwareVersions": "syngo_MR_E11",
  "SpacingBetweenSlices": 3,
  "StationName": "AWP166018",
  "TotalReadoutTime": 0.016415,
  "TxRefAmp": 208.512,
  "WipMemBlock": "7b3e637a-50fc-416d-9bc7-d686aa314451||Sequence: R016 ve11c/master r/8780670; Nov 27 2017 15:08:10 by eja",
  "dcmmeta_affine": [
    [-2.9775774478912354, -0.28198832273483276, 0.23348504304885864, 106.57341003417969],
    [-0.3285022974014282, 2.9024813175201416, -0.6838777661323547, -55.433589935302734],
    [0.16161347925662994, 0.7043331265449524, 2.911665439605713, -74.25481414794922],
    [0.0, 0.0, 0.0, 1.0]
],
  "dcmmeta_reorient_transform": [
    [0.0, -1.0, 0.0, 67.0],
    [1.0, 0.0, 0.0, 0.0],
    [0.0, 0.0, 1.0, 0.0],
    [0.0, 0.0, 0.0, 1.0]
],
  "dcmmeta_shape": [68, 68, 44, 3],
  "dcmmeta_slice_dim": 2,
  "dcmmeta_version": 0.6,
  "global": {
    "const": {
      "AccessionNumber": "jx9p5ckh",
      "AcquisitionMatrix": [68, 0, 0, 68],
      "AngioFlag": "N",
      "BitsAllocated": 16,
      "BitsStored": 16,
      "BodyPartExamined": "BRAIN",
      "Columns": 476,
      "EchoNumbers": 1,
      "EchoTime": 20.4,
      "EchoTrainLength": 33,
      "FlipAngle": 90.0,
      "HighBit": 15,
      "ImageOrientationPatient": [0.99252580859665, 0.10950076554608, 0.05387115753719, -0.0939961046053, 0.96749375234853, -0.2347777065345],
      "ImagePositionPatient": [-637.58037527583, -798.15330025429, 83.650315840048],
      "ImageType": [
        "ORIGINAL",
        "PRIMARY",
        "M",
        "ND",
        "MOSAIC"
],
      "ImagedNucleus": "1H",
      "ImagingFrequency": 123.191347,
      "InPlanePhaseEncodingDirection": "COL",
      "MRAcquisitionType": "2D",
      "MagneticFieldStrength": 3.0,
      "Manufacturer": "SIEMENS",
      "ManufacturerModelName": "Prisma",
      "Modality": "MR",
      "NumberOfAverages": 1.0,
      "NumberOfPhaseEncodingSteps": 67,
      "PercentPhaseFieldOfView": 100.0,
      "PercentSampling": 100.0,
      "PerformedProcedureStepStartTime": "142732.007000",
      "PhotometricInterpretation": "MONOCHROME2",
      "PixelBandwidth": 2450.0,
      "PixelRepresentation": 0,
      "PixelSpacing": [3.0, 3.0],
      "ProtocolName": "ME_SE_FieldMap_AP",
      "RepetitionTime": 1919.0,
      "Rows": 476,
      "SAR": 0.41566977395544,
      "SamplesPerPixel": 1,
      "ScanOptions": "FS",
      "ScanningSequence": "EP",
      "SequenceName": "epse2d1_68",
      "SequenceVariant": "SK",
      "SeriesDescription": "ME_SE_FieldMap_AP",
      "SeriesNumber": 10,
      "SeriesTime": "145920.333000",
      "SliceLocation": -51.137358265382,
      "SliceThickness": 3.0,
      "SmallestImagePixelValue": 0,
      "SoftwareVersions": "syngo MR E11",
      "SpacingBetweenSlices": 2.9999999589556,
      "SpecificCharacterSet": "ISO_IR 100",
      "StudyID": "1",
      "StudyTime": "142731.953000",
      "TransmitCoilName": "Body",
      "VariableFlipAngleFlag": "N",
      "WindowCenterWidthExplanation": "Algo1",
      "dBdt": 0.0},
    "slices": {}
  },
  "time": {
    "samples": {
      "AcquisitionNumber": [1, 2, 3],
      "AcquisitionTime": ["145916.290000", "145918.207500", "145920.127500"],
      "ContentTime": ["145920.336000", "145920.340000", "145922.091000"],
      "InstanceCreationTime": ["145920.336000", "145920.340000", "145922.091000"],
      "InstanceNumber": [1, 2, 3],
      "LargestImagePixelValue": [46980, 46397, 47725],
      "WindowCenter": [11363.0, 11254.0, 11279.0],
      "WindowWidth": [23991.0, 23752.0, 23804.0]
    },
    "slices": {}
  },
  "IntendedFor": [
    "func/sub-144_task-freq1_acq-normal_run-01_echo-1_bold.nii.gz",
    "func/sub-144_task-freq1_acq-normal_run-01_echo-1_sbref.nii.gz",
    "func/sub-144_task-freq1_acq-normal_run-01_echo-2_bold.nii.gz",
    "func/sub-144_task-freq1_acq-normal_run-01_echo-2_sbref.nii.gz",
    "func/sub-144_task-freq1_acq-normal_run-01_echo-3_bold.nii.gz",
    "func/sub-144_task-freq1_acq-normal_run-01_echo-3_sbref.nii.gz",
    "func/sub-144_task-freq1_acq-normal_run-01_echo-4_bold.nii.gz",
    "func/sub-144_task-freq1_acq-normal_run-01_echo-4_sbref.nii.gz",
    "func/sub-144_task-freq2_acq-normal_run-01_echo-1_bold.nii.gz",
    "func/sub-144_task-freq2_acq-normal_run-01_echo-1_sbref.nii.gz",
    "func/sub-144_task-freq2_acq-normal_run-01_echo-2_bold.nii.gz",
    "func/sub-144_task-freq2_acq-normal_run-01_echo-2_sbref.nii.gz",
    "func/sub-144_task-freq2_acq-normal_run-01_echo-3_bold.nii.gz",
    "func/sub-144_task-freq2_acq-normal_run-01_echo-3_sbref.nii.gz",
    "func/sub-144_task-freq2_acq-normal_run-01_echo-4_bold.nii.gz",
    "func/sub-144_task-freq2_acq-normal_run-01_echo-4_sbref.nii.gz",
    "func/sub-144_task-freqreports1_acq-normal_run-01_echo-1_bold.nii.gz",
    "func/sub-144_task-freqreports1_acq-normal_run-01_echo-1_sbref.nii.gz",
    "func/sub-144_task-freqreports1_acq-normal_run-01_echo-2_bold.nii.gz",
    "func/sub-144_task-freqreports1_acq-normal_run-01_echo-2_sbref.nii.gz",
    "func/sub-144_task-freqreports1_acq-normal_run-01_echo-3_bold.nii.gz",
    "func/sub-144_task-freqreports1_acq-normal_run-01_echo-3_sbref.nii.gz",
    "func/sub-144_task-freqreports1_acq-normal_run-01_echo-4_bold.nii.gz",
    "func/sub-144_task-freqreports1_acq-normal_run-01_echo-4_sbref.nii.gz",
    "func/sub-144_task-freqreports2_acq-normal_run-01_echo-1_bold.nii.gz",
    "func/sub-144_task-freqreports2_acq-normal_run-01_echo-1_sbref.nii.gz",
    "func/sub-144_task-freqreports2_acq-normal_run-01_echo-2_bold.nii.gz",
    "func/sub-144_task-freqreports2_acq-normal_run-01_echo-2_sbref.nii.gz",
    "func/sub-144_task-freqreports2_acq-normal_run-01_echo-3_bold.nii.gz",
    "func/sub-144_task-freqreports2_acq-normal_run-01_echo-3_sbref.nii.gz",
    "func/sub-144_task-freqreports2_acq-normal_run-01_echo-4_bold.nii.gz",
    "func/sub-144_task-freqreports2_acq-normal_run-01_echo-4_sbref.nii.gz",
    "func/sub-144_task-memtest1_acq-normal_run-01_echo-1_bold.nii.gz",
    "func/sub-144_task-memtest1_acq-normal_run-01_echo-1_sbref.nii.gz",
    "func/sub-144_task-memtest1_acq-normal_run-01_echo-2_bold.nii.gz",
    "func/sub-144_task-memtest1_acq-normal_run-01_echo-2_sbref.nii.gz",
    "func/sub-144_task-memtest1_acq-normal_run-01_echo-3_bold.nii.gz",
    "func/sub-144_task-memtest1_acq-normal_run-01_echo-3_sbref.nii.gz",
    "func/sub-144_task-memtest1_acq-normal_run-01_echo-4_bold.nii.gz",
    "func/sub-144_task-memtest1_acq-normal_run-01_echo-4_sbref.nii.gz",
    "func/sub-144_task-memtest2_acq-normal_run-01_echo-1_bold.nii.gz",
    "func/sub-144_task-memtest2_acq-normal_run-01_echo-1_sbref.nii.gz",
    "func/sub-144_task-memtest2_acq-normal_run-01_echo-2_bold.nii.gz",
    "func/sub-144_task-memtest2_acq-normal_run-01_echo-2_sbref.nii.gz",
    "func/sub-144_task-memtest2_acq-normal_run-01_echo-3_bold.nii.gz",
    "func/sub-144_task-memtest2_acq-normal_run-01_echo-3_sbref.nii.gz",
    "func/sub-144_task-memtest2_acq-normal_run-01_echo-4_bold.nii.gz",
    "func/sub-144_task-memtest2_acq-normal_run-01_echo-4_sbref.nii.gz",
    "func/sub-144_task-pairedassociates1_acq-normal_run-01_echo-1_bold.nii.gz",
    "func/sub-144_task-pairedassociates1_acq-normal_run-01_echo-1_sbref.nii.gz",
    "func/sub-144_task-pairedassociates1_acq-normal_run-01_echo-2_bold.nii.gz",
    "func/sub-144_task-pairedassociates1_acq-normal_run-01_echo-2_sbref.nii.gz",
    "func/sub-144_task-pairedassociates1_acq-normal_run-01_echo-3_bold.nii.gz",
    "func/sub-144_task-pairedassociates1_acq-normal_run-01_echo-3_sbref.nii.gz",
    "func/sub-144_task-pairedassociates1_acq-normal_run-01_echo-4_bold.nii.gz",
    "func/sub-144_task-pairedassociates1_acq-normal_run-01_echo-4_sbref.nii.gz",
    "func/sub-144_task-pairedassociates2_acq-normal_run-01_echo-1_bold.nii.gz",
    "func/sub-144_task-pairedassociates2_acq-normal_run-01_echo-1_sbref.nii.gz",
    "func/sub-144_task-pairedassociates2_acq-normal_run-01_echo-2_bold.nii.gz",
    "func/sub-144_task-pairedassociates2_acq-normal_run-01_echo-2_sbref.nii.gz",
    "func/sub-144_task-pairedassociates2_acq-normal_run-01_echo-3_bold.nii.gz",
    "func/sub-144_task-pairedassociates2_acq-normal_run-01_echo-3_sbref.nii.gz",
    "func/sub-144_task-pairedassociates2_acq-normal_run-01_echo-4_bold.nii.gz",
    "func/sub-144_task-pairedassociates2_acq-normal_run-01_echo-4_sbref.nii.gz"
  ]
}