{
  "AcquisitionMatrixPE": 68,
  "AcquisitionNumber": 1,
  "AcquisitionTime": "12:56:31.265000",
  "BandwidthPerPixelPhaseEncode": 60.024,
  "BaseResolution": 68,
  "BodyPartExamined": "BRAIN",
  "CoilString": "HC1-7;NC1_2",
  "ConsistencyInfo": "N4_VE11C_LATEST_20160120",
  "ConversionSoftware": "dcm2niix",
  "ConversionSoftwareVersion": "v1.0.20190410  GCC6.3.0",
  "DerivedVendorReportedEchoSpacing": 0.00049,
  "DeviceSerialNumber": "166018",
  "DwellTime": 3e-06,
  "EchoTime": 0.0204,
  "EchoTrainLength": 33,
  "EffectiveEchoSpacing": 0.000245,
  "FlipAngle": 90,
  "ImageComments": "SENSE1",
  "ImageOrientationPatientDICOM": [0.990296, 0.116945, 0.0750863, -0.10793, 0.987533, -0.114584],
  "ImageType": [
    "ORIGINAL",
    "PRIMARY",
    "M",
    "ND",
    "MOSAIC"
],
  "ImagingFrequency": 123.191,
  "InPlanePhaseEncodingDirectionDICOM": "COL",
  "InstitutionAddress": "Washington_Place_6_NYC_NYC_US_10003",
  "InstitutionName": "NYU_-_CBI",
  "InstitutionalDepartmentName": "Department",
  "MRAcquisitionType": "2D",
  "MagneticFieldStrength": 3,
  "Manufacturer": "Siemens",
  "ManufacturersModelName": "Prisma",
  "Modality": "MR",
  "ParallelReductionFactorInPlane": 2,
  "PartialFourier": 1,
  "PatientPosition": "HFS",
  "PercentPhaseFOV": 100,
  "PhaseEncodingDirection": "j",
  "PhaseEncodingSteps": 67,
  "PhaseResolution": 1,
  "PixelBandwidth": 2450,
  "ProcedureStepDescription": "Investigators_Hartley",
  "ProtocolName": "ME_SE_FieldMap_PA",
  "PulseSequenceDetails": "%CustomerSeq%_cmrr_mbep2d_se",
  "ReceiveCoilActiveElements": "HC1-7;NC1,2",
  "ReceiveCoilName": "HeadNeck_64",
  "ReconMatrixPE": 68,
  "RefLinesPE": 24,
  "RepetitionTime": 1.919,
  "SAR": 0.390961,
  "ScanOptions": "FS",
  "ScanningSequence": "EP",
  "SequenceName": "epse2d1_68",
  "SequenceVariant": "SK",
  "SeriesDescription": "ME_SE_FieldMap_PA",
  "SeriesNumber": 10,
  "ShimSetting": [298, -12627, -8430, 562, 28, -236, 19, -21],
  "SliceThickness": 3,
  "SliceTiming": [0.95, 0, 0.9925, 0.045, 1.0375, 0.0875, 1.08, 0.13, 1.1225, 0.1725, 1.165, 0.2175, 1.21, 0.26, 1.2525, 0.3025, 1.295, 0.345, 1.3375, 0.39, 1.3825, 0.4325, 1.425, 0.475, 1.4675, 0.5175, 1.51, 0.5625, 1.555, 0.605, 1.5975, 0.6475, 1.64, 0.69, 1.6825, 0.735, 1.7275, 0.7775, 1.77, 0.82, 1.8125, 0.865, 1.855, 0.9075],
  "SoftwareVersions": "syngo_MR_E11",
  "SpacingBetweenSlices": 3,
  "StationName": "AWP166018",
  "TotalReadoutTime": 0.016415,
  "TxRefAmp": 210.003,
  "WipMemBlock": "4fd00c44-eec5-431b-bc98-3ec57e1f3e00||Sequence: R016 ve11c/master r/8780670; Nov 27 2017 15:08:10 by eja",
  "dcmmeta_affine": [
    [-2.9708876609802246, -0.3237907886505127, 0.262650728225708, 106.76897430419922],
    [-0.3508336842060089, 2.962599039077759, -0.3161047697067261, -71.55414581298828],
    [0.22525900602340698, 0.34375283122062683, 2.9717154502868652, -73.02362060546875],
    [0.0, 0.0, 0.0, 1.0]
],
  "dcmmeta_reorient_transform": [
    [0.0, -1.0, 0.0, 67.0],
    [1.0, 0.0, 0.0, 0.0],
    [0.0, 0.0, 1.0, 0.0],
    [0.0, 0.0, 0.0, 1.0]
],
  "dcmmeta_shape": [68, 68, 44, 3],
  "dcmmeta_slice_dim": 2,
  "dcmmeta_version": 0.6,
  "global": {
    "const": {
      "AccessionNumber": "k04dudsc",
      "AcquisitionMatrix": [68, 0, 0, 68],
      "AngioFlag": "N",
      "BitsAllocated": 16,
      "BitsStored": 16,
      "BodyPartExamined": "BRAIN",
      "Columns": 476,
      "EchoNumbers": 1,
      "EchoTime": 20.4,
      "EchoTrainLength": 33,
      "FlipAngle": 90.0,
      "HighBit": 15,
      "ImageOrientationPatient": [0.99029592149689, 0.11694456022022, 0.07508633498537, -0.107930267527, 0.98753303827018, -0.1145842732508],
      "ImagePositionPatient": [-625.0827697331, -802.88028569477, -25.819441469378],
      "ImageType": [
        "ORIGINAL",
        "PRIMARY",
        "M",
        "ND",
        "MOSAIC"
],
      "ImagedNucleus": "1H",
      "ImagingFrequency": 123.190779,
      "InPlanePhaseEncodingDirection": "COL",
      "MRAcquisitionType": "2D",
      "MagneticFieldStrength": 3.0,
      "Manufacturer": "SIEMENS",
      "ManufacturerModelName": "Prisma",
      "Modality": "MR",
      "NumberOfAverages": 1.0,
      "NumberOfPhaseEncodingSteps": 67,
      "PercentPhaseFieldOfView": 100.0,
      "PercentSampling": 100.0,
      "PerformedProcedureStepStartTime": "123413.381000",
      "PhotometricInterpretation": "MONOCHROME2",
      "PixelBandwidth": 2450.0,
      "PixelRepresentation": 0,
      "PixelSpacing": [3.0, 3.0],
      "ProtocolName": "ME_SE_FieldMap_PA",
      "RepetitionTime": 1919.0,
      "Rows": 476,
      "SAR": 0.39096104189137,
      "SamplesPerPixel": 1,
      "ScanOptions": "FS",
      "ScanningSequence": "EP",
      "SequenceName": "epse2d1_68",
      "SequenceVariant": "SK",
      "SeriesDescription": "ME_SE_FieldMap_PA",
      "SeriesNumber": 10,
      "SeriesTime": "125636.687000",
      "SliceLocation": -55.447952427053,
      "SliceThickness": 3.0,
      "SmallestImagePixelValue": 0,
      "SoftwareVersions": "syngo MR E11",
      "SpacingBetweenSlices": 3.0000000448106,
      "SpecificCharacterSet": "ISO_IR 100",
      "StudyID": "1",
      "StudyTime": "123413.228000",
      "TransmitCoilName": "Body",
      "VariableFlipAngleFlag": "N",
      "WindowCenterWidthExplanation": "Algo1",
      "dBdt": 0.0},
    "slices": {}
  },
  "time": {
    "samples": {
      "AcquisitionNumber": [1, 2, 3],
      "AcquisitionTime": ["125631.265000", "125633.185000", "125635.102500"],
      "ContentTime": ["125636.691000", "125636.694000", "125636.697000"],
      "InstanceCreationTime": ["125636.691000", "125636.694000", "125636.697000"],
      "InstanceNumber": [1, 2, 3],
      "LargestImagePixelValue": [43581, 43955, 44144],
      "WindowCenter": [12021.0, 11918.0, 11944.0],
      "WindowWidth": [25393.0, 25171.0, 25220.0]
    },
    "slices": {}
  },
  "IntendedFor": [
    "func/sub-219_task-freq1_acq-normal_run-01_echo-1_bold.nii.gz",
    "func/sub-219_task-freq1_acq-normal_run-01_echo-1_sbref.nii.gz",
    "func/sub-219_task-freq1_acq-normal_run-01_echo-2_bold.nii.gz",
    "func/sub-219_task-freq1_acq-normal_run-01_echo-2_sbref.nii.gz",
    "func/sub-219_task-freq1_acq-normal_run-01_echo-3_bold.nii.gz",
    "func/sub-219_task-freq1_acq-normal_run-01_echo-3_sbref.nii.gz",
    "func/sub-219_task-freq1_acq-normal_run-01_echo-4_bold.nii.gz",
    "func/sub-219_task-freq1_acq-normal_run-01_echo-4_sbref.nii.gz",
    "func/sub-219_task-freqreports1_acq-normal_run-01_echo-1_bold.nii.gz",
    "func/sub-219_task-freqreports1_acq-normal_run-01_echo-1_sbref.nii.gz",
    "func/sub-219_task-freqreports1_acq-normal_run-01_echo-2_bold.nii.gz",
    "func/sub-219_task-freqreports1_acq-normal_run-01_echo-2_sbref.nii.gz",
    "func/sub-219_task-freqreports1_acq-normal_run-01_echo-3_bold.nii.gz",
    "func/sub-219_task-freqreports1_acq-normal_run-01_echo-3_sbref.nii.gz",
    "func/sub-219_task-freqreports1_acq-normal_run-01_echo-4_bold.nii.gz",
    "func/sub-219_task-freqreports1_acq-normal_run-01_echo-4_sbref.nii.gz",
    "func/sub-219_task-memtest1_acq-normal_run-01_echo-1_bold.nii.gz",
    "func/sub-219_task-memtest1_acq-normal_run-01_echo-1_sbref.nii.gz",
    "func/sub-219_task-memtest1_acq-normal_run-01_echo-2_bold.nii.gz",
    "func/sub-219_task-memtest1_acq-normal_run-01_echo-2_sbref.nii.gz",
    "func/sub-219_task-memtest1_acq-normal_run-01_echo-3_bold.nii.gz",
    "func/sub-219_task-memtest1_acq-normal_run-01_echo-3_sbref.nii.gz",
    "func/sub-219_task-memtest1_acq-normal_run-01_echo-4_bold.nii.gz",
    "func/sub-219_task-memtest1_acq-normal_run-01_echo-4_sbref.nii.gz",
    "func/sub-219_task-pairedassociates1_acq-normal_run-01_echo-1_bold.nii.gz",
    "func/sub-219_task-pairedassociates1_acq-normal_run-01_echo-1_sbref.nii.gz",
    "func/sub-219_task-pairedassociates1_acq-normal_run-01_echo-2_bold.nii.gz",
    "func/sub-219_task-pairedassociates1_acq-normal_run-01_echo-2_sbref.nii.gz",
    "func/sub-219_task-pairedassociates1_acq-normal_run-01_echo-3_bold.nii.gz",
    "func/sub-219_task-pairedassociates1_acq-normal_run-01_echo-3_sbref.nii.gz",
    "func/sub-219_task-pairedassociates1_acq-normal_run-01_echo-4_bold.nii.gz",
    "func/sub-219_task-pairedassociates1_acq-normal_run-01_echo-4_sbref.nii.gz"
  ]
}