{
  "AcquisitionMatrixPE": 68,
  "AcquisitionNumber": 1,
  "AcquisitionTime": "14:53:54.300000",
  "BandwidthPerPixelPhaseEncode": 60.024,
  "BaseResolution": 68,
  "BodyPartExamined": "BRAIN",
  "CoilString": "HC1-7;NC1_2",
  "ConsistencyInfo": "N4_VE11C_LATEST_20160120",
  "ConversionSoftware": "dcm2niix",
  "ConversionSoftwareVersion": "v1.0.20190410  GCC6.3.0",
  "DerivedVendorReportedEchoSpacing": 0.00049,
  "DeviceSerialNumber": "166018",
  "DwellTime": 3e-06,
  "EchoTime": 0.0204,
  "EchoTrainLength": 33,
  "EffectiveEchoSpacing": 0.000245,
  "FlipAngle": 90,
  "ImageComments": "SENSE1",
  "ImageOrientationPatientDICOM": [0.997689, -0.0116822, -0.0669357, -0.0130604, 0.933769, -0.357638],
  "ImageType": [
    "ORIGINAL",
    "PRIMARY",
    "M",
    "ND",
    "MOSAIC"
],
  "ImagingFrequency": 123.191,
  "InPlanePhaseEncodingDirectionDICOM": "COL",
  "InstitutionAddress": "Washington_Place_6_NYC_NYC_US_10003",
  "InstitutionName": "NYU_Center_for_Brain_Imaging",
  "InstitutionalDepartmentName": "Department",
  "MRAcquisitionType": "2D",
  "MagneticFieldStrength": 3,
  "Manufacturer": "Siemens",
  "ManufacturersModelName": "Prisma",
  "Modality": "MR",
  "ParallelReductionFactorInPlane": 2,
  "PartialFourier": 1,
  "PatientPosition": "HFS",
  "PercentPhaseFOV": 100,
  "PhaseEncodingDirection": "j",
  "PhaseEncodingSteps": 67,
  "PhaseResolution": 1,
  "PixelBandwidth": 2450,
  "ProcedureStepDescription": "Investigators_Hartley",
  "ProtocolName": "ME_SE_FieldMap_PA",
  "PulseSequenceDetails": "%CustomerSeq%_cmrr_mbep2d_se",
  "ReceiveCoilActiveElements": "HC1-7;NC1,2",
  "ReceiveCoilName": "HeadNeck_64",
  "ReconMatrixPE": 68,
  "RefLinesPE": 24,
  "RepetitionTime": 1.919,
  "SAR": 0.419585,
  "ScanOptions": "FS",
  "ScanningSequence": "EP",
  "SequenceName": "epse2d1_68",
  "SequenceVariant": "SK",
  "SeriesDescription": "ME_SE_FieldMap_PA",
  "SeriesNumber": 11,
  "ShimSetting": [242, -12583, -8439, 530, -33, 66, -73, 19],
  "SliceThickness": 3,
  "SliceTiming": [0.9475, 0, 0.9925, 0.0425, 1.035, 0.085, 1.0775, 0.1275, 1.12, 0.1725, 1.165, 0.215, 1.2075, 0.2575, 1.25, 0.3025, 1.2925, 0.345, 1.3375, 0.3875, 1.38, 0.43, 1.4225, 0.475, 1.4675, 0.5175, 1.51, 0.56, 1.5525, 0.6025, 1.595, 0.6475, 1.64, 0.69, 1.6825, 0.7325, 1.725, 0.775, 1.7675, 0.82, 1.8125, 0.8625, 1.855, 0.905],
  "SoftwareVersions": "syngo_MR_E11",
  "SpacingBetweenSlices": 3,
  "StationName": "AWP166018",
  "TotalReadoutTime": 0.016415,
  "TxRefAmp": 197.166,
  "WipMemBlock": "a545c84b-d549-418c-a413-1d996a4f42b2||Sequence: R016 ve11c/master r/8780670; Nov 27 2017 15:08:10 by eja",
  "dcmmeta_affine": [
    [-2.9930667877197266, -0.03918134793639183, -0.20004157721996307, 106.67524719238281],
    [0.03504663705825806, 2.801307201385498, -1.0730564594268799, -69.64268493652344],
    [-0.20080722868442535, 1.072913408279419, 2.794375419616699, -67.34386444091797],
    [0.0, 0.0, 0.0, 1.0]
],
  "dcmmeta_reorient_transform": [
    [0.0, -1.0, 0.0, 67.0],
    [1.0, 0.0, 0.0, 0.0],
    [0.0, 0.0, 1.0, 0.0],
    [0.0, 0.0, 0.0, 1.0]
],
  "dcmmeta_shape": [68, 68, 44, 3],
  "dcmmeta_slice_dim": 2,
  "dcmmeta_version": 0.6,
  "global": {
    "const": {
      "AccessionNumber": "juo1a969",
      "AcquisitionMatrix": [68, 0, 0, 68],
      "AngioFlag": "N",
      "BitsAllocated": 16,
      "BitsStored": 16,
      "BodyPartExamined": "BRAIN",
      "Columns": 476,
      "EchoNumbers": 1,
      "EchoTime": 20.4,
      "EchoTrainLength": 33,
      "FlipAngle": 90.0,
      "HighBit": 15,
      "ImageOrientationPatient": [0.99768889550531, -0.0116822123263, -0.0669357430716, -0.0130604492156, 0.93376903655675, -0.3576378210343],
      "ImagePositionPatient": [-706.64270805879, -682.36203122735, 264.38036135001],
      "ImageType": [
        "ORIGINAL",
        "PRIMARY",
        "M",
        "ND",
        "MOSAIC"
],
      "ImagedNucleus": "1H",
      "ImagingFrequency": 123.191073,
      "InPlanePhaseEncodingDirection": "COL",
      "MRAcquisitionType": "2D",
      "MagneticFieldStrength": 3.0,
      "Manufacturer": "SIEMENS",
      "ManufacturerModelName": "Prisma",
      "Modality": "MR",
      "NumberOfAverages": 1.0,
      "NumberOfPhaseEncodingSteps": 67,
      "PercentPhaseFieldOfView": 100.0,
      "PercentSampling": 100.0,
      "PerformedProcedureStepStartTime": "142820.587000",
      "PhotometricInterpretation": "MONOCHROME2",
      "PixelBandwidth": 2450.0,
      "PixelRepresentation": 0,
      "PixelSpacing": [3.0, 3.0],
      "ProtocolName": "ME_SE_FieldMap_PA",
      "RepetitionTime": 1919.0,
      "Rows": 476,
      "SAR": 0.4195849820101,
      "SamplesPerPixel": 1,
      "ScanOptions": "FS",
      "ScanningSequence": "EP",
      "SequenceName": "epse2d1_68",
      "SequenceVariant": "SK",
      "SeriesDescription": "ME_SE_FieldMap_PA",
      "SeriesNumber": 11,
      "SeriesTime": "145357.952000",
      "SliceLocation": -44.930992199459,
      "SliceThickness": 3.0,
      "SmallestImagePixelValue": 0,
      "SoftwareVersions": "syngo MR E11",
      "SpacingBetweenSlices": 3.0000000458558,
      "SpecificCharacterSet": "ISO_IR 100",
      "StudyID": "1",
      "StudyTime": "142820.530000",
      "TransmitCoilName": "Body",
      "VariableFlipAngleFlag": "N",
      "WindowCenterWidthExplanation": "Algo1",
      "dBdt": 0.0},
    "slices": {}
  },
  "time": {
    "samples": {
      "AcquisitionNumber": [1, 2, 3],
      "AcquisitionTime": ["145354.300000", "145356.220000", "145358.140000"],
      "ContentTime": ["145357.956000", "145357.959000", "145359.725000"],
      "InstanceCreationTime": ["145357.956000", "145357.959000", "145359.725000"],
      "InstanceNumber": [1, 2, 3],
      "LargestImagePixelValue": [42323, 43057, 41843],
      "WindowCenter": [11880.0, 11793.0, 11808.0],
      "WindowWidth": [25639.0, 25439.0, 25476.0]
    },
    "slices": {}
  },
  "IntendedFor": [
    "func/sub-154_task-freq1_acq-normal_run-01_echo-1_bold.nii.gz",
    "func/sub-154_task-freq1_acq-normal_run-01_echo-1_sbref.nii.gz",
    "func/sub-154_task-freq1_acq-normal_run-01_echo-2_bold.nii.gz",
    "func/sub-154_task-freq1_acq-normal_run-01_echo-2_sbref.nii.gz",
    "func/sub-154_task-freq1_acq-normal_run-01_echo-3_bold.nii.gz",
    "func/sub-154_task-freq1_acq-normal_run-01_echo-3_sbref.nii.gz",
    "func/sub-154_task-freq1_acq-normal_run-01_echo-4_bold.nii.gz",
    "func/sub-154_task-freq1_acq-normal_run-01_echo-4_sbref.nii.gz",
    "func/sub-154_task-freq2_acq-normal_run-01_echo-1_bold.nii.gz",
    "func/sub-154_task-freq2_acq-normal_run-01_echo-1_sbref.nii.gz",
    "func/sub-154_task-freq2_acq-normal_run-01_echo-2_bold.nii.gz",
    "func/sub-154_task-freq2_acq-normal_run-01_echo-2_sbref.nii.gz",
    "func/sub-154_task-freq2_acq-normal_run-01_echo-3_bold.nii.gz",
    "func/sub-154_task-freq2_acq-normal_run-01_echo-3_sbref.nii.gz",
    "func/sub-154_task-freq2_acq-normal_run-01_echo-4_bold.nii.gz",
    "func/sub-154_task-freq2_acq-normal_run-01_echo-4_sbref.nii.gz",
    "func/sub-154_task-freqreports1_acq-normal_run-01_echo-1_bold.nii.gz",
    "func/sub-154_task-freqreports1_acq-normal_run-01_echo-1_sbref.nii.gz",
    "func/sub-154_task-freqreports1_acq-normal_run-01_echo-2_bold.nii.gz",
    "func/sub-154_task-freqreports1_acq-normal_run-01_echo-2_sbref.nii.gz",
    "func/sub-154_task-freqreports1_acq-normal_run-01_echo-3_bold.nii.gz",
    "func/sub-154_task-freqreports1_acq-normal_run-01_echo-3_sbref.nii.gz",
    "func/sub-154_task-freqreports1_acq-normal_run-01_echo-4_bold.nii.gz",
    "func/sub-154_task-freqreports1_acq-normal_run-01_echo-4_sbref.nii.gz",
    "func/sub-154_task-freqreports2_acq-normal_run-01_echo-1_bold.nii.gz",
    "func/sub-154_task-freqreports2_acq-normal_run-01_echo-1_sbref.nii.gz",
    "func/sub-154_task-freqreports2_acq-normal_run-01_echo-2_bold.nii.gz",
    "func/sub-154_task-freqreports2_acq-normal_run-01_echo-2_sbref.nii.gz",
    "func/sub-154_task-freqreports2_acq-normal_run-01_echo-3_bold.nii.gz",
    "func/sub-154_task-freqreports2_acq-normal_run-01_echo-3_sbref.nii.gz",
    "func/sub-154_task-freqreports2_acq-normal_run-01_echo-4_bold.nii.gz",
    "func/sub-154_task-freqreports2_acq-normal_run-01_echo-4_sbref.nii.gz",
    "func/sub-154_task-memtest1_acq-normal_run-01_echo-1_bold.nii.gz",
    "func/sub-154_task-memtest1_acq-normal_run-01_echo-1_sbref.nii.gz",
    "func/sub-154_task-memtest1_acq-normal_run-01_echo-2_bold.nii.gz",
    "func/sub-154_task-memtest1_acq-normal_run-01_echo-2_sbref.nii.gz",
    "func/sub-154_task-memtest1_acq-normal_run-01_echo-3_bold.nii.gz",
    "func/sub-154_task-memtest1_acq-normal_run-01_echo-3_sbref.nii.gz",
    "func/sub-154_task-memtest1_acq-normal_run-01_echo-4_bold.nii.gz",
    "func/sub-154_task-memtest1_acq-normal_run-01_echo-4_sbref.nii.gz",
    "func/sub-154_task-memtest2_acq-normal_run-01_echo-1_bold.nii.gz",
    "func/sub-154_task-memtest2_acq-normal_run-01_echo-1_sbref.nii.gz",
    "func/sub-154_task-memtest2_acq-normal_run-01_echo-2_bold.nii.gz",
    "func/sub-154_task-memtest2_acq-normal_run-01_echo-2_sbref.nii.gz",
    "func/sub-154_task-memtest2_acq-normal_run-01_echo-3_bold.nii.gz",
    "func/sub-154_task-memtest2_acq-normal_run-01_echo-3_sbref.nii.gz",
    "func/sub-154_task-memtest2_acq-normal_run-01_echo-4_bold.nii.gz",
    "func/sub-154_task-memtest2_acq-normal_run-01_echo-4_sbref.nii.gz",
    "func/sub-154_task-pairedassociates1_acq-normal_run-01_echo-1_bold.nii.gz",
    "func/sub-154_task-pairedassociates1_acq-normal_run-01_echo-1_sbref.nii.gz",
    "func/sub-154_task-pairedassociates1_acq-normal_run-01_echo-2_bold.nii.gz",
    "func/sub-154_task-pairedassociates1_acq-normal_run-01_echo-2_sbref.nii.gz",
    "func/sub-154_task-pairedassociates1_acq-normal_run-01_echo-3_bold.nii.gz",
    "func/sub-154_task-pairedassociates1_acq-normal_run-01_echo-3_sbref.nii.gz",
    "func/sub-154_task-pairedassociates1_acq-normal_run-01_echo-4_bold.nii.gz",
    "func/sub-154_task-pairedassociates1_acq-normal_run-01_echo-4_sbref.nii.gz",
    "func/sub-154_task-pairedassociates2_acq-normal_run-01_echo-1_bold.nii.gz",
    "func/sub-154_task-pairedassociates2_acq-normal_run-01_echo-1_sbref.nii.gz",
    "func/sub-154_task-pairedassociates2_acq-normal_run-01_echo-2_bold.nii.gz",
    "func/sub-154_task-pairedassociates2_acq-normal_run-01_echo-2_sbref.nii.gz",
    "func/sub-154_task-pairedassociates2_acq-normal_run-01_echo-3_bold.nii.gz",
    "func/sub-154_task-pairedassociates2_acq-normal_run-01_echo-3_sbref.nii.gz",
    "func/sub-154_task-pairedassociates2_acq-normal_run-01_echo-4_bold.nii.gz",
    "func/sub-154_task-pairedassociates2_acq-normal_run-01_echo-4_sbref.nii.gz"
  ]
}