{
  "AcquisitionMatrixPE": 68,
  "AcquisitionNumber": 1,
  "AcquisitionTime": "19:33:30.782500",
  "BandwidthPerPixelPhaseEncode": 60.024,
  "BaseResolution": 68,
  "BodyPartExamined": "BRAIN",
  "CoilString": "HC1-7;NC1_2",
  "ConsistencyInfo": "N4_VE11C_LATEST_20160120",
  "ConversionSoftware": "dcm2niix",
  "ConversionSoftwareVersion": "v1.0.20190410  GCC6.3.0",
  "DerivedVendorReportedEchoSpacing": 0.00049,
  "DeviceSerialNumber": "166018",
  "DwellTime": 3e-06,
  "EchoNumber": 4,
  "EchoTime": 0.06544,
  "EchoTrainLength": 33,
  "EffectiveEchoSpacing": 0.000245,
  "FlipAngle": 75,
  "ImageComments": "Unaliased_MB2_PE4_SENSE1",
  "ImageOrientationPatientDICOM": [
    0.985689,
    0.165085,
    -0.0341111,
    -0.166363,
    0.919989,
    -0.354886
  ],
  "ImageType": [
    "ORIGINAL",
    "PRIMARY",
    "M",
    "MB",
    "TE4",
    "ND",
    "MOSAIC"
  ],
  "ImagingFrequency": 123.191,
  "InPlanePhaseEncodingDirectionDICOM": "COL",
  "InstitutionAddress": "Washington_Place_6_NYC_NYC_US_10003",
  "InstitutionName": "NYU_-_CBI",
  "InstitutionalDepartmentName": "Department",
  "MRAcquisitionType": "2D",
  "MagneticFieldStrength": 3,
  "Manufacturer": "Siemens",
  "ManufacturersModelName": "Prisma",
  "Modality": "MR",
  "MultibandAccelerationFactor": 2,
  "ParallelReductionFactorInPlane": 2,
  "PartialFourier": 1,
  "PatientPosition": "HFS",
  "PercentPhaseFOV": 100,
  "PhaseEncodingDirection": "j-",
  "PhaseEncodingSteps": 67,
  "PhaseResolution": 1,
  "PixelBandwidth": 2450,
  "ProcedureStepDescription": "Investigators_Hartley",
  "ProtocolName": "TASK-pairedAssociates2",
  "PulseSequenceDetails": "%CustomerSeq%_cmrr_mbep2d_bold",
  "ReceiveCoilActiveElements": "HC1-7;NC1,2",
  "ReceiveCoilName": "HeadNeck_64",
  "ReconMatrixPE": 68,
  "RefLinesPE": 24,
  "RepetitionTime": 2,
  "SAR": 0.0470105,
  "ScanOptions": "FS",
  "ScanningSequence": "EP",
  "SequenceName": "epfid2d4_68",
  "SequenceVariant": "SK_SS",
  "SeriesDescription": "TASK-pairedAssociates2",
  "SeriesNumber": 22,
  "ShimSetting": [
    254,
    -12678,
    -8439,
    637,
    42,
    -267,
    -111,
    63
  ],
  "SliceThickness": 3,
  "SliceTiming": [
    0,
    0.45,
    0.9,
    1.35,
    1.8,
    0.27,
    0.72,
    1.17,
    1.62,
    0.09,
    0.54,
    0.99,
    1.44,
    1.89,
    0.36,
    0.81,
    1.26,
    1.71,
    0.18,
    0.63,
    1.08,
    1.53,
    0,
    0.45,
    0.9,
    1.35,
    1.8,
    0.27,
    0.72,
    1.17,
    1.62,
    0.09,
    0.54,
    0.99,
    1.44,
    1.89,
    0.36,
    0.81,
    1.26,
    1.71,
    0.18,
    0.63,
    1.08,
    1.53
  ],
  "SoftwareVersions": "syngo_MR_E11",
  "SpacingBetweenSlices": 3,
  "StationName": "AWP166018",
  "TotalReadoutTime": 0.016415,
  "TxRefAmp": 198.655,
  "WipMemBlock": "eb8d7e44-74e8-4146-95c5-26fc385d491c||Sequence: R016 ve11c/master r/8780670; Nov 27 2017 15:05:12 by eja",
  "NumberOfVolumes": 114
}