{
  "AcquisitionMatrixPE": 68,
  "AcquisitionNumber": 1,
  "AcquisitionTime": "19:33:22.750000",
  "BandwidthPerPixelPhaseEncode": 60.024,
  "BaseResolution": 68,
  "BodyPartExamined": "BRAIN",
  "CoilString": "HC1-7;NC1_2",
  "ConsistencyInfo": "N4_VE11C_LATEST_20160120",
  "ConversionSoftware": "dcm2niix",
  "ConversionSoftwareVersion": "v1.0.20190410  GCC6.3.0",
  "DerivedVendorReportedEchoSpacing": 0.00049,
  "DeviceSerialNumber": "166018",
  "DwellTime": 3e-06,
  "EchoNumber": 2,
  "EchoTime": 0.03088,
  "EchoTrainLength": 33,
  "EffectiveEchoSpacing": 0.000245,
  "FlipAngle": 75,
  "ImageComments": "Single-band_reference_SENSE1",
  "ImageOrientationPatientDICOM": [
    0.985689,
    0.165085,
    -0.0341111,
    -0.166363,
    0.919989,
    -0.354886
  ],
  "ImageType": [
    "ORIGINAL",
    "PRIMARY",
    "M",
    "TE2",
    "ND",
    "MOSAIC"
  ],
  "ImagingFrequency": 123.191,
  "InPlanePhaseEncodingDirectionDICOM": "COL",
  "InstitutionAddress": "Washington_Place_6_NYC_NYC_US_10003",
  "InstitutionName": "NYU_-_CBI",
  "InstitutionalDepartmentName": "Department",
  "MRAcquisitionType": "2D",
  "MagneticFieldStrength": 3,
  "Manufacturer": "Siemens",
  "ManufacturersModelName": "Prisma",
  "Modality": "MR",
  "ParallelReductionFactorInPlane": 2,
  "PartialFourier": 1,
  "PatientPosition": "HFS",
  "PercentPhaseFOV": 100,
  "PhaseEncodingDirection": "j-",
  "PhaseEncodingSteps": 67,
  "PhaseResolution": 1,
  "PixelBandwidth": 2450,
  "ProcedureStepDescription": "Investigators_Hartley",
  "ProtocolName": "TASK-pairedAssociates2",
  "PulseSequenceDetails": "%CustomerSeq%_cmrr_mbep2d_bold",
  "ReceiveCoilActiveElements": "HC1-7;NC1,2",
  "ReceiveCoilName": "HeadNeck_64",
  "ReconMatrixPE": 68,
  "RefLinesPE": 24,
  "RepetitionTime": 2,
  "SAR": 0.0470105,
  "ScanOptions": "FS",
  "ScanningSequence": "EP",
  "SequenceName": "epfid2d4_68",
  "SequenceVariant": "SK_SS",
  "SeriesDescription": "TASK-pairedAssociates2_SBRef",
  "SeriesNumber": 21,
  "ShimSetting": [
    254,
    -12678,
    -8439,
    637,
    42,
    -267,
    -111,
    63
  ],
  "SliceThickness": 3,
  "SliceTiming": [
    0,
    0.09,
    0.18,
    0.27,
    0.36,
    0.45,
    0.54,
    0.63,
    0.72,
    0.81,
    0.9,
    0.99,
    1.08,
    1.17,
    1.26,
    1.3475,
    1.4375,
    1.5275,
    1.6175,
    1.7075,
    1.7975,
    1.8875,
    1.9775,
    2.0675,
    2.1575,
    2.2475,
    2.3375,
    2.4275,
    2.5175,
    2.6075,
    2.6975,
    2.7875,
    2.8775,
    2.9675,
    3.0575,
    3.1475,
    3.2375,
    3.3275,
    3.4175,
    3.5075,
    3.5975,
    3.6875,
    3.7775,
    3.8675
  ],
  "SoftwareVersions": "syngo_MR_E11",
  "SpacingBetweenSlices": 3,
  "StationName": "AWP166018",
  "TotalReadoutTime": 0.016415,
  "TxRefAmp": 198.655,
  "WipMemBlock": "eb8d7e44-74e8-4146-95c5-26fc385d491c||Sequence: R016 ve11c/master r/8780670; Nov 27 2017 15:05:12 by eja"
}