{
  "AcquisitionMatrixPE": 256,
  "AcquisitionNumber": 1,
  "AcquisitionTime": "19:10:15.115000",
  "BaseResolution": 256,
  "BodyPartExamined": "BRAIN",
  "CoilString": "HC1-7;NC1_2",
  "ConsistencyInfo": "N4_VE11C_LATEST_20160120",
  "ConversionSoftware": "dcm2niix",
  "ConversionSoftwareVersion": "v1.0.20190410  GCC6.3.0",
  "DeviceSerialNumber": "166018",
  "DwellTime": 9.8e-06,
  "EchoTime": 0.00232,
  "FlipAngle": 8,
  "ImageOrientationPatientDICOM": [-0.0304237, 0.995324, 0.0916749, 0.000453951, 0.0917311, -0.995784],
  "ImageType": [
    "ORIGINAL",
    "PRIMARY",
    "M",
    "ND",
    "NORM"
],
  "ImagingFrequency": 123.191,
  "InPlanePhaseEncodingDirectionDICOM": "ROW",
  "InstitutionAddress": "Washington_Place_6_NYC_NYC_US_10003",
  "InstitutionName": "NYU_Center_for_Brain_Imaging",
  "InstitutionalDepartmentName": "Department",
  "InversionTime": 0.9,
  "MRAcquisitionType": "3D",
  "MagneticFieldStrength": 3,
  "Manufacturer": "Siemens",
  "ManufacturersModelName": "Prisma",
  "Modality": "MR",
  "PartialFourier": 1,
  "PatientPosition": "HFS",
  "PercentPhaseFOV": 100,
  "PhaseEncodingSteps": 255,
  "PhaseResolution": 1,
  "PixelBandwidth": 200,
  "ProcedureStepDescription": "Investigators_Hartley",
  "ProtocolName": "t1_mprage_sag_p2_iso",
  "PulseSequenceDetails": "%SiemensSeq%_tfl",
  "ReceiveCoilActiveElements": "HC1-7;NC1,2",
  "ReceiveCoilName": "HeadNeck_64",
  "ReconMatrixPE": 256,
  "RefLinesPE": 24,
  "RepetitionTime": 2.3,
  "SAR": 0.0528181,
  "ScanOptions": "IR",
  "ScanningSequence": "GR_IR",
  "SequenceName": "_tfl3d1_16ns",
  "SequenceVariant": "SK_SP_MP",
  "SeriesDescription": "t1_mprage_sag_p2_iso",
  "SeriesNumber": 7,
  "ShimSetting": [242, -12641, -8488, -24, -104, -349, 165, -20],
  "SliceThickness": 0.9,
  "SoftwareVersions": "syngo_MR_E11",
  "StationName": "AWP166018",
  "TxRefAmp": 259.731,
  "dcmmeta_affine": [
    [0.8995832800865173, -0.027333814650774002, 0.0004078467027284205, -80.78860473632812],
    [0.027228450402617455, 0.8942365050315857, 0.0824146717786789, -108.92755889892578],
    [-0.0029183675069361925, -0.08236417174339294, 0.8946494460105896, -121.61752319335938],
    [0.0, 0.0, 0.0, 1.0]
],
  "dcmmeta_reorient_transform": [
    [0.0, 0.0, -1.0, 255.0],
    [0.0, -1.0, 0.0, 255.0],
    [-1.0, 0.0, 0.0, 191.0],
    [0.0, 0.0, 0.0, 1.0]
],
  "dcmmeta_shape": [192, 256, 256],
  "dcmmeta_slice_dim": 0,
  "dcmmeta_version": 0.6,
  "global": {
    "const": {
      "AccessionNumber": "jsrrgkz8",
      "AcquisitionMatrix": [0, 256, 256, 0],
      "AcquisitionNumber": 1,
      "AcquisitionTime": "191015.115000",
      "AngioFlag": "N",
      "BitsAllocated": 16,
      "BitsStored": 12,
      "BodyPartExamined": "BRAIN",
      "Columns": 256,
      "EchoNumbers": 1,
      "EchoTime": 2.32,
      "EchoTrainLength": 1,
      "FlipAngle": 8.0,
      "HighBit": 11,
      "ImageOrientationPatient": [-0.0304237235623, 0.99532412238155, 0.09167490632671, 0.00045395112072, 0.09173111266657, -0.9957837098976],
      "ImageType": [
        "ORIGINAL",
        "PRIMARY",
        "M",
        "ND",
        "NORM"
],
      "ImagedNucleus": "1H",
      "ImagingFrequency": 123.190841,
      "InPlanePhaseEncodingDirection": "ROW",
      "InversionTime": 900.0,
      "LargestImagePixelValue": 4095,
      "MRAcquisitionType": "3D",
      "MagneticFieldStrength": 3.0,
      "Manufacturer": "SIEMENS",
      "ManufacturerModelName": "Prisma",
      "Modality": "MR",
      "NumberOfAverages": 1.0,
      "NumberOfPhaseEncodingSteps": 255,
      "PercentPhaseFieldOfView": 100.0,
      "PercentSampling": 100.0,
      "PerformedProcedureStepStartTime": "185703.939000",
      "PhotometricInterpretation": "MONOCHROME2",
      "PixelBandwidth": 200.0,
      "PixelRepresentation": 0,
      "PixelSpacing": [0.8984375, 0.8984375],
      "ProtocolName": "t1_mprage_sag_p2_iso",
      "RepetitionTime": 2300.0,
      "Rows": 256,
      "SAR": 0.05281813167958,
      "SamplesPerPixel": 1,
      "ScanOptions": "IR",
      "ScanningSequence": [
        "GR",
        "IR"
],
      "SequenceName": "*tfl3d1_16ns",
      "SequenceVariant": [
        "SK",
        "SP",
        "MP"
],
      "SeriesDescription": "t1_mprage_sag_p2_iso",
      "SeriesNumber": 7,
      "SeriesTime": "191543.638000",
      "SliceThickness": 0.90000003576279,
      "SmallestImagePixelValue": 0,
      "SoftwareVersions": "syngo MR E11",
      "SpecificCharacterSet": "ISO_IR 100",
      "StudyID": "1",
      "StudyTime": "185703.883000",
      "TransmitCoilName": "Body",
      "VariableFlipAngleFlag": "N",
      "WindowCenterWidthExplanation": "Algo1",
      "dBdt": 0.0},
