{
  "AcquisitionMatrixPE": 68,
  "AcquisitionNumber": 1,
  "AcquisitionTime": "10:59:26.310000",
  "BandwidthPerPixelPhaseEncode": 60.024,
  "BaseResolution": 68,
  "BodyPartExamined": "BRAIN",
  "CoilString": "HC1-7;NC1_2",
  "ConsistencyInfo": "N4_VE11C_LATEST_20160120",
  "ConversionSoftware": "dcm2niix",
  "ConversionSoftwareVersion": "v1.0.20190410  GCC6.3.0",
  "DerivedVendorReportedEchoSpacing": 0.00049,
  "DeviceSerialNumber": "166018",
  "DwellTime": 3e-06,
  "EchoTime": 0.0204,
  "EchoTrainLength": 33,
  "EffectiveEchoSpacing": 0.000245,
  "FlipAngle": 90,
  "ImageComments": "SENSE1",
  "ImageOrientationPatientDICOM": [0.989495, 0.137196, -0.0455828, -0.144528, 0.931163, -0.334733],
  "ImageType": [
    "ORIGINAL",
    "PRIMARY",
    "M",
    "ND",
    "MOSAIC"
],
  "ImagingFrequency": 123.191,
  "InPlanePhaseEncodingDirectionDICOM": "COL",
  "InstitutionAddress": "Washington_Place_6_NYC_NYC_US_10003",
  "InstitutionName": "NYU_-_CBI",
  "InstitutionalDepartmentName": "Department",
  "MRAcquisitionType": "2D",
  "MagneticFieldStrength": 3,
  "Manufacturer": "Siemens",
  "ManufacturersModelName": "Prisma",
  "Modality": "MR",
  "ParallelReductionFactorInPlane": 2,
  "PartialFourier": 1,
  "PatientPosition": "HFS",
  "PercentPhaseFOV": 100,
  "PhaseEncodingDirection": "j",
  "PhaseEncodingSteps": 67,
  "PhaseResolution": 1,
  "PixelBandwidth": 2450,
  "ProcedureStepDescription": "Investigators_Hartley",
  "ProtocolName": "ME_SE_FieldMap_PA",
  "PulseSequenceDetails": "%CustomerSeq%_cmrr_mbep2d_se",
  "ReceiveCoilActiveElements": "HC1-7;NC1,2",
  "ReceiveCoilName": "HeadNeck_64",
  "ReconMatrixPE": 68,
  "RefLinesPE": 24,
  "RepetitionTime": 1.919,
  "SAR": 0.341294,
  "ScanOptions": "FS",
  "ScanningSequence": "EP",
  "SequenceName": "epse2d1_68",
  "SequenceVariant": "SK",
  "SeriesDescription": "ME_SE_FieldMap_PA",
  "SeriesNumber": 10,
  "ShimSetting": [263, -12667, -8419, 358, 61, -134, -134, 18],
  "SliceThickness": 3,
  "SliceTiming": [0.95, 0, 0.9925, 0.0425, 1.035, 0.0875, 1.08, 0.13, 1.1225, 0.1725, 1.165, 0.2175, 1.2075, 0.26, 1.2525, 0.3025, 1.295, 0.345, 1.3375, 0.39, 1.3825, 0.4325, 1.425, 0.475, 1.4675, 0.5175, 1.51, 0.5625, 1.555, 0.605, 1.5975, 0.6475, 1.64, 0.69, 1.6825, 0.735, 1.7275, 0.7775, 1.77, 0.82, 1.8125, 0.8625, 1.855, 0.9075],
  "SoftwareVersions": "syngo_MR_E11",
  "SpacingBetweenSlices": 3,
  "StationName": "AWP166018",
  "TotalReadoutTime": 0.016415,
  "TxRefAmp": 208.094,
  "WipMemBlock": "6f3a1f53-7766-498c-84cc-840d009ea28f||Sequence: R016 ve11c/master r/8780670; Nov 27 2017 15:08:10 by eja",
  "dcmmeta_affine": [
    [-2.9684836864471436, -0.43358421325683594, 0.01043673511594534, 115.34354400634766],
    [-0.4115872383117676, 2.793490409851074, -1.013413906097412, -57.96803283691406],
    [-0.13674844801425934, 1.0041993856430054, 2.823629379272461, -61.02354049682617],
    [0.0, 0.0, 0.0, 1.0]
],
  "dcmmeta_reorient_transform": [
    [0.0, -1.0, 0.0, 67.0],
    [1.0, 0.0, 0.0, 0.0],
    [0.0, 0.0, 1.0, 0.0],
    [0.0, 0.0, 0.0, 1.0]
],
  "dcmmeta_shape": [68, 68, 44, 3],
  "dcmmeta_slice_dim": 2,
  "dcmmeta_version": 0.6,
  "global": {
    "const": {
      "AccessionNumber": "jsrrn343",
      "AcquisitionMatrix": [68, 0, 0, 68],
      "AngioFlag": "N",
      "BitsAllocated": 16,
      "BitsStored": 16,
      "BodyPartExamined": "BRAIN",
      "Columns": 476,
      "EchoNumbers": 1,
      "EchoTime": 20.4,
      "EchoTrainLength": 33,
      "FlipAngle": 90.0,
      "HighBit": 15,
      "ImageOrientationPatient": [0.98949458533184, 0.13719574526252, -0.0455828156307, -0.14452806915, 0.93116344369165, -0.3347331449977],
      "ImagePositionPatient": [-603.41291312971, -783.03164168415, 239.01119113409],
      "ImageType": [
        "ORIGINAL",
        "PRIMARY",
        "M",
        "ND",
        "MOSAIC"
],
      "ImagedNucleus": "1H",
      "ImagingFrequency": 123.190951,
      "InPlanePhaseEncodingDirection": "COL",
      "LargestImagePixelValue": 65535,
      "MRAcquisitionType": "2D",
      "MagneticFieldStrength": 3.0,
      "Manufacturer": "SIEMENS",
      "ManufacturerModelName": "Prisma",
      "Modality": "MR",
      "NumberOfAverages": 1.0,
      "NumberOfPhaseEncodingSteps": 67,
      "PercentPhaseFieldOfView": 100.0,
      "PercentSampling": 100.0,
      "PerformedProcedureStepStartTime": "102707.432000",
      "PhotometricInterpretation": "MONOCHROME2",
      "PixelBandwidth": 2450.0,
      "PixelRepresentation": 0,
      "PixelSpacing": [3.0, 3.0],
      "ProtocolName": "ME_SE_FieldMap_PA",
      "RepetitionTime": 1919.0,
      "Rows": 476,
      "SAR": 0.3412936160777,
      "SamplesPerPixel": 1,
      "ScanOptions": "FS",
      "ScanningSequence": "EP",
      "SequenceName": "epse2d1_68",
      "SequenceVariant": "SK",
      "SeriesDescription": "ME_SE_FieldMap_PA",
      "SeriesNumber": 10,
      "SeriesTime": "105929.595000",
      "SliceLocation": -37.452813795143,
      "SliceThickness": 3.0,
      "SmallestImagePixelValue": 0,
      "SoftwareVersions": "syngo MR E11",
      "SpacingBetweenSlices": 2.999999961659,
      "SpecificCharacterSet": "ISO_IR 100",
      "StudyID": "1",
      "StudyTime": "102707.384000",
      "TransmitCoilName": "Body",
      "VariableFlipAngleFlag": "N",
      "WindowCenterWidthExplanation": "Algo1",
      "dBdt": 0.0},
    "slices": {}
  },
  "time": {
    "samples": {
      "AcquisitionNumber": [1, 2, 3],
      "AcquisitionTime": ["105926.310000", "105928.230000", "105930.147500"],
      "ContentTime": ["105929.598000", "105929.602000", "105931.361000"],
      "InstanceCreationTime": ["105929.598000", "105929.602000", "105931.361000"],
      "InstanceNumber": [1, 2, 3],
      "WindowCenter": [12278.0, 12192.0, 12201.0],
      "WindowWidth": [26494.0, 26292.0, 26317.0]
    },
    "slices": {}
  },
  "IntendedFor": [
    "func/sub-113_task-freq1_acq-normal_run-01_echo-1_bold.nii.gz",
    "func/sub-113_task-freq1_acq-normal_run-01_echo-1_sbref.nii.gz",
    "func/sub-113_task-freq1_acq-normal_run-01_echo-2_bold.nii.gz",
    "func/sub-113_task-freq1_acq-normal_run-01_echo-2_sbref.nii.gz",
    "func/sub-113_task-freq1_acq-normal_run-01_echo-3_bold.nii.gz",
    "func/sub-113_task-freq1_acq-normal_run-01_echo-3_sbref.nii.gz",
    "func/sub-113_task-freq1_acq-normal_run-01_echo-4_bold.nii.gz",
    "func/sub-113_task-freq1_acq-normal_run-01_echo-4_sbref.nii.gz",
    "func/sub-113_task-freq2_acq-normal_run-01_echo-1_bold.nii.gz",
    "func/sub-113_task-freq2_acq-normal_run-01_echo-1_sbref.nii.gz",
    "func/sub-113_task-freq2_acq-normal_run-01_echo-2_bold.nii.gz",
    "func/sub-113_task-freq2_acq-normal_run-01_echo-2_sbref.nii.gz",
    "func/sub-113_task-freq2_acq-normal_run-01_echo-3_bold.nii.gz",
    "func/sub-113_task-freq2_acq-normal_run-01_echo-3_sbref.nii.gz",
    "func/sub-113_task-freq2_acq-normal_run-01_echo-4_bold.nii.gz",
    "func/sub-113_task-freq2_acq-normal_run-01_echo-4_sbref.nii.gz",
    "func/sub-113_task-freqreports1_acq-normal_run-01_echo-1_bold.nii.gz",
    "func/sub-113_task-freqreports1_acq-normal_run-01_echo-1_sbref.nii.gz",
    "func/sub-113_task-freqreports1_acq-normal_run-01_echo-2_bold.nii.gz",
    "func/sub-113_task-freqreports1_acq-normal_run-01_echo-2_sbref.nii.gz",
    "func/sub-113_task-freqreports1_acq-normal_run-01_echo-3_bold.nii.gz",
    "func/sub-113_task-freqreports1_acq-normal_run-01_echo-3_sbref.nii.gz",
    "func/sub-113_task-freqreports1_acq-normal_run-01_echo-4_bold.nii.gz",
    "func/sub-113_task-freqreports1_acq-normal_run-01_echo-4_sbref.nii.gz",
    "func/sub-113_task-freqreports2_acq-normal_run-01_echo-1_bold.nii.gz",
    "func/sub-113_task-freqreports2_acq-normal_run-01_echo-1_sbref.nii.gz",
    "func/sub-113_task-freqreports2_acq-normal_run-01_echo-2_bold.nii.gz",
    "func/sub-113_task-freqreports2_acq-normal_run-01_echo-2_sbref.nii.gz",
    "func/sub-113_task-freqreports2_acq-normal_run-01_echo-3_bold.nii.gz",
    "func/sub-113_task-freqreports2_acq-normal_run-01_echo-3_sbref.nii.gz",
    "func/sub-113_task-freqreports2_acq-normal_run-01_echo-4_bold.nii.gz",
    "func/sub-113_task-freqreports2_acq-normal_run-01_echo-4_sbref.nii.gz",
    "func/sub-113_task-memtest1_acq-normal_run-01_echo-1_bold.nii.gz",
    "func/sub-113_task-memtest1_acq-normal_run-01_echo-1_sbref.nii.gz",
    "func/sub-113_task-memtest1_acq-normal_run-01_echo-2_bold.nii.gz",
    "func/sub-113_task-memtest1_acq-normal_run-01_echo-2_sbref.nii.gz",
    "func/sub-113_task-memtest1_acq-normal_run-01_echo-3_bold.nii.gz",
    "func/sub-113_task-memtest1_acq-normal_run-01_echo-3_sbref.nii.gz",
    "func/sub-113_task-memtest1_acq-normal_run-01_echo-4_bold.nii.gz",
    "func/sub-113_task-memtest1_acq-normal_run-01_echo-4_sbref.nii.gz",
    "func/sub-113_task-memtest2_acq-normal_run-01_echo-1_bold.nii.gz",
    "func/sub-113_task-memtest2_acq-normal_run-01_echo-1_sbref.nii.gz",
    "func/sub-113_task-memtest2_acq-normal_run-01_echo-2_bold.nii.gz",
    "func/sub-113_task-memtest2_acq-normal_run-01_echo-2_sbref.nii.gz",
    "func/sub-113_task-memtest2_acq-normal_run-01_echo-3_bold.nii.gz",
    "func/sub-113_task-memtest2_acq-normal_run-01_echo-3_sbref.nii.gz",
    "func/sub-113_task-memtest2_acq-normal_run-01_echo-4_bold.nii.gz",
    "func/sub-113_task-memtest2_acq-normal_run-01_echo-4_sbref.nii.gz",
    "func/sub-113_task-pairedassociates1_acq-normal_run-01_echo-1_bold.nii.gz",
    "func/sub-113_task-pairedassociates1_acq-normal_run-01_echo-1_sbref.nii.gz",
    "func/sub-113_task-pairedassociates1_acq-normal_run-01_echo-2_bold.nii.gz",
    "func/sub-113_task-pairedassociates1_acq-normal_run-01_echo-2_sbref.nii.gz",
    "func/sub-113_task-pairedassociates1_acq-normal_run-01_echo-3_bold.nii.gz",
    "func/sub-113_task-pairedassociates1_acq-normal_run-01_echo-3_sbref.nii.gz",
    "func/sub-113_task-pairedassociates1_acq-normal_run-01_echo-4_bold.nii.gz",
    "func/sub-113_task-pairedassociates1_acq-normal_run-01_echo-4_sbref.nii.gz",
    "func/sub-113_task-pairedassociates2_acq-normal_run-01_echo-1_bold.nii.gz",
    "func/sub-113_task-pairedassociates2_acq-normal_run-01_echo-1_sbref.nii.gz",
    "func/sub-113_task-pairedassociates2_acq-normal_run-01_echo-2_bold.nii.gz",
    "func/sub-113_task-pairedassociates2_acq-normal_run-01_echo-2_sbref.nii.gz",
    "func/sub-113_task-pairedassociates2_acq-normal_run-01_echo-3_bold.nii.gz",
    "func/sub-113_task-pairedassociates2_acq-normal_run-01_echo-3_sbref.nii.gz",
    "func/sub-113_task-pairedassociates2_acq-normal_run-01_echo-4_bold.nii.gz",
    "func/sub-113_task-pairedassociates2_acq-normal_run-01_echo-4_sbref.nii.gz"
  ]
}