{
  "AcquisitionMatrixPE": 68,
  "AcquisitionNumber": 1,
  "AcquisitionTime": "10:54:6.285000",
  "BandwidthPerPixelPhaseEncode": 60.024,
  "BaseResolution": 68,
  "BodyPartExamined": "BRAIN",
  "CoilString": "HC1-7;NC1_2",
  "ConsistencyInfo": "N4_VE11C_LATEST_20160120",
  "ConversionSoftware": "dcm2niix",
  "ConversionSoftwareVersion": "v1.0.20190410  GCC6.3.0",
  "DerivedVendorReportedEchoSpacing": 0.00049,
  "DeviceSerialNumber": "166018",
  "DwellTime": 3e-06,
  "EchoTime": 0.0204,
  "EchoTrainLength": 33,
  "EffectiveEchoSpacing": 0.000245,
  "FlipAngle": 90,
  "ImageComments": "SENSE1",
  "ImageOrientationPatientDICOM": [0.99926, -0.015294, 0.0352912, 0.0245959, 0.959507, -0.280608],
  "ImageType": [
    "ORIGINAL",
    "PRIMARY",
    "M",
    "ND",
    "MOSAIC"
],
  "ImagingFrequency": 123.191,
  "InPlanePhaseEncodingDirectionDICOM": "COL",
  "InstitutionAddress": "Washington_Place_6_NYC_NYC_US_10003",
  "InstitutionName": "NYU_Center_for_Brain_Imaging",
  "InstitutionalDepartmentName": "Department",
  "MRAcquisitionType": "2D",
  "MagneticFieldStrength": 3,
  "Manufacturer": "Siemens",
  "ManufacturersModelName": "Prisma",
  "Modality": "MR",
  "ParallelReductionFactorInPlane": 2,
  "PartialFourier": 1,
  "PatientPosition": "HFS",
  "PercentPhaseFOV": 100,
  "PhaseEncodingDirection": "j",
  "PhaseEncodingSteps": 67,
  "PhaseResolution": 1,
  "PixelBandwidth": 2450,
  "ProcedureStepDescription": "Investigators_Hartley",
  "ProtocolName": "ME_SE_FieldMap_PA",
  "PulseSequenceDetails": "%CustomerSeq%_cmrr_mbep2d_se",
  "ReceiveCoilActiveElements": "HC1-7;NC1,2",
  "ReceiveCoilName": "HeadNeck_64",
  "ReconMatrixPE": 68,
  "RefLinesPE": 24,
  "RepetitionTime": 1.919,
  "SAR": 0.39692,
  "ScanOptions": "FS",
  "ScanningSequence": "EP",
  "SequenceName": "epse2d1_68",
  "SequenceVariant": "SK",
  "SeriesDescription": "ME_SE_FieldMap_PA",
  "SeriesNumber": 11,
  "ShimSetting": [303, -12680, -8408, 652, 58, -226, 151, -36],
  "SliceThickness": 3,
  "SliceTiming": [0.95, 0, 0.9925, 0.0425, 1.035, 0.085, 1.0775, 0.13, 1.1225, 0.1725, 1.165, 0.215, 1.2075, 0.2575, 1.25, 0.3025, 1.295, 0.345, 1.3375, 0.3875, 1.38, 0.4325, 1.4225, 0.475, 1.4675, 0.5175, 1.51, 0.56, 1.5525, 0.605, 1.5975, 0.6475, 1.64, 0.69, 1.6825, 0.7325, 1.725, 0.7775, 1.77, 0.82, 1.8125, 0.8625, 1.855, 0.905],
  "SoftwareVersions": "syngo_MR_E11",
  "SpacingBetweenSlices": 3,
  "StationName": "AWP166018",
  "TotalReadoutTime": 0.016415,
  "TxRefAmp": 204.685,
  "WipMemBlock": "cd5d278f-116f-471c-8f43-457c7ade4e19||Sequence: R016 ve11c/master r/8780670; Nov 27 2017 15:08:10 by eja",
  "dcmmeta_affine": [
    [-2.9977800846099854, 0.07378778606653214, 0.08871153742074966, 100.10905456542969],
    [0.045882102102041245, 2.878521680831909, -0.8438055515289307, -76.22863006591797],
    [0.10587354004383087, 0.8418244123458862, 2.8775200843811035, -79.11381530761719],
    [0.0, 0.0, 0.0, 1.0]
],
  "dcmmeta_reorient_transform": [
    [0.0, -1.0, 0.0, 67.0],
    [1.0, 0.0, 0.0, 0.0],
    [0.0, 0.0, 1.0, 0.0],
    [0.0, 0.0, 0.0, 1.0]
],
  "dcmmeta_shape": [68, 68, 44, 3],
  "dcmmeta_slice_dim": 2,
  "dcmmeta_version": 0.6,
  "global": {
    "const": {
      "AccessionNumber": "jx1yd703",
      "AcquisitionMatrix": [68, 0, 0, 68],
      "AngioFlag": "N",
      "BitsAllocated": 16,
      "BitsStored": 16,
      "BodyPartExamined": "BRAIN",
      "Columns": 476,
      "EchoNumbers": 1,
      "EchoTime": 20.4,
      "EchoTrainLength": 33,
      "FlipAngle": 90.0,
      "HighBit": 15,
      "ImageOrientationPatient": [0.99926003875015, -0.015294034606, 0.0352911810871, 0.02459592920437, 0.95950722539355, -0.2806081336743],
      "ImagePositionPatient": [-731.65268583686, -694.49079665251, 127.42239454031],
      "ImageType": [
        "ORIGINAL",
        "PRIMARY",
        "M",
        "ND",
        "MOSAIC"
],
      "ImagedNucleus": "1H",
      "ImagingFrequency": 123.191038,
      "InPlanePhaseEncodingDirection": "COL",
      "MRAcquisitionType": "2D",
      "MagneticFieldStrength": 3.0,
      "Manufacturer": "SIEMENS",
      "ManufacturerModelName": "Prisma",
      "Modality": "MR",
      "NumberOfAverages": 1.0,
      "NumberOfPhaseEncodingSteps": 67,
      "PercentPhaseFieldOfView": 100.0,
      "PercentSampling": 100.0,
      "PerformedProcedureStepStartTime": "100525.130000",
      "PhotometricInterpretation": "MONOCHROME2",
      "PixelBandwidth": 2450.0,
      "PixelRepresentation": 0,
      "PixelSpacing": [3.0, 3.0],
      "ProtocolName": "ME_SE_FieldMap_PA",
      "RepetitionTime": 1919.0,
      "Rows": 476,
      "SAR": 0.39691980526852,
      "SamplesPerPixel": 1,
      "ScanOptions": "FS",
      "ScanningSequence": "EP",
      "SequenceName": "epse2d1_68",
      "SequenceVariant": "SK",
      "SeriesDescription": "ME_SE_FieldMap_PA",
      "SeriesNumber": 11,
      "SeriesTime": "105409.387000",
      "SliceLocation": -51.482878058562,
      "SliceThickness": 3.0,
      "SmallestImagePixelValue": 0,
      "SoftwareVersions": "syngo MR E11",
      "SpacingBetweenSlices": 2.9999999829522,
      "SpecificCharacterSet": "ISO_IR 100",
      "StudyID": "1",
      "StudyTime": "100525.071000",
      "TransmitCoilName": "Body",
      "VariableFlipAngleFlag": "N",
      "WindowCenterWidthExplanation": "Algo1",
      "dBdt": 0.0},
    "slices": {}
  },
  "time": {
    "samples": {
      "AcquisitionNumber": [1, 2, 3],
      "AcquisitionTime": ["105406.285000", "105408.202500", "105410.122500"],
      "ContentTime": ["105409.390000", "105409.393000", "105411.133000"],
      "InstanceCreationTime": ["105409.390000", "105409.393000", "105411.133000"],
      "InstanceNumber": [1, 2, 3],
      "LargestImagePixelValue": [55956, 59551, 56283],
      "WindowCenter": [11979.0, 11604.0, 11432.0],
      "WindowWidth": [25602.0, 24782.0, 24332.0]
    },
    "slices": {}
  },
  "IntendedFor": [
    "func/sub-169_task-freq1_acq-normal_run-01_echo-1_bold.nii.gz",
    "func/sub-169_task-freq1_acq-normal_run-01_echo-1_sbref.nii.gz",
    "func/sub-169_task-freq1_acq-normal_run-01_echo-2_bold.nii.gz",
    "func/sub-169_task-freq1_acq-normal_run-01_echo-2_sbref.nii.gz",
    "func/sub-169_task-freq1_acq-normal_run-01_echo-3_bold.nii.gz",
    "func/sub-169_task-freq1_acq-normal_run-01_echo-3_sbref.nii.gz",
    "func/sub-169_task-freq1_acq-normal_run-01_echo-4_bold.nii.gz",
    "func/sub-169_task-freq1_acq-normal_run-01_echo-4_sbref.nii.gz",
    "func/sub-169_task-freq2_acq-normal_run-01_echo-1_bold.nii.gz",
    "func/sub-169_task-freq2_acq-normal_run-01_echo-1_sbref.nii.gz",
    "func/sub-169_task-freq2_acq-normal_run-01_echo-2_bold.nii.gz",
    "func/sub-169_task-freq2_acq-normal_run-01_echo-2_sbref.nii.gz",
    "func/sub-169_task-freq2_acq-normal_run-01_echo-3_bold.nii.gz",
    "func/sub-169_task-freq2_acq-normal_run-01_echo-3_sbref.nii.gz",
    "func/sub-169_task-freq2_acq-normal_run-01_echo-4_bold.nii.gz",
    "func/sub-169_task-freq2_acq-normal_run-01_echo-4_sbref.nii.gz",
    "func/sub-169_task-freqreports1_acq-normal_run-01_echo-1_bold.nii.gz",
    "func/sub-169_task-freqreports1_acq-normal_run-01_echo-1_sbref.nii.gz",
    "func/sub-169_task-freqreports1_acq-normal_run-01_echo-2_bold.nii.gz",
    "func/sub-169_task-freqreports1_acq-normal_run-01_echo-2_sbref.nii.gz",
    "func/sub-169_task-freqreports1_acq-normal_run-01_echo-3_bold.nii.gz",
    "func/sub-169_task-freqreports1_acq-normal_run-01_echo-3_sbref.nii.gz",
    "func/sub-169_task-freqreports1_acq-normal_run-01_echo-4_bold.nii.gz",
    "func/sub-169_task-freqreports1_acq-normal_run-01_echo-4_sbref.nii.gz",
    "func/sub-169_task-memtest1_acq-normal_run-01_echo-1_bold.nii.gz",
    "func/sub-169_task-memtest1_acq-normal_run-01_echo-1_sbref.nii.gz",
    "func/sub-169_task-memtest1_acq-normal_run-01_echo-2_bold.nii.gz",
    "func/sub-169_task-memtest1_acq-normal_run-01_echo-2_sbref.nii.gz",
    "func/sub-169_task-memtest1_acq-normal_run-01_echo-3_bold.nii.gz",
    "func/sub-169_task-memtest1_acq-normal_run-01_echo-3_sbref.nii.gz",
    "func/sub-169_task-memtest1_acq-normal_run-01_echo-4_bold.nii.gz",
    "func/sub-169_task-memtest1_acq-normal_run-01_echo-4_sbref.nii.gz",
    "func/sub-169_task-memtest2_acq-normal_run-01_echo-1_bold.nii.gz",
    "func/sub-169_task-memtest2_acq-normal_run-01_echo-1_sbref.nii.gz",
    "func/sub-169_task-memtest2_acq-normal_run-01_echo-2_bold.nii.gz",
    "func/sub-169_task-memtest2_acq-normal_run-01_echo-2_sbref.nii.gz",
    "func/sub-169_task-memtest2_acq-normal_run-01_echo-3_bold.nii.gz",
    "func/sub-169_task-memtest2_acq-normal_run-01_echo-3_sbref.nii.gz",
    "func/sub-169_task-memtest2_acq-normal_run-01_echo-4_bold.nii.gz",
    "func/sub-169_task-memtest2_acq-normal_run-01_echo-4_sbref.nii.gz",
    "func/sub-169_task-pairedassociates1_acq-normal_run-01_echo-1_bold.nii.gz",
    "func/sub-169_task-pairedassociates1_acq-normal_run-01_echo-1_sbref.nii.gz",
    "func/sub-169_task-pairedassociates1_acq-normal_run-01_echo-2_bold.nii.gz",
    "func/sub-169_task-pairedassociates1_acq-normal_run-01_echo-2_sbref.nii.gz",
    "func/sub-169_task-pairedassociates1_acq-normal_run-01_echo-3_bold.nii.gz",
    "func/sub-169_task-pairedassociates1_acq-normal_run-01_echo-3_sbref.nii.gz",
    "func/sub-169_task-pairedassociates1_acq-normal_run-01_echo-4_bold.nii.gz",
    "func/sub-169_task-pairedassociates1_acq-normal_run-01_echo-4_sbref.nii.gz",
    "func/sub-169_task-pairedassociates2_acq-normal_run-01_echo-1_bold.nii.gz",
    "func/sub-169_task-pairedassociates2_acq-normal_run-01_echo-1_sbref.nii.gz",
    "func/sub-169_task-pairedassociates2_acq-normal_run-01_echo-2_bold.nii.gz",
    "func/sub-169_task-pairedassociates2_acq-normal_run-01_echo-2_sbref.nii.gz",
    "func/sub-169_task-pairedassociates2_acq-normal_run-01_echo-3_bold.nii.gz",
    "func/sub-169_task-pairedassociates2_acq-normal_run-01_echo-3_sbref.nii.gz",
    "func/sub-169_task-pairedassociates2_acq-normal_run-01_echo-4_bold.nii.gz",
    "func/sub-169_task-pairedassociates2_acq-normal_run-01_echo-4_sbref.nii.gz"
  ]
}