{
  "AcquisitionMatrixPE": 68,
  "AcquisitionNumber": 1,
  "AcquisitionTime": "11:38:31.425000",
  "BandwidthPerPixelPhaseEncode": 60.024,
  "BaseResolution": 68,
  "BodyPartExamined": "BRAIN",
  "CoilString": "HC1-7;NC1_2",
  "ConsistencyInfo": "N4_VE11C_LATEST_20160120",
  "ConversionSoftware": "dcm2niix",
  "ConversionSoftwareVersion": "v1.0.20190410  GCC6.3.0",
  "DerivedVendorReportedEchoSpacing": 0.00049,
  "DeviceSerialNumber": "166018",
  "DwellTime": 3e-06,
  "EchoNumber": 4,
  "EchoTime": 0.06544,
  "EchoTrainLength": 33,
  "EffectiveEchoSpacing": 0.000245,
  "FlipAngle": 75,
  "ImageComments": "Unaliased_MB2_PE4_SENSE1",
  "ImageOrientationPatientDICOM": [
    0.999172,
    0.0142987,
    0.0380798,
    0.00366221,
    0.900752,
    -0.434319
  ],
  "ImageType": [
    "ORIGINAL",
    "PRIMARY",
    "M",
    "MB",
    "TE4",
    "ND",
    "MOSAIC"
  ],
  "ImagingFrequency": 123.191,
  "InPlanePhaseEncodingDirectionDICOM": "COL",
  "InstitutionAddress": "Washington_Place_6_NYC_NYC_US_10003",
  "InstitutionName": "NYU_Center_for_Brain_Imaging",
  "InstitutionalDepartmentName": "Department",
  "MRAcquisitionType": "2D",
  "MagneticFieldStrength": 3,
  "Manufacturer": "Siemens",
  "ManufacturersModelName": "Prisma",
  "Modality": "MR",
  "MultibandAccelerationFactor": 2,
  "ParallelReductionFactorInPlane": 2,
  "PartialFourier": 1,
  "PatientPosition": "HFS",
  "PercentPhaseFOV": 100,
  "PhaseEncodingDirection": "j-",
  "PhaseEncodingSteps": 67,
  "PhaseResolution": 1,
  "PixelBandwidth": 2450,
  "ProcedureStepDescription": "Investigators_Hartley",
  "ProtocolName": "TASK-memTest2",
  "PulseSequenceDetails": "%CustomerSeq%_cmrr_mbep2d_bold",
  "ReceiveCoilActiveElements": "HC1-7;NC1,2",
  "ReceiveCoilName": "HeadNeck_64",
  "ReconMatrixPE": 68,
  "RefLinesPE": 24,
  "RepetitionTime": 2,
  "SAR": 0.0405286,
  "ScanOptions": "FS",
  "ScanningSequence": "EP",
  "SequenceName": "epfid2d4_68",
  "SequenceVariant": "SK_SS",
  "SeriesDescription": "TASK-memTest2",
  "SeriesNumber": 24,
  "ShimSetting": [
    261,
    -12714,
    -8418,
    537,
    85,
    -90,
    -210,
    -10
  ],
  "SliceThickness": 3,
  "SliceTiming": [
    0,
    0.45,
    0.8975,
    1.3475,
    1.7975,
    0.27,
    0.72,
    1.1675,
    1.6175,
    0.09,
    0.54,
    0.9875,
    1.4375,
    1.8875,
    0.36,
    0.8075,
    1.2575,
    1.7075,
    0.18,
    0.63,
    1.0775,
    1.5275,
    0,
    0.45,
    0.8975,
    1.3475,
    1.7975,
    0.27,
    0.72,
    1.1675,
    1.6175,
    0.09,
    0.54,
    0.9875,
    1.4375,
    1.8875,
    0.36,
    0.8075,
    1.2575,
    1.7075,
    0.18,
    0.63,
    1.0775,
    1.5275
  ],
  "SoftwareVersions": "syngo_MR_E11",
  "SpacingBetweenSlices": 3,
  "StationName": "AWP166018",
  "TotalReadoutTime": 0.016415,
  "TxRefAmp": 207.593,
  "WipMemBlock": "a9e36070-71a9-432e-8955-b88462a89607||Sequence: R016 ve11c/master r/8780670; Nov 27 2017 15:05:12 by eja",
  "NumberOfVolumes": 126
}