{
  "AcquisitionMatrixPE": 68,
  "AcquisitionNumber": 1,
  "AcquisitionTime": "18:54:20.270000",
  "BandwidthPerPixelPhaseEncode": 60.024,
  "BaseResolution": 68,
  "BodyPartExamined": "BRAIN",
  "CoilString": "HC1-7;NC1_2",
  "ConsistencyInfo": "N4_VE11C_LATEST_20160120",
  "ConversionSoftware": "dcm2niix",
  "ConversionSoftwareVersion": "v1.0.20190410  GCC6.3.0",
  "DerivedVendorReportedEchoSpacing": 0.00049,
  "DeviceSerialNumber": "166018",
  "DwellTime": 3e-06,
  "EchoTime": 0.0204,
  "EchoTrainLength": 33,
  "EffectiveEchoSpacing": 0.000245,
  "FlipAngle": 90,
  "ImageComments": "SENSE1",
  "ImageOrientationPatientDICOM": [0.985689, 0.165085, -0.0341111, -0.166363, 0.919989, -0.354886],
  "ImageType": [
    "ORIGINAL",
    "PRIMARY",
    "M",
    "ND",
    "MOSAIC"
],
  "ImagingFrequency": 123.191,
  "InPlanePhaseEncodingDirectionDICOM": "COL",
  "InstitutionAddress": "Washington_Place_6_NYC_NYC_US_10003",
  "InstitutionName": "NYU_-_CBI",
  "InstitutionalDepartmentName": "Department",
  "MRAcquisitionType": "2D",
  "MagneticFieldStrength": 3,
  "Manufacturer": "Siemens",
  "ManufacturersModelName": "Prisma",
  "Modality": "MR",
  "ParallelReductionFactorInPlane": 2,
  "PartialFourier": 1,
  "PatientPosition": "HFS",
  "PercentPhaseFOV": 100,
  "PhaseEncodingDirection": "j-",
  "PhaseEncodingSteps": 67,
  "PhaseResolution": 1,
  "PixelBandwidth": 2450,
  "ProcedureStepDescription": "Investigators_Hartley",
  "ProtocolName": "ME_SE_FieldMap_AP",
  "PulseSequenceDetails": "%CustomerSeq%_cmrr_mbep2d_se",
  "ReceiveCoilActiveElements": "HC1-7;NC1,2",
  "ReceiveCoilName": "HeadNeck_64",
  "ReconMatrixPE": 68,
  "RefLinesPE": 24,
  "RepetitionTime": 1.919,
  "SAR": 0.41749,
  "ScanOptions": "FS",
  "ScanningSequence": "EP",
  "SequenceName": "epse2d1_68",
  "SequenceVariant": "SK",
  "SeriesDescription": "ME_SE_FieldMap_AP",
  "SeriesNumber": 9,
  "ShimSetting": [254, -12678, -8439, 637, 42, -267, -111, 63],
  "SliceThickness": 3,
  "SliceTiming": [0.95, 0, 0.9925, 0.045, 1.0375, 0.0875, 1.08, 0.13, 1.1225, 0.175, 1.165, 0.2175, 1.21, 0.26, 1.2525, 0.3025, 1.295, 0.3475, 1.34, 0.39, 1.3825, 0.4325, 1.425, 0.475, 1.4675, 0.52, 1.5125, 0.5625, 1.555, 0.605, 1.5975, 0.6475, 1.64, 0.6925, 1.685, 0.735, 1.7275, 0.7775, 1.77, 0.82, 1.8125, 0.865, 1.8575, 0.9075],
  "SoftwareVersions": "syngo_MR_E11",
  "SpacingBetweenSlices": 3,
  "StationName": "AWP166018",
  "TotalReadoutTime": 0.016415,
  "TxRefAmp": 198.655,
  "WipMemBlock": "ec467461-6a17-4091-b5d4-436daeaa96c6||Sequence: R016 ve11c/master r/8780670; Nov 27 2017 15:08:10 by eja",
  "dcmmeta_affine": [
    [-2.9570677280426025, -0.49908894300460815, 0.08161431550979614, 114.72761535644531],
    [-0.49525609612464905, 2.759965658187866, -1.0664474964141846, -53.72098159790039],
    [-0.10233315825462341, 1.0646592378616333, 2.802860736846924, -79.06761169433594],
    [0.0, 0.0, 0.0, 1.0]
],
  "dcmmeta_reorient_transform": [
    [0.0, -1.0, 0.0, 67.0],
    [1.0, 0.0, 0.0, 0.0],
    [0.0, 0.0, 1.0, 0.0],
    [0.0, 0.0, 0.0, 1.0]
],
  "dcmmeta_shape": [68, 68, 44, 3],
  "dcmmeta_slice_dim": 2,
  "dcmmeta_version": 0.6,
  "global": {
    "const": {
      "AccessionNumber": "jy0jm2tz",
      "AcquisitionMatrix": [68, 0, 0, 68],
      "AngioFlag": "N",
      "BitsAllocated": 16,
      "BitsStored": 16,
      "BodyPartExamined": "BRAIN",
      "Columns": 476,
      "EchoNumbers": 1,
      "EchoTime": 20.4,
      "EchoTrainLength": 33,
      "FlipAngle": 90.0,
      "HighBit": 15,
      "ImageOrientationPatient": [0.9856892298045, 0.16508536702829, -0.0341110515895, -0.1663629843918, 0.91998858821023, -0.354886397298],
      "ImagePositionPatient": [-582.71631402627, -795.2619862455, 230.33099338609],
      "ImageType": [
        "ORIGINAL",
        "PRIMARY",
        "M",
        "ND",
        "MOSAIC"
],
      "ImagedNucleus": "1H",
      "ImagingFrequency": 123.191119,
      "InPlanePhaseEncodingDirection": "COL",
      "MRAcquisitionType": "2D",
      "MagneticFieldStrength": 3.0,
      "Manufacturer": "SIEMENS",
      "ManufacturerModelName": "Prisma",
      "Modality": "MR",
      "NumberOfAverages": 1.0,
      "NumberOfPhaseEncodingSteps": 67,
      "PercentPhaseFieldOfView": 100.0,
      "PercentSampling": 100.0,
      "PerformedProcedureStepStartTime": "182706.044000",
      "PhotometricInterpretation": "MONOCHROME2",
      "PixelBandwidth": 2450.0,
      "PixelRepresentation": 0,
      "PixelSpacing": [3.0, 3.0],
      "ProtocolName": "ME_SE_FieldMap_AP",
      "RepetitionTime": 1919.0,
      "Rows": 476,
      "SAR": 0.41748973445426,
      "SamplesPerPixel": 1,
      "ScanOptions": "FS",
      "ScanningSequence": "EP",
      "SequenceName": "epse2d1_68",
      "SequenceVariant": "SK",
      "SeriesDescription": "ME_SE_FieldMap_AP",
      "SeriesNumber": 9,
      "SeriesTime": "185427.230000",
      "SliceLocation": -51.653828328209,
      "SliceThickness": 3.0,
      "SmallestImagePixelValue": 0,
      "SoftwareVersions": "syngo MR E11",
      "SpacingBetweenSlices": 2.9999998821692,
      "SpecificCharacterSet": "ISO_IR 100",
      "StudyID": "1",
      "StudyTime": "182705.927000",
      "TransmitCoilName": "Body",
      "VariableFlipAngleFlag": "N",
      "WindowCenterWidthExplanation": "Algo1",
      "dBdt": 0.0},
    "slices": {}
  },
  "time": {
    "samples": {
      "AcquisitionNumber": [1, 2, 3],
      "AcquisitionTime": ["185420.270000", "185422.190000", "185424.107500"],
      "ContentTime": ["185427.236000", "185427.242000", "185427.245000"],
      "InstanceCreationTime": ["185427.236000", "185427.242000", "185427.245000"],
      "InstanceNumber": [1, 2, 3],
      "LargestImagePixelValue": [57843, 58058, 59005],
      "WindowCenter": [11674.0, 11578.0, 11601.0],
      "WindowWidth": [25116.0, 24896.0, 24950.0]
    },
    "slices": {}
  },
  "IntendedFor": [
    "func/sub-184_task-freq1_acq-normal_run-01_echo-1_bold.nii.gz",
    "func/sub-184_task-freq1_acq-normal_run-01_echo-1_sbref.nii.gz",
    "func/sub-184_task-freq1_acq-normal_run-01_echo-2_bold.nii.gz",
    "func/sub-184_task-freq1_acq-normal_run-01_echo-2_sbref.nii.gz",
    "func/sub-184_task-freq1_acq-normal_run-01_echo-3_bold.nii.gz",
    "func/sub-184_task-freq1_acq-normal_run-01_echo-3_sbref.nii.gz",
    "func/sub-184_task-freq1_acq-normal_run-01_echo-4_bold.nii.gz",
    "func/sub-184_task-freq1_acq-normal_run-01_echo-4_sbref.nii.gz",
    "func/sub-184_task-freq2_acq-normal_run-01_echo-1_bold.nii.gz",
    "func/sub-184_task-freq2_acq-normal_run-01_echo-1_sbref.nii.gz",
    "func/sub-184_task-freq2_acq-normal_run-01_echo-2_bold.nii.gz",
    "func/sub-184_task-freq2_acq-normal_run-01_echo-2_sbref.nii.gz",
    "func/sub-184_task-freq2_acq-normal_run-01_echo-3_bold.nii.gz",
    "func/sub-184_task-freq2_acq-normal_run-01_echo-3_sbref.nii.gz",
    "func/sub-184_task-freq2_acq-normal_run-01_echo-4_bold.nii.gz",
    "func/sub-184_task-freq2_acq-normal_run-01_echo-4_sbref.nii.gz",
    "func/sub-184_task-freqreports1_acq-normal_run-01_echo-1_bold.nii.gz",
    "func/sub-184_task-freqreports1_acq-normal_run-01_echo-1_sbref.nii.gz",
    "func/sub-184_task-freqreports1_acq-normal_run-01_echo-2_bold.nii.gz",
    "func/sub-184_task-freqreports1_acq-normal_run-01_echo-2_sbref.nii.gz",
    "func/sub-184_task-freqreports1_acq-normal_run-01_echo-3_bold.nii.gz",
    "func/sub-184_task-freqreports1_acq-normal_run-01_echo-3_sbref.nii.gz",
    "func/sub-184_task-freqreports1_acq-normal_run-01_echo-4_bold.nii.gz",
    "func/sub-184_task-freqreports1_acq-normal_run-01_echo-4_sbref.nii.gz",
    "func/sub-184_task-freqreports2_acq-normal_run-01_echo-1_bold.nii.gz",
    "func/sub-184_task-freqreports2_acq-normal_run-01_echo-1_sbref.nii.gz",
    "func/sub-184_task-freqreports2_acq-normal_run-01_echo-2_bold.nii.gz",
    "func/sub-184_task-freqreports2_acq-normal_run-01_echo-2_sbref.nii.gz",
    "func/sub-184_task-freqreports2_acq-normal_run-01_echo-3_bold.nii.gz",
    "func/sub-184_task-freqreports2_acq-normal_run-01_echo-3_sbref.nii.gz",
    "func/sub-184_task-freqreports2_acq-normal_run-01_echo-4_bold.nii.gz",
    "func/sub-184_task-freqreports2_acq-normal_run-01_echo-4_sbref.nii.gz",
    "func/sub-184_task-memtest1_acq-normal_run-01_echo-1_bold.nii.gz",
    "func/sub-184_task-memtest1_acq-normal_run-01_echo-1_sbref.nii.gz",
    "func/sub-184_task-memtest1_acq-normal_run-01_echo-2_bold.nii.gz",
    "func/sub-184_task-memtest1_acq-normal_run-01_echo-2_sbref.nii.gz",
    "func/sub-184_task-memtest1_acq-normal_run-01_echo-3_bold.nii.gz",
    "func/sub-184_task-memtest1_acq-normal_run-01_echo-3_sbref.nii.gz",
    "func/sub-184_task-memtest1_acq-normal_run-01_echo-4_bold.nii.gz",
    "func/sub-184_task-memtest1_acq-normal_run-01_echo-4_sbref.nii.gz",
    "func/sub-184_task-memtest2_acq-normal_run-01_echo-1_bold.nii.gz",
    "func/sub-184_task-memtest2_acq-normal_run-01_echo-1_sbref.nii.gz",
    "func/sub-184_task-memtest2_acq-normal_run-01_echo-2_bold.nii.gz",
    "func/sub-184_task-memtest2_acq-normal_run-01_echo-2_sbref.nii.gz",
    "func/sub-184_task-memtest2_acq-normal_run-01_echo-3_bold.nii.gz",
    "func/sub-184_task-memtest2_acq-normal_run-01_echo-3_sbref.nii.gz",
    "func/sub-184_task-memtest2_acq-normal_run-01_echo-4_bold.nii.gz",
    "func/sub-184_task-memtest2_acq-normal_run-01_echo-4_sbref.nii.gz",
    "func/sub-184_task-pairedassociates1_acq-normal_run-01_echo-1_bold.nii.gz",
    "func/sub-184_task-pairedassociates1_acq-normal_run-01_echo-1_sbref.nii.gz",
    "func/sub-184_task-pairedassociates1_acq-normal_run-01_echo-2_bold.nii.gz",
    "func/sub-184_task-pairedassociates1_acq-normal_run-01_echo-2_sbref.nii.gz",
    "func/sub-184_task-pairedassociates1_acq-normal_run-01_echo-3_bold.nii.gz",
    "func/sub-184_task-pairedassociates1_acq-normal_run-01_echo-3_sbref.nii.gz",
    "func/sub-184_task-pairedassociates1_acq-normal_run-01_echo-4_bold.nii.gz",
    "func/sub-184_task-pairedassociates1_acq-normal_run-01_echo-4_sbref.nii.gz",
    "func/sub-184_task-pairedassociates2_acq-normal_run-01_echo-1_bold.nii.gz",
    "func/sub-184_task-pairedassociates2_acq-normal_run-01_echo-1_sbref.nii.gz",
    "func/sub-184_task-pairedassociates2_acq-normal_run-01_echo-2_bold.nii.gz",
    "func/sub-184_task-pairedassociates2_acq-normal_run-01_echo-2_sbref.nii.gz",
    "func/sub-184_task-pairedassociates2_acq-normal_run-01_echo-3_bold.nii.gz",
    "func/sub-184_task-pairedassociates2_acq-normal_run-01_echo-3_sbref.nii.gz",
    "func/sub-184_task-pairedassociates2_acq-normal_run-01_echo-4_bold.nii.gz",
    "func/sub-184_task-pairedassociates2_acq-normal_run-01_echo-4_sbref.nii.gz"
  ]
}