{
  "AcquisitionMatrixPE": 128,
  "AcquisitionNumber": 1,
  "AcquisitionTime": "16:40:38.995000",
  "BaseResolution": 128,
  "BodyPartExamined": "BRAIN",
  "ConsistencyInfo": "N4_VE11C_LATEST_20160120",
  "ConversionSoftware": "dcm2niix",
  "ConversionSoftwareVersion": "v1.0.20190410  GCC6.3.0",
  "DeviceSerialNumber": "166018",
  "DwellTime": 7.3e-06,
  "EchoTime": 0.00103,
  "FlipAngle": 3,
  "ImageOrientationPatientDICOM": [0.0370845, 0.993558, 0.107086, 0.0333204, 0.105871, -0.993821],
  "ImageType": [
    "ORIGINAL",
    "PRIMARY",
    "M",
    "ND"
],
  "ImagingFrequency": 123.191,
  "InPlanePhaseEncodingDirectionDICOM": "ROW",
  "InstitutionAddress": "Washington_Place_6_NYC_NYC_US_10003",
  "InstitutionName": "NYU_Center_for_Brain_Imaging",
  "InstitutionalDepartmentName": "Department",
  "MRAcquisitionType": "3D",
  "MagneticFieldStrength": 3,
  "Manufacturer": "Siemens",
  "ManufacturersModelName": "Prisma",
  "Modality": "MR",
  "PartialFourier": 0.75,
  "PatientPosition": "HFS",
  "PercentPhaseFOV": 100,
  "PhaseEncodingSteps": 96,
  "PhaseResolution": 1,
  "PixelBandwidth": 535,
  "ProcedureStepDescription": "Investigators_Hartley",
  "ProtocolName": "BIAS_BodyCoil",
  "PulseSequenceDetails": "%SiemensSeq%_tfl",
  "ReceiveCoilActiveElements": "BC",
  "ReceiveCoilName": "Body",
  "ReconMatrixPE": 128,
  "RepetitionTime": 0.25,
  "SAR": 0.00751626,
  "ScanOptions": "PFP",
  "ScanningSequence": "GR",
  "SequenceName": "_tfl3d1_16ns",
  "SequenceVariant": "SK_SP",
  "SeriesDescription": "BIAS_BodyCoil",
  "SeriesNumber": 5,
  "ShimSetting": [251, -12647, -8507, -157, 24, -475, 70, -36],
  "SliceThickness": 2,
  "SoftwareVersions": "syngo_MR_E11",
  "StationName": "AWP166018",
  "TxRefAmp": 228.291,
  "dcmmeta_affine": [
    [1.997512936592102, 0.07416903972625732, 0.06664076447486877, -95.67402648925781],
    [-0.08084708452224731, 1.9871158599853516, 0.21174168586730957, -118.23758697509766],
    [-0.05835912004113197, -0.21417224407196045, 1.9876428842544556, -116.83836364746094],
    [0.0, 0.0, 0.0, 1.0]
],
  "dcmmeta_reorient_transform": [
    [0.0, 0.0, -1.0, 127.0],
    [0.0, -1.0, 0.0, 127.0],
    [-1.0, 0.0, 0.0, 87.0],
    [0.0, 0.0, 0.0, 1.0]
],
  "dcmmeta_shape": [88, 128, 128],
  "dcmmeta_slice_dim": 0,
  "dcmmeta_version": 0.6,
  "global": {
    "const": {
      "AccessionNumber": "jxz07r1w",
      "AcquisitionMatrix": [0, 128, 128, 0],
      "AcquisitionNumber": 1,
      "AcquisitionTime": "164038.995000",
      "AngioFlag": "N",
      "BitsAllocated": 16,
      "BitsStored": 12,
      "BodyPartExamined": "BRAIN",
      "Columns": 128,
      "EchoNumbers": 1,
      "EchoTime": 1.03,
      "EchoTrainLength": 1,
      "FlipAngle": 3.0,
      "HighBit": 11,
      "ImageOrientationPatient": [0.0370845208962, 0.99355790020209, 0.10708612074361, 0.03332038301098, 0.1058708461464, -0.9938214708952],
      "ImageType": [
        "ORIGINAL",
        "PRIMARY",
        "M",
        "ND"
],
      "ImagedNucleus": "1H",
      "ImagingFrequency": 123.190974,
      "InPlanePhaseEncodingDirection": "ROW",
      "MRAcquisitionType": "3D",
      "MagneticFieldStrength": 3.0,
      "Manufacturer": "SIEMENS",
      "ManufacturerModelName": "Prisma",
      "Modality": "MR",
      "NumberOfAverages": 1.0,
      "NumberOfPhaseEncodingSteps": 96,
      "PercentPhaseFieldOfView": 100.0,
      "PercentSampling": 100.0,
      "PerformedProcedureStepStartTime": "162227.650000",
      "PhotometricInterpretation": "MONOCHROME2",
      "PixelBandwidth": 535.0,
      "PixelRepresentation": 0,
      "PixelSpacing": [2.0, 2.0],
      "ProtocolName": "BIAS_BodyCoil",
      "RepetitionTime": 250.0,
      "Rows": 128,
      "SAR": 0.00751626176086,
      "SamplesPerPixel": 1,
      "ScanOptions": "PFP",
      "ScanningSequence": "GR",
      "SequenceName": "*tfl3d1_16ns",
      "SequenceVariant": [
        "SK",
        "SP"
],
      "SeriesDescription": "BIAS_BodyCoil",
      "SeriesNumber": 5,
      "SeriesTime": "164103.987000",
      "SliceThickness": 2.0,
      "SmallestImagePixelValue": 0,
      "SoftwareVersions": "syngo MR E11",
      "SpecificCharacterSet": "ISO_IR 100",
      "StudyID": "1",
      "StudyTime": "162227.581000",
      "TransmitCoilName": "Body",
      "VariableFlipAngleFlag": "N",
      "WindowCenterWidthExplanation": "Algo1",
      "dBdt": 0.0},
