{
  "AcquisitionMatrixPE": 68,
  "AcquisitionNumber": 1,
  "AcquisitionTime": "17:16:25.297500",
  "BandwidthPerPixelPhaseEncode": 60.024,
  "BaseResolution": 68,
  "BodyPartExamined": "BRAIN",
  "CoilString": "HC1-7;NC1_2",
  "ConsistencyInfo": "N4_VE11C_LATEST_20160120",
  "ConversionSoftware": "dcm2niix",
  "ConversionSoftwareVersion": "v1.0.20190410  GCC6.3.0",
  "DerivedVendorReportedEchoSpacing": 0.00049,
  "DeviceSerialNumber": "166018",
  "DwellTime": 3e-06,
  "EchoTime": 0.0204,
  "EchoTrainLength": 33,
  "EffectiveEchoSpacing": 0.000245,
  "FlipAngle": 90,
  "ImageComments": "SENSE1",
  "ImageOrientationPatientDICOM": [0.995138, 0.0563375, -0.0807896, -0.0856633, 0.899873, -0.427656],
  "ImageType": [
    "ORIGINAL",
    "PRIMARY",
    "M",
    "ND",
    "MOSAIC"
],
  "ImagingFrequency": 123.191,
  "InPlanePhaseEncodingDirectionDICOM": "COL",
  "InstitutionAddress": "Washington_Place_6_NYC_NYC_US_10003",
  "InstitutionName": "NYU_-_CBI",
  "InstitutionalDepartmentName": "Department",
  "MRAcquisitionType": "2D",
  "MagneticFieldStrength": 3,
  "Manufacturer": "Siemens",
  "ManufacturersModelName": "Prisma",
  "Modality": "MR",
  "ParallelReductionFactorInPlane": 2,
  "PartialFourier": 1,
  "PatientPosition": "HFS",
  "PercentPhaseFOV": 100,
  "PhaseEncodingDirection": "j",
  "PhaseEncodingSteps": 67,
  "PhaseResolution": 1,
  "PixelBandwidth": 2450,
  "ProcedureStepDescription": "Investigators_Hartley",
  "ProtocolName": "ME_SE_FieldMap_PA",
  "PulseSequenceDetails": "%CustomerSeq%_cmrr_mbep2d_se",
  "ReceiveCoilActiveElements": "HC1-7;NC1,2",
  "ReceiveCoilName": "HeadNeck_64",
  "ReconMatrixPE": 68,
  "RefLinesPE": 24,
  "RepetitionTime": 1.919,
  "SAR": 0.44281,
  "ScanOptions": "FS",
  "ScanningSequence": "EP",
  "SequenceName": "epse2d1_68",
  "SequenceVariant": "SK",
  "SeriesDescription": "ME_SE_FieldMap_PA",
  "SeriesNumber": 28,
  "ShimSetting": [229, -12674, -8454, 634, -124, -307, -154, 66],
  "SliceThickness": 3,
  "SliceTiming": [0.95, 0, 0.9925, 0.0425, 1.035, 0.0875, 1.08, 0.13, 1.1225, 0.1725, 1.165, 0.215, 1.2075, 0.26, 1.2525, 0.3025, 1.295, 0.345, 1.3375, 0.3875, 1.38, 0.4325, 1.425, 0.475, 1.4675, 0.5175, 1.51, 0.56, 1.5525, 0.605, 1.5975, 0.6475, 1.64, 0.69, 1.6825, 0.7325, 1.725, 0.7775, 1.77, 0.82, 1.8125, 0.8625, 1.855, 0.905],
  "SoftwareVersions": "syngo_MR_E11",
  "SpacingBetweenSlices": 3,
  "StationName": "AWP166018",
  "TotalReadoutTime": 0.016415,
  "TxRefAmp": 202.949,
  "WipMemBlock": "aaa8efaf-0d64-4944-96ac-a325137bd0e6||Sequence: R016 ve11c/master r/8780670; Nov 27 2017 15:08:10 by eja",
  "dcmmeta_affine": [
    [-2.9854133129119873, -0.25698980689048767, -0.14582207798957825, 113.00067138671875],
    [-0.16901245713233948, 2.699620485305786, -1.2974915504455566, -50.031761169433594],
    [-0.24236880242824554, 1.2829675674438477, 2.700972318649292, -85.31559753417969],
    [0.0, 0.0, 0.0, 1.0]
],
  "dcmmeta_reorient_transform": [
    [0.0, -1.0, 0.0, 67.0],
    [1.0, 0.0, 0.0, 0.0],
    [0.0, 0.0, 1.0, 0.0],
    [0.0, 0.0, 0.0, 1.0]
],
  "dcmmeta_shape": [68, 68, 44, 3],
  "dcmmeta_slice_dim": 2,
  "dcmmeta_version": 0.6,
  "global": {
    "const": {
      "AccessionNumber": "jwuzqtd7",
      "AcquisitionMatrix": [68, 0, 0, 68],
      "AngioFlag": "N",
      "BitsAllocated": 16,
      "BitsStored": 16,
      "BodyPartExamined": "BRAIN",
      "Columns": 476,
      "EchoNumbers": 1,
      "EchoTime": 20.4,
      "EchoTrainLength": 33,
      "FlipAngle": 90.0,
      "HighBit": 15,
      "ImageOrientationPatient": [0.99513774341217, 0.05633748623105, -0.080789598846, -0.08566327114, 0.89987347845026, -0.427655850842],
      "ImagePositionPatient": [-652.38072793524, -716.04391680735, 311.81184276427],
      "ImageType": [
        "ORIGINAL",
        "PRIMARY",
        "M",
        "ND",
        "MOSAIC"
],
      "ImagedNucleus": "1H",
      "ImagingFrequency": 123.190825,
      "InPlanePhaseEncodingDirection": "COL",
      "MRAcquisitionType": "2D",
      "MagneticFieldStrength": 3.0,
      "Manufacturer": "SIEMENS",
      "ManufacturerModelName": "Prisma",
      "Modality": "MR",
      "NumberOfAverages": 1.0,
      "NumberOfPhaseEncodingSteps": 67,
      "PercentPhaseFieldOfView": 100.0,
      "PercentSampling": 100.0,
      "PerformedProcedureStepStartTime": "155554.864000",
      "PhotometricInterpretation": "MONOCHROME2",
      "PixelBandwidth": 2450.0,
      "PixelRepresentation": 0,
      "PixelSpacing": [3.0, 3.0],
      "ProtocolName": "ME_SE_FieldMap_PA",
      "RepetitionTime": 1919.0,
      "Rows": 476,
      "SAR": 0.44281028006914,
      "SamplesPerPixel": 1,
      "ScanOptions": "FS",
      "ScanningSequence": "EP",
      "SequenceName": "epse2d1_68",
      "SequenceVariant": "SK",
      "SeriesDescription": "ME_SE_FieldMap_PA",
      "SeriesNumber": 28,
      "SeriesTime": "171630.738000",
      "SliceLocation": -60.665758855974,
      "SliceThickness": 3.0,
      "SmallestImagePixelValue": 0,
      "SoftwareVersions": "syngo MR E11",
      "SpacingBetweenSlices": 2.9999999161603,
      "SpecificCharacterSet": "ISO_IR 100",
      "StudyID": "1",
      "StudyTime": "155554.801000",
      "TransmitCoilName": "Body",
      "VariableFlipAngleFlag": "N",
      "WindowCenterWidthExplanation": "Algo1",
      "dBdt": 0.0},
    "slices": {}
  },
  "time": {
    "samples": {
      "AcquisitionNumber": [1, 2, 3],
      "AcquisitionTime": ["171625.297500", "171627.215000", "171629.135000"],
      "ContentTime": ["171630.741000", "171630.745000", "171630.748000"],
      "InstanceCreationTime": ["171630.741000", "171630.745000", "171630.748000"],
      "InstanceNumber": [1, 2, 3],
      "LargestImagePixelValue": [52982, 52482, 53005],
      "WindowCenter": [11247.0, 11137.0, 11143.0],
      "WindowWidth": [23830.0, 23577.0, 23590.0]
    },
    "slices": {}
  },
  "IntendedFor": [
    "func/sub-166_task-freq1_acq-normal_run-01_echo-1_bold.nii.gz",
    "func/sub-166_task-freq1_acq-normal_run-01_echo-1_sbref.nii.gz",
    "func/sub-166_task-freq1_acq-normal_run-01_echo-2_bold.nii.gz",
    "func/sub-166_task-freq1_acq-normal_run-01_echo-2_sbref.nii.gz",
    "func/sub-166_task-freq1_acq-normal_run-01_echo-3_bold.nii.gz",
    "func/sub-166_task-freq1_acq-normal_run-01_echo-3_sbref.nii.gz",
    "func/sub-166_task-freq1_acq-normal_run-01_echo-4_bold.nii.gz",
    "func/sub-166_task-freq1_acq-normal_run-01_echo-4_sbref.nii.gz",
    "func/sub-166_task-freq2_acq-normal_run-01_echo-1_bold.nii.gz",
    "func/sub-166_task-freq2_acq-normal_run-01_echo-1_sbref.nii.gz",
    "func/sub-166_task-freq2_acq-normal_run-01_echo-2_bold.nii.gz",
    "func/sub-166_task-freq2_acq-normal_run-01_echo-2_sbref.nii.gz",
    "func/sub-166_task-freq2_acq-normal_run-01_echo-3_bold.nii.gz",
    "func/sub-166_task-freq2_acq-normal_run-01_echo-3_sbref.nii.gz",
    "func/sub-166_task-freq2_acq-normal_run-01_echo-4_bold.nii.gz",
    "func/sub-166_task-freq2_acq-normal_run-01_echo-4_sbref.nii.gz",
    "func/sub-166_task-freqreports1_acq-normal_run-01_echo-1_bold.nii.gz",
    "func/sub-166_task-freqreports1_acq-normal_run-01_echo-1_sbref.nii.gz",
    "func/sub-166_task-freqreports1_acq-normal_run-01_echo-2_bold.nii.gz",
    "func/sub-166_task-freqreports1_acq-normal_run-01_echo-2_sbref.nii.gz",
    "func/sub-166_task-freqreports1_acq-normal_run-01_echo-3_bold.nii.gz",
    "func/sub-166_task-freqreports1_acq-normal_run-01_echo-3_sbref.nii.gz",
    "func/sub-166_task-freqreports1_acq-normal_run-01_echo-4_bold.nii.gz",
    "func/sub-166_task-freqreports1_acq-normal_run-01_echo-4_sbref.nii.gz",
    "func/sub-166_task-freqreports2_acq-normal_run-01_echo-1_bold.nii.gz",
    "func/sub-166_task-freqreports2_acq-normal_run-01_echo-1_sbref.nii.gz",
    "func/sub-166_task-freqreports2_acq-normal_run-01_echo-2_bold.nii.gz",
    "func/sub-166_task-freqreports2_acq-normal_run-01_echo-2_sbref.nii.gz",
    "func/sub-166_task-freqreports2_acq-normal_run-01_echo-3_bold.nii.gz",
    "func/sub-166_task-freqreports2_acq-normal_run-01_echo-3_sbref.nii.gz",
    "func/sub-166_task-freqreports2_acq-normal_run-01_echo-4_bold.nii.gz",
    "func/sub-166_task-freqreports2_acq-normal_run-01_echo-4_sbref.nii.gz",
    "func/sub-166_task-memtest1_acq-normal_run-01_echo-1_bold.nii.gz",
    "func/sub-166_task-memtest1_acq-normal_run-01_echo-1_sbref.nii.gz",
    "func/sub-166_task-memtest1_acq-normal_run-01_echo-2_bold.nii.gz",
    "func/sub-166_task-memtest1_acq-normal_run-01_echo-2_sbref.nii.gz",
    "func/sub-166_task-memtest1_acq-normal_run-01_echo-3_bold.nii.gz",
    "func/sub-166_task-memtest1_acq-normal_run-01_echo-3_sbref.nii.gz",
    "func/sub-166_task-memtest1_acq-normal_run-01_echo-4_bold.nii.gz",
    "func/sub-166_task-memtest1_acq-normal_run-01_echo-4_sbref.nii.gz",
    "func/sub-166_task-memtest2_acq-normal_run-01_echo-1_bold.nii.gz",
    "func/sub-166_task-memtest2_acq-normal_run-01_echo-1_sbref.nii.gz",
    "func/sub-166_task-memtest2_acq-normal_run-01_echo-2_bold.nii.gz",
    "func/sub-166_task-memtest2_acq-normal_run-01_echo-2_sbref.nii.gz",
    "func/sub-166_task-memtest2_acq-normal_run-01_echo-3_bold.nii.gz",
    "func/sub-166_task-memtest2_acq-normal_run-01_echo-3_sbref.nii.gz",
    "func/sub-166_task-memtest2_acq-normal_run-01_echo-4_bold.nii.gz",
    "func/sub-166_task-memtest2_acq-normal_run-01_echo-4_sbref.nii.gz",
    "func/sub-166_task-pairedassociates1_acq-normal_run-01_echo-1_bold.nii.gz",
    "func/sub-166_task-pairedassociates1_acq-normal_run-01_echo-1_sbref.nii.gz",
    "func/sub-166_task-pairedassociates1_acq-normal_run-01_echo-2_bold.nii.gz",
    "func/sub-166_task-pairedassociates1_acq-normal_run-01_echo-2_sbref.nii.gz",
    "func/sub-166_task-pairedassociates1_acq-normal_run-01_echo-3_bold.nii.gz",
    "func/sub-166_task-pairedassociates1_acq-normal_run-01_echo-3_sbref.nii.gz",
    "func/sub-166_task-pairedassociates1_acq-normal_run-01_echo-4_bold.nii.gz",
    "func/sub-166_task-pairedassociates1_acq-normal_run-01_echo-4_sbref.nii.gz",
    "func/sub-166_task-pairedassociates2_acq-normal_run-01_echo-1_bold.nii.gz",
    "func/sub-166_task-pairedassociates2_acq-normal_run-01_echo-1_sbref.nii.gz",
    "func/sub-166_task-pairedassociates2_acq-normal_run-01_echo-2_bold.nii.gz",
    "func/sub-166_task-pairedassociates2_acq-normal_run-01_echo-2_sbref.nii.gz",
    "func/sub-166_task-pairedassociates2_acq-normal_run-01_echo-3_bold.nii.gz",
    "func/sub-166_task-pairedassociates2_acq-normal_run-01_echo-3_sbref.nii.gz",
    "func/sub-166_task-pairedassociates2_acq-normal_run-01_echo-4_bold.nii.gz",
    "func/sub-166_task-pairedassociates2_acq-normal_run-01_echo-4_sbref.nii.gz"
  ]
}