{
  "AcquisitionMatrixPE": 68,
  "AcquisitionNumber": 1,
  "AcquisitionTime": "10:45:3.255000",
  "BandwidthPerPixelPhaseEncode": 60.024,
  "BaseResolution": 68,
  "BodyPartExamined": "BRAIN",
  "CoilString": "HC1-7;NC1_2",
  "ConsistencyInfo": "N4_VE11C_LATEST_20160120",
  "ConversionSoftware": "dcm2niix",
  "ConversionSoftwareVersion": "v1.0.20190410  GCC6.3.0",
  "DerivedVendorReportedEchoSpacing": 0.00049,
  "DeviceSerialNumber": "166018",
  "DwellTime": 3e-06,
  "EchoTime": 0.0204,
  "EchoTrainLength": 33,
  "EffectiveEchoSpacing": 0.000245,
  "FlipAngle": 90,
  "ImageComments": "SENSE1",
  "ImageOrientationPatientDICOM": [0.99538, -0.0602997, 0.0747149, 0.0790374, 0.956427, -0.281069],
  "ImageType": [
    "ORIGINAL",
    "PRIMARY",
    "M",
    "ND",
    "MOSAIC"
],
  "ImagingFrequency": 123.191,
  "InPlanePhaseEncodingDirectionDICOM": "COL",
  "InstitutionAddress": "Washington_Place_6_NYC_NYC_US_10003",
  "InstitutionName": "NYU_Center_for_Brain_Imaging",
  "InstitutionalDepartmentName": "Department",
  "MRAcquisitionType": "2D",
  "MagneticFieldStrength": 3,
  "Manufacturer": "Siemens",
  "ManufacturersModelName": "Prisma",
  "Modality": "MR",
  "ParallelReductionFactorInPlane": 2,
  "PartialFourier": 1,
  "PatientPosition": "HFS",
  "PercentPhaseFOV": 100,
  "PhaseEncodingDirection": "j-",
  "PhaseEncodingSteps": 67,
  "PhaseResolution": 1,
  "PixelBandwidth": 2450,
  "ProcedureStepDescription": "Investigators_Hartley",
  "ProtocolName": "ME_SE_FieldMap_AP",
  "PulseSequenceDetails": "%CustomerSeq%_cmrr_mbep2d_se",
  "ReceiveCoilActiveElements": "HC1-7;NC1,2",
  "ReceiveCoilName": "HeadNeck_64",
  "ReconMatrixPE": 68,
  "RefLinesPE": 24,
  "RepetitionTime": 1.919,
  "SAR": 0.366899,
  "ScanOptions": "FS",
  "ScanningSequence": "EP",
  "SequenceName": "epse2d1_68",
  "SequenceVariant": "SK",
  "SeriesDescription": "ME_SE_FieldMap_AP",
  "SeriesNumber": 9,
  "ShimSetting": [297, -12674, -8403, 648, 26, -275, -146, -3],
  "SliceThickness": 3,
  "SliceTiming": [0.95, 0, 0.9925, 0.0425, 1.035, 0.085, 1.0775, 0.13, 1.1225, 0.1725, 1.165, 0.215, 1.2075, 0.2575, 1.25, 0.3025, 1.295, 0.345, 1.3375, 0.3875, 1.38, 0.43, 1.4225, 0.475, 1.4675, 0.5175, 1.51, 0.56, 1.5525, 0.6025, 1.595, 0.6475, 1.64, 0.69, 1.6825, 0.7325, 1.725, 0.7775, 1.7675, 0.82, 1.8125, 0.8625, 1.855, 0.905],
  "SoftwareVersions": "syngo_MR_E11",
  "SpacingBetweenSlices": 3,
  "StationName": "AWP166018",
  "TotalReadoutTime": 0.016415,
  "TxRefAmp": 217.679,
  "WipMemBlock": "dba3c6ba-19e5-4483-a7d2-af6a21a35395||Sequence: R016 ve11c/master r/8780670; Nov 27 2017 15:08:10 by eja",
  "dcmmeta_affine": [
    [-2.986140489578247, 0.23711217939853668, 0.16353300213813782, 94.39122772216797],
    [0.18089896440505981, 2.8692824840545654, -0.8570263385772705, -65.50487518310547],
    [0.2241445928812027, 0.843205988407135, 2.8703246116638184, -77.7818603515625],
    [0.0, 0.0, 0.0, 1.0]
],
  "dcmmeta_reorient_transform": [
    [0.0, -1.0, 0.0, 67.0],
    [1.0, 0.0, 0.0, 0.0],
    [0.0, 0.0, 1.0, 0.0],
    [0.0, 0.0, 0.0, 1.0]
],
  "dcmmeta_shape": [68, 68, 44, 3],
  "dcmmeta_slice_dim": 2,
  "dcmmeta_version": 0.6,
  "global": {
    "const": {
      "AccessionNumber": "jy7nh8zr",
      "AcquisitionMatrix": [68, 0, 0, 68],
      "AngioFlag": "N",
      "BitsAllocated": 16,
      "BitsStored": 16,
      "BodyPartExamined": "BRAIN",
      "Columns": 476,
      "EchoNumbers": 1,
      "EchoTime": 20.4,
      "EchoTrainLength": 33,
      "FlipAngle": 90.0,
      "HighBit": 15,
      "ImageOrientationPatient": [0.99538014902671, -0.0602996544405, 0.07471486196152, 0.07903739347107, 0.95642746333113, -0.2810686710028],
      "ImagePositionPatient": [-767.82127641782, -675.16726772445, 105.00147179781],
      "ImageType": [
        "ORIGINAL",
        "PRIMARY",
        "M",
        "ND",
        "MOSAIC"
],
      "ImagedNucleus": "1H",
      "ImagingFrequency": 123.191113,
      "InPlanePhaseEncodingDirection": "COL",
      "MRAcquisitionType": "2D",
      "MagneticFieldStrength": 3.0,
      "Manufacturer": "SIEMENS",
      "ManufacturerModelName": "Prisma",
      "Modality": "MR",
      "NumberOfAverages": 1.0,
      "NumberOfPhaseEncodingSteps": 67,
      "PercentPhaseFieldOfView": 100.0,
      "PercentSampling": 100.0,
      "PerformedProcedureStepStartTime": "102320.198000",
      "PhotometricInterpretation": "MONOCHROME2",
      "PixelBandwidth": 2450.0,
      "PixelRepresentation": 0,
      "PixelSpacing": [3.0, 3.0],
      "ProtocolName": "ME_SE_FieldMap_AP",
      "RepetitionTime": 1919.0,
      "Rows": 476,
      "SAR": 0.36689920676083,
      "SamplesPerPixel": 1,
      "ScanOptions": "FS",
      "ScanningSequence": "EP",
      "SequenceName": "epse2d1_68",
      "SequenceVariant": "SK",
      "SeriesDescription": "ME_SE_FieldMap_AP",
      "SeriesNumber": 9,
      "SeriesTime": "104509.688000",
      "SliceLocation": -50.561235211436,
      "SliceThickness": 3.0,
      "SmallestImagePixelValue": 0,
      "SoftwareVersions": "syngo MR E11",
      "SpacingBetweenSlices": 3.0000000073963,
      "SpecificCharacterSet": "ISO_IR 100",
      "StudyID": "1",
      "StudyTime": "102320.148000",
      "TransmitCoilName": "Body",
      "VariableFlipAngleFlag": "N",
      "WindowCenterWidthExplanation": "Algo1",
      "dBdt": 0.0},
    "slices": {}
  },
  "time": {
    "samples": {
      "AcquisitionNumber": [1, 2, 3],
      "AcquisitionTime": ["104503.255000", "104505.172500", "104507.092500"],
      "ContentTime": ["104509.693000", "104509.699000", "104509.703000"],
      "InstanceCreationTime": ["104509.693000", "104509.699000", "104509.703000"],
      "InstanceNumber": [1, 2, 3],
      "LargestImagePixelValue": [39499, 39499, 47026],
      "WindowCenter": [11385.0, 11317.0, 11368.0],
      "WindowWidth": [23865.0, 23733.0, 23845.0]
    },
    "slices": {}
  },
  "IntendedFor": [
    "func/sub-191_task-freq1_acq-normal_run-01_echo-1_bold.nii.gz",
    "func/sub-191_task-freq1_acq-normal_run-01_echo-1_sbref.nii.gz",
    "func/sub-191_task-freq1_acq-normal_run-01_echo-2_bold.nii.gz",
    "func/sub-191_task-freq1_acq-normal_run-01_echo-2_sbref.nii.gz",
    "func/sub-191_task-freq1_acq-normal_run-01_echo-3_bold.nii.gz",
    "func/sub-191_task-freq1_acq-normal_run-01_echo-3_sbref.nii.gz",
    "func/sub-191_task-freq1_acq-normal_run-01_echo-4_bold.nii.gz",
    "func/sub-191_task-freq1_acq-normal_run-01_echo-4_sbref.nii.gz",
    "func/sub-191_task-freq2_acq-normal_run-01_echo-1_bold.nii.gz",
    "func/sub-191_task-freq2_acq-normal_run-01_echo-1_sbref.nii.gz",
    "func/sub-191_task-freq2_acq-normal_run-01_echo-2_bold.nii.gz",
    "func/sub-191_task-freq2_acq-normal_run-01_echo-2_sbref.nii.gz",
    "func/sub-191_task-freq2_acq-normal_run-01_echo-3_bold.nii.gz",
    "func/sub-191_task-freq2_acq-normal_run-01_echo-3_sbref.nii.gz",
    "func/sub-191_task-freq2_acq-normal_run-01_echo-4_bold.nii.gz",
    "func/sub-191_task-freq2_acq-normal_run-01_echo-4_sbref.nii.gz",
    "func/sub-191_task-freqreports1_acq-normal_run-01_echo-1_bold.nii.gz",
    "func/sub-191_task-freqreports1_acq-normal_run-01_echo-1_sbref.nii.gz",
    "func/sub-191_task-freqreports1_acq-normal_run-01_echo-2_bold.nii.gz",
    "func/sub-191_task-freqreports1_acq-normal_run-01_echo-2_sbref.nii.gz",
    "func/sub-191_task-freqreports1_acq-normal_run-01_echo-3_bold.nii.gz",
    "func/sub-191_task-freqreports1_acq-normal_run-01_echo-3_sbref.nii.gz",
    "func/sub-191_task-freqreports1_acq-normal_run-01_echo-4_bold.nii.gz",
    "func/sub-191_task-freqreports1_acq-normal_run-01_echo-4_sbref.nii.gz",
    "func/sub-191_task-freqreports2_acq-normal_run-01_echo-1_bold.nii.gz",
    "func/sub-191_task-freqreports2_acq-normal_run-01_echo-1_sbref.nii.gz",
    "func/sub-191_task-freqreports2_acq-normal_run-01_echo-2_bold.nii.gz",
    "func/sub-191_task-freqreports2_acq-normal_run-01_echo-2_sbref.nii.gz",
    "func/sub-191_task-freqreports2_acq-normal_run-01_echo-3_bold.nii.gz",
    "func/sub-191_task-freqreports2_acq-normal_run-01_echo-3_sbref.nii.gz",
    "func/sub-191_task-freqreports2_acq-normal_run-01_echo-4_bold.nii.gz",
    "func/sub-191_task-freqreports2_acq-normal_run-01_echo-4_sbref.nii.gz",
    "func/sub-191_task-memtest1_acq-normal_run-01_echo-1_bold.nii.gz",
    "func/sub-191_task-memtest1_acq-normal_run-01_echo-1_sbref.nii.gz",
    "func/sub-191_task-memtest1_acq-normal_run-01_echo-2_bold.nii.gz",
    "func/sub-191_task-memtest1_acq-normal_run-01_echo-2_sbref.nii.gz",
    "func/sub-191_task-memtest1_acq-normal_run-01_echo-3_bold.nii.gz",
    "func/sub-191_task-memtest1_acq-normal_run-01_echo-3_sbref.nii.gz",
    "func/sub-191_task-memtest1_acq-normal_run-01_echo-4_bold.nii.gz",
    "func/sub-191_task-memtest1_acq-normal_run-01_echo-4_sbref.nii.gz",
    "func/sub-191_task-memtest2_acq-normal_run-01_echo-1_bold.nii.gz",
    "func/sub-191_task-memtest2_acq-normal_run-01_echo-1_sbref.nii.gz",
    "func/sub-191_task-memtest2_acq-normal_run-01_echo-2_bold.nii.gz",
    "func/sub-191_task-memtest2_acq-normal_run-01_echo-2_sbref.nii.gz",
    "func/sub-191_task-memtest2_acq-normal_run-01_echo-3_bold.nii.gz",
    "func/sub-191_task-memtest2_acq-normal_run-01_echo-3_sbref.nii.gz",
    "func/sub-191_task-memtest2_acq-normal_run-01_echo-4_bold.nii.gz",
    "func/sub-191_task-memtest2_acq-normal_run-01_echo-4_sbref.nii.gz",
    "func/sub-191_task-pairedassociates1_acq-normal_run-01_echo-1_bold.nii.gz",
    "func/sub-191_task-pairedassociates1_acq-normal_run-01_echo-1_sbref.nii.gz",
    "func/sub-191_task-pairedassociates1_acq-normal_run-01_echo-2_bold.nii.gz",
    "func/sub-191_task-pairedassociates1_acq-normal_run-01_echo-2_sbref.nii.gz",
    "func/sub-191_task-pairedassociates1_acq-normal_run-01_echo-3_bold.nii.gz",
    "func/sub-191_task-pairedassociates1_acq-normal_run-01_echo-3_sbref.nii.gz",
    "func/sub-191_task-pairedassociates1_acq-normal_run-01_echo-4_bold.nii.gz",
    "func/sub-191_task-pairedassociates1_acq-normal_run-01_echo-4_sbref.nii.gz",
    "func/sub-191_task-pairedassociates2_acq-normal_run-01_echo-1_bold.nii.gz",
    "func/sub-191_task-pairedassociates2_acq-normal_run-01_echo-1_sbref.nii.gz",
    "func/sub-191_task-pairedassociates2_acq-normal_run-01_echo-2_bold.nii.gz",
    "func/sub-191_task-pairedassociates2_acq-normal_run-01_echo-2_sbref.nii.gz",
    "func/sub-191_task-pairedassociates2_acq-normal_run-01_echo-3_bold.nii.gz",
    "func/sub-191_task-pairedassociates2_acq-normal_run-01_echo-3_sbref.nii.gz",
    "func/sub-191_task-pairedassociates2_acq-normal_run-01_echo-4_bold.nii.gz",
    "func/sub-191_task-pairedassociates2_acq-normal_run-01_echo-4_sbref.nii.gz"
  ]
}