{
  "AcquisitionMatrixPE": 68,
  "AcquisitionNumber": 1,
  "AcquisitionTime": "14:45:48.895000",
  "BandwidthPerPixelPhaseEncode": 60.024,
  "BaseResolution": 68,
  "BodyPartExamined": "BRAIN",
  "CoilString": "HC1-7;NC1_2",
  "ConsistencyInfo": "N4_VE11C_LATEST_20160120",
  "ConversionSoftware": "dcm2niix",
  "ConversionSoftwareVersion": "v1.0.20190410  GCC6.3.0",
  "DerivedVendorReportedEchoSpacing": 0.00049,
  "DeviceSerialNumber": "166018",
  "DwellTime": 3e-06,
  "EchoTime": 0.0204,
  "EchoTrainLength": 33,
  "EffectiveEchoSpacing": 0.000245,
  "FlipAngle": 90,
  "ImageComments": "SENSE1",
  "ImageOrientationPatientDICOM": [0.999136, 0.000359341, -0.0415656, -0.0139514, 0.944856, -0.32719],
  "ImageType": [
    "ORIGINAL",
    "PRIMARY",
    "M",
    "ND",
    "MOSAIC"
],
  "ImagingFrequency": 123.191,
  "InPlanePhaseEncodingDirectionDICOM": "COL",
  "InstitutionAddress": "Washington_Place_6_NYC_NYC_US_10003",
  "InstitutionName": "NYU_-_CBI",
  "InstitutionalDepartmentName": "Department",
  "MRAcquisitionType": "2D",
  "MagneticFieldStrength": 3,
  "Manufacturer": "Siemens",
  "ManufacturersModelName": "Prisma",
  "Modality": "MR",
  "ParallelReductionFactorInPlane": 2,
  "PartialFourier": 1,
  "PatientPosition": "HFS",
  "PercentPhaseFOV": 100,
  "PhaseEncodingDirection": "j-",
  "PhaseEncodingSteps": 67,
  "PhaseResolution": 1,
  "PixelBandwidth": 2450,
  "ProcedureStepDescription": "Investigators_Hartley",
  "ProtocolName": "ME_SE_FieldMap_AP",
  "PulseSequenceDetails": "%CustomerSeq%_cmrr_mbep2d_se",
  "ReceiveCoilActiveElements": "HC1-7;NC1,2",
  "ReceiveCoilName": "HeadNeck_64",
  "ReconMatrixPE": 68,
  "RefLinesPE": 24,
  "RepetitionTime": 1.919,
  "SAR": 0.357983,
  "ScanOptions": "FS",
  "ScanningSequence": "EP",
  "SequenceName": "epse2d1_68",
  "SequenceVariant": "SK",
  "SeriesDescription": "ME_SE_FieldMap_AP",
  "SeriesNumber": 9,
  "ShimSetting": [261, -12619, -8381, 390, 15, 71, 56, 6],
  "SliceThickness": 3,
  "SliceTiming": [0.95, 0, 0.9925, 0.045, 1.0375, 0.0875, 1.08, 0.13, 1.1225, 0.1725, 1.165, 0.2175, 1.21, 0.26, 1.2525, 0.3025, 1.295, 0.345, 1.3375, 0.39, 1.3825, 0.4325, 1.425, 0.475, 1.4675, 0.5175, 1.51, 0.5625, 1.555, 0.605, 1.5975, 0.6475, 1.64, 0.6925, 1.6825, 0.735, 1.7275, 0.7775, 1.77, 0.82, 1.8125, 0.865, 1.8575, 0.9075],
  "SoftwareVersions": "syngo_MR_E11",
  "SpacingBetweenSlices": 3,
  "StationName": "AWP166018",
  "TotalReadoutTime": 0.016415,
  "TxRefAmp": 229.947,
  "WipMemBlock": "9fa098a4-bdee-4d1e-85e9-21bdaeaf6be0||Sequence: R016 ve11c/master r/8780670; Nov 27 2017 15:08:10 by eja",
  "dcmmeta_affine": [
    [-2.9974071979522705, -0.04185432195663452, -0.11746783554553986, 102.8084487915039],
    [-0.0010780218290165067, 2.834566831588745, -0.9824613332748413, -64.5987319946289],
    [-0.12469688802957535, 0.9815699458122253, 2.832131862640381, -66.59774780273438],
    [0.0, 0.0, 0.0, 1.0]
],
  "dcmmeta_reorient_transform": [
    [0.0, -1.0, 0.0, 67.0],
    [1.0, 0.0, 0.0, 0.0],
    [0.0, 0.0, 1.0, 0.0],
    [0.0, 0.0, 0.0, 1.0]
],
  "dcmmeta_shape": [68, 68, 44, 3],
  "dcmmeta_slice_dim": 2,
  "dcmmeta_version": 0.6,
  "global": {
    "const": {
      "AccessionNumber": "k19e6dut",
      "AcquisitionMatrix": [68, 0, 0, 68],
      "AngioFlag": "N",
      "BitsAllocated": 16,
      "BitsStored": 16,
      "BodyPartExamined": "BRAIN",
      "Columns": 476,
      "EchoNumbers": 1,
      "EchoTime": 20.4,
      "EchoTrainLength": 33,
      "FlipAngle": 90.0,
      "HighBit": 15,
      "ImageOrientationPatient": [0.99913571111683, 0.00035934059994, -0.0415656305787, -0.0139514410298, 0.94485558261645, -0.3271899834832],
      "ImagePositionPatient": [-702.93698173899, -703.78877057568, 224.84587169092],
      "ImageType": [
        "ORIGINAL",
        "PRIMARY",
        "M",
        "ND",
        "MOSAIC"
],
      "ImagedNucleus": "1H",
      "ImagingFrequency": 123.190715,
      "InPlanePhaseEncodingDirection": "COL",
      "MRAcquisitionType": "2D",
      "MagneticFieldStrength": 3.0,
      "Manufacturer": "SIEMENS",
      "ManufacturerModelName": "Prisma",
      "Modality": "MR",
      "NumberOfAverages": 1.0,
      "NumberOfPhaseEncodingSteps": 67,
      "PercentPhaseFieldOfView": 100.0,
      "PercentSampling": 100.0,
      "PerformedProcedureStepStartTime": "142139.228000",
      "PhotometricInterpretation": "MONOCHROME2",
      "PixelBandwidth": 2450.0,
      "PixelRepresentation": 0,
      "PixelSpacing": [3.0, 3.0],
      "ProtocolName": "ME_SE_FieldMap_AP",
      "RepetitionTime": 1919.0,
      "Rows": 476,
      "SAR": 0.35798321524228,
      "SamplesPerPixel": 1,
      "ScanOptions": "FS",
      "ScanningSequence": "EP",
      "SequenceName": "epse2d1_68",
      "SequenceVariant": "SK",
      "SeriesDescription": "ME_SE_FieldMap_AP",
      "SeriesNumber": 9,
      "SeriesTime": "144554.721000",
      "SliceLocation": -45.741514829144,
      "SliceThickness": 3.0,
      "SmallestImagePixelValue": 0,
      "SoftwareVersions": "syngo MR E11",
      "SpacingBetweenSlices": 3.0000000390942,
      "SpecificCharacterSet": "ISO_IR 100",
      "StudyID": "1",
      "StudyTime": "142139.080000",
      "TransmitCoilName": "Body",
      "VariableFlipAngleFlag": "N",
      "WindowCenterWidthExplanation": "Algo1",
      "dBdt": 0.0},
    "slices": {}
  },
  "time": {
    "samples": {
      "AcquisitionNumber": [1, 2, 3],
      "AcquisitionTime": ["144548.895000", "144550.815000", "144552.732500"],
      "ContentTime": ["144554.725000", "144554.729000", "144554.732000"],
      "InstanceCreationTime": ["144554.725000", "144554.729000", "144554.732000"],
      "InstanceNumber": [1, 2, 3],
      "LargestImagePixelValue": [58005, 65535, 65535],
      "WindowCenter": [12416.0, 12348.0, 12379.0],
      "WindowWidth": [26383.0, 26246.0, 26315.0]
    },
    "slices": {}
  },
  "IntendedFor": [
    "func/sub-225_task-freq1_acq-normal_run-01_echo-1_bold.nii.gz",
    "func/sub-225_task-freq1_acq-normal_run-01_echo-1_sbref.nii.gz",
    "func/sub-225_task-freq1_acq-normal_run-01_echo-2_bold.nii.gz",
    "func/sub-225_task-freq1_acq-normal_run-01_echo-2_sbref.nii.gz",
    "func/sub-225_task-freq1_acq-normal_run-01_echo-3_bold.nii.gz",
    "func/sub-225_task-freq1_acq-normal_run-01_echo-3_sbref.nii.gz",
    "func/sub-225_task-freq1_acq-normal_run-01_echo-4_bold.nii.gz",
    "func/sub-225_task-freq1_acq-normal_run-01_echo-4_sbref.nii.gz",
    "func/sub-225_task-freq2_acq-normal_run-01_echo-1_bold.nii.gz",
    "func/sub-225_task-freq2_acq-normal_run-01_echo-1_sbref.nii.gz",
    "func/sub-225_task-freq2_acq-normal_run-01_echo-2_bold.nii.gz",
    "func/sub-225_task-freq2_acq-normal_run-01_echo-2_sbref.nii.gz",
    "func/sub-225_task-freq2_acq-normal_run-01_echo-3_bold.nii.gz",
    "func/sub-225_task-freq2_acq-normal_run-01_echo-3_sbref.nii.gz",
    "func/sub-225_task-freq2_acq-normal_run-01_echo-4_bold.nii.gz",
    "func/sub-225_task-freq2_acq-normal_run-01_echo-4_sbref.nii.gz",
    "func/sub-225_task-freqreports1_acq-normal_run-01_echo-1_bold.nii.gz",
    "func/sub-225_task-freqreports1_acq-normal_run-01_echo-1_sbref.nii.gz",
    "func/sub-225_task-freqreports1_acq-normal_run-01_echo-2_bold.nii.gz",
    "func/sub-225_task-freqreports1_acq-normal_run-01_echo-2_sbref.nii.gz",
    "func/sub-225_task-freqreports1_acq-normal_run-01_echo-3_bold.nii.gz",
    "func/sub-225_task-freqreports1_acq-normal_run-01_echo-3_sbref.nii.gz",
    "func/sub-225_task-freqreports1_acq-normal_run-01_echo-4_bold.nii.gz",
    "func/sub-225_task-freqreports1_acq-normal_run-01_echo-4_sbref.nii.gz",
    "func/sub-225_task-freqreports2_acq-normal_run-01_echo-1_bold.nii.gz",
    "func/sub-225_task-freqreports2_acq-normal_run-01_echo-1_sbref.nii.gz",
    "func/sub-225_task-freqreports2_acq-normal_run-01_echo-2_bold.nii.gz",
    "func/sub-225_task-freqreports2_acq-normal_run-01_echo-2_sbref.nii.gz",
    "func/sub-225_task-freqreports2_acq-normal_run-01_echo-3_bold.nii.gz",
    "func/sub-225_task-freqreports2_acq-normal_run-01_echo-3_sbref.nii.gz",
    "func/sub-225_task-freqreports2_acq-normal_run-01_echo-4_bold.nii.gz",
    "func/sub-225_task-freqreports2_acq-normal_run-01_echo-4_sbref.nii.gz",
    "func/sub-225_task-memtest1_acq-normal_run-01_echo-1_bold.nii.gz",
    "func/sub-225_task-memtest1_acq-normal_run-01_echo-1_sbref.nii.gz",
    "func/sub-225_task-memtest1_acq-normal_run-01_echo-2_bold.nii.gz",
    "func/sub-225_task-memtest1_acq-normal_run-01_echo-2_sbref.nii.gz",
    "func/sub-225_task-memtest1_acq-normal_run-01_echo-3_bold.nii.gz",
    "func/sub-225_task-memtest1_acq-normal_run-01_echo-3_sbref.nii.gz",
    "func/sub-225_task-memtest1_acq-normal_run-01_echo-4_bold.nii.gz",
    "func/sub-225_task-memtest1_acq-normal_run-01_echo-4_sbref.nii.gz",
    "func/sub-225_task-memtest2_acq-normal_run-01_echo-1_bold.nii.gz",
    "func/sub-225_task-memtest2_acq-normal_run-01_echo-1_sbref.nii.gz",
    "func/sub-225_task-memtest2_acq-normal_run-01_echo-2_bold.nii.gz",
    "func/sub-225_task-memtest2_acq-normal_run-01_echo-2_sbref.nii.gz",
    "func/sub-225_task-memtest2_acq-normal_run-01_echo-3_bold.nii.gz",
    "func/sub-225_task-memtest2_acq-normal_run-01_echo-3_sbref.nii.gz",
    "func/sub-225_task-memtest2_acq-normal_run-01_echo-4_bold.nii.gz",
    "func/sub-225_task-memtest2_acq-normal_run-01_echo-4_sbref.nii.gz",
    "func/sub-225_task-pairedassociates1_acq-normal_run-01_echo-1_bold.nii.gz",
    "func/sub-225_task-pairedassociates1_acq-normal_run-01_echo-1_sbref.nii.gz",
    "func/sub-225_task-pairedassociates1_acq-normal_run-01_echo-2_bold.nii.gz",
    "func/sub-225_task-pairedassociates1_acq-normal_run-01_echo-2_sbref.nii.gz",
    "func/sub-225_task-pairedassociates1_acq-normal_run-01_echo-3_bold.nii.gz",
    "func/sub-225_task-pairedassociates1_acq-normal_run-01_echo-3_sbref.nii.gz",
    "func/sub-225_task-pairedassociates1_acq-normal_run-01_echo-4_bold.nii.gz",
    "func/sub-225_task-pairedassociates1_acq-normal_run-01_echo-4_sbref.nii.gz",
    "func/sub-225_task-pairedassociates2_acq-normal_run-01_echo-1_bold.nii.gz",
    "func/sub-225_task-pairedassociates2_acq-normal_run-01_echo-1_sbref.nii.gz",
    "func/sub-225_task-pairedassociates2_acq-normal_run-01_echo-2_bold.nii.gz",
    "func/sub-225_task-pairedassociates2_acq-normal_run-01_echo-2_sbref.nii.gz",
    "func/sub-225_task-pairedassociates2_acq-normal_run-01_echo-3_bold.nii.gz",
    "func/sub-225_task-pairedassociates2_acq-normal_run-01_echo-3_sbref.nii.gz",
    "func/sub-225_task-pairedassociates2_acq-normal_run-01_echo-4_bold.nii.gz",
    "func/sub-225_task-pairedassociates2_acq-normal_run-01_echo-4_sbref.nii.gz"
  ]
}