{
  "AcquisitionMatrixPE": 256,
  "AcquisitionNumber": 1,
  "AcquisitionTime": "17:12:56.740000",
  "BaseResolution": 256,
  "BodyPartExamined": "BRAIN",
  "CoilString": "HC1-7;NC1_2",
  "ConsistencyInfo": "N4_VE11C_LATEST_20160120",
  "ConversionSoftware": "dcm2niix",
  "ConversionSoftwareVersion": "v1.0.20190410  GCC6.3.0",
  "DeviceSerialNumber": "166018",
  "DwellTime": 2.6e-06,
  "EchoTime": 0.564,
  "EchoTrainLength": 314,
  "FlipAngle": 120,
  "ImageOrientationPatientDICOM": [-0.102814, 0.980991, 0.16458, -0.0774668, 0.157058, -0.984547],
  "ImageType": [
    "ORIGINAL",
    "PRIMARY",
    "M",
    "ND",
    "NORM"
],
  "ImagingFrequency": 123.191,
  "InPlanePhaseEncodingDirectionDICOM": "ROW",
  "InstitutionAddress": "Washington_Place_6_NYC_NYC_US_10003",
  "InstitutionName": "NYU_Center_for_Brain_Imaging",
  "InstitutionalDepartmentName": "Department",
  "MRAcquisitionType": "3D",
  "MagneticFieldStrength": 3,
  "Manufacturer": "Siemens",
  "ManufacturersModelName": "Prisma",
  "Modality": "MR",
  "PartialFourier": 1,
  "PatientPosition": "HFS",
  "PercentPhaseFOV": 100,
  "PhaseEncodingSteps": 274,
  "PhaseOversampling": 0.1,
  "PhaseResolution": 1,
  "PixelBandwidth": 750,
  "ProcedureStepDescription": "Investigators_Hartley",
  "ProtocolName": "T2w_p2_s2_.9mm",
  "PulseSequenceDetails": "%SiemensSeq%_tse_vfl",
  "ReceiveCoilActiveElements": "HC1-7;NC1,2",
  "ReceiveCoilName": "HeadNeck_64",
  "ReconMatrixPE": 256,
  "RefLinesPE": 32,
  "RepetitionTime": 3.2,
  "SAR": 0.130184,
  "ScanOptions": "PFP",
  "ScanningSequence": "SE",
  "SequenceName": "_spc_314ns",
  "SequenceVariant": "SK_SP_OSP",
  "SeriesDescription": "T2w_p2_s2_.9mm",
  "SeriesNumber": 8,
  "ShimSetting": [242, -12671, -8483, 174, -51, -447, -15, 44],
  "SliceThickness": 0.9,
  "SoftwareVersions": "syngo_MR_E11",
  "StationName": "AWP166018",
  "TxRefAmp": 220.782,
  "dcmmeta_affine": [
    [0.8925115466117859, -0.09237203001976013, -0.06959903240203857, -85.80378723144531],
    [0.10257724672555923, 0.881358802318573, 0.14110635221004486, -114.56829071044922],
    [0.053861796855926514, -0.14786480367183685, 0.8845534920692444, -114.7500991821289],
    [0.0, 0.0, 0.0, 1.0]
],
  "dcmmeta_reorient_transform": [
    [0.0, 0.0, -1.0, 255.0],
    [0.0, -1.0, 0.0, 255.0],
    [-1.0, 0.0, 0.0, 239.0],
    [0.0, 0.0, 0.0, 1.0]
],
  "dcmmeta_shape": [240, 256, 256],
  "dcmmeta_slice_dim": 0,
  "dcmmeta_version": 0.6,
  "global": {
    "const": {
      "AccessionNumber": "jtyqdxv9",
      "AcquisitionMatrix": [0, 256, 256, 0],
      "AcquisitionNumber": 1,
      "AcquisitionTime": "171256.740000",
      "AngioFlag": "N",
      "BitsAllocated": 16,
      "BitsStored": 12,
      "BodyPartExamined": "BRAIN",
      "Columns": 256,
      "EchoNumbers": 1,
      "EchoTime": 564.0,
      "EchoTrainLength": 314,
      "FlipAngle": 120.0,
      "HighBit": 11,
      "ImageOrientationPatient": [-0.1028140815922, 0.98099067479897, 0.16457995194986, -0.0774667529543, 0.15705750245488, -0.9845465164782],
      "ImageType": [
        "ORIGINAL",
        "PRIMARY",
        "M",
        "ND",
        "NORM"
],
      "ImagedNucleus": "1H",
      "ImagingFrequency": 123.19085,
      "InPlanePhaseEncodingDirection": "ROW",
      "MRAcquisitionType": "3D",
      "MagneticFieldStrength": 3.0,
      "Manufacturer": "SIEMENS",
      "ManufacturerModelName": "Prisma",
      "Modality": "MR",
      "NumberOfAverages": 1.0,
      "NumberOfPhaseEncodingSteps": 274,
      "PercentPhaseFieldOfView": 100.0,
      "PercentSampling": 100.0,
      "PerformedProcedureStepStartTime": "164518.208000",
      "PhotometricInterpretation": "MONOCHROME2",
      "PixelBandwidth": 750.0,
      "PixelRepresentation": 0,
      "PixelSpacing": [0.8984375, 0.8984375],
      "ProtocolName": "T2w_p2_s2_.9mm",
      "RepetitionTime": 3200.0,
      "Rows": 256,
      "SAR": 0.13018363416008,
      "SamplesPerPixel": 1,
      "ScanOptions": "PFP",
      "ScanningSequence": "SE",
      "SequenceName": "*spc_314ns",
      "SequenceVariant": [
        "SK",
        "SP",
        "OSP"
],
      "SeriesDescription": "T2w_p2_s2_.9mm",
      "SeriesNumber": 8,
      "SeriesTime": "171738.363000",
      "SliceThickness": 0.89999997615814,
      "SmallestImagePixelValue": 0,
      "SoftwareVersions": "syngo MR E11",
      "SpecificCharacterSet": "ISO_IR 100",
      "StudyID": "1",
      "StudyTime": "164518.148000",
      "TransmitCoilName": "Body",
      "VariableFlipAngleFlag": "Y",
      "WindowCenterWidthExplanation": "Algo1",
      "dBdt": 0.0},
