{
  "AcquisitionMatrixPE": 68,
  "AcquisitionNumber": 1,
  "AcquisitionTime": "12:48:50.277500",
  "BandwidthPerPixelPhaseEncode": 60.024,
  "BaseResolution": 68,
  "BodyPartExamined": "BRAIN",
  "CoilString": "HC1-7;NC1_2",
  "ConsistencyInfo": "N4_VE11C_LATEST_20160120",
  "ConversionSoftware": "dcm2niix",
  "ConversionSoftwareVersion": "v1.0.20190410  GCC6.3.0",
  "DerivedVendorReportedEchoSpacing": 0.00049,
  "DeviceSerialNumber": "166018",
  "DwellTime": 3e-06,
  "EchoTime": 0.0204,
  "EchoTrainLength": 33,
  "EffectiveEchoSpacing": 0.000245,
  "FlipAngle": 90,
  "ImageComments": "SENSE1",
  "ImageOrientationPatientDICOM": [0.990753, 0.12304, -0.057177, -0.135188, 0.930964, -0.33916],
  "ImageType": [
    "ORIGINAL",
    "PRIMARY",
    "M",
    "ND",
    "MOSAIC"
],
  "ImagingFrequency": 123.191,
  "InPlanePhaseEncodingDirectionDICOM": "COL",
  "InstitutionAddress": "Washington_Place_6_NYC_NYC_US_10003",
  "InstitutionName": "NYU_Center_for_Brain_Imaging",
  "InstitutionalDepartmentName": "Department",
  "MRAcquisitionType": "2D",
  "MagneticFieldStrength": 3,
  "Manufacturer": "Siemens",
  "ManufacturersModelName": "Prisma",
  "Modality": "MR",
  "ParallelReductionFactorInPlane": 2,
  "PartialFourier": 1,
  "PatientPosition": "HFS",
  "PercentPhaseFOV": 100,
  "PhaseEncodingDirection": "j",
  "PhaseEncodingSteps": 67,
  "PhaseResolution": 1,
  "PixelBandwidth": 2450,
  "ProcedureStepDescription": "Investigators_Hartley",
  "ProtocolName": "ME_SE_FieldMap_PA",
  "PulseSequenceDetails": "%CustomerSeq%_cmrr_mbep2d_se",
  "ReceiveCoilActiveElements": "HC1-7;NC1,2",
  "ReceiveCoilName": "HeadNeck_64",
  "ReconMatrixPE": 68,
  "RefLinesPE": 24,
  "RepetitionTime": 1.919,
  "SAR": 0.35538,
  "ScanOptions": "FS",
  "ScanningSequence": "EP",
  "SequenceName": "epse2d1_68",
  "SequenceVariant": "SK",
  "SeriesDescription": "ME_SE_FieldMap_PA",
  "SeriesNumber": 28,
  "ShimSetting": [222, -12686, -8422, 543, -31, -258, -21, 11],
  "SliceThickness": 3,
  "SliceTiming": [0.95, 0, 0.9925, 0.045, 1.0375, 0.0875, 1.08, 0.13, 1.1225, 0.1725, 1.165, 0.2175, 1.21, 0.26, 1.2525, 0.3025, 1.295, 0.345, 1.3375, 0.39, 1.3825, 0.4325, 1.425, 0.475, 1.4675, 0.5175, 1.51, 0.5625, 1.555, 0.605, 1.5975, 0.6475, 1.64, 0.6925, 1.685, 0.735, 1.7275, 0.7775, 1.77, 0.82, 1.8125, 0.865, 1.8575, 0.9075],
  "SoftwareVersions": "syngo_MR_E11",
  "SpacingBetweenSlices": 3,
  "StationName": "AWP166018",
  "TotalReadoutTime": 0.016415,
  "TxRefAmp": 209.306,
  "WipMemBlock": "014b93cd-ae9c-47c7-95db-86c7813b227b||Sequence: R016 ve11c/master r/8780670; Nov 27 2017 15:08:10 by eja",
  "dcmmeta_affine": [
    [-2.972259759902954, -0.4055635929107666, -0.034498486667871475, 114.54898071289062],
    [-0.36911940574645996, 2.7928929328918457, -1.0312613248825073, -55.387725830078125],
    [-0.17153087258338928, 1.017480731010437, 2.8169682025909424, -65.17646789550781],
    [0.0, 0.0, 0.0, 1.0]
],
  "dcmmeta_reorient_transform": [
    [0.0, -1.0, 0.0, 67.0],
    [1.0, 0.0, 0.0, 0.0],
    [0.0, 0.0, 1.0, 0.0],
    [0.0, 0.0, 0.0, 1.0]
],
  "dcmmeta_shape": [68, 68, 44, 3],
  "dcmmeta_slice_dim": 2,
  "dcmmeta_version": 0.6,
  "global": {
    "const": {
      "AccessionNumber": "jxc53vsz",
      "AcquisitionMatrix": [68, 0, 0, 68],
      "AngioFlag": "N",
      "BitsAllocated": 16,
      "BitsStored": 16,
      "BodyPartExamined": "BRAIN",
      "Columns": 476,
      "EchoNumbers": 1,
      "EchoTime": 20.4,
      "EchoTrainLength": 33,
      "FlipAngle": 90.0,
      "HighBit": 15,
      "ImageOrientationPatient": [0.9907532496195, 0.12303980647518, -0.0571769568179, -0.1351878692156, 0.93096431937956, -0.3391602512959],
      "ImagePositionPatient": [-610.98223216442, -776.78662606658, 245.55311070946],
      "ImageType": [
        "ORIGINAL",
        "PRIMARY",
        "M",
        "ND",
        "MOSAIC"
],
      "ImagedNucleus": "1H",
      "ImagingFrequency": 123.190966,
      "InPlanePhaseEncodingDirection": "COL",
      "MRAcquisitionType": "2D",
      "MagneticFieldStrength": 3.0,
      "Manufacturer": "SIEMENS",
      "ManufacturerModelName": "Prisma",
      "Modality": "MR",
      "NumberOfAverages": 1.0,
      "NumberOfPhaseEncodingSteps": 67,
      "PercentPhaseFieldOfView": 100.0,
      "PercentSampling": 100.0,
      "PerformedProcedureStepStartTime": "113629.549000",
      "PhotometricInterpretation": "MONOCHROME2",
      "PixelBandwidth": 2450.0,
      "PixelRepresentation": 0,
      "PixelSpacing": [3.0, 3.0],
      "ProtocolName": "ME_SE_FieldMap_PA",
      "RepetitionTime": 1919.0,
      "Rows": 476,
      "SAR": 0.35538030348494,
      "SamplesPerPixel": 1,
      "ScanOptions": "FS",
      "ScanningSequence": "EP",
      "SequenceName": "epse2d1_68",
      "SequenceVariant": "SK",
      "SeriesDescription": "ME_SE_FieldMap_PA",
      "SeriesNumber": 28,
      "SeriesTime": "124855.645000",
      "SliceLocation": -43.477532873822,
      "SliceThickness": 3.0,
      "SmallestImagePixelValue": 0,
      "SoftwareVersions": "syngo MR E11",
      "SpacingBetweenSlices": 3.0000000812124,
      "SpecificCharacterSet": "ISO_IR 100",
      "StudyID": "1",
      "StudyTime": "113629.487000",
      "TransmitCoilName": "Body",
      "VariableFlipAngleFlag": "N",
      "WindowCenterWidthExplanation": "Algo1",
      "dBdt": 0.0},
    "slices": {}
  },
  "time": {
    "samples": {
      "AcquisitionNumber": [1, 2, 3],
      "AcquisitionTime": ["124850.277500", "124852.197500", "124854.115000"],
      "ContentTime": ["124855.649000", "124855.652000", "124855.655000"],
      "InstanceCreationTime": ["124855.649000", "124855.652000", "124855.655000"],
      "InstanceNumber": [1, 2, 3],
      "LargestImagePixelValue": [44461, 44564, 44324],
      "WindowCenter": [12012.0, 11954.0, 11969.0],
      "WindowWidth": [25527.0, 25397.0, 25436.0]
    },
    "slices": {}
  }
}