{
  "AcquisitionMatrixPE": 68,
  "AcquisitionNumber": 1,
  "AcquisitionTime": "19:20:22.270000",
  "BandwidthPerPixelPhaseEncode": 60.024,
  "BaseResolution": 68,
  "BodyPartExamined": "BRAIN",
  "CoilString": "HC1-7;NC1_2",
  "ConsistencyInfo": "N4_VE11C_LATEST_20160120",
  "ConversionSoftware": "dcm2niix",
  "ConversionSoftwareVersion": "v1.0.20190410  GCC6.3.0",
  "DerivedVendorReportedEchoSpacing": 0.00049,
  "DeviceSerialNumber": "166018",
  "DwellTime": 3e-06,
  "EchoTime": 0.0204,
  "EchoTrainLength": 33,
  "EffectiveEchoSpacing": 0.000245,
  "FlipAngle": 90,
  "ImageComments": "SENSE1",
  "ImageOrientationPatientDICOM": [0.999537, 0.0302676, 0.00323609, -0.0259992, 0.904169, -0.426383],
  "ImageType": [
    "ORIGINAL",
    "PRIMARY",
    "M",
    "ND",
    "MOSAIC"
],
  "ImagingFrequency": 123.191,
  "InPlanePhaseEncodingDirectionDICOM": "COL",
  "InstitutionAddress": "Washington_Place_6_NYC_NYC_US_10003",
  "InstitutionName": "NYU_Center_for_Brain_Imaging",
  "InstitutionalDepartmentName": "Department",
  "MRAcquisitionType": "2D",
  "MagneticFieldStrength": 3,
  "Manufacturer": "Siemens",
  "ManufacturersModelName": "Prisma",
  "Modality": "MR",
  "ParallelReductionFactorInPlane": 2,
  "PartialFourier": 1,
  "PatientPosition": "HFS",
  "PercentPhaseFOV": 100,
  "PhaseEncodingDirection": "j-",
  "PhaseEncodingSteps": 67,
  "PhaseResolution": 1,
  "PixelBandwidth": 2450,
  "ProcedureStepDescription": "Investigators_Hartley",
  "ProtocolName": "ME_SE_FieldMap_AP",
  "PulseSequenceDetails": "%CustomerSeq%_cmrr_mbep2d_se",
  "ReceiveCoilActiveElements": "HC1-7;NC1,2",
  "ReceiveCoilName": "HeadNeck_64",
  "ReconMatrixPE": 68,
  "RefLinesPE": 24,
  "RepetitionTime": 1.919,
  "SAR": 0.396152,
  "ScanOptions": "FS",
  "ScanningSequence": "EP",
  "SequenceName": "epse2d1_68",
  "SequenceVariant": "SK",
  "SeriesDescription": "ME_SE_FieldMap_AP",
  "SeriesNumber": 9,
  "ShimSetting": [255, -12686, -8362, 609, -78, -73, 68, 20],
  "SliceThickness": 3,
  "SliceTiming": [0.95, 0, 0.9925, 0.0425, 1.035, 0.085, 1.0775, 0.13, 1.1225, 0.1725, 1.165, 0.215, 1.2075, 0.2575, 1.25, 0.3025, 1.295, 0.345, 1.3375, 0.3875, 1.38, 0.43, 1.4225, 0.475, 1.4675, 0.5175, 1.51, 0.56, 1.5525, 0.6025, 1.595, 0.6475, 1.64, 0.69, 1.6825, 0.7325, 1.725, 0.775, 1.7675, 0.82, 1.8125, 0.8625, 1.855, 0.905],
  "SoftwareVersions": "syngo_MR_E11",
  "SpacingBetweenSlices": 3,
  "StationName": "AWP166018",
  "TotalReadoutTime": 0.016415,
  "TxRefAmp": 259.731,
  "WipMemBlock": "774e3545-9913-4703-9268-3dabac102735||Sequence: R016 ve11c/master r/8780670; Nov 27 2017 15:08:10 by eja",
  "dcmmeta_affine": [
    [-2.998609781265259, -0.07799766212701797, 0.04749464988708496, 104.99908447265625],
    [-0.09080267697572708, 2.7125067710876465, -1.278304100036621, -58.411407470703125],
    [0.009708279743790627, 1.2791492938995361, 2.7136106491088867, -80.46393585205078],
    [0.0, 0.0, 0.0, 1.0]
],
  "dcmmeta_reorient_transform": [
    [0.0, -1.0, 0.0, 67.0],
    [1.0, 0.0, 0.0, 0.0],
    [0.0, 0.0, 1.0, 0.0],
    [0.0, 0.0, 0.0, 1.0]
],
  "dcmmeta_shape": [68, 68, 44, 3],
  "dcmmeta_slice_dim": 2,
  "dcmmeta_version": 0.6,
  "global": {
    "const": {
      "AccessionNumber": "jsrrgkz8",
      "AcquisitionMatrix": [68, 0, 0, 68],
      "AngioFlag": "N",
      "BitsAllocated": 16,
      "BitsStored": 16,
      "BodyPartExamined": "BRAIN",
      "Columns": 476,
      "EchoNumbers": 1,
      "EchoTime": 20.4,
      "EchoTrainLength": 33,
      "FlipAngle": 90.0,
      "HighBit": 15,
      "ImageOrientationPatient": [0.99953659390674, 0.03026755924754, 0.00323609309461, -0.0259992202184, 0.90416895463968, -0.4263830930206],
      "ImagePositionPatient": [-695.57811343332, -695.20169946467, 264.2050295414],
      "ImageType": [
        "ORIGINAL",
        "PRIMARY",
        "M",
        "ND",
        "MOSAIC"
],
      "ImagedNucleus": "1H",
      "ImagingFrequency": 123.190826,
      "InPlanePhaseEncodingDirection": "COL",
      "MRAcquisitionType": "2D",
      "MagneticFieldStrength": 3.0,
      "Manufacturer": "SIEMENS",
      "ManufacturerModelName": "Prisma",
      "Modality": "MR",
      "NumberOfAverages": 1.0,
      "NumberOfPhaseEncodingSteps": 67,
      "PercentPhaseFieldOfView": 100.0,
      "PercentSampling": 100.0,
      "PerformedProcedureStepStartTime": "185703.939000",
      "PhotometricInterpretation": "MONOCHROME2",
      "PixelBandwidth": 2450.0,
      "PixelRepresentation": 0,
      "PixelSpacing": [3.0, 3.0],
      "ProtocolName": "ME_SE_FieldMap_AP",
      "RepetitionTime": 1919.0,
      "Rows": 476,
      "SAR": 0.39615223116488,
      "SamplesPerPixel": 1,
      "ScanOptions": "FS",
      "ScanningSequence": "EP",
      "SequenceName": "epse2d1_68",
      "SequenceVariant": "SK",
      "SeriesDescription": "ME_SE_FieldMap_AP",
      "SeriesNumber": 9,
      "SeriesTime": "192031.307000",
      "SliceLocation": -46.231119816883,
      "SliceThickness": 3.0,
      "SmallestImagePixelValue": 0,
      "SoftwareVersions": "syngo MR E11",
      "SpacingBetweenSlices": 2.9999999677797,
      "SpecificCharacterSet": "ISO_IR 100",
      "StudyID": "1",
      "StudyTime": "185703.883000",
      "TransmitCoilName": "Body",
      "VariableFlipAngleFlag": "N",
      "WindowCenterWidthExplanation": "Algo1",
      "dBdt": 0.0},
    "slices": {}
  },
  "time": {
    "samples": {
      "AcquisitionNumber": [1, 2, 3],
      "AcquisitionTime": ["192022.270000", "192024.187500", "192026.107500"],
      "ContentTime": ["192031.311000", "192031.316000", "192031.319000"],
      "InstanceCreationTime": ["192031.311000", "192031.316000", "192031.319000"],
      "InstanceNumber": [1, 2, 3],
      "LargestImagePixelValue": [50186, 49357, 50733],
      "WindowCenter": [11341.0, 11264.0, 11295.0],
      "WindowWidth": [24235.0, 24072.0, 24137.0]
    },
    "slices": {}
  },
  "IntendedFor": [
    "func/sub-112_task-freq1_acq-normal_run-01_echo-1_bold.nii.gz",
    "func/sub-112_task-freq1_acq-normal_run-01_echo-1_sbref.nii.gz",
    "func/sub-112_task-freq1_acq-normal_run-01_echo-2_bold.nii.gz",
    "func/sub-112_task-freq1_acq-normal_run-01_echo-2_sbref.nii.gz",
    "func/sub-112_task-freq1_acq-normal_run-01_echo-3_bold.nii.gz",
    "func/sub-112_task-freq1_acq-normal_run-01_echo-3_sbref.nii.gz",
    "func/sub-112_task-freq1_acq-normal_run-01_echo-4_bold.nii.gz",
    "func/sub-112_task-freq1_acq-normal_run-01_echo-4_sbref.nii.gz",
    "func/sub-112_task-freq2_acq-normal_run-01_echo-1_bold.nii.gz",
    "func/sub-112_task-freq2_acq-normal_run-01_echo-1_sbref.nii.gz",
    "func/sub-112_task-freq2_acq-normal_run-01_echo-2_bold.nii.gz",
    "func/sub-112_task-freq2_acq-normal_run-01_echo-2_sbref.nii.gz",
    "func/sub-112_task-freq2_acq-normal_run-01_echo-3_bold.nii.gz",
    "func/sub-112_task-freq2_acq-normal_run-01_echo-3_sbref.nii.gz",
    "func/sub-112_task-freq2_acq-normal_run-01_echo-4_bold.nii.gz",
    "func/sub-112_task-freq2_acq-normal_run-01_echo-4_sbref.nii.gz",
    "func/sub-112_task-freqreports1_acq-normal_run-01_echo-1_bold.nii.gz",
    "func/sub-112_task-freqreports1_acq-normal_run-01_echo-1_sbref.nii.gz",
    "func/sub-112_task-freqreports1_acq-normal_run-01_echo-2_bold.nii.gz",
    "func/sub-112_task-freqreports1_acq-normal_run-01_echo-2_sbref.nii.gz",
    "func/sub-112_task-freqreports1_acq-normal_run-01_echo-3_bold.nii.gz",
    "func/sub-112_task-freqreports1_acq-normal_run-01_echo-3_sbref.nii.gz",
    "func/sub-112_task-freqreports1_acq-normal_run-01_echo-4_bold.nii.gz",
    "func/sub-112_task-freqreports1_acq-normal_run-01_echo-4_sbref.nii.gz",
    "func/sub-112_task-freqreports2_acq-normal_run-01_echo-1_bold.nii.gz",
    "func/sub-112_task-freqreports2_acq-normal_run-01_echo-1_sbref.nii.gz",
    "func/sub-112_task-freqreports2_acq-normal_run-01_echo-2_bold.nii.gz",
    "func/sub-112_task-freqreports2_acq-normal_run-01_echo-2_sbref.nii.gz",
    "func/sub-112_task-freqreports2_acq-normal_run-01_echo-3_bold.nii.gz",
    "func/sub-112_task-freqreports2_acq-normal_run-01_echo-3_sbref.nii.gz",
    "func/sub-112_task-freqreports2_acq-normal_run-01_echo-4_bold.nii.gz",
    "func/sub-112_task-freqreports2_acq-normal_run-01_echo-4_sbref.nii.gz",
    "func/sub-112_task-memtest1_acq-normal_run-01_echo-1_bold.nii.gz",
    "func/sub-112_task-memtest1_acq-normal_run-01_echo-1_sbref.nii.gz",
    "func/sub-112_task-memtest1_acq-normal_run-01_echo-2_bold.nii.gz",
    "func/sub-112_task-memtest1_acq-normal_run-01_echo-2_sbref.nii.gz",
    "func/sub-112_task-memtest1_acq-normal_run-01_echo-3_bold.nii.gz",
    "func/sub-112_task-memtest1_acq-normal_run-01_echo-3_sbref.nii.gz",
    "func/sub-112_task-memtest1_acq-normal_run-01_echo-4_bold.nii.gz",
    "func/sub-112_task-memtest1_acq-normal_run-01_echo-4_sbref.nii.gz",
    "func/sub-112_task-memtest2_acq-normal_run-01_echo-1_bold.nii.gz",
    "func/sub-112_task-memtest2_acq-normal_run-01_echo-1_sbref.nii.gz",
    "func/sub-112_task-memtest2_acq-normal_run-01_echo-2_bold.nii.gz",
    "func/sub-112_task-memtest2_acq-normal_run-01_echo-2_sbref.nii.gz",
    "func/sub-112_task-memtest2_acq-normal_run-01_echo-3_bold.nii.gz",
    "func/sub-112_task-memtest2_acq-normal_run-01_echo-3_sbref.nii.gz",
    "func/sub-112_task-memtest2_acq-normal_run-01_echo-4_bold.nii.gz",
    "func/sub-112_task-memtest2_acq-normal_run-01_echo-4_sbref.nii.gz",
    "func/sub-112_task-pairedassociates1_acq-normal_run-01_echo-1_bold.nii.gz",
    "func/sub-112_task-pairedassociates1_acq-normal_run-01_echo-1_sbref.nii.gz",
    "func/sub-112_task-pairedassociates1_acq-normal_run-01_echo-2_bold.nii.gz",
    "func/sub-112_task-pairedassociates1_acq-normal_run-01_echo-2_sbref.nii.gz",
    "func/sub-112_task-pairedassociates1_acq-normal_run-01_echo-3_bold.nii.gz",
    "func/sub-112_task-pairedassociates1_acq-normal_run-01_echo-3_sbref.nii.gz",
    "func/sub-112_task-pairedassociates1_acq-normal_run-01_echo-4_bold.nii.gz",
    "func/sub-112_task-pairedassociates1_acq-normal_run-01_echo-4_sbref.nii.gz",
    "func/sub-112_task-pairedassociates2_acq-normal_run-01_echo-1_bold.nii.gz",
    "func/sub-112_task-pairedassociates2_acq-normal_run-01_echo-1_sbref.nii.gz",
    "func/sub-112_task-pairedassociates2_acq-normal_run-01_echo-2_bold.nii.gz",
    "func/sub-112_task-pairedassociates2_acq-normal_run-01_echo-2_sbref.nii.gz",
    "func/sub-112_task-pairedassociates2_acq-normal_run-01_echo-3_bold.nii.gz",
    "func/sub-112_task-pairedassociates2_acq-normal_run-01_echo-3_sbref.nii.gz",
    "func/sub-112_task-pairedassociates2_acq-normal_run-01_echo-4_bold.nii.gz",
    "func/sub-112_task-pairedassociates2_acq-normal_run-01_echo-4_sbref.nii.gz"
  ]
}