{
  "AcquisitionMatrixPE": 68,
  "AcquisitionNumber": 1,
  "AcquisitionTime": "12:28:42.302500",
  "BandwidthPerPixelPhaseEncode": 60.024,
  "BaseResolution": 68,
  "BodyPartExamined": "BRAIN",
  "CoilString": "HC1-7;NC1_2",
  "ConsistencyInfo": "N4_VE11C_LATEST_20160120",
  "ConversionSoftware": "dcm2niix",
  "ConversionSoftwareVersion": "v1.0.20190410  GCC6.3.0",
  "DerivedVendorReportedEchoSpacing": 0.00049,
  "DeviceSerialNumber": "166018",
  "DwellTime": 3e-06,
  "EchoTime": 0.0204,
  "EchoTrainLength": 33,
  "EffectiveEchoSpacing": 0.000245,
  "FlipAngle": 90,
  "ImageComments": "SENSE1",
  "ImageOrientationPatientDICOM": [0.999968, -0.0079986, -4.61844e-05, 0.00767939, 0.961645, -0.274191],
  "ImageType": [
    "ORIGINAL",
    "PRIMARY",
    "M",
    "ND",
    "MOSAIC"
],
  "ImagingFrequency": 123.191,
  "InPlanePhaseEncodingDirectionDICOM": "COL",
  "InstitutionAddress": "Washington_Place_6_NYC_NYC_US_10003",
  "InstitutionName": "NYU_-_CBI",
  "InstitutionalDepartmentName": "Department",
  "MRAcquisitionType": "2D",
  "MagneticFieldStrength": 3,
  "Manufacturer": "Siemens",
  "ManufacturersModelName": "Prisma",
  "Modality": "MR",
  "ParallelReductionFactorInPlane": 2,
  "PartialFourier": 1,
  "PatientPosition": "HFS",
  "PercentPhaseFOV": 100,
  "PhaseEncodingDirection": "j",
  "PhaseEncodingSteps": 67,
  "PhaseResolution": 1,
  "PixelBandwidth": 2450,
  "ProcedureStepDescription": "Investigators_Hartley",
  "ProtocolName": "ME_SE_FieldMap_PA",
  "PulseSequenceDetails": "%CustomerSeq%_cmrr_mbep2d_se",
  "ReceiveCoilActiveElements": "HC1-7;NC1,2",
  "ReceiveCoilName": "HeadNeck_64",
  "ReconMatrixPE": 68,
  "RefLinesPE": 24,
  "RepetitionTime": 1.919,
  "SAR": 0.36556,
  "ScanOptions": "FS",
  "ScanningSequence": "EP",
  "SequenceName": "epse2d1_68",
  "SequenceVariant": "SK",
  "SeriesDescription": "ME_SE_FieldMap_PA",
  "SeriesNumber": 10,
  "ShimSetting": [257, -12626, -8455, 647, -64, -84, -26, -33],
  "SliceThickness": 3,
  "SliceTiming": [0.95, 0, 0.9925, 0.0425, 1.035, 0.085, 1.0775, 0.13, 1.1225, 0.1725, 1.165, 0.215, 1.2075, 0.2575, 1.25, 0.3025, 1.295, 0.345, 1.3375, 0.3875, 1.38, 0.43, 1.4225, 0.475, 1.4675, 0.5175, 1.51, 0.56, 1.5525, 0.6025, 1.595, 0.6475, 1.64, 0.69, 1.6825, 0.7325, 1.725, 0.775, 1.7675, 0.82, 1.8125, 0.8625, 1.855, 0.905],
  "SoftwareVersions": "syngo_MR_E11",
  "SpacingBetweenSlices": 3,
  "StationName": "AWP166018",
  "TotalReadoutTime": 0.016415,
  "TxRefAmp": 204.984,
  "WipMemBlock": "5b850d96-5826-4014-92f0-4c8c19121b56||Sequence: R016 ve11c/master r/8780670; Nov 27 2017 15:08:10 by eja",
  "dcmmeta_affine": [
    [-2.999903917312622, 0.023038174957036972, -0.00671266857534647, 100.77143859863281],
    [0.023995796218514442, 2.8849339485168457, -0.8225453495979309, -70.06802368164062],
    [-0.00013855326687917113, 0.8225727081298828, 2.885025978088379, -68.2768325805664],
    [0.0, 0.0, 0.0, 1.0]
],
  "dcmmeta_reorient_transform": [
    [0.0, -1.0, 0.0, 67.0],
    [1.0, 0.0, 0.0, 0.0],
    [0.0, 0.0, 1.0, 0.0],
    [0.0, 0.0, 0.0, 1.0]
],
  "dcmmeta_shape": [68, 68, 44, 3],
  "dcmmeta_slice_dim": 2,
  "dcmmeta_version": 0.6,
  "global": {
    "const": {
      "AccessionNumber": "jthniqk1",
      "AcquisitionMatrix": [68, 0, 0, 68],
      "AngioFlag": "N",
      "BitsAllocated": 16,
      "BitsStored": 16,
      "BodyPartExamined": "BRAIN",
      "Columns": 476,
      "EchoNumbers": 1,
      "EchoTime": 20.4,
      "EchoTrainLength": 33,
      "FlipAngle": 90.0,
      "HighBit": 15,
      "ImageOrientationPatient": [0.99996800962996, -0.0079985988587, -4.61844242e-05, 0.00767939187039, 0.96164461911705, -0.2741909069676],
      "ImagePositionPatient": [-718.99520661011, -706.85390963328, 154.66864079767],
      "ImageType": [
        "ORIGINAL",
        "PRIMARY",
        "M",
        "ND",
        "MOSAIC"
],
      "ImagedNucleus": "1H",
      "ImagingFrequency": 123.190879,
      "InPlanePhaseEncodingDirection": "COL",
      "MRAcquisitionType": "2D",
      "MagneticFieldStrength": 3.0,
      "Manufacturer": "SIEMENS",
      "ManufacturerModelName": "Prisma",
      "Modality": "MR",
      "NumberOfAverages": 1.0,
      "NumberOfPhaseEncodingSteps": 67,
      "PercentPhaseFieldOfView": 100.0,
      "PercentSampling": 100.0,
      "PerformedProcedureStepStartTime": "120218.714000",
      "PhotometricInterpretation": "MONOCHROME2",
      "PixelBandwidth": 2450.0,
      "PixelRepresentation": 0,
      "PixelSpacing": [3.0, 3.0],
      "ProtocolName": "ME_SE_FieldMap_PA",
      "RepetitionTime": 1919.0,
      "Rows": 476,
      "SAR": 0.36555979392843,
      "SamplesPerPixel": 1,
      "ScanOptions": "FS",
      "ScanningSequence": "EP",
      "SequenceName": "epse2d1_68",
      "SequenceVariant": "SK",
      "SeriesDescription": "ME_SE_FieldMap_PA",
      "SeriesNumber": 10,
      "SeriesTime": "122845.978000",
      "SliceLocation": -46.674247359769,
      "SliceThickness": 3.0,
      "SmallestImagePixelValue": 0,
      "SoftwareVersions": "syngo MR E11",
      "SpacingBetweenSlices": 3.0000000616293,
      "SpecificCharacterSet": "ISO_IR 100",
      "StudyID": "1",
      "StudyTime": "120218.668000",
      "TransmitCoilName": "Body",
      "VariableFlipAngleFlag": "N",
      "WindowCenterWidthExplanation": "Algo1",
      "dBdt": 0.0},
    "slices": {}
  },
  "time": {
    "samples": {
      "AcquisitionNumber": [1, 2, 3],
      "AcquisitionTime": ["122842.302500", "122844.220000", "122846.140000"],
      "ContentTime": ["122845.982000", "122845.985000", "122847.724000"],
      "InstanceCreationTime": ["122845.982000", "122845.985000", "122847.724000"],
      "InstanceNumber": [1, 2, 3],
      "LargestImagePixelValue": [39926, 39772, 38369],
      "WindowCenter": [11286.0, 11199.0, 11213.0],
      "WindowWidth": [23988.0, 23800.0, 23831.0]
    },
    "slices": {}
  },
  "IntendedFor": [
    "func/sub-118_task-freq1_acq-normal_run-01_echo-1_bold.nii.gz",
    "func/sub-118_task-freq1_acq-normal_run-01_echo-1_sbref.nii.gz",
    "func/sub-118_task-freq1_acq-normal_run-01_echo-2_bold.nii.gz",
    "func/sub-118_task-freq1_acq-normal_run-01_echo-2_sbref.nii.gz",
    "func/sub-118_task-freq1_acq-normal_run-01_echo-3_bold.nii.gz",
    "func/sub-118_task-freq1_acq-normal_run-01_echo-3_sbref.nii.gz",
    "func/sub-118_task-freq1_acq-normal_run-01_echo-4_bold.nii.gz",
    "func/sub-118_task-freq1_acq-normal_run-01_echo-4_sbref.nii.gz",
    "func/sub-118_task-freq2_acq-normal_run-01_echo-1_bold.nii.gz",
    "func/sub-118_task-freq2_acq-normal_run-01_echo-1_sbref.nii.gz",
    "func/sub-118_task-freq2_acq-normal_run-01_echo-2_bold.nii.gz",
    "func/sub-118_task-freq2_acq-normal_run-01_echo-2_sbref.nii.gz",
    "func/sub-118_task-freq2_acq-normal_run-01_echo-3_bold.nii.gz",
    "func/sub-118_task-freq2_acq-normal_run-01_echo-3_sbref.nii.gz",
    "func/sub-118_task-freq2_acq-normal_run-01_echo-4_bold.nii.gz",
    "func/sub-118_task-freq2_acq-normal_run-01_echo-4_sbref.nii.gz",
    "func/sub-118_task-freqreports1_acq-normal_run-01_echo-1_bold.nii.gz",
    "func/sub-118_task-freqreports1_acq-normal_run-01_echo-1_sbref.nii.gz",
    "func/sub-118_task-freqreports1_acq-normal_run-01_echo-2_bold.nii.gz",
    "func/sub-118_task-freqreports1_acq-normal_run-01_echo-2_sbref.nii.gz",
    "func/sub-118_task-freqreports1_acq-normal_run-01_echo-3_bold.nii.gz",
    "func/sub-118_task-freqreports1_acq-normal_run-01_echo-3_sbref.nii.gz",
    "func/sub-118_task-freqreports1_acq-normal_run-01_echo-4_bold.nii.gz",
    "func/sub-118_task-freqreports1_acq-normal_run-01_echo-4_sbref.nii.gz",
    "func/sub-118_task-freqreports2_acq-normal_run-01_echo-1_bold.nii.gz",
    "func/sub-118_task-freqreports2_acq-normal_run-01_echo-1_sbref.nii.gz",
    "func/sub-118_task-freqreports2_acq-normal_run-01_echo-2_bold.nii.gz",
    "func/sub-118_task-freqreports2_acq-normal_run-01_echo-2_sbref.nii.gz",
    "func/sub-118_task-freqreports2_acq-normal_run-01_echo-3_bold.nii.gz",
    "func/sub-118_task-freqreports2_acq-normal_run-01_echo-3_sbref.nii.gz",
    "func/sub-118_task-freqreports2_acq-normal_run-01_echo-4_bold.nii.gz",
    "func/sub-118_task-freqreports2_acq-normal_run-01_echo-4_sbref.nii.gz",
    "func/sub-118_task-memtest1_acq-normal_run-01_echo-1_bold.nii.gz",
    "func/sub-118_task-memtest1_acq-normal_run-01_echo-1_sbref.nii.gz",
    "func/sub-118_task-memtest1_acq-normal_run-01_echo-2_bold.nii.gz",
    "func/sub-118_task-memtest1_acq-normal_run-01_echo-2_sbref.nii.gz",
    "func/sub-118_task-memtest1_acq-normal_run-01_echo-3_bold.nii.gz",
    "func/sub-118_task-memtest1_acq-normal_run-01_echo-3_sbref.nii.gz",
    "func/sub-118_task-memtest1_acq-normal_run-01_echo-4_bold.nii.gz",
    "func/sub-118_task-memtest1_acq-normal_run-01_echo-4_sbref.nii.gz",
    "func/sub-118_task-memtest2_acq-normal_run-01_echo-1_bold.nii.gz",
    "func/sub-118_task-memtest2_acq-normal_run-01_echo-1_sbref.nii.gz",
    "func/sub-118_task-memtest2_acq-normal_run-01_echo-2_bold.nii.gz",
    "func/sub-118_task-memtest2_acq-normal_run-01_echo-2_sbref.nii.gz",
    "func/sub-118_task-memtest2_acq-normal_run-01_echo-3_bold.nii.gz",
    "func/sub-118_task-memtest2_acq-normal_run-01_echo-3_sbref.nii.gz",
    "func/sub-118_task-memtest2_acq-normal_run-01_echo-4_bold.nii.gz",
    "func/sub-118_task-memtest2_acq-normal_run-01_echo-4_sbref.nii.gz",
    "func/sub-118_task-pairedassociates1_acq-normal_run-01_echo-1_bold.nii.gz",
    "func/sub-118_task-pairedassociates1_acq-normal_run-01_echo-1_sbref.nii.gz",
    "func/sub-118_task-pairedassociates1_acq-normal_run-01_echo-2_bold.nii.gz",
    "func/sub-118_task-pairedassociates1_acq-normal_run-01_echo-2_sbref.nii.gz",
    "func/sub-118_task-pairedassociates1_acq-normal_run-01_echo-3_bold.nii.gz",
    "func/sub-118_task-pairedassociates1_acq-normal_run-01_echo-3_sbref.nii.gz",
    "func/sub-118_task-pairedassociates1_acq-normal_run-01_echo-4_bold.nii.gz",
    "func/sub-118_task-pairedassociates1_acq-normal_run-01_echo-4_sbref.nii.gz",
    "func/sub-118_task-pairedassociates2_acq-normal_run-01_echo-1_bold.nii.gz",
    "func/sub-118_task-pairedassociates2_acq-normal_run-01_echo-1_sbref.nii.gz",
    "func/sub-118_task-pairedassociates2_acq-normal_run-01_echo-2_bold.nii.gz",
    "func/sub-118_task-pairedassociates2_acq-normal_run-01_echo-2_sbref.nii.gz",
    "func/sub-118_task-pairedassociates2_acq-normal_run-01_echo-3_bold.nii.gz",
    "func/sub-118_task-pairedassociates2_acq-normal_run-01_echo-3_sbref.nii.gz",
    "func/sub-118_task-pairedassociates2_acq-normal_run-01_echo-4_bold.nii.gz",
    "func/sub-118_task-pairedassociates2_acq-normal_run-01_echo-4_sbref.nii.gz"
  ]
}