{
  "AcquisitionMatrixPE": 68,
  "AcquisitionNumber": 1,
  "AcquisitionTime": "14:41:26.657500",
  "BandwidthPerPixelPhaseEncode": 60.024,
  "BaseResolution": 68,
  "BodyPartExamined": "BRAIN",
  "CoilString": "HC1-7;NC1_2",
  "ConsistencyInfo": "N4_VE11C_LATEST_20160120",
  "ConversionSoftware": "dcm2niix",
  "ConversionSoftwareVersion": "v1.0.20190410  GCC6.3.0",
  "DerivedVendorReportedEchoSpacing": 0.00049,
  "DeviceSerialNumber": "166018",
  "DwellTime": 3e-06,
  "EchoNumber": 4,
  "EchoTime": 0.06544,
  "EchoTrainLength": 33,
  "EffectiveEchoSpacing": 0.000245,
  "FlipAngle": 75,
  "ImageComments": "Single-band_reference_SENSE1",
  "ImageOrientationPatientDICOM": [
    0.997836,
    0.0648854,
    0.0106133,
    -0.0594571,
    0.959436,
    -0.275587
  ],
  "ImageType": [
    "ORIGINAL",
    "PRIMARY",
    "M",
    "TE4",
    "ND",
    "MOSAIC"
  ],
  "ImagingFrequency": 123.191,
  "InPlanePhaseEncodingDirectionDICOM": "COL",
  "InstitutionAddress": "Washington_Place_6_NYC_NYC_US_10003",
  "InstitutionName": "NYU_Center_for_Brain_Imaging",
  "InstitutionalDepartmentName": "Department",
  "MRAcquisitionType": "2D",
  "MagneticFieldStrength": 3,
  "Manufacturer": "Siemens",
  "ManufacturersModelName": "Prisma",
  "Modality": "MR",
  "ParallelReductionFactorInPlane": 2,
  "PartialFourier": 1,
  "PatientPosition": "HFS",
  "PercentPhaseFOV": 100,
  "PhaseEncodingDirection": "j-",
  "PhaseEncodingSteps": 67,
  "PhaseResolution": 1,
  "PixelBandwidth": 2450,
  "ProcedureStepDescription": "Investigators_Hartley",
  "ProtocolName": "TASK-memTest1",
  "PulseSequenceDetails": "%CustomerSeq%_cmrr_mbep2d_bold",
  "ReceiveCoilActiveElements": "HC1-7;NC1,2",
  "ReceiveCoilName": "HeadNeck_64",
  "ReconMatrixPE": 68,
  "RefLinesPE": 24,
  "RepetitionTime": 2,
  "SAR": 0.0481356,
  "ScanOptions": "FS",
  "ScanningSequence": "EP",
  "SequenceName": "epfid2d4_68",
  "SequenceVariant": "SK_SS",
  "SeriesDescription": "TASK-memTest1_SBRef",
  "SeriesNumber": 15,
  "ShimSetting": [
    264,
    -12651,
    -8421,
    394,
    42,
    -128,
    35,
    37
  ],
  "SliceThickness": 3,
  "SliceTiming": [
    0,
    0.09,
    0.18,
    0.27,
    0.36,
    0.45,
    0.54,
    0.63,
    0.72,
    0.81,
    0.9,
    0.99,
    1.08,
    1.17,
    1.26,
    1.35,
    1.44,
    1.53,
    1.62,
    1.71,
    1.8,
    1.89,
    1.98,
    2.07,
    2.16,
    2.25,
    2.34,
    2.43,
    2.5175,
    2.6075,
    2.6975,
    2.7875,
    2.8775,
    2.9675,
    3.0575,
    3.1475,
    3.2375,
    3.3275,
    3.4175,
    3.5075,
    3.5975,
    3.6875,
    3.7775,
    3.8675
  ],
  "SoftwareVersions": "syngo_MR_E11",
  "SpacingBetweenSlices": 3,
  "StationName": "AWP166018",
  "TotalReadoutTime": 0.016415,
  "TxRefAmp": 217.079,
  "WipMemBlock": "19b7e442-4a66-4561-aae5-059e0f0dda6b||Sequence: R016 ve11c/master r/8780670; Nov 27 2017 15:05:12 by eja"
}