{
  "AcquisitionMatrixPE": 68,
  "AcquisitionNumber": 1,
  "AcquisitionTime": "13:39:25.272500",
  "BandwidthPerPixelPhaseEncode": 60.024,
  "BaseResolution": 68,
  "BodyPartExamined": "BRAIN",
  "CoilString": "HC1-7;NC1_2",
  "ConsistencyInfo": "N4_VE11C_LATEST_20160120",
  "ConversionSoftware": "dcm2niix",
  "ConversionSoftwareVersion": "v1.0.20190410  GCC6.3.0",
  "DerivedVendorReportedEchoSpacing": 0.00049,
  "DeviceSerialNumber": "166018",
  "DwellTime": 3e-06,
  "EchoTime": 0.0204,
  "EchoTrainLength": 33,
  "EffectiveEchoSpacing": 0.000245,
  "FlipAngle": 90,
  "ImageComments": "SENSE1",
  "ImageOrientationPatientDICOM": [0.990634, 0.13202, 0.0348655, -0.125146, 0.979968, -0.154924],
  "ImageType": [
    "ORIGINAL",
    "PRIMARY",
    "M",
    "ND",
    "MOSAIC"
],
  "ImagingFrequency": 123.191,
  "InPlanePhaseEncodingDirectionDICOM": "COL",
  "InstitutionAddress": "Washington_Place_6_NYC_NYC_US_10003",
  "InstitutionName": "NYU_-_CBI",
  "InstitutionalDepartmentName": "Department",
  "MRAcquisitionType": "2D",
  "MagneticFieldStrength": 3,
  "Manufacturer": "Siemens",
  "ManufacturersModelName": "Prisma",
  "Modality": "MR",
  "ParallelReductionFactorInPlane": 2,
  "PartialFourier": 1,
  "PatientPosition": "HFS",
  "PercentPhaseFOV": 100,
  "PhaseEncodingDirection": "j",
  "PhaseEncodingSteps": 67,
  "PhaseResolution": 1,
  "PixelBandwidth": 2450,
  "ProcedureStepDescription": "Investigators_Hartley",
  "ProtocolName": "ME_SE_FieldMap_PA",
  "PulseSequenceDetails": "%CustomerSeq%_cmrr_mbep2d_se",
  "ReceiveCoilActiveElements": "HC1-7;NC1,2",
  "ReceiveCoilName": "HeadNeck_64",
  "ReconMatrixPE": 68,
  "RefLinesPE": 24,
  "RepetitionTime": 1.919,
  "SAR": 0.347017,
  "ScanOptions": "FS",
  "ScanningSequence": "EP",
  "SequenceName": "epse2d1_68",
  "SequenceVariant": "SK",
  "SeriesDescription": "ME_SE_FieldMap_PA",
  "SeriesNumber": 10,
  "ShimSetting": [276, -12627, -8415, 632, -67, -167, -35, 20],
  "SliceThickness": 3,
  "SliceTiming": [0.95, 0, 0.9925, 0.0425, 1.035, 0.0875, 1.0775, 0.13, 1.1225, 0.1725, 1.165, 0.215, 1.2075, 0.26, 1.2525, 0.3025, 1.295, 0.345, 1.3375, 0.3875, 1.38, 0.4325, 1.425, 0.475, 1.4675, 0.5175, 1.51, 0.56, 1.5525, 0.605, 1.5975, 0.6475, 1.64, 0.69, 1.6825, 0.7325, 1.725, 0.7775, 1.77, 0.82, 1.8125, 0.8625, 1.855, 0.905],
  "SoftwareVersions": "syngo_MR_E11",
  "SpacingBetweenSlices": 3,
  "StationName": "AWP166018",
  "TotalReadoutTime": 0.016415,
  "TxRefAmp": 209.464,
  "WipMemBlock": "ca447654-576e-4b06-abfe-86827e928d70||Sequence: R016 ve11c/master r/8780670; Nov 27 2017 15:08:10 by eja",
  "dcmmeta_affine": [
    [-2.9719009399414062, -0.375438392162323, 0.16386041045188904, 112.13821411132812],
    [-0.3960603177547455, 2.939903736114502, -0.44732820987701416, -60.6084098815918],
    [0.10459654778242111, 0.4647712707519531, 2.961933135986328, -66.79766082763672],
    [0.0, 0.0, 0.0, 1.0]
],
  "dcmmeta_reorient_transform": [
    [0.0, -1.0, 0.0, 67.0],
    [1.0, 0.0, 0.0, 0.0],
    [0.0, 0.0, 1.0, 0.0],
    [0.0, 0.0, 0.0, 1.0]
],
  "dcmmeta_shape": [68, 68, 44, 3],
  "dcmmeta_slice_dim": 2,
  "dcmmeta_version": 0.6,
  "global": {
    "const": {
      "AccessionNumber": "k0sj8cjj",
      "AcquisitionMatrix": [68, 0, 0, 68],
      "AngioFlag": "N",
      "BitsAllocated": 16,
      "BitsStored": 16,
      "BodyPartExamined": "BRAIN",
      "Columns": 476,
      "EchoNumbers": 1,
      "EchoTime": 20.4,
      "EchoTrainLength": 33,
      "FlipAngle": 90.0,
      "HighBit": 15,
      "ImageOrientationPatient": [0.99063367921133, 0.13202010954876, 0.03486551716165, -0.1251461309034, 0.97996789549741, -0.1549237545191],
      "ImagePositionPatient": [-616.66222106794, -816.90179743463, 37.817658438528],
      "ImageType": [
        "ORIGINAL",
        "PRIMARY",
        "M",
        "ND",
        "MOSAIC"
],
      "ImagedNucleus": "1H",
      "ImagingFrequency": 123.190749,
      "InPlanePhaseEncodingDirection": "COL",
      "MRAcquisitionType": "2D",
      "MagneticFieldStrength": 3.0,
      "Manufacturer": "SIEMENS",
      "ManufacturerModelName": "Prisma",
      "Modality": "MR",
      "NumberOfAverages": 1.0,
      "NumberOfPhaseEncodingSteps": 67,
      "PercentPhaseFieldOfView": 100.0,
      "PercentSampling": 100.0,
      "PerformedProcedureStepStartTime": "131459.539000",
      "PhotometricInterpretation": "MONOCHROME2",
      "PixelBandwidth": 2450.0,
      "PixelRepresentation": 0,
      "PixelSpacing": [3.0, 3.0],
      "ProtocolName": "ME_SE_FieldMap_PA",
      "RepetitionTime": 1919.0,
      "Rows": 476,
      "SAR": 0.34701702065295,
      "SamplesPerPixel": 1,
      "ScanOptions": "FS",
      "ScanningSequence": "EP",
      "SequenceName": "epse2d1_68",
      "SequenceVariant": "SK",
      "SeriesDescription": "ME_SE_FieldMap_PA",
      "SeriesNumber": 10,
      "SeriesTime": "133930.494000",
      "SliceLocation": -50.787774038511,
      "SliceThickness": 3.0,
      "SmallestImagePixelValue": 0,
      "SoftwareVersions": "syngo MR E11",
      "SpacingBetweenSlices": 3.000000022326,
      "SpecificCharacterSet": "ISO_IR 100",
      "StudyID": "1",
      "StudyTime": "131459.475000",
      "TransmitCoilName": "Body",
      "VariableFlipAngleFlag": "N",
      "WindowCenterWidthExplanation": "Algo1",
      "dBdt": 0.0},
    "slices": {}
  },
  "time": {
    "samples": {
      "AcquisitionNumber": [1, 2, 3],
      "AcquisitionTime": ["133925.272500", "133927.190000", "133929.110000"],
      "ContentTime": ["133930.497000", "133930.501000", "133930.503000"],
      "InstanceCreationTime": ["133930.497000", "133930.501000", "133930.503000"],
      "InstanceNumber": [1, 2, 3],
      "LargestImagePixelValue": [52545, 52118, 52446],
      "WindowCenter": [11222.0, 11148.0, 11142.0],
      "WindowWidth": [23633.0, 23482.0, 23474.0]
    },
    "slices": {}
  },
  "IntendedFor": [
    "func/sub-216_task-freq1_acq-normal_run-01_echo-1_bold.nii.gz",
    "func/sub-216_task-freq1_acq-normal_run-01_echo-1_sbref.nii.gz",
    "func/sub-216_task-freq1_acq-normal_run-01_echo-2_bold.nii.gz",
    "func/sub-216_task-freq1_acq-normal_run-01_echo-2_sbref.nii.gz",
    "func/sub-216_task-freq1_acq-normal_run-01_echo-3_bold.nii.gz",
    "func/sub-216_task-freq1_acq-normal_run-01_echo-3_sbref.nii.gz",
    "func/sub-216_task-freq1_acq-normal_run-01_echo-4_bold.nii.gz",
    "func/sub-216_task-freq1_acq-normal_run-01_echo-4_sbref.nii.gz",
    "func/sub-216_task-freq2_acq-normal_run-01_echo-1_bold.nii.gz",
    "func/sub-216_task-freq2_acq-normal_run-01_echo-1_sbref.nii.gz",
    "func/sub-216_task-freq2_acq-normal_run-01_echo-2_bold.nii.gz",
    "func/sub-216_task-freq2_acq-normal_run-01_echo-2_sbref.nii.gz",
    "func/sub-216_task-freq2_acq-normal_run-01_echo-3_bold.nii.gz",
    "func/sub-216_task-freq2_acq-normal_run-01_echo-3_sbref.nii.gz",
    "func/sub-216_task-freq2_acq-normal_run-01_echo-4_bold.nii.gz",
    "func/sub-216_task-freq2_acq-normal_run-01_echo-4_sbref.nii.gz",
    "func/sub-216_task-freqreports1_acq-normal_run-01_echo-1_bold.nii.gz",
    "func/sub-216_task-freqreports1_acq-normal_run-01_echo-1_sbref.nii.gz",
    "func/sub-216_task-freqreports1_acq-normal_run-01_echo-2_bold.nii.gz",
    "func/sub-216_task-freqreports1_acq-normal_run-01_echo-2_sbref.nii.gz",
    "func/sub-216_task-freqreports1_acq-normal_run-01_echo-3_bold.nii.gz",
    "func/sub-216_task-freqreports1_acq-normal_run-01_echo-3_sbref.nii.gz",
    "func/sub-216_task-freqreports1_acq-normal_run-01_echo-4_bold.nii.gz",
    "func/sub-216_task-freqreports1_acq-normal_run-01_echo-4_sbref.nii.gz",
    "func/sub-216_task-freqreports2_acq-normal_run-01_echo-1_bold.nii.gz",
    "func/sub-216_task-freqreports2_acq-normal_run-01_echo-1_sbref.nii.gz",
    "func/sub-216_task-freqreports2_acq-normal_run-01_echo-2_bold.nii.gz",
    "func/sub-216_task-freqreports2_acq-normal_run-01_echo-2_sbref.nii.gz",
    "func/sub-216_task-freqreports2_acq-normal_run-01_echo-3_bold.nii.gz",
    "func/sub-216_task-freqreports2_acq-normal_run-01_echo-3_sbref.nii.gz",
    "func/sub-216_task-freqreports2_acq-normal_run-01_echo-4_bold.nii.gz",
    "func/sub-216_task-freqreports2_acq-normal_run-01_echo-4_sbref.nii.gz",
    "func/sub-216_task-memtest1_acq-normal_run-01_echo-1_bold.nii.gz",
    "func/sub-216_task-memtest1_acq-normal_run-01_echo-1_sbref.nii.gz",
    "func/sub-216_task-memtest1_acq-normal_run-01_echo-2_bold.nii.gz",
    "func/sub-216_task-memtest1_acq-normal_run-01_echo-2_sbref.nii.gz",
    "func/sub-216_task-memtest1_acq-normal_run-01_echo-3_bold.nii.gz",
    "func/sub-216_task-memtest1_acq-normal_run-01_echo-3_sbref.nii.gz",
    "func/sub-216_task-memtest1_acq-normal_run-01_echo-4_bold.nii.gz",
    "func/sub-216_task-memtest1_acq-normal_run-01_echo-4_sbref.nii.gz",
    "func/sub-216_task-memtest2_acq-normal_run-01_echo-1_bold.nii.gz",
    "func/sub-216_task-memtest2_acq-normal_run-01_echo-1_sbref.nii.gz",
    "func/sub-216_task-memtest2_acq-normal_run-01_echo-2_bold.nii.gz",
    "func/sub-216_task-memtest2_acq-normal_run-01_echo-2_sbref.nii.gz",
    "func/sub-216_task-memtest2_acq-normal_run-01_echo-3_bold.nii.gz",
    "func/sub-216_task-memtest2_acq-normal_run-01_echo-3_sbref.nii.gz",
    "func/sub-216_task-memtest2_acq-normal_run-01_echo-4_bold.nii.gz",
    "func/sub-216_task-memtest2_acq-normal_run-01_echo-4_sbref.nii.gz",
    "func/sub-216_task-pairedassociates1_acq-normal_run-01_echo-1_bold.nii.gz",
    "func/sub-216_task-pairedassociates1_acq-normal_run-01_echo-1_sbref.nii.gz",
    "func/sub-216_task-pairedassociates1_acq-normal_run-01_echo-2_bold.nii.gz",
    "func/sub-216_task-pairedassociates1_acq-normal_run-01_echo-2_sbref.nii.gz",
    "func/sub-216_task-pairedassociates1_acq-normal_run-01_echo-3_bold.nii.gz",
    "func/sub-216_task-pairedassociates1_acq-normal_run-01_echo-3_sbref.nii.gz",
    "func/sub-216_task-pairedassociates1_acq-normal_run-01_echo-4_bold.nii.gz",
    "func/sub-216_task-pairedassociates1_acq-normal_run-01_echo-4_sbref.nii.gz",
    "func/sub-216_task-pairedassociates2_acq-normal_run-01_echo-1_bold.nii.gz",
    "func/sub-216_task-pairedassociates2_acq-normal_run-01_echo-1_sbref.nii.gz",
    "func/sub-216_task-pairedassociates2_acq-normal_run-01_echo-2_bold.nii.gz",
    "func/sub-216_task-pairedassociates2_acq-normal_run-01_echo-2_sbref.nii.gz",
    "func/sub-216_task-pairedassociates2_acq-normal_run-01_echo-3_bold.nii.gz",
    "func/sub-216_task-pairedassociates2_acq-normal_run-01_echo-3_sbref.nii.gz",
    "func/sub-216_task-pairedassociates2_acq-normal_run-01_echo-4_bold.nii.gz",
    "func/sub-216_task-pairedassociates2_acq-normal_run-01_echo-4_sbref.nii.gz"
  ]
}