{
  "AcquisitionMatrixPE": 68,
  "AcquisitionNumber": 1,
  "AcquisitionTime": "15:35:29.277500",
  "BandwidthPerPixelPhaseEncode": 60.024,
  "BaseResolution": 68,
  "BodyPartExamined": "BRAIN",
  "CoilString": "HC1-7;NC1_2",
  "ConsistencyInfo": "N4_VE11C_LATEST_20160120",
  "ConversionSoftware": "dcm2niix",
  "ConversionSoftwareVersion": "v1.0.20190410  GCC6.3.0",
  "DerivedVendorReportedEchoSpacing": 0.00049,
  "DeviceSerialNumber": "166018",
  "DwellTime": 3e-06,
  "EchoTime": 0.0204,
  "EchoTrainLength": 33,
  "EffectiveEchoSpacing": 0.000245,
  "FlipAngle": 90,
  "ImageComments": "SENSE1",
  "ImageOrientationPatientDICOM": [0.974891, 0.205125, -0.0866655, -0.220416, 0.944266, -0.244495],
  "ImageType": [
    "ORIGINAL",
    "PRIMARY",
    "M",
    "ND",
    "MOSAIC"
],
  "ImagingFrequency": 123.191,
  "InPlanePhaseEncodingDirectionDICOM": "COL",
  "InstitutionAddress": "Washington_Place_6_NYC_NYC_US_10003",
  "InstitutionName": "NYU_Center_for_Brain_Imaging",
  "InstitutionalDepartmentName": "Department",
  "MRAcquisitionType": "2D",
  "MagneticFieldStrength": 3,
  "Manufacturer": "Siemens",
  "ManufacturersModelName": "Prisma",
  "Modality": "MR",
  "ParallelReductionFactorInPlane": 2,
  "PartialFourier": 1,
  "PatientPosition": "HFS",
  "PercentPhaseFOV": 100,
  "PhaseEncodingDirection": "j-",
  "PhaseEncodingSteps": 67,
  "PhaseResolution": 1,
  "PixelBandwidth": 2450,
  "ProcedureStepDescription": "Investigators_Hartley",
  "ProtocolName": "ME_SE_FieldMap_AP",
  "PulseSequenceDetails": "%CustomerSeq%_cmrr_mbep2d_se",
  "ReceiveCoilActiveElements": "HC1-7;NC1,2",
  "ReceiveCoilName": "HeadNeck_64",
  "ReconMatrixPE": 68,
  "RefLinesPE": 24,
  "RepetitionTime": 1.919,
  "SAR": 0.402307,
  "ScanOptions": "FS",
  "ScanningSequence": "EP",
  "SequenceName": "epse2d1_68",
  "SequenceVariant": "SK",
  "SeriesDescription": "ME_SE_FieldMap_AP",
  "SeriesNumber": 9,
  "ShimSetting": [237, -12672, -8392, 565, -47, -61, -25, 5],
  "SliceThickness": 3,
  "SliceTiming": [0.9475, 0, 0.99, 0.0425, 1.035, 0.085, 1.0775, 0.1275, 1.12, 0.1725, 1.165, 0.215, 1.2075, 0.2575, 1.25, 0.3, 1.2925, 0.345, 1.3375, 0.3875, 1.38, 0.43, 1.4225, 0.4725, 1.465, 0.5175, 1.51, 0.56, 1.5525, 0.6025, 1.595, 0.645, 1.6375, 0.69, 1.6825, 0.7325, 1.725, 0.775, 1.7675, 0.8175, 1.81, 0.8625, 1.855, 0.905],
  "SoftwareVersions": "syngo_MR_E11",
  "SpacingBetweenSlices": 3,
  "StationName": "AWP166018",
  "TotalReadoutTime": 0.016415,
  "TxRefAmp": 204.074,
  "WipMemBlock": "a58fb47e-858f-410a-87b0-51672ada18d7||Sequence: R016 ve11c/master r/8780670; Nov 27 2017 15:08:10 by eja",
  "dcmmeta_affine": [
    [-2.924673557281494, -0.6612493991851807, -0.09504977613687515, 119.84837341308594],
    [-0.6153755187988281, 2.832798719406128, -0.7723754644393921, -51.41809844970703],
    [-0.25999659299850464, 0.7334849238395691, 2.8973093032836914, -69.0394058227539],
    [0.0, 0.0, 0.0, 1.0]
],
  "dcmmeta_reorient_transform": [
    [0.0, -1.0, 0.0, 67.0],
    [1.0, 0.0, 0.0, 0.0],
    [0.0, 0.0, 1.0, 0.0],
    [0.0, 0.0, 0.0, 1.0]
],
  "dcmmeta_shape": [68, 68, 44, 3],
  "dcmmeta_slice_dim": 2,
  "dcmmeta_version": 0.6,
  "global": {
    "const": {
      "AccessionNumber": "jy90kru5",
      "AcquisitionMatrix": [68, 0, 0, 68],
      "AngioFlag": "N",
      "BitsAllocated": 16,
      "BitsStored": 16,
      "BodyPartExamined": "BRAIN",
      "Columns": 476,
      "EchoNumbers": 1,
      "EchoTime": 20.4,
      "EchoTrainLength": 33,
      "FlipAngle": 90.0,
      "HighBit": 15,
      "ImageOrientationPatient": [0.97489114746372, 0.20512517396914, -0.0866655271778, -0.2204164731976, 0.94426626830042, -0.24449497519],
      "ImagePositionPatient": [-537.28316615574, -841.80698262409, 182.77430898724],
      "ImageType": [
        "ORIGINAL",
        "PRIMARY",
        "M",
        "ND",
        "MOSAIC"
],
      "ImagedNucleus": "1H",
      "ImagingFrequency": 123.191138,
      "InPlanePhaseEncodingDirection": "COL",
      "MRAcquisitionType": "2D",
      "MagneticFieldStrength": 3.0,
      "Manufacturer": "SIEMENS",
      "ManufacturerModelName": "Prisma",
      "Modality": "MR",
      "NumberOfAverages": 1.0,
      "NumberOfPhaseEncodingSteps": 67,
      "PercentPhaseFieldOfView": 100.0,
      "PercentSampling": 100.0,
      "PerformedProcedureStepStartTime": "151225.277000",
      "PhotometricInterpretation": "MONOCHROME2",
      "PixelBandwidth": 2450.0,
      "PixelRepresentation": 0,
      "PixelSpacing": [3.0, 3.0],
      "ProtocolName": "ME_SE_FieldMap_AP",
      "RepetitionTime": 1919.0,
      "Rows": 476,
      "SAR": 0.40230707148744,
      "SamplesPerPixel": 1,
      "ScanOptions": "FS",
      "ScanningSequence": "EP",
      "SequenceName": "epse2d1_68",
      "SequenceVariant": "SK",
      "SeriesDescription": "ME_SE_FieldMap_AP",
      "SeriesNumber": 9,
      "SeriesTime": "153536.711000",
      "SliceLocation": -57.2353357531,
      "SliceThickness": 3.0,
      "SmallestImagePixelValue": 0,
      "SoftwareVersions": "syngo MR E11",
      "SpacingBetweenSlices": 2.9999999510445,
      "SpecificCharacterSet": "ISO_IR 100",
      "StudyID": "1",
      "StudyTime": "151225.210000",
      "TransmitCoilName": "Body",
      "VariableFlipAngleFlag": "N",
      "WindowCenterWidthExplanation": "Algo1",
      "dBdt": 0.0},
    "slices": {}
  },
  "time": {
    "samples": {
      "AcquisitionNumber": [1, 2, 3],
      "AcquisitionTime": ["153529.277500", "153531.197500", "153533.115000"],
      "ContentTime": ["153536.715000", "153536.719000", "153536.722000"],
      "InstanceCreationTime": ["153536.715000", "153536.719000", "153536.722000"],
      "InstanceNumber": [1, 2, 3],
      "LargestImagePixelValue": [42463, 41570, 41927],
      "WindowCenter": [11354.0, 11253.0, 11267.0],
      "WindowWidth": [24185.0, 23954.0, 23991.0]
    },
    "slices": {}
  },
  "IntendedFor": [
    "func/sub-190_task-freq1_acq-normal_run-01_echo-1_bold.nii.gz",
    "func/sub-190_task-freq1_acq-normal_run-01_echo-1_sbref.nii.gz",
    "func/sub-190_task-freq1_acq-normal_run-01_echo-2_bold.nii.gz",
    "func/sub-190_task-freq1_acq-normal_run-01_echo-2_sbref.nii.gz",
    "func/sub-190_task-freq1_acq-normal_run-01_echo-3_bold.nii.gz",
    "func/sub-190_task-freq1_acq-normal_run-01_echo-3_sbref.nii.gz",
    "func/sub-190_task-freq1_acq-normal_run-01_echo-4_bold.nii.gz",
    "func/sub-190_task-freq1_acq-normal_run-01_echo-4_sbref.nii.gz",
    "func/sub-190_task-freq2_acq-normal_run-01_echo-1_bold.nii.gz",
    "func/sub-190_task-freq2_acq-normal_run-01_echo-1_sbref.nii.gz",
    "func/sub-190_task-freq2_acq-normal_run-01_echo-2_bold.nii.gz",
    "func/sub-190_task-freq2_acq-normal_run-01_echo-2_sbref.nii.gz",
    "func/sub-190_task-freq2_acq-normal_run-01_echo-3_bold.nii.gz",
    "func/sub-190_task-freq2_acq-normal_run-01_echo-3_sbref.nii.gz",
    "func/sub-190_task-freq2_acq-normal_run-01_echo-4_bold.nii.gz",
    "func/sub-190_task-freq2_acq-normal_run-01_echo-4_sbref.nii.gz",
    "func/sub-190_task-freqreports1_acq-normal_run-01_echo-1_bold.nii.gz",
    "func/sub-190_task-freqreports1_acq-normal_run-01_echo-1_sbref.nii.gz",
    "func/sub-190_task-freqreports1_acq-normal_run-01_echo-2_bold.nii.gz",
    "func/sub-190_task-freqreports1_acq-normal_run-01_echo-2_sbref.nii.gz",
    "func/sub-190_task-freqreports1_acq-normal_run-01_echo-3_bold.nii.gz",
    "func/sub-190_task-freqreports1_acq-normal_run-01_echo-3_sbref.nii.gz",
    "func/sub-190_task-freqreports1_acq-normal_run-01_echo-4_bold.nii.gz",
    "func/sub-190_task-freqreports1_acq-normal_run-01_echo-4_sbref.nii.gz",
    "func/sub-190_task-freqreports2_acq-normal_run-01_echo-1_bold.nii.gz",
    "func/sub-190_task-freqreports2_acq-normal_run-01_echo-1_sbref.nii.gz",
    "func/sub-190_task-freqreports2_acq-normal_run-01_echo-2_bold.nii.gz",
    "func/sub-190_task-freqreports2_acq-normal_run-01_echo-2_sbref.nii.gz",
    "func/sub-190_task-freqreports2_acq-normal_run-01_echo-3_bold.nii.gz",
    "func/sub-190_task-freqreports2_acq-normal_run-01_echo-3_sbref.nii.gz",
    "func/sub-190_task-freqreports2_acq-normal_run-01_echo-4_bold.nii.gz",
    "func/sub-190_task-freqreports2_acq-normal_run-01_echo-4_sbref.nii.gz",
    "func/sub-190_task-memtest1_acq-normal_run-01_echo-1_bold.nii.gz",
    "func/sub-190_task-memtest1_acq-normal_run-01_echo-1_sbref.nii.gz",
    "func/sub-190_task-memtest1_acq-normal_run-01_echo-2_bold.nii.gz",
    "func/sub-190_task-memtest1_acq-normal_run-01_echo-2_sbref.nii.gz",
    "func/sub-190_task-memtest1_acq-normal_run-01_echo-3_bold.nii.gz",
    "func/sub-190_task-memtest1_acq-normal_run-01_echo-3_sbref.nii.gz",
    "func/sub-190_task-memtest1_acq-normal_run-01_echo-4_bold.nii.gz",
    "func/sub-190_task-memtest1_acq-normal_run-01_echo-4_sbref.nii.gz",
    "func/sub-190_task-memtest2_acq-normal_run-01_echo-1_bold.nii.gz",
    "func/sub-190_task-memtest2_acq-normal_run-01_echo-1_sbref.nii.gz",
    "func/sub-190_task-memtest2_acq-normal_run-01_echo-2_bold.nii.gz",
    "func/sub-190_task-memtest2_acq-normal_run-01_echo-2_sbref.nii.gz",
    "func/sub-190_task-memtest2_acq-normal_run-01_echo-3_bold.nii.gz",
    "func/sub-190_task-memtest2_acq-normal_run-01_echo-3_sbref.nii.gz",
    "func/sub-190_task-memtest2_acq-normal_run-01_echo-4_bold.nii.gz",
    "func/sub-190_task-memtest2_acq-normal_run-01_echo-4_sbref.nii.gz",
    "func/sub-190_task-pairedassociates1_acq-normal_run-01_echo-1_bold.nii.gz",
    "func/sub-190_task-pairedassociates1_acq-normal_run-01_echo-1_sbref.nii.gz",
    "func/sub-190_task-pairedassociates1_acq-normal_run-01_echo-2_bold.nii.gz",
    "func/sub-190_task-pairedassociates1_acq-normal_run-01_echo-2_sbref.nii.gz",
    "func/sub-190_task-pairedassociates1_acq-normal_run-01_echo-3_bold.nii.gz",
    "func/sub-190_task-pairedassociates1_acq-normal_run-01_echo-3_sbref.nii.gz",
    "func/sub-190_task-pairedassociates1_acq-normal_run-01_echo-4_bold.nii.gz",
    "func/sub-190_task-pairedassociates1_acq-normal_run-01_echo-4_sbref.nii.gz",
    "func/sub-190_task-pairedassociates2_acq-normal_run-01_echo-1_bold.nii.gz",
    "func/sub-190_task-pairedassociates2_acq-normal_run-01_echo-1_sbref.nii.gz",
    "func/sub-190_task-pairedassociates2_acq-normal_run-01_echo-2_bold.nii.gz",
    "func/sub-190_task-pairedassociates2_acq-normal_run-01_echo-2_sbref.nii.gz",
    "func/sub-190_task-pairedassociates2_acq-normal_run-01_echo-3_bold.nii.gz",
    "func/sub-190_task-pairedassociates2_acq-normal_run-01_echo-3_sbref.nii.gz",
    "func/sub-190_task-pairedassociates2_acq-normal_run-01_echo-4_bold.nii.gz",
    "func/sub-190_task-pairedassociates2_acq-normal_run-01_echo-4_sbref.nii.gz"
  ]
}