{
  "AcquisitionMatrixPE": 68,
  "AcquisitionNumber": 1,
  "AcquisitionTime": "10:40:15.300000",
  "BandwidthPerPixelPhaseEncode": 60.024,
  "BaseResolution": 68,
  "BodyPartExamined": "BRAIN",
  "CoilString": "HC1-7;NC1_2",
  "ConsistencyInfo": "N4_VE11C_LATEST_20160120",
  "ConversionSoftware": "dcm2niix",
  "ConversionSoftwareVersion": "v1.0.20190410  GCC6.3.0",
  "DerivedVendorReportedEchoSpacing": 0.00049,
  "DeviceSerialNumber": "166018",
  "DwellTime": 3e-06,
  "EchoTime": 0.0204,
  "EchoTrainLength": 33,
  "EffectiveEchoSpacing": 0.000245,
  "FlipAngle": 90,
  "ImageComments": "SENSE1",
  "ImageOrientationPatientDICOM": [0.985246, 0.163096, -0.0518706, -0.170181, 0.965741, -0.195913],
  "ImageType": [
    "ORIGINAL",
    "PRIMARY",
    "M",
    "ND",
    "MOSAIC"
],
  "ImagingFrequency": 123.191,
  "InPlanePhaseEncodingDirectionDICOM": "COL",
  "InstitutionAddress": "Washington_Place_6_NYC_NYC_US_10003",
  "InstitutionName": "NYU_-_CBI",
  "InstitutionalDepartmentName": "Department",
  "MRAcquisitionType": "2D",
  "MagneticFieldStrength": 3,
  "Manufacturer": "Siemens",
  "ManufacturersModelName": "Prisma",
  "Modality": "MR",
  "ParallelReductionFactorInPlane": 2,
  "PartialFourier": 1,
  "PatientPosition": "HFS",
  "PercentPhaseFOV": 100,
  "PhaseEncodingDirection": "j",
  "PhaseEncodingSteps": 67,
  "PhaseResolution": 1,
  "PixelBandwidth": 2450,
  "ProcedureStepDescription": "Investigators_Hartley",
  "ProtocolName": "ME_SE_FieldMap_PA",
  "PulseSequenceDetails": "%CustomerSeq%_cmrr_mbep2d_se",
  "ReceiveCoilActiveElements": "HC1-7;NC1,2",
  "ReceiveCoilName": "HeadNeck_64",
  "ReconMatrixPE": 68,
  "RefLinesPE": 24,
  "RepetitionTime": 1.919,
  "SAR": 0.41196,
  "ScanOptions": "FS",
  "ScanningSequence": "EP",
  "SequenceName": "epse2d1_68",
  "SequenceVariant": "SK",
  "SeriesDescription": "ME_SE_FieldMap_PA",
  "SeriesNumber": 10,
  "ShimSetting": [247, -12637, -8477, 366, 25, -172, 31, -32],
  "SliceThickness": 3,
  "SliceTiming": [0.95, 0, 0.9925, 0.0425, 1.035, 0.085, 1.0775, 0.13, 1.1225, 0.1725, 1.165, 0.215, 1.2075, 0.26, 1.2525, 0.3025, 1.295, 0.345, 1.3375, 0.3875, 1.38, 0.4325, 1.425, 0.475, 1.4675, 0.5175, 1.51, 0.56, 1.5525, 0.605, 1.5975, 0.6475, 1.64, 0.69, 1.6825, 0.7325, 1.725, 0.7775, 1.77, 0.82, 1.8125, 0.8625, 1.855, 0.905],
  "SoftwareVersions": "syngo_MR_E11",
  "SpacingBetweenSlices": 3,
  "StationName": "AWP166018",
  "TotalReadoutTime": 0.016415,
  "TxRefAmp": 211.92,
  "WipMemBlock": "49b8980c-8bd6-4109-a718-23f2988008e8||Sequence: R016 ve11c/master r/8780670; Nov 27 2017 15:08:10 by eja",
  "dcmmeta_affine": [
    [-2.9557371139526367, -0.5105443596839905, -0.05442315712571144, 114.32022857666016],
    [-0.4892876446247101, 2.8972244262695312, -0.6055484414100647, -50.30582046508789],
    [-0.1556118130683899, 0.5877378582954407, 2.9377455711364746, -63.87904357910156],
    [0.0, 0.0, 0.0, 1.0]
],
  "dcmmeta_reorient_transform": [
    [0.0, -1.0, 0.0, 67.0],
    [1.0, 0.0, 0.0, 0.0],
    [0.0, 0.0, 1.0, 0.0],
    [0.0, 0.0, 0.0, 1.0]
],
  "dcmmeta_shape": [68, 68, 44, 3],
  "dcmmeta_slice_dim": 2,
  "dcmmeta_version": 0.6,
  "global": {
    "const": {
      "AccessionNumber": "jx6j6rhu",
      "AcquisitionMatrix": [68, 0, 0, 68],
      "AngioFlag": "N",
      "BitsAllocated": 16,
      "BitsStored": 16,
      "BodyPartExamined": "BRAIN",
      "Columns": 476,
      "EchoNumbers": 1,
      "EchoTime": 20.4,
      "EchoTrainLength": 33,
      "FlipAngle": 90.0,
      "HighBit": 15,
      "ImageOrientationPatient": [0.98524574342001, 0.16309587828242, -0.0518706040069, -0.1701814540388, 0.96574143608924, -0.1959126114408],
      "ImagePositionPatient": [-578.93310312634, -834.656643914, 127.14271784385],
      "ImageType": [
        "ORIGINAL",
        "PRIMARY",
        "M",
        "ND",
        "MOSAIC"
],
      "ImagedNucleus": "1H",
      "ImagingFrequency": 123.19104,
      "InPlanePhaseEncodingDirection": "COL",
      "MRAcquisitionType": "2D",
      "MagneticFieldStrength": 3.0,
      "Manufacturer": "SIEMENS",
      "ManufacturerModelName": "Prisma",
      "Modality": "MR",
      "NumberOfAverages": 1.0,
      "NumberOfPhaseEncodingSteps": 67,
      "PercentPhaseFieldOfView": 100.0,
      "PercentSampling": 100.0,
      "PerformedProcedureStepStartTime": "095708.039000",
      "PhotometricInterpretation": "MONOCHROME2",
      "PixelBandwidth": 2450.0,
      "PixelRepresentation": 0,
      "PixelSpacing": [3.0, 3.0],
      "ProtocolName": "ME_SE_FieldMap_PA",
      "RepetitionTime": 1919.0,
      "Rows": 476,
      "SAR": 0.41195998007785,
      "SamplesPerPixel": 1,
      "ScanOptions": "FS",
      "ScanningSequence": "EP",
      "SequenceName": "epse2d1_68",
      "SequenceVariant": "SK",
      "SeriesDescription": "ME_SE_FieldMap_PA",
      "SeriesNumber": 10,
      "SeriesTime": "104019.131000",
      "SliceLocation": -54.47314636764,
      "SliceThickness": 3.0,
      "SmallestImagePixelValue": 0,
      "SoftwareVersions": "syngo MR E11",
      "SpacingBetweenSlices": 2.9999999664646,
      "SpecificCharacterSet": "ISO_IR 100",
      "StudyID": "1",
      "StudyTime": "095707.946000",
      "TransmitCoilName": "Body",
      "VariableFlipAngleFlag": "N",
      "WindowCenterWidthExplanation": "Algo1",
      "dBdt": 0.0},
    "slices": {}
  },
  "time": {
    "samples": {
      "AcquisitionNumber": [1, 2, 3],
      "AcquisitionTime": ["104015.300000", "104017.217500", "104019.137500"],
      "ContentTime": ["104019.134000", "104019.137000", "104020.902000"],
      "InstanceCreationTime": ["104019.134000", "104019.137000", "104020.902000"],
      "InstanceNumber": [1, 2, 3],
      "LargestImagePixelValue": [53565, 52898, 52541],
      "WindowCenter": [12547.0, 12430.0, 12462.0],
      "WindowWidth": [26391.0, 26144.0, 26219.0]
    },
    "slices": {}
  },
  "IntendedFor": [
    "func/sub-171_task-freq1_acq-normal_run-01_echo-1_bold.nii.gz",
    "func/sub-171_task-freq1_acq-normal_run-01_echo-1_sbref.nii.gz",
    "func/sub-171_task-freq1_acq-normal_run-01_echo-2_bold.nii.gz",
    "func/sub-171_task-freq1_acq-normal_run-01_echo-2_sbref.nii.gz",
    "func/sub-171_task-freq1_acq-normal_run-01_echo-3_bold.nii.gz",
    "func/sub-171_task-freq1_acq-normal_run-01_echo-3_sbref.nii.gz",
    "func/sub-171_task-freq1_acq-normal_run-01_echo-4_bold.nii.gz",
    "func/sub-171_task-freq1_acq-normal_run-01_echo-4_sbref.nii.gz",
    "func/sub-171_task-freq2_acq-normal_run-01_echo-1_bold.nii.gz",
    "func/sub-171_task-freq2_acq-normal_run-01_echo-1_sbref.nii.gz",
    "func/sub-171_task-freq2_acq-normal_run-01_echo-2_bold.nii.gz",
    "func/sub-171_task-freq2_acq-normal_run-01_echo-2_sbref.nii.gz",
    "func/sub-171_task-freq2_acq-normal_run-01_echo-3_bold.nii.gz",
    "func/sub-171_task-freq2_acq-normal_run-01_echo-3_sbref.nii.gz",
    "func/sub-171_task-freq2_acq-normal_run-01_echo-4_bold.nii.gz",
    "func/sub-171_task-freq2_acq-normal_run-01_echo-4_sbref.nii.gz",
    "func/sub-171_task-freqreports1_acq-normal_run-01_echo-1_bold.nii.gz",
    "func/sub-171_task-freqreports1_acq-normal_run-01_echo-1_sbref.nii.gz",
    "func/sub-171_task-freqreports1_acq-normal_run-01_echo-2_bold.nii.gz",
    "func/sub-171_task-freqreports1_acq-normal_run-01_echo-2_sbref.nii.gz",
    "func/sub-171_task-freqreports1_acq-normal_run-01_echo-3_bold.nii.gz",
    "func/sub-171_task-freqreports1_acq-normal_run-01_echo-3_sbref.nii.gz",
    "func/sub-171_task-freqreports1_acq-normal_run-01_echo-4_bold.nii.gz",
    "func/sub-171_task-freqreports1_acq-normal_run-01_echo-4_sbref.nii.gz",
    "func/sub-171_task-freqreports2_acq-normal_run-01_echo-1_bold.nii.gz",
    "func/sub-171_task-freqreports2_acq-normal_run-01_echo-1_sbref.nii.gz",
    "func/sub-171_task-freqreports2_acq-normal_run-01_echo-2_bold.nii.gz",
    "func/sub-171_task-freqreports2_acq-normal_run-01_echo-2_sbref.nii.gz",
    "func/sub-171_task-freqreports2_acq-normal_run-01_echo-3_bold.nii.gz",
    "func/sub-171_task-freqreports2_acq-normal_run-01_echo-3_sbref.nii.gz",
    "func/sub-171_task-freqreports2_acq-normal_run-01_echo-4_bold.nii.gz",
    "func/sub-171_task-freqreports2_acq-normal_run-01_echo-4_sbref.nii.gz",
    "func/sub-171_task-memtest1_acq-normal_run-01_echo-1_bold.nii.gz",
    "func/sub-171_task-memtest1_acq-normal_run-01_echo-1_sbref.nii.gz",
    "func/sub-171_task-memtest1_acq-normal_run-01_echo-2_bold.nii.gz",
    "func/sub-171_task-memtest1_acq-normal_run-01_echo-2_sbref.nii.gz",
    "func/sub-171_task-memtest1_acq-normal_run-01_echo-3_bold.nii.gz",
    "func/sub-171_task-memtest1_acq-normal_run-01_echo-3_sbref.nii.gz",
    "func/sub-171_task-memtest1_acq-normal_run-01_echo-4_bold.nii.gz",
    "func/sub-171_task-memtest1_acq-normal_run-01_echo-4_sbref.nii.gz",
    "func/sub-171_task-memtest2_acq-normal_run-01_echo-1_bold.nii.gz",
    "func/sub-171_task-memtest2_acq-normal_run-01_echo-1_sbref.nii.gz",
    "func/sub-171_task-memtest2_acq-normal_run-01_echo-2_bold.nii.gz",
    "func/sub-171_task-memtest2_acq-normal_run-01_echo-2_sbref.nii.gz",
    "func/sub-171_task-memtest2_acq-normal_run-01_echo-3_bold.nii.gz",
    "func/sub-171_task-memtest2_acq-normal_run-01_echo-3_sbref.nii.gz",
    "func/sub-171_task-memtest2_acq-normal_run-01_echo-4_bold.nii.gz",
    "func/sub-171_task-memtest2_acq-normal_run-01_echo-4_sbref.nii.gz",
    "func/sub-171_task-pairedassociates1_acq-normal_run-01_echo-1_bold.nii.gz",
    "func/sub-171_task-pairedassociates1_acq-normal_run-01_echo-1_sbref.nii.gz",
    "func/sub-171_task-pairedassociates1_acq-normal_run-01_echo-2_bold.nii.gz",
    "func/sub-171_task-pairedassociates1_acq-normal_run-01_echo-2_sbref.nii.gz",
    "func/sub-171_task-pairedassociates1_acq-normal_run-01_echo-3_bold.nii.gz",
    "func/sub-171_task-pairedassociates1_acq-normal_run-01_echo-3_sbref.nii.gz",
    "func/sub-171_task-pairedassociates1_acq-normal_run-01_echo-4_bold.nii.gz",
    "func/sub-171_task-pairedassociates1_acq-normal_run-01_echo-4_sbref.nii.gz",
    "func/sub-171_task-pairedassociates2_acq-normal_run-01_echo-1_bold.nii.gz",
    "func/sub-171_task-pairedassociates2_acq-normal_run-01_echo-1_sbref.nii.gz",
    "func/sub-171_task-pairedassociates2_acq-normal_run-01_echo-2_bold.nii.gz",
    "func/sub-171_task-pairedassociates2_acq-normal_run-01_echo-2_sbref.nii.gz",
    "func/sub-171_task-pairedassociates2_acq-normal_run-01_echo-3_bold.nii.gz",
    "func/sub-171_task-pairedassociates2_acq-normal_run-01_echo-3_sbref.nii.gz",
    "func/sub-171_task-pairedassociates2_acq-normal_run-01_echo-4_bold.nii.gz",
    "func/sub-171_task-pairedassociates2_acq-normal_run-01_echo-4_sbref.nii.gz"
  ]
}