{
  "AcquisitionMatrixPE": 68,
  "AcquisitionNumber": 1,
  "AcquisitionTime": "10:00:35.285000",
  "BandwidthPerPixelPhaseEncode": 60.024,
  "BaseResolution": 68,
  "BodyPartExamined": "BRAIN",
  "CoilString": "HC1-7;NC1_2",
  "ConsistencyInfo": "N4_VE11C_LATEST_20160120",
  "ConversionSoftware": "dcm2niix",
  "ConversionSoftwareVersion": "v1.0.20190410  GCC6.3.0",
  "DerivedVendorReportedEchoSpacing": 0.00049,
  "DeviceSerialNumber": "166018",
  "DwellTime": 3e-06,
  "EchoTime": 0.0204,
  "EchoTrainLength": 33,
  "EffectiveEchoSpacing": 0.000245,
  "FlipAngle": 90,
  "ImageComments": "SENSE1",
  "ImageOrientationPatientDICOM": [0.991441, 0.129909, -0.0129608, -0.130526, 0.988381, -0.077879],
  "ImageType": [
    "ORIGINAL",
    "PRIMARY",
    "M",
    "ND",
    "MOSAIC"
],
  "ImagingFrequency": 123.191,
  "InPlanePhaseEncodingDirectionDICOM": "COL",
  "InstitutionAddress": "Washington_Place_6_NYC_NYC_US_10003",
  "InstitutionName": "NYU_-_CBI",
  "InstitutionalDepartmentName": "Department",
  "MRAcquisitionType": "2D",
  "MagneticFieldStrength": 3,
  "Manufacturer": "Siemens",
  "ManufacturersModelName": "Prisma",
  "Modality": "MR",
  "ParallelReductionFactorInPlane": 2,
  "PartialFourier": 1,
  "PatientPosition": "HFS",
  "PercentPhaseFOV": 100,
  "PhaseEncodingDirection": "j-",
  "PhaseEncodingSteps": 67,
  "PhaseResolution": 1,
  "PixelBandwidth": 2450,
  "ProcedureStepDescription": "Investigators_Hartley",
  "ProtocolName": "ME_SE_FieldMap_AP",
  "PulseSequenceDetails": "%CustomerSeq%_cmrr_mbep2d_se",
  "ReceiveCoilActiveElements": "HC1-7;NC1,2",
  "ReceiveCoilName": "HeadNeck_64",
  "ReconMatrixPE": 68,
  "RefLinesPE": 24,
  "RepetitionTime": 1.919,
  "SAR": 0.331016,
  "ScanOptions": "FS",
  "ScanningSequence": "EP",
  "SequenceName": "epse2d1_68",
  "SequenceVariant": "SK",
  "SeriesDescription": "ME_SE_FieldMap_AP",
  "SeriesNumber": 9,
  "ShimSetting": [256, -12636, -8430, 359, 6, -138, 116, -45],
  "SliceThickness": 3,
  "SliceTiming": [0.95, 0, 0.9925, 0.045, 1.0375, 0.0875, 1.08, 0.13, 1.1225, 0.1725, 1.165, 0.2175, 1.21, 0.26, 1.2525, 0.3025, 1.295, 0.3475, 1.34, 0.39, 1.3825, 0.4325, 1.425, 0.475, 1.4675, 0.52, 1.5125, 0.5625, 1.555, 0.605, 1.5975, 0.6475, 1.64, 0.6925, 1.685, 0.735, 1.7275, 0.7775, 1.77, 0.82, 1.8125, 0.865, 1.8575, 0.9075],
  "SoftwareVersions": "syngo_MR_E11",
  "SpacingBetweenSlices": 3,
  "StationName": "AWP166018",
  "TotalReadoutTime": 0.016415,
  "TxRefAmp": 215.987,
  "WipMemBlock": "94f28ae7-07ef-4d70-a686-151837183e63||Sequence: R016 ve11c/master r/8780670; Nov 27 2017 15:08:10 by eja",
  "dcmmeta_affine": [
    [-2.9743237495422363, -0.39157727360725403, -0.008079024031758308, 111.98883819580078],
    [-0.38972580432891846, 2.965144395828247, -0.23671263456344604, -69.02283477783203],
    [-0.03888225182890892, 0.23363713920116425, 2.990635633468628, -50.088321685791016],
    [0.0, 0.0, 0.0, 1.0]
],
  "dcmmeta_reorient_transform": [
    [0.0, -1.0, 0.0, 67.0],
    [1.0, 0.0, 0.0, 0.0],
    [0.0, 0.0, 1.0, 0.0],
    [0.0, 0.0, 0.0, 1.0]
],
  "dcmmeta_shape": [68, 68, 44, 3],
  "dcmmeta_slice_dim": 2,
  "dcmmeta_version": 0.6,
  "global": {
    "const": {
      "AccessionNumber": "jxafph1q",
      "AcquisitionMatrix": [68, 0, 0, 68],
      "AngioFlag": "N",
      "BitsAllocated": 16,
      "BitsStored": 16,
      "BodyPartExamined": "BRAIN",
      "Columns": 476,
      "EchoNumbers": 1,
      "EchoTime": 20.4,
      "EchoTrainLength": 33,
      "FlipAngle": 90.0,
      "HighBit": 15,
      "ImageOrientationPatient": [0.99144126163118, 0.12990859738746, -0.0129607507498, -0.1305257539439, 0.9883814455666, -0.0778790447878],
      "ImagePositionPatient": [-612.63344938617, -814.03534360652, 21.159319519193],
      "ImageType": [
        "ORIGINAL",
        "PRIMARY",
        "M",
        "ND",
        "MOSAIC"
],
      "ImagedNucleus": "1H",
      "ImagingFrequency": 123.191072,
      "InPlanePhaseEncodingDirection": "COL",
      "MRAcquisitionType": "2D",
      "MagneticFieldStrength": 3.0,
      "Manufacturer": "SIEMENS",
      "ManufacturerModelName": "Prisma",
      "Modality": "MR",
      "NumberOfAverages": 1.0,
      "NumberOfPhaseEncodingSteps": 67,
      "PercentPhaseFieldOfView": 100.0,
      "PercentSampling": 100.0,
      "PerformedProcedureStepStartTime": "094006.367000",
      "PhotometricInterpretation": "MONOCHROME2",
      "PixelBandwidth": 2450.0,
      "PixelRepresentation": 0,
      "PixelSpacing": [3.0, 3.0],
      "ProtocolName": "ME_SE_FieldMap_AP",
      "RepetitionTime": 1919.0,
      "Rows": 476,
      "SAR": 0.33101586161623,
      "SamplesPerPixel": 1,
      "ScanOptions": "FS",
      "ScanningSequence": "EP",
      "SequenceName": "epse2d1_68",
      "SequenceVariant": "SK",
      "SeriesDescription": "ME_SE_FieldMap_AP",
      "SeriesNumber": 9,
      "SeriesTime": "100041.827000",
      "SliceLocation": -44.787370603291,
      "SliceThickness": 3.0,
      "SmallestImagePixelValue": 0,
      "SoftwareVersions": "syngo MR E11",
      "SpacingBetweenSlices": 3.000000022733,
      "SpecificCharacterSet": "ISO_IR 100",
      "StudyID": "1",
      "StudyTime": "094006.191000",
      "TransmitCoilName": "Body",
      "VariableFlipAngleFlag": "N",
      "WindowCenterWidthExplanation": "Algo1",
      "dBdt": 0.0},
    "slices": {}
  },
  "time": {
    "samples": {
      "AcquisitionNumber": [1, 2, 3],
      "AcquisitionTime": ["100035.285000", "100037.205000", "100039.122500"],
      "ContentTime": ["100041.887000", "100041.890000", "100041.893000"],
      "InstanceCreationTime": ["100041.887000", "100041.890000", "100041.893000"],
      "InstanceNumber": [1, 2, 3],
      "LargestImagePixelValue": [44773, 44995, 45249],
      "WindowCenter": [11678.0, 11597.0, 11595.0],
      "WindowWidth": [24760.0, 24593.0, 24594.0]
    },
    "slices": {}
  },
  "IntendedFor": [
    "func/sub-173_task-freq1_acq-normal_run-01_echo-1_bold.nii.gz",
    "func/sub-173_task-freq1_acq-normal_run-01_echo-1_sbref.nii.gz",
    "func/sub-173_task-freq1_acq-normal_run-01_echo-2_bold.nii.gz",
    "func/sub-173_task-freq1_acq-normal_run-01_echo-2_sbref.nii.gz",
    "func/sub-173_task-freq1_acq-normal_run-01_echo-3_bold.nii.gz",
    "func/sub-173_task-freq1_acq-normal_run-01_echo-3_sbref.nii.gz",
    "func/sub-173_task-freq1_acq-normal_run-01_echo-4_bold.nii.gz",
    "func/sub-173_task-freq1_acq-normal_run-01_echo-4_sbref.nii.gz",
    "func/sub-173_task-freq2_acq-normal_run-01_echo-1_bold.nii.gz",
    "func/sub-173_task-freq2_acq-normal_run-01_echo-1_sbref.nii.gz",
    "func/sub-173_task-freq2_acq-normal_run-01_echo-2_bold.nii.gz",
    "func/sub-173_task-freq2_acq-normal_run-01_echo-2_sbref.nii.gz",
    "func/sub-173_task-freq2_acq-normal_run-01_echo-3_bold.nii.gz",
    "func/sub-173_task-freq2_acq-normal_run-01_echo-3_sbref.nii.gz",
    "func/sub-173_task-freq2_acq-normal_run-01_echo-4_bold.nii.gz",
    "func/sub-173_task-freq2_acq-normal_run-01_echo-4_sbref.nii.gz",
    "func/sub-173_task-freqreports1_acq-normal_run-01_echo-1_bold.nii.gz",
    "func/sub-173_task-freqreports1_acq-normal_run-01_echo-1_sbref.nii.gz",
    "func/sub-173_task-freqreports1_acq-normal_run-01_echo-2_bold.nii.gz",
    "func/sub-173_task-freqreports1_acq-normal_run-01_echo-2_sbref.nii.gz",
    "func/sub-173_task-freqreports1_acq-normal_run-01_echo-3_bold.nii.gz",
    "func/sub-173_task-freqreports1_acq-normal_run-01_echo-3_sbref.nii.gz",
    "func/sub-173_task-freqreports1_acq-normal_run-01_echo-4_bold.nii.gz",
    "func/sub-173_task-freqreports1_acq-normal_run-01_echo-4_sbref.nii.gz",
    "func/sub-173_task-freqreports2_acq-normal_run-01_echo-1_bold.nii.gz",
    "func/sub-173_task-freqreports2_acq-normal_run-01_echo-1_sbref.nii.gz",
    "func/sub-173_task-freqreports2_acq-normal_run-01_echo-2_bold.nii.gz",
    "func/sub-173_task-freqreports2_acq-normal_run-01_echo-2_sbref.nii.gz",
    "func/sub-173_task-freqreports2_acq-normal_run-01_echo-3_bold.nii.gz",
    "func/sub-173_task-freqreports2_acq-normal_run-01_echo-3_sbref.nii.gz",
    "func/sub-173_task-freqreports2_acq-normal_run-01_echo-4_bold.nii.gz",
    "func/sub-173_task-freqreports2_acq-normal_run-01_echo-4_sbref.nii.gz",
    "func/sub-173_task-memtest1_acq-normal_run-01_echo-1_bold.nii.gz",
    "func/sub-173_task-memtest1_acq-normal_run-01_echo-1_sbref.nii.gz",
    "func/sub-173_task-memtest1_acq-normal_run-01_echo-2_bold.nii.gz",
    "func/sub-173_task-memtest1_acq-normal_run-01_echo-2_sbref.nii.gz",
    "func/sub-173_task-memtest1_acq-normal_run-01_echo-3_bold.nii.gz",
    "func/sub-173_task-memtest1_acq-normal_run-01_echo-3_sbref.nii.gz",
    "func/sub-173_task-memtest1_acq-normal_run-01_echo-4_bold.nii.gz",
    "func/sub-173_task-memtest1_acq-normal_run-01_echo-4_sbref.nii.gz",
    "func/sub-173_task-memtest2_acq-normal_run-01_echo-1_bold.nii.gz",
    "func/sub-173_task-memtest2_acq-normal_run-01_echo-1_sbref.nii.gz",
    "func/sub-173_task-memtest2_acq-normal_run-01_echo-2_bold.nii.gz",
    "func/sub-173_task-memtest2_acq-normal_run-01_echo-2_sbref.nii.gz",
    "func/sub-173_task-memtest2_acq-normal_run-01_echo-3_bold.nii.gz",
    "func/sub-173_task-memtest2_acq-normal_run-01_echo-3_sbref.nii.gz",
    "func/sub-173_task-memtest2_acq-normal_run-01_echo-4_bold.nii.gz",
    "func/sub-173_task-memtest2_acq-normal_run-01_echo-4_sbref.nii.gz",
    "func/sub-173_task-pairedassociates1_acq-normal_run-01_echo-1_bold.nii.gz",
    "func/sub-173_task-pairedassociates1_acq-normal_run-01_echo-1_sbref.nii.gz",
    "func/sub-173_task-pairedassociates1_acq-normal_run-01_echo-2_bold.nii.gz",
    "func/sub-173_task-pairedassociates1_acq-normal_run-01_echo-2_sbref.nii.gz",
    "func/sub-173_task-pairedassociates1_acq-normal_run-01_echo-3_bold.nii.gz",
    "func/sub-173_task-pairedassociates1_acq-normal_run-01_echo-3_sbref.nii.gz",
    "func/sub-173_task-pairedassociates1_acq-normal_run-01_echo-4_bold.nii.gz",
    "func/sub-173_task-pairedassociates1_acq-normal_run-01_echo-4_sbref.nii.gz",
    "func/sub-173_task-pairedassociates2_acq-normal_run-01_echo-1_bold.nii.gz",
    "func/sub-173_task-pairedassociates2_acq-normal_run-01_echo-1_sbref.nii.gz",
    "func/sub-173_task-pairedassociates2_acq-normal_run-01_echo-2_bold.nii.gz",
    "func/sub-173_task-pairedassociates2_acq-normal_run-01_echo-2_sbref.nii.gz",
    "func/sub-173_task-pairedassociates2_acq-normal_run-01_echo-3_bold.nii.gz",
    "func/sub-173_task-pairedassociates2_acq-normal_run-01_echo-3_sbref.nii.gz",
    "func/sub-173_task-pairedassociates2_acq-normal_run-01_echo-4_bold.nii.gz",
    "func/sub-173_task-pairedassociates2_acq-normal_run-01_echo-4_sbref.nii.gz"
  ]
}