{
  "AcquisitionMatrixPE": 68,
  "AcquisitionNumber": 1,
  "AcquisitionTime": "11:52:57.297500",
  "BandwidthPerPixelPhaseEncode": 60.024,
  "BaseResolution": 68,
  "BodyPartExamined": "BRAIN",
  "CoilString": "HC1-7;NC1_2",
  "ConsistencyInfo": "N4_VE11C_LATEST_20160120",
  "ConversionSoftware": "dcm2niix",
  "ConversionSoftwareVersion": "v1.0.20190410  GCC6.3.0",
  "DerivedVendorReportedEchoSpacing": 0.00049,
  "DeviceSerialNumber": "166018",
  "DwellTime": 3e-06,
  "EchoTime": 0.0204,
  "EchoTrainLength": 33,
  "EffectiveEchoSpacing": 0.000245,
  "FlipAngle": 90,
  "ImageComments": "SENSE1",
  "ImageOrientationPatientDICOM": [0.995201, 0.0931903, -0.0298319, -0.0977557, 0.960212, -0.261606],
  "ImageType": [
    "ORIGINAL",
    "PRIMARY",
    "M",
    "ND",
    "MOSAIC"
],
  "ImagingFrequency": 123.191,
  "InPlanePhaseEncodingDirectionDICOM": "COL",
  "InstitutionAddress": "Washington_Place_6_NYC_NYC_US_10003",
  "InstitutionName": "NYU_-_CBI",
  "InstitutionalDepartmentName": "Department",
  "MRAcquisitionType": "2D",
  "MagneticFieldStrength": 3,
  "Manufacturer": "Siemens",
  "ManufacturersModelName": "Prisma",
  "Modality": "MR",
  "ParallelReductionFactorInPlane": 2,
  "PartialFourier": 1,
  "PatientPosition": "HFS",
  "PercentPhaseFOV": 100,
  "PhaseEncodingDirection": "j",
  "PhaseEncodingSteps": 67,
  "PhaseResolution": 1,
  "PixelBandwidth": 2450,
  "ProcedureStepDescription": "Investigators_Hartley",
  "ProtocolName": "ME_SE_FieldMap_PA",
  "PulseSequenceDetails": "%CustomerSeq%_cmrr_mbep2d_se",
  "ReceiveCoilActiveElements": "HC1-7;NC1,2",
  "ReceiveCoilName": "HeadNeck_64",
  "ReconMatrixPE": 68,
  "RefLinesPE": 24,
  "RepetitionTime": 1.919,
  "SAR": 0.484301,
  "ScanOptions": "FS",
  "ScanningSequence": "EP",
  "SequenceName": "epse2d1_68",
  "SequenceVariant": "SK",
  "SeriesDescription": "ME_SE_FieldMap_PA",
  "SeriesNumber": 11,
  "ShimSetting": [281, -12625, -8447, 721, 19, -220, 107, -22],
  "SliceThickness": 3,
  "SliceTiming": [0.95, 0, 0.9925, 0.045, 1.0375, 0.0875, 1.08, 0.13, 1.1225, 0.1725, 1.165, 0.2175, 1.21, 0.26, 1.2525, 0.3025, 1.295, 0.345, 1.3375, 0.39, 1.3825, 0.4325, 1.425, 0.475, 1.4675, 0.52, 1.51, 0.5625, 1.555, 0.605, 1.5975, 0.6475, 1.64, 0.6925, 1.685, 0.735, 1.7275, 0.7775, 1.77, 0.82, 1.8125, 0.865, 1.8575, 0.9075],
  "SoftwareVersions": "syngo_MR_E11",
  "SpacingBetweenSlices": 3,
  "StationName": "AWP166018",
  "TotalReadoutTime": 0.016415,
  "TxRefAmp": 200.558,
  "WipMemBlock": "83ccd4e3-438d-44d3-89cf-521eeb8421a0||Sequence: R016 ve11c/master r/8780670; Nov 27 2017 15:08:10 by eja",
  "dcmmeta_affine": [
    [-2.9856038093566895, -0.293267160654068, -0.01279749721288681, 108.67082977294922],
    [-0.27957096695899963, 2.8806347846984863, -0.7897992134094238, -67.50536346435547],
    [-0.0894956961274147, 0.7848166227340698, 2.89414119720459, -79.12126159667969],
    [0.0, 0.0, 0.0, 1.0]
],
  "dcmmeta_reorient_transform": [
    [0.0, -1.0, 0.0, 67.0],
    [1.0, 0.0, 0.0, 0.0],
    [0.0, 0.0, 1.0, 0.0],
    [0.0, 0.0, 0.0, 1.0]
],
  "dcmmeta_shape": [68, 68, 44, 3],
  "dcmmeta_slice_dim": 2,
  "dcmmeta_version": 0.6,
  "global": {
    "const": {
      "AccessionNumber": "jwyzbLui",
      "AcquisitionMatrix": [68, 0, 0, 68],
      "AngioFlag": "N",
      "BitsAllocated": 16,
      "BitsStored": 16,
      "BodyPartExamined": "BRAIN",
      "Columns": 476,
      "EchoNumbers": 1,
      "EchoTime": 20.4,
      "EchoTrainLength": 33,
      "FlipAngle": 90.0,
      "HighBit": 15,
      "ImageOrientationPatient": [0.99520129727931, 0.09319031998546, -0.0298318982733, -0.0977557188576, 0.96021162487021, -0.2616055329972],
      "ImagePositionPatient": [-638.25862542645, -770.17916334008, 151.82115869082],
      "ImageType": [
        "ORIGINAL",
        "PRIMARY",
        "M",
        "ND",
        "MOSAIC"
],
      "ImagedNucleus": "1H",
      "ImagingFrequency": 123.19099,
      "InPlanePhaseEncodingDirection": "COL",
      "MRAcquisitionType": "2D",
      "MagneticFieldStrength": 3.0,
      "Manufacturer": "SIEMENS",
      "ManufacturerModelName": "Prisma",
      "Modality": "MR",
      "NumberOfAverages": 1.0,
      "NumberOfPhaseEncodingSteps": 67,
      "PercentPhaseFieldOfView": 100.0,
      "PercentSampling": 100.0,
      "PerformedProcedureStepStartTime": "111526.396000",
      "PhotometricInterpretation": "MONOCHROME2",
      "PixelBandwidth": 2450.0,
      "PixelRepresentation": 0,
      "PixelSpacing": [3.0, 3.0],
      "ProtocolName": "ME_SE_FieldMap_PA",
      "RepetitionTime": 1919.0,
      "Rows": 476,
      "SAR": 0.48430109184476,
      "SamplesPerPixel": 1,
      "ScanOptions": "FS",
      "ScanningSequence": "EP",
      "SequenceName": "epse2d1_68",
      "SequenceVariant": "SK",
      "SeriesDescription": "ME_SE_FieldMap_PA",
      "SeriesNumber": 11,
      "SeriesTime": "115300.598000",
      "SliceLocation": -59.021045287518,
      "SliceThickness": 3.0,
      "SmallestImagePixelValue": 0,
      "SoftwareVersions": "syngo MR E11",
      "SpacingBetweenSlices": 3.0000000467796,
      "SpecificCharacterSet": "ISO_IR 100",
      "StudyID": "1",
      "StudyTime": "111526.274000",
      "TransmitCoilName": "Body",
      "VariableFlipAngleFlag": "N",
      "WindowCenterWidthExplanation": "Algo1",
      "dBdt": 0.0},
    "slices": {}
  },
  "time": {
    "samples": {
      "AcquisitionNumber": [1, 2, 3],
      "AcquisitionTime": ["115257.297500", "115259.217500", "115301.135000"],
      "ContentTime": ["115300.601000", "115300.605000", "115302.351000"],
      "InstanceCreationTime": ["115300.601000", "115300.605000", "115302.351000"],
      "InstanceNumber": [1, 2, 3],
      "LargestImagePixelValue": [58431, 53909, 50945],
      "WindowCenter": [11616.0, 11451.0, 11395.0],
      "WindowWidth": [25194.0, 24822.0, 24666.0]
    },
    "slices": {}
  },
  "IntendedFor": [
    "func/sub-167_task-freq1_acq-normal_run-01_echo-1_bold.nii.gz",
    "func/sub-167_task-freq1_acq-normal_run-01_echo-1_sbref.nii.gz",
    "func/sub-167_task-freq1_acq-normal_run-01_echo-2_bold.nii.gz",
    "func/sub-167_task-freq1_acq-normal_run-01_echo-2_sbref.nii.gz",
    "func/sub-167_task-freq1_acq-normal_run-01_echo-3_bold.nii.gz",
    "func/sub-167_task-freq1_acq-normal_run-01_echo-3_sbref.nii.gz",
    "func/sub-167_task-freq1_acq-normal_run-01_echo-4_bold.nii.gz",
    "func/sub-167_task-freq1_acq-normal_run-01_echo-4_sbref.nii.gz",
    "func/sub-167_task-freqreports1_acq-normal_run-01_echo-1_bold.nii.gz",
    "func/sub-167_task-freqreports1_acq-normal_run-01_echo-1_sbref.nii.gz",
    "func/sub-167_task-freqreports1_acq-normal_run-01_echo-2_bold.nii.gz",
    "func/sub-167_task-freqreports1_acq-normal_run-01_echo-2_sbref.nii.gz",
    "func/sub-167_task-freqreports1_acq-normal_run-01_echo-3_bold.nii.gz",
    "func/sub-167_task-freqreports1_acq-normal_run-01_echo-3_sbref.nii.gz",
    "func/sub-167_task-freqreports1_acq-normal_run-01_echo-4_bold.nii.gz",
    "func/sub-167_task-freqreports1_acq-normal_run-01_echo-4_sbref.nii.gz",
    "func/sub-167_task-memtest1_acq-normal_run-01_echo-1_bold.nii.gz",
    "func/sub-167_task-memtest1_acq-normal_run-01_echo-1_sbref.nii.gz",
    "func/sub-167_task-memtest1_acq-normal_run-01_echo-2_bold.nii.gz",
    "func/sub-167_task-memtest1_acq-normal_run-01_echo-2_sbref.nii.gz",
    "func/sub-167_task-memtest1_acq-normal_run-01_echo-3_bold.nii.gz",
    "func/sub-167_task-memtest1_acq-normal_run-01_echo-3_sbref.nii.gz",
    "func/sub-167_task-memtest1_acq-normal_run-01_echo-4_bold.nii.gz",
    "func/sub-167_task-memtest1_acq-normal_run-01_echo-4_sbref.nii.gz",
    "func/sub-167_task-pairedassociates1_acq-normal_run-01_echo-1_bold.nii.gz",
    "func/sub-167_task-pairedassociates1_acq-normal_run-01_echo-1_sbref.nii.gz",
    "func/sub-167_task-pairedassociates1_acq-normal_run-01_echo-2_bold.nii.gz",
    "func/sub-167_task-pairedassociates1_acq-normal_run-01_echo-2_sbref.nii.gz",
    "func/sub-167_task-pairedassociates1_acq-normal_run-01_echo-3_bold.nii.gz",
    "func/sub-167_task-pairedassociates1_acq-normal_run-01_echo-3_sbref.nii.gz",
    "func/sub-167_task-pairedassociates1_acq-normal_run-01_echo-4_bold.nii.gz",
    "func/sub-167_task-pairedassociates1_acq-normal_run-01_echo-4_sbref.nii.gz"
  ]
}