{
  "AcquisitionMatrixPE": 68,
  "AcquisitionNumber": 1,
  "AcquisitionTime": "11:59:45.325000",
  "BandwidthPerPixelPhaseEncode": 60.024,
  "BaseResolution": 68,
  "BodyPartExamined": "BRAIN",
  "CoilString": "HC1-7;NC1_2",
  "ConsistencyInfo": "N4_VE11C_LATEST_20160120",
  "ConversionSoftware": "dcm2niix",
  "ConversionSoftwareVersion": "v1.0.20190410  GCC6.3.0",
  "DerivedVendorReportedEchoSpacing": 0.00049,
  "DeviceSerialNumber": "166018",
  "DwellTime": 3e-06,
  "EchoTime": 0.0204,
  "EchoTrainLength": 33,
  "EffectiveEchoSpacing": 0.000245,
  "FlipAngle": 90,
  "ImageComments": "SENSE1",
  "ImageOrientationPatientDICOM": [0.999213, 0.0336705, 0.0209866, -0.0226753, 0.918693, -0.39432],
  "ImageType": [
    "ORIGINAL",
    "PRIMARY",
    "M",
    "ND",
    "MOSAIC"
],
  "ImagingFrequency": 123.191,
  "InPlanePhaseEncodingDirectionDICOM": "COL",
  "InstitutionAddress": "Washington_Place_6_NYC_NYC_US_10003",
  "InstitutionName": "NYU_Center_for_Brain_Imaging",
  "InstitutionalDepartmentName": "Department",
  "MRAcquisitionType": "2D",
  "MagneticFieldStrength": 3,
  "Manufacturer": "Siemens",
  "ManufacturersModelName": "Prisma",
  "Modality": "MR",
  "ParallelReductionFactorInPlane": 2,
  "PartialFourier": 1,
  "PatientPosition": "HFS",
  "PercentPhaseFOV": 100,
  "PhaseEncodingDirection": "j",
  "PhaseEncodingSteps": 67,
  "PhaseResolution": 1,
  "PixelBandwidth": 2450,
  "ProcedureStepDescription": "Investigators_Hartley",
  "ProtocolName": "ME_SE_FieldMap_PA",
  "PulseSequenceDetails": "%CustomerSeq%_cmrr_mbep2d_se",
  "ReceiveCoilActiveElements": "HC1-7;NC1,2",
  "ReceiveCoilName": "HeadNeck_64",
  "ReconMatrixPE": 68,
  "RefLinesPE": 24,
  "RepetitionTime": 1.919,
  "SAR": 0.370052,
  "ScanOptions": "FS",
  "ScanningSequence": "EP",
  "SequenceName": "epse2d1_68",
  "SequenceVariant": "SK",
  "SeriesDescription": "ME_SE_FieldMap_PA",
  "SeriesNumber": 10,
  "ShimSetting": [260, -12572, -8491, 457, -104, 200, 111, 74],
  "SliceThickness": 3,
  "SliceTiming": [0.95, 0, 0.9925, 0.0425, 1.035, 0.085, 1.0775, 0.13, 1.1225, 0.1725, 1.165, 0.215, 1.2075, 0.2575, 1.25, 0.3025, 1.295, 0.345, 1.3375, 0.3875, 1.38, 0.4325, 1.4225, 0.475, 1.4675, 0.5175, 1.51, 0.56, 1.5525, 0.605, 1.5975, 0.6475, 1.64, 0.69, 1.6825, 0.7325, 1.725, 0.7775, 1.77, 0.82, 1.8125, 0.8625, 1.855, 0.905],
  "SoftwareVersions": "syngo_MR_E11",
  "SpacingBetweenSlices": 3,
  "StationName": "AWP166018",
  "TotalReadoutTime": 0.016415,
  "TxRefAmp": 221.96,
  "WipMemBlock": "48b5e313-ae08-47a9-a8d6-e0c76caee279||Sequence: R016 ve11c/master r/8780670; Nov 27 2017 15:08:10 by eja",
  "dcmmeta_affine": [
    [-2.9976377487182617, -0.06802576035261154, 0.09767170995473862, 102.31953430175781],
    [-0.10101145505905151, 2.756080150604248, -1.1806011199951172, -49.20701217651367],
    [0.0629599317908287, 1.1829601526260376, 2.7562003135681152, -82.1109848022461],
    [0.0, 0.0, 0.0, 1.0]
],
  "dcmmeta_reorient_transform": [
    [0.0, -1.0, 0.0, 67.0],
    [1.0, 0.0, 0.0, 0.0],
    [0.0, 0.0, 1.0, 0.0],
    [0.0, 0.0, 0.0, 1.0]
],
  "dcmmeta_shape": [68, 68, 44, 3],
  "dcmmeta_slice_dim": 2,
  "dcmmeta_version": 0.6,
  "global": {
    "const": {
      "AccessionNumber": "jsrrv60L",
      "AcquisitionMatrix": [68, 0, 0, 68],
      "AngioFlag": "N",
      "BitsAllocated": 16,
      "BitsStored": 16,
      "BodyPartExamined": "BRAIN",
      "Columns": 476,
      "EchoNumbers": 1,
      "EchoTime": 20.4,
      "EchoTrainLength": 33,
      "FlipAngle": 90.0,
      "HighBit": 15,
      "ImageOrientationPatient": [0.9992126196037, 0.03367048624274, 0.02098664291596, -0.0226752523294, 0.91869337606623, -0.3943200650536],
      "ImagePositionPatient": [-695.40267841708, -718.29703993714, 225.62740044237],
      "ImageType": [
        "ORIGINAL",
        "PRIMARY",
        "M",
        "ND",
        "MOSAIC"
],
      "ImagedNucleus": "1H",
      "ImagingFrequency": 123.190801,
      "InPlanePhaseEncodingDirection": "COL",
      "MRAcquisitionType": "2D",
      "MagneticFieldStrength": 3.0,
      "Manufacturer": "SIEMENS",
      "ManufacturerModelName": "Prisma",
      "Modality": "MR",
      "NumberOfAverages": 1.0,
      "NumberOfPhaseEncodingSteps": 67,
      "PercentPhaseFieldOfView": 100.0,
      "PercentSampling": 100.0,
      "PerformedProcedureStepStartTime": "114612.684000",
      "PhotometricInterpretation": "MONOCHROME2",
      "PixelBandwidth": 2450.0,
      "PixelRepresentation": 0,
      "PixelSpacing": [3.0, 3.0],
      "ProtocolName": "ME_SE_FieldMap_PA",
      "RepetitionTime": 1919.0,
      "Rows": 476,
      "SAR": 0.37005215372472,
      "SamplesPerPixel": 1,
      "ScanOptions": "FS",
      "ScanningSequence": "EP",
      "SequenceName": "epse2d1_68",
      "SequenceVariant": "SK",
      "SeriesDescription": "ME_SE_FieldMap_PA",
      "SeriesNumber": 10,
      "SeriesTime": "115950.643000",
      "SliceLocation": -52.742255084373,
      "SliceThickness": 3.0,
      "SmallestImagePixelValue": 0,
      "SoftwareVersions": "syngo MR E11",
      "SpacingBetweenSlices": 2.9999999207434,
      "SpecificCharacterSet": "ISO_IR 100",
      "StudyID": "1",
      "StudyTime": "114612.598000",
      "TransmitCoilName": "Body",
      "VariableFlipAngleFlag": "N",
      "WindowCenterWidthExplanation": "Algo1",
      "dBdt": 0.0},
    "slices": {}
  },
  "time": {
    "samples": {
      "AcquisitionNumber": [1, 2, 3],
      "AcquisitionTime": ["115945.325000", "115947.242500", "115949.162500"],
      "ContentTime": ["115950.647000", "115950.651000", "115950.653000"],
      "InstanceCreationTime": ["115950.647000", "115950.651000", "115950.653000"],
      "InstanceNumber": [1, 2, 3],
      "LargestImagePixelValue": [52144, 51515, 51911],
      "WindowCenter": [10896.0, 10808.0, 10850.0],
      "WindowWidth": [22888.0, 22703.0, 22805.0]
    },
    "slices": {}
  },
  "IntendedFor": [
    "func/sub-121_task-freq1_acq-normal_run-01_echo-1_bold.nii.gz",
    "func/sub-121_task-freq1_acq-normal_run-01_echo-1_sbref.nii.gz",
    "func/sub-121_task-freq1_acq-normal_run-01_echo-2_bold.nii.gz",
    "func/sub-121_task-freq1_acq-normal_run-01_echo-2_sbref.nii.gz",
    "func/sub-121_task-freq1_acq-normal_run-01_echo-3_bold.nii.gz",
    "func/sub-121_task-freq1_acq-normal_run-01_echo-3_sbref.nii.gz",
    "func/sub-121_task-freq1_acq-normal_run-01_echo-4_bold.nii.gz",
    "func/sub-121_task-freq1_acq-normal_run-01_echo-4_sbref.nii.gz",
    "func/sub-121_task-freq2_acq-normal_run-01_echo-1_bold.nii.gz",
    "func/sub-121_task-freq2_acq-normal_run-01_echo-1_sbref.nii.gz",
    "func/sub-121_task-freq2_acq-normal_run-01_echo-2_bold.nii.gz",
    "func/sub-121_task-freq2_acq-normal_run-01_echo-2_sbref.nii.gz",
    "func/sub-121_task-freq2_acq-normal_run-01_echo-3_bold.nii.gz",
    "func/sub-121_task-freq2_acq-normal_run-01_echo-3_sbref.nii.gz",
    "func/sub-121_task-freq2_acq-normal_run-01_echo-4_bold.nii.gz",
    "func/sub-121_task-freq2_acq-normal_run-01_echo-4_sbref.nii.gz",
    "func/sub-121_task-freqreports1_acq-normal_run-01_echo-1_bold.nii.gz",
    "func/sub-121_task-freqreports1_acq-normal_run-01_echo-1_sbref.nii.gz",
    "func/sub-121_task-freqreports1_acq-normal_run-01_echo-2_bold.nii.gz",
    "func/sub-121_task-freqreports1_acq-normal_run-01_echo-2_sbref.nii.gz",
    "func/sub-121_task-freqreports1_acq-normal_run-01_echo-3_bold.nii.gz",
    "func/sub-121_task-freqreports1_acq-normal_run-01_echo-3_sbref.nii.gz",
    "func/sub-121_task-freqreports1_acq-normal_run-01_echo-4_bold.nii.gz",
    "func/sub-121_task-freqreports1_acq-normal_run-01_echo-4_sbref.nii.gz",
    "func/sub-121_task-freqreports2_acq-normal_run-01_echo-1_bold.nii.gz",
    "func/sub-121_task-freqreports2_acq-normal_run-01_echo-1_sbref.nii.gz",
    "func/sub-121_task-freqreports2_acq-normal_run-01_echo-2_bold.nii.gz",
    "func/sub-121_task-freqreports2_acq-normal_run-01_echo-2_sbref.nii.gz",
    "func/sub-121_task-freqreports2_acq-normal_run-01_echo-3_bold.nii.gz",
    "func/sub-121_task-freqreports2_acq-normal_run-01_echo-3_sbref.nii.gz",
    "func/sub-121_task-freqreports2_acq-normal_run-01_echo-4_bold.nii.gz",
    "func/sub-121_task-freqreports2_acq-normal_run-01_echo-4_sbref.nii.gz",
    "func/sub-121_task-memtest1_acq-normal_run-01_echo-1_bold.nii.gz",
    "func/sub-121_task-memtest1_acq-normal_run-01_echo-1_sbref.nii.gz",
    "func/sub-121_task-memtest1_acq-normal_run-01_echo-2_bold.nii.gz",
    "func/sub-121_task-memtest1_acq-normal_run-01_echo-2_sbref.nii.gz",
    "func/sub-121_task-memtest1_acq-normal_run-01_echo-3_bold.nii.gz",
    "func/sub-121_task-memtest1_acq-normal_run-01_echo-3_sbref.nii.gz",
    "func/sub-121_task-memtest1_acq-normal_run-01_echo-4_bold.nii.gz",
    "func/sub-121_task-memtest1_acq-normal_run-01_echo-4_sbref.nii.gz",
    "func/sub-121_task-memtest2_acq-normal_run-01_echo-1_bold.nii.gz",
    "func/sub-121_task-memtest2_acq-normal_run-01_echo-1_sbref.nii.gz",
    "func/sub-121_task-memtest2_acq-normal_run-01_echo-2_bold.nii.gz",
    "func/sub-121_task-memtest2_acq-normal_run-01_echo-2_sbref.nii.gz",
    "func/sub-121_task-memtest2_acq-normal_run-01_echo-3_bold.nii.gz",
    "func/sub-121_task-memtest2_acq-normal_run-01_echo-3_sbref.nii.gz",
    "func/sub-121_task-memtest2_acq-normal_run-01_echo-4_bold.nii.gz",
    "func/sub-121_task-memtest2_acq-normal_run-01_echo-4_sbref.nii.gz",
    "func/sub-121_task-pairedassociates1_acq-normal_run-01_echo-1_bold.nii.gz",
    "func/sub-121_task-pairedassociates1_acq-normal_run-01_echo-1_sbref.nii.gz",
    "func/sub-121_task-pairedassociates1_acq-normal_run-01_echo-2_bold.nii.gz",
    "func/sub-121_task-pairedassociates1_acq-normal_run-01_echo-2_sbref.nii.gz",
    "func/sub-121_task-pairedassociates1_acq-normal_run-01_echo-3_bold.nii.gz",
    "func/sub-121_task-pairedassociates1_acq-normal_run-01_echo-3_sbref.nii.gz",
    "func/sub-121_task-pairedassociates1_acq-normal_run-01_echo-4_bold.nii.gz",
    "func/sub-121_task-pairedassociates1_acq-normal_run-01_echo-4_sbref.nii.gz",
    "func/sub-121_task-pairedassociates2_acq-normal_run-01_echo-1_bold.nii.gz",
    "func/sub-121_task-pairedassociates2_acq-normal_run-01_echo-1_sbref.nii.gz",
    "func/sub-121_task-pairedassociates2_acq-normal_run-01_echo-2_bold.nii.gz",
    "func/sub-121_task-pairedassociates2_acq-normal_run-01_echo-2_sbref.nii.gz",
    "func/sub-121_task-pairedassociates2_acq-normal_run-01_echo-3_bold.nii.gz",
    "func/sub-121_task-pairedassociates2_acq-normal_run-01_echo-3_sbref.nii.gz",
    "func/sub-121_task-pairedassociates2_acq-normal_run-01_echo-4_bold.nii.gz",
    "func/sub-121_task-pairedassociates2_acq-normal_run-01_echo-4_sbref.nii.gz"
  ]
}