{
  "AcquisitionMatrixPE": 68,
  "AcquisitionNumber": 1,
  "AcquisitionTime": "16:06:46.320000",
  "BandwidthPerPixelPhaseEncode": 60.024,
  "BaseResolution": 68,
  "BodyPartExamined": "BRAIN",
  "CoilString": "HC1-7;NC1_2",
  "ConsistencyInfo": "N4_VE11C_LATEST_20160120",
  "ConversionSoftware": "dcm2niix",
  "ConversionSoftwareVersion": "v1.0.20190410  GCC6.3.0",
  "DerivedVendorReportedEchoSpacing": 0.00049,
  "DeviceSerialNumber": "166018",
  "DwellTime": 3e-06,
  "EchoTime": 0.0204,
  "EchoTrainLength": 33,
  "EffectiveEchoSpacing": 0.000245,
  "FlipAngle": 90,
  "ImageComments": "SENSE1",
  "ImageOrientationPatientDICOM": [0.992807, 0.102037, -0.0626276, -0.117858, 0.924948, -0.361359],
  "ImageType": [
    "ORIGINAL",
    "PRIMARY",
    "M",
    "ND",
    "MOSAIC"
],
  "ImagingFrequency": 123.191,
  "InPlanePhaseEncodingDirectionDICOM": "COL",
  "InstitutionAddress": "Washington_Place_6_NYC_NYC_US_10003",
  "InstitutionName": "NYU_Center_for_Brain_Imaging",
  "InstitutionalDepartmentName": "Department",
  "MRAcquisitionType": "2D",
  "MagneticFieldStrength": 3,
  "Manufacturer": "Siemens",
  "ManufacturersModelName": "Prisma",
  "Modality": "MR",
  "ParallelReductionFactorInPlane": 2,
  "PartialFourier": 1,
  "PatientPosition": "HFS",
  "PercentPhaseFOV": 100,
  "PhaseEncodingDirection": "j",
  "PhaseEncodingSteps": 67,
  "PhaseResolution": 1,
  "PixelBandwidth": 2450,
  "ProcedureStepDescription": "Investigators_Hartley",
  "ProtocolName": "ME_SE_FieldMap_PA",
  "PulseSequenceDetails": "%CustomerSeq%_cmrr_mbep2d_se",
  "ReceiveCoilActiveElements": "HC1-7;NC1,2",
  "ReceiveCoilName": "HeadNeck_64",
  "ReconMatrixPE": 68,
  "RefLinesPE": 24,
  "RepetitionTime": 1.919,
  "SAR": 0.372755,
  "ScanOptions": "FS",
  "ScanningSequence": "EP",
  "SequenceName": "epse2d1_68",
  "SequenceVariant": "SK",
  "SeriesDescription": "ME_SE_FieldMap_PA",
  "SeriesNumber": 10,
  "ShimSetting": [237, -12633, -8380, 523, 41, 53, -77, -27],
  "SliceThickness": 3,
  "SliceTiming": [0.95, 0, 0.9925, 0.0425, 1.035, 0.0875, 1.08, 0.13, 1.1225, 0.1725, 1.165, 0.215, 1.2075, 0.26, 1.2525, 0.3025, 1.295, 0.345, 1.3375, 0.3875, 1.38, 0.4325, 1.425, 0.475, 1.4675, 0.5175, 1.51, 0.56, 1.5525, 0.605, 1.5975, 0.6475, 1.64, 0.69, 1.6825, 0.7325, 1.725, 0.7775, 1.77, 0.82, 1.8125, 0.8625, 1.855, 0.9075],
  "SoftwareVersions": "syngo_MR_E11",
  "SpacingBetweenSlices": 3,
  "StationName": "AWP166018",
  "TotalReadoutTime": 0.016415,
  "TxRefAmp": 217.606,
  "WipMemBlock": "6e1062be-ad74-428c-94ab-d4983ae2d4a3||Sequence: R016 ve11c/master r/8780670; Nov 27 2017 15:08:10 by eja",
  "dcmmeta_affine": [
    [-2.978421688079834, -0.3535737991333008, -0.06316547095775604, 116.41828918457031],
    [-0.3061116933822632, 2.774844169616699, -1.0984240770339966, -60.75980758666992],
    [-0.18788276612758636, 1.084078073501587, 2.7909631729125977, -71.7203140258789],
    [0.0, 0.0, 0.0, 1.0]
],
  "dcmmeta_reorient_transform": [
    [0.0, -1.0, 0.0, 67.0],
    [1.0, 0.0, 0.0, 0.0],
    [0.0, 0.0, 1.0, 0.0],
    [0.0, 0.0, 0.0, 1.0]
],
  "dcmmeta_shape": [68, 68, 44, 3],
  "dcmmeta_slice_dim": 2,
  "dcmmeta_version": 0.6,
  "global": {
    "const": {
      "AccessionNumber": "jr7poyLf",
      "AcquisitionMatrix": [68, 0, 0, 68],
      "AngioFlag": "N",
      "BitsAllocated": 16,
      "BitsStored": 16,
      "BodyPartExamined": "BRAIN",
      "Columns": 476,
      "EchoNumbers": 1,
      "EchoTime": 20.4,
      "EchoTrainLength": 33,
      "FlipAngle": 90.0,
      "HighBit": 15,
      "ImageOrientationPatient": [0.99280722603246, 0.10203723451605, -0.0626275874519, -0.1178579329894, 0.92494806192022, -0.3613593645964],
      "ImagePositionPatient": [-628.19781284328, -753.66975385276, 260.39293589872],
      "ImageType": [
        "ORIGINAL",
        "PRIMARY",
        "M",
        "ND",
        "MOSAIC"
],
      "ImagedNucleus": "1H",
      "ImagingFrequency": 123.191087,
      "InPlanePhaseEncodingDirection": "COL",
      "LargestImagePixelValue": 65535,
      "MRAcquisitionType": "2D",
      "MagneticFieldStrength": 3.0,
      "Manufacturer": "SIEMENS",
      "ManufacturerModelName": "Prisma",
      "Modality": "MR",
      "NumberOfAverages": 1.0,
      "NumberOfPhaseEncodingSteps": 67,
      "PercentPhaseFieldOfView": 100.0,
      "PercentSampling": 100.0,
      "PerformedProcedureStepStartTime": "154152.522000",
      "PhotometricInterpretation": "MONOCHROME2",
      "PixelBandwidth": 2450.0,
      "PixelRepresentation": 0,
      "PixelSpacing": [3.0, 3.0],
      "ProtocolName": "ME_SE_FieldMap_PA",
      "RepetitionTime": 1919.0,
      "Rows": 476,
      "SAR": 0.3727550850655,
      "SamplesPerPixel": 1,
      "ScanOptions": "FS",
      "ScanningSequence": "EP",
      "SequenceName": "epse2d1_68",
      "SequenceVariant": "SK",
      "SeriesDescription": "ME_SE_FieldMap_PA",
      "SeriesNumber": 10,
      "SeriesTime": "160651.226000",
      "SliceLocation": -46.927439992162,
      "SliceThickness": 3.0,
      "SmallestImagePixelValue": 0,
      "SoftwareVersions": "syngo MR E11",
      "SpacingBetweenSlices": 3.0000000622998,
      "SpecificCharacterSet": "ISO_IR 100",
      "StudyID": "1",
      "StudyTime": "154152.428000",
      "TransmitCoilName": "Body",
      "VariableFlipAngleFlag": "N",
      "WindowCenterWidthExplanation": "Algo1",
      "dBdt": 0.0},
    "slices": {}
  },
  "time": {
    "samples": {
      "AcquisitionNumber": [1, 2, 3],
      "AcquisitionTime": ["160646.320000", "160648.237500", "160650.157500"],
      "ContentTime": ["160651.229000", "160651.233000", "160651.235000"],
      "InstanceCreationTime": ["160651.229000", "160651.233000", "160651.235000"],
      "InstanceNumber": [1, 2, 3],
      "WindowCenter": [12957.0, 12876.0, 12908.0],
      "WindowWidth": [27836.0, 27645.0, 27725.0]
    },
    "slices": {}
  },
  "IntendedFor": [
    "func/sub-103_task-freq1_acq-normal_run-01_echo-1_bold.nii.gz",
    "func/sub-103_task-freq1_acq-normal_run-01_echo-1_sbref.nii.gz",
    "func/sub-103_task-freq1_acq-normal_run-01_echo-2_bold.nii.gz",
    "func/sub-103_task-freq1_acq-normal_run-01_echo-2_sbref.nii.gz",
    "func/sub-103_task-freq1_acq-normal_run-01_echo-3_bold.nii.gz",
    "func/sub-103_task-freq1_acq-normal_run-01_echo-3_sbref.nii.gz",
    "func/sub-103_task-freq1_acq-normal_run-01_echo-4_bold.nii.gz",
    "func/sub-103_task-freq1_acq-normal_run-01_echo-4_sbref.nii.gz",
    "func/sub-103_task-freq2_acq-normal_run-01_echo-1_bold.nii.gz",
    "func/sub-103_task-freq2_acq-normal_run-01_echo-1_sbref.nii.gz",
    "func/sub-103_task-freq2_acq-normal_run-01_echo-2_bold.nii.gz",
    "func/sub-103_task-freq2_acq-normal_run-01_echo-2_sbref.nii.gz",
    "func/sub-103_task-freq2_acq-normal_run-01_echo-3_bold.nii.gz",
    "func/sub-103_task-freq2_acq-normal_run-01_echo-3_sbref.nii.gz",
    "func/sub-103_task-freq2_acq-normal_run-01_echo-4_bold.nii.gz",
    "func/sub-103_task-freq2_acq-normal_run-01_echo-4_sbref.nii.gz",
    "func/sub-103_task-freqreports1_acq-normal_run-01_echo-1_bold.nii.gz",
    "func/sub-103_task-freqreports1_acq-normal_run-01_echo-1_sbref.nii.gz",
    "func/sub-103_task-freqreports1_acq-normal_run-01_echo-2_bold.nii.gz",
    "func/sub-103_task-freqreports1_acq-normal_run-01_echo-2_sbref.nii.gz",
    "func/sub-103_task-freqreports1_acq-normal_run-01_echo-3_bold.nii.gz",
    "func/sub-103_task-freqreports1_acq-normal_run-01_echo-3_sbref.nii.gz",
    "func/sub-103_task-freqreports1_acq-normal_run-01_echo-4_bold.nii.gz",
    "func/sub-103_task-freqreports1_acq-normal_run-01_echo-4_sbref.nii.gz",
    "func/sub-103_task-freqreports2_acq-normal_run-01_echo-1_bold.nii.gz",
    "func/sub-103_task-freqreports2_acq-normal_run-01_echo-1_sbref.nii.gz",
    "func/sub-103_task-freqreports2_acq-normal_run-01_echo-2_bold.nii.gz",
    "func/sub-103_task-freqreports2_acq-normal_run-01_echo-2_sbref.nii.gz",
    "func/sub-103_task-freqreports2_acq-normal_run-01_echo-3_bold.nii.gz",
    "func/sub-103_task-freqreports2_acq-normal_run-01_echo-3_sbref.nii.gz",
    "func/sub-103_task-freqreports2_acq-normal_run-01_echo-4_bold.nii.gz",
    "func/sub-103_task-freqreports2_acq-normal_run-01_echo-4_sbref.nii.gz",
    "func/sub-103_task-memtest1_acq-normal_run-01_echo-1_bold.nii.gz",
    "func/sub-103_task-memtest1_acq-normal_run-01_echo-1_sbref.nii.gz",
    "func/sub-103_task-memtest1_acq-normal_run-01_echo-2_bold.nii.gz",
    "func/sub-103_task-memtest1_acq-normal_run-01_echo-2_sbref.nii.gz",
    "func/sub-103_task-memtest1_acq-normal_run-01_echo-3_bold.nii.gz",
    "func/sub-103_task-memtest1_acq-normal_run-01_echo-3_sbref.nii.gz",
    "func/sub-103_task-memtest1_acq-normal_run-01_echo-4_bold.nii.gz",
    "func/sub-103_task-memtest1_acq-normal_run-01_echo-4_sbref.nii.gz",
    "func/sub-103_task-memtest2_acq-normal_run-01_echo-1_bold.nii.gz",
    "func/sub-103_task-memtest2_acq-normal_run-01_echo-1_sbref.nii.gz",
    "func/sub-103_task-memtest2_acq-normal_run-01_echo-2_bold.nii.gz",
    "func/sub-103_task-memtest2_acq-normal_run-01_echo-2_sbref.nii.gz",
    "func/sub-103_task-memtest2_acq-normal_run-01_echo-3_bold.nii.gz",
    "func/sub-103_task-memtest2_acq-normal_run-01_echo-3_sbref.nii.gz",
    "func/sub-103_task-memtest2_acq-normal_run-01_echo-4_bold.nii.gz",
    "func/sub-103_task-memtest2_acq-normal_run-01_echo-4_sbref.nii.gz",
    "func/sub-103_task-pairedassociates1_acq-normal_run-01_echo-1_bold.nii.gz",
    "func/sub-103_task-pairedassociates1_acq-normal_run-01_echo-1_sbref.nii.gz",
    "func/sub-103_task-pairedassociates1_acq-normal_run-01_echo-2_bold.nii.gz",
    "func/sub-103_task-pairedassociates1_acq-normal_run-01_echo-2_sbref.nii.gz",
    "func/sub-103_task-pairedassociates1_acq-normal_run-01_echo-3_bold.nii.gz",
    "func/sub-103_task-pairedassociates1_acq-normal_run-01_echo-3_sbref.nii.gz",
    "func/sub-103_task-pairedassociates1_acq-normal_run-01_echo-4_bold.nii.gz",
    "func/sub-103_task-pairedassociates1_acq-normal_run-01_echo-4_sbref.nii.gz",
    "func/sub-103_task-pairedassociates2_acq-normal_run-01_echo-1_bold.nii.gz",
    "func/sub-103_task-pairedassociates2_acq-normal_run-01_echo-1_sbref.nii.gz",
    "func/sub-103_task-pairedassociates2_acq-normal_run-01_echo-2_bold.nii.gz",
    "func/sub-103_task-pairedassociates2_acq-normal_run-01_echo-2_sbref.nii.gz",
    "func/sub-103_task-pairedassociates2_acq-normal_run-01_echo-3_bold.nii.gz",
    "func/sub-103_task-pairedassociates2_acq-normal_run-01_echo-3_sbref.nii.gz",
    "func/sub-103_task-pairedassociates2_acq-normal_run-01_echo-4_bold.nii.gz",
    "func/sub-103_task-pairedassociates2_acq-normal_run-01_echo-4_sbref.nii.gz"
  ]
}