{
  "AcquisitionMatrixPE": 68,
  "AcquisitionNumber": 1,
  "AcquisitionTime": "11:52:38.297500",
  "BandwidthPerPixelPhaseEncode": 60.024,
  "BaseResolution": 68,
  "BodyPartExamined": "BRAIN",
  "CoilString": "HC1-7;NC1_2",
  "ConsistencyInfo": "N4_VE11C_LATEST_20160120",
  "ConversionSoftware": "dcm2niix",
  "ConversionSoftwareVersion": "v1.0.20190410  GCC6.3.0",
  "DerivedVendorReportedEchoSpacing": 0.00049,
  "DeviceSerialNumber": "166018",
  "DwellTime": 3e-06,
  "EchoTime": 0.0204,
  "EchoTrainLength": 33,
  "EffectiveEchoSpacing": 0.000245,
  "FlipAngle": 90,
  "ImageComments": "SENSE1",
  "ImageOrientationPatientDICOM": [0.999625, 0.0118257, -0.024705, -0.0167505, 0.977598, -0.209814],
  "ImageType": [
    "ORIGINAL",
    "PRIMARY",
    "M",
    "ND",
    "MOSAIC"
],
  "ImagingFrequency": 123.191,
  "InPlanePhaseEncodingDirectionDICOM": "COL",
  "InstitutionAddress": "Washington_Place_6_NYC_NYC_US_10003",
  "InstitutionName": "NYU_-_CBI",
  "InstitutionalDepartmentName": "Department",
  "MRAcquisitionType": "2D",
  "MagneticFieldStrength": 3,
  "Manufacturer": "Siemens",
  "ManufacturersModelName": "Prisma",
  "Modality": "MR",
  "ParallelReductionFactorInPlane": 2,
  "PartialFourier": 1,
  "PatientPosition": "HFS",
  "PercentPhaseFOV": 100,
  "PhaseEncodingDirection": "j",
  "PhaseEncodingSteps": 67,
  "PhaseResolution": 1,
  "PixelBandwidth": 2450,
  "ProcedureStepDescription": "Investigators_Hartley",
  "ProtocolName": "ME_SE_FieldMap_PA",
  "PulseSequenceDetails": "%CustomerSeq%_cmrr_mbep2d_se",
  "ReceiveCoilActiveElements": "HC1-7;NC1,2",
  "ReceiveCoilName": "HeadNeck_64",
  "ReconMatrixPE": 68,
  "RefLinesPE": 24,
  "RepetitionTime": 1.919,
  "SAR": 0.350631,
  "ScanOptions": "FS",
  "ScanningSequence": "EP",
  "SequenceName": "epse2d1_68",
  "SequenceVariant": "SK",
  "SeriesDescription": "ME_SE_FieldMap_PA",
  "SeriesNumber": 11,
  "ShimSetting": [255, -12652, -8420, 506, 86, -58, -61, 5],
  "SliceThickness": 3,
  "SliceTiming": [0.9475, 0, 0.9925, 0.0425, 1.035, 0.085, 1.0775, 0.1275, 1.12, 0.1725, 1.165, 0.215, 1.2075, 0.2575, 1.25, 0.3, 1.2925, 0.345, 1.3375, 0.3875, 1.38, 0.43, 1.4225, 0.4725, 1.465, 0.5175, 1.51, 0.56, 1.5525, 0.6025, 1.595, 0.645, 1.6375, 0.69, 1.6825, 0.7325, 1.725, 0.775, 1.7675, 0.8175, 1.81, 0.8625, 1.855, 0.905],
  "SoftwareVersions": "syngo_MR_E11",
  "SpacingBetweenSlices": 3,
  "StationName": "AWP166018",
  "TotalReadoutTime": 0.016415,
  "TxRefAmp": 201.986,
  "WipMemBlock": "309d81ad-249f-4856-8124-5bdb8f26dd21||Sequence: R016 ve11c/master r/8780670; Nov 27 2017 15:08:10 by eja",
  "dcmmeta_affine": [
    [-2.9988744258880615, -0.0502515472471714, -0.06501109898090363, 105.47713470458984],
    [-0.03547712415456772, 2.9327938556671143, -0.6304458975791931, -78.1670150756836],
    [-0.07411500811576843, 0.6294405460357666, 2.9322876930236816, -65.32511901855469],
    [0.0, 0.0, 0.0, 1.0]
],
  "dcmmeta_reorient_transform": [
    [0.0, -1.0, 0.0, 67.0],
    [1.0, 0.0, 0.0, 0.0],
    [0.0, 0.0, 1.0, 0.0],
    [0.0, 0.0, 0.0, 1.0]
],
  "dcmmeta_shape": [68, 68, 44, 3],
  "dcmmeta_slice_dim": 2,
  "dcmmeta_version": 0.6,
  "global": {
    "const": {
      "AccessionNumber": "jufepd4p",
      "AcquisitionMatrix": [68, 0, 0, 68],
      "AngioFlag": "N",
      "BitsAllocated": 16,
      "BitsStored": 16,
      "BodyPartExamined": "BRAIN",
      "Columns": 476,
      "EchoNumbers": 1,
      "EchoTime": 20.4,
      "EchoTrainLength": 33,
      "FlipAngle": 90.0,
      "HighBit": 15,
      "ImageOrientationPatient": [0.99962483736148, 0.01182570842147, -0.0247050025374, -0.0167505157636, 0.97759792696412, -0.2098135205775],
      "ImagePositionPatient": [-703.62936741892, -723.85743410037, 120.37273536116],
      "ImageType": [
        "ORIGINAL",
        "PRIMARY",
        "M",
        "ND",
        "MOSAIC"
],
      "ImagedNucleus": "1H",
      "ImagingFrequency": 123.190816,
      "InPlanePhaseEncodingDirection": "COL",
      "MRAcquisitionType": "2D",
      "MagneticFieldStrength": 3.0,
      "Manufacturer": "SIEMENS",
      "ManufacturerModelName": "Prisma",
      "Modality": "MR",
      "NumberOfAverages": 1.0,
      "NumberOfPhaseEncodingSteps": 67,
      "PercentPhaseFieldOfView": 100.0,
      "PercentSampling": 100.0,
      "PerformedProcedureStepStartTime": "112437.356000",
      "PhotometricInterpretation": "MONOCHROME2",
      "PixelBandwidth": 2450.0,
      "PixelRepresentation": 0,
      "PixelSpacing": [3.0, 3.0],
      "ProtocolName": "ME_SE_FieldMap_PA",
      "RepetitionTime": 1919.0,
      "Rows": 476,
      "SAR": 0.35063106105933,
      "SamplesPerPixel": 1,
      "ScanOptions": "FS",
      "ScanningSequence": "EP",
      "SequenceName": "epse2d1_68",
      "SequenceVariant": "SK",
      "SeriesDescription": "ME_SE_FieldMap_PA",
      "SeriesNumber": 11,
      "SeriesTime": "115241.794000",
      "SliceLocation": -49.70971922609,
      "SliceThickness": 3.0,
      "SmallestImagePixelValue": 0,
      "SoftwareVersions": "syngo MR E11",
      "SpacingBetweenSlices": 3.0000000204377,
      "SpecificCharacterSet": "ISO_IR 100",
      "StudyID": "1",
      "StudyTime": "112437.158000",
      "TransmitCoilName": "Body",
      "VariableFlipAngleFlag": "N",
      "WindowCenterWidthExplanation": "Algo1",
      "dBdt": 0.0},
    "slices": {}
  },
  "time": {
    "samples": {
      "AcquisitionNumber": [1, 2, 3],
      "AcquisitionTime": ["115238.297500", "115240.217500", "115242.135000"],
      "ContentTime": ["115241.797000", "115241.800000", "115243.548000"],
      "InstanceCreationTime": ["115241.797000", "115241.800000", "115243.548000"],
      "InstanceNumber": [1, 2, 3],
      "LargestImagePixelValue": [48416, 48160, 48206],
      "WindowCenter": [11695.0, 11607.0, 11628.0],
      "WindowWidth": [24883.0, 24681.0, 24735.0]
    },
    "slices": {}
  },
  "IntendedFor": [
    "func/sub-135_task-freq1_acq-normal_run-01_echo-1_bold.nii.gz",
    "func/sub-135_task-freq1_acq-normal_run-01_echo-1_sbref.nii.gz",
    "func/sub-135_task-freq1_acq-normal_run-01_echo-2_bold.nii.gz",
    "func/sub-135_task-freq1_acq-normal_run-01_echo-2_sbref.nii.gz",
    "func/sub-135_task-freq1_acq-normal_run-01_echo-3_bold.nii.gz",
    "func/sub-135_task-freq1_acq-normal_run-01_echo-3_sbref.nii.gz",
    "func/sub-135_task-freq1_acq-normal_run-01_echo-4_bold.nii.gz",
    "func/sub-135_task-freq1_acq-normal_run-01_echo-4_sbref.nii.gz",
    "func/sub-135_task-freq2_acq-normal_run-01_echo-1_bold.nii.gz",
    "func/sub-135_task-freq2_acq-normal_run-01_echo-1_sbref.nii.gz",
    "func/sub-135_task-freq2_acq-normal_run-01_echo-2_bold.nii.gz",
    "func/sub-135_task-freq2_acq-normal_run-01_echo-2_sbref.nii.gz",
    "func/sub-135_task-freq2_acq-normal_run-01_echo-3_bold.nii.gz",
    "func/sub-135_task-freq2_acq-normal_run-01_echo-3_sbref.nii.gz",
    "func/sub-135_task-freq2_acq-normal_run-01_echo-4_bold.nii.gz",
    "func/sub-135_task-freq2_acq-normal_run-01_echo-4_sbref.nii.gz",
    "func/sub-135_task-freqreports1_acq-normal_run-01_echo-1_bold.nii.gz",
    "func/sub-135_task-freqreports1_acq-normal_run-01_echo-1_sbref.nii.gz",
    "func/sub-135_task-freqreports1_acq-normal_run-01_echo-2_bold.nii.gz",
    "func/sub-135_task-freqreports1_acq-normal_run-01_echo-2_sbref.nii.gz",
    "func/sub-135_task-freqreports1_acq-normal_run-01_echo-3_bold.nii.gz",
    "func/sub-135_task-freqreports1_acq-normal_run-01_echo-3_sbref.nii.gz",
    "func/sub-135_task-freqreports1_acq-normal_run-01_echo-4_bold.nii.gz",
    "func/sub-135_task-freqreports1_acq-normal_run-01_echo-4_sbref.nii.gz",
    "func/sub-135_task-freqreports2_acq-normal_run-01_echo-1_bold.nii.gz",
    "func/sub-135_task-freqreports2_acq-normal_run-01_echo-1_sbref.nii.gz",
    "func/sub-135_task-freqreports2_acq-normal_run-01_echo-2_bold.nii.gz",
    "func/sub-135_task-freqreports2_acq-normal_run-01_echo-2_sbref.nii.gz",
    "func/sub-135_task-freqreports2_acq-normal_run-01_echo-3_bold.nii.gz",
    "func/sub-135_task-freqreports2_acq-normal_run-01_echo-3_sbref.nii.gz",
    "func/sub-135_task-freqreports2_acq-normal_run-01_echo-4_bold.nii.gz",
    "func/sub-135_task-freqreports2_acq-normal_run-01_echo-4_sbref.nii.gz",
    "func/sub-135_task-memtest1_acq-normal_run-01_echo-1_bold.nii.gz",
    "func/sub-135_task-memtest1_acq-normal_run-01_echo-1_sbref.nii.gz",
    "func/sub-135_task-memtest1_acq-normal_run-01_echo-2_bold.nii.gz",
    "func/sub-135_task-memtest1_acq-normal_run-01_echo-2_sbref.nii.gz",
    "func/sub-135_task-memtest1_acq-normal_run-01_echo-3_bold.nii.gz",
    "func/sub-135_task-memtest1_acq-normal_run-01_echo-3_sbref.nii.gz",
    "func/sub-135_task-memtest1_acq-normal_run-01_echo-4_bold.nii.gz",
    "func/sub-135_task-memtest1_acq-normal_run-01_echo-4_sbref.nii.gz",
    "func/sub-135_task-memtest2_acq-normal_run-01_echo-1_bold.nii.gz",
    "func/sub-135_task-memtest2_acq-normal_run-01_echo-1_sbref.nii.gz",
    "func/sub-135_task-memtest2_acq-normal_run-01_echo-2_bold.nii.gz",
    "func/sub-135_task-memtest2_acq-normal_run-01_echo-2_sbref.nii.gz",
    "func/sub-135_task-memtest2_acq-normal_run-01_echo-3_bold.nii.gz",
    "func/sub-135_task-memtest2_acq-normal_run-01_echo-3_sbref.nii.gz",
    "func/sub-135_task-memtest2_acq-normal_run-01_echo-4_bold.nii.gz",
    "func/sub-135_task-memtest2_acq-normal_run-01_echo-4_sbref.nii.gz",
    "func/sub-135_task-pairedassociates1_acq-normal_run-01_echo-1_bold.nii.gz",
    "func/sub-135_task-pairedassociates1_acq-normal_run-01_echo-1_sbref.nii.gz",
    "func/sub-135_task-pairedassociates1_acq-normal_run-01_echo-2_bold.nii.gz",
    "func/sub-135_task-pairedassociates1_acq-normal_run-01_echo-2_sbref.nii.gz",
    "func/sub-135_task-pairedassociates1_acq-normal_run-01_echo-3_bold.nii.gz",
    "func/sub-135_task-pairedassociates1_acq-normal_run-01_echo-3_sbref.nii.gz",
    "func/sub-135_task-pairedassociates1_acq-normal_run-01_echo-4_bold.nii.gz",
    "func/sub-135_task-pairedassociates1_acq-normal_run-01_echo-4_sbref.nii.gz",
    "func/sub-135_task-pairedassociates2_acq-normal_run-01_echo-1_bold.nii.gz",
    "func/sub-135_task-pairedassociates2_acq-normal_run-01_echo-1_sbref.nii.gz",
    "func/sub-135_task-pairedassociates2_acq-normal_run-01_echo-2_bold.nii.gz",
    "func/sub-135_task-pairedassociates2_acq-normal_run-01_echo-2_sbref.nii.gz",
    "func/sub-135_task-pairedassociates2_acq-normal_run-01_echo-3_bold.nii.gz",
    "func/sub-135_task-pairedassociates2_acq-normal_run-01_echo-3_sbref.nii.gz",
    "func/sub-135_task-pairedassociates2_acq-normal_run-01_echo-4_bold.nii.gz",
    "func/sub-135_task-pairedassociates2_acq-normal_run-01_echo-4_sbref.nii.gz"
  ]
}