{
  "AcquisitionMatrixPE": 68,
  "AcquisitionNumber": 1,
  "AcquisitionTime": "11:31:19.295000",
  "BandwidthPerPixelPhaseEncode": 60.024,
  "BaseResolution": 68,
  "BodyPartExamined": "BRAIN",
  "CoilString": "HC1-7;NC1_2",
  "ConsistencyInfo": "N4_VE11C_LATEST_20160120",
  "ConversionSoftware": "dcm2niix",
  "ConversionSoftwareVersion": "v1.0.20190410  GCC6.3.0",
  "DerivedVendorReportedEchoSpacing": 0.00049,
  "DeviceSerialNumber": "166018",
  "DwellTime": 3e-06,
  "EchoTime": 0.0204,
  "EchoTrainLength": 33,
  "EffectiveEchoSpacing": 0.000245,
  "FlipAngle": 90,
  "ImageComments": "SENSE1",
  "ImageOrientationPatientDICOM": [0.998217, 0.024738, -0.0543293, -0.0397436, 0.954479, -0.29562],
  "ImageType": [
    "ORIGINAL",
    "PRIMARY",
    "M",
    "ND",
    "MOSAIC"
],
  "ImagingFrequency": 123.191,
  "InPlanePhaseEncodingDirectionDICOM": "COL",
  "InstitutionAddress": "Washington_Place_6_NYC_NYC_US_10003",
  "InstitutionName": "NYU_-_CBI",
  "InstitutionalDepartmentName": "Department",
  "MRAcquisitionType": "2D",
  "MagneticFieldStrength": 3,
  "Manufacturer": "Siemens",
  "ManufacturersModelName": "Prisma",
  "Modality": "MR",
  "ParallelReductionFactorInPlane": 2,
  "PartialFourier": 1,
  "PatientPosition": "HFS",
  "PercentPhaseFOV": 100,
  "PhaseEncodingDirection": "j",
  "PhaseEncodingSteps": 67,
  "PhaseResolution": 1,
  "PixelBandwidth": 2450,
  "ProcedureStepDescription": "Investigators_Hartley",
  "ProtocolName": "ME_SE_FieldMap_PA",
  "PulseSequenceDetails": "%CustomerSeq%_cmrr_mbep2d_se",
  "ReceiveCoilActiveElements": "HC1-7;NC1,2",
  "ReceiveCoilName": "HeadNeck_64",
  "ReconMatrixPE": 68,
  "RefLinesPE": 24,
  "RepetitionTime": 1.919,
  "SAR": 0.406094,
  "ScanOptions": "FS",
  "ScanningSequence": "EP",
  "SequenceName": "epse2d1_68",
  "SequenceVariant": "SK",
  "SeriesDescription": "ME_SE_FieldMap_PA",
  "SeriesNumber": 10,
  "ShimSetting": [253, -12572, -8533, 428, -4, -21, 109, 13],
  "SliceThickness": 3,
  "SliceTiming": [0.95, 0, 0.9925, 0.0425, 1.035, 0.0875, 1.08, 0.13, 1.1225, 0.1725, 1.165, 0.215, 1.2075, 0.26, 1.2525, 0.3025, 1.295, 0.345, 1.3375, 0.3875, 1.38, 0.4325, 1.425, 0.475, 1.4675, 0.5175, 1.51, 0.5625, 1.555, 0.605, 1.5975, 0.6475, 1.64, 0.69, 1.6825, 0.735, 1.7275, 0.7775, 1.77, 0.82, 1.8125, 0.8625, 1.855, 0.9075],
  "SoftwareVersions": "syngo_MR_E11",
  "SpacingBetweenSlices": 3,
  "StationName": "AWP166018",
  "TotalReadoutTime": 0.016415,
  "TxRefAmp": 206.238,
  "WipMemBlock": "c8fabfbb-db23-40d0-b84e-43b622cb1cc0||Sequence: R016 ve11c/master r/8780670; Nov 27 2017 15:08:10 by eja",
  "dcmmeta_affine": [
    [-2.994649648666382, -0.11923076212406158, -0.13362933695316315, 109.76914978027344],
    [-0.07421394437551498, 2.8634355068206787, -0.8917564153671265, -67.93547058105469],
    [-0.16298793256282806, 0.8868603110313416, 2.8612782955169678, -67.29930114746094],
    [0.0, 0.0, 0.0, 1.0]
],
  "dcmmeta_reorient_transform": [
    [0.0, -1.0, 0.0, 67.0],
    [1.0, 0.0, 0.0, 0.0],
    [0.0, 0.0, 1.0, 0.0],
    [0.0, 0.0, 0.0, 1.0]
],
  "dcmmeta_shape": [68, 68, 44, 3],
  "dcmmeta_slice_dim": 2,
  "dcmmeta_version": 0.6,
  "global": {
    "const": {
      "AccessionNumber": "jun3fngL",
      "AcquisitionMatrix": [68, 0, 0, 68],
      "AngioFlag": "N",
      "BitsAllocated": 16,
      "BitsStored": 16,
      "BodyPartExamined": "BRAIN",
      "Columns": 476,
      "EchoNumbers": 1,
      "EchoTime": 20.4,
      "EchoTrainLength": 33,
      "FlipAngle": 90.0,
      "HighBit": 15,
      "ImageOrientationPatient": [0.99821658876043, 0.02473798226476, -0.054329312134, -0.0397435882817, 0.95447849647322, -0.2956201058127],
      "ImagePositionPatient": [-688.36616607123, -723.195191826, 206.28938337635],
      "ImageType": [
        "ORIGINAL",
        "PRIMARY",
        "M",
        "ND",
        "MOSAIC"
],
      "ImagedNucleus": "1H",
      "ImagingFrequency": 123.191131,
      "InPlanePhaseEncodingDirection": "COL",
      "MRAcquisitionType": "2D",
      "MagneticFieldStrength": 3.0,
      "Manufacturer": "SIEMENS",
      "ManufacturerModelName": "Prisma",
      "Modality": "MR",
      "NumberOfAverages": 1.0,
      "NumberOfPhaseEncodingSteps": 67,
      "PercentPhaseFieldOfView": 100.0,
      "PercentSampling": 100.0,
      "PerformedProcedureStepStartTime": "105749.467000",
      "PhotometricInterpretation": "MONOCHROME2",
      "PixelBandwidth": 2450.0,
      "PixelRepresentation": 0,
      "PixelSpacing": [3.0, 3.0],
      "ProtocolName": "ME_SE_FieldMap_PA",
      "RepetitionTime": 1919.0,
      "Rows": 476,
      "SAR": 0.40609357761289,
      "SamplesPerPixel": 1,
      "ScanOptions": "FS",
      "ScanningSequence": "EP",
      "SequenceName": "epse2d1_68",
      "SequenceVariant": "SK",
      "SeriesDescription": "ME_SE_FieldMap_PA",
      "SeriesNumber": 10,
      "SeriesTime": "113125.142000",
      "SliceLocation": -48.882840744892,
      "SliceThickness": 3.0,
      "SmallestImagePixelValue": 0,
      "SoftwareVersions": "syngo MR E11",
      "SpacingBetweenSlices": 2.9999999394042,
      "SpecificCharacterSet": "ISO_IR 100",
      "StudyID": "1",
      "StudyTime": "105749.409000",
      "TransmitCoilName": "Body",
      "VariableFlipAngleFlag": "N",
      "WindowCenterWidthExplanation": "Algo1",
      "dBdt": 0.0},
    "slices": {}
  },
  "time": {
    "samples": {
      "AcquisitionNumber": [1, 2, 3],
      "AcquisitionTime": ["113119.295000", "113121.212500", "113123.132500"],
      "ContentTime": ["113125.146000", "113125.149000", "113125.152000"],
      "InstanceCreationTime": ["113125.146000", "113125.149000", "113125.152000"],
      "InstanceNumber": [1, 2, 3],
      "LargestImagePixelValue": [56150, 56779, 55352],
      "WindowCenter": [11405.0, 11320.0, 11332.0],
      "WindowWidth": [24237.0, 24062.0, 24080.0]
    },
    "slices": {}
  },
  "IntendedFor": [
    "func/sub-151_task-freq1_acq-normal_run-01_echo-1_bold.nii.gz",
    "func/sub-151_task-freq1_acq-normal_run-01_echo-1_sbref.nii.gz",
    "func/sub-151_task-freq1_acq-normal_run-01_echo-2_bold.nii.gz",
    "func/sub-151_task-freq1_acq-normal_run-01_echo-2_sbref.nii.gz",
    "func/sub-151_task-freq1_acq-normal_run-01_echo-3_bold.nii.gz",
    "func/sub-151_task-freq1_acq-normal_run-01_echo-3_sbref.nii.gz",
    "func/sub-151_task-freq1_acq-normal_run-01_echo-4_bold.nii.gz",
    "func/sub-151_task-freq1_acq-normal_run-01_echo-4_sbref.nii.gz",
    "func/sub-151_task-freq2_acq-normal_run-01_echo-1_bold.nii.gz",
    "func/sub-151_task-freq2_acq-normal_run-01_echo-1_sbref.nii.gz",
    "func/sub-151_task-freq2_acq-normal_run-01_echo-2_bold.nii.gz",
    "func/sub-151_task-freq2_acq-normal_run-01_echo-2_sbref.nii.gz",
    "func/sub-151_task-freq2_acq-normal_run-01_echo-3_bold.nii.gz",
    "func/sub-151_task-freq2_acq-normal_run-01_echo-3_sbref.nii.gz",
    "func/sub-151_task-freq2_acq-normal_run-01_echo-4_bold.nii.gz",
    "func/sub-151_task-freq2_acq-normal_run-01_echo-4_sbref.nii.gz",
    "func/sub-151_task-freqreports1_acq-normal_run-01_echo-1_bold.nii.gz",
    "func/sub-151_task-freqreports1_acq-normal_run-01_echo-1_sbref.nii.gz",
    "func/sub-151_task-freqreports1_acq-normal_run-01_echo-2_bold.nii.gz",
    "func/sub-151_task-freqreports1_acq-normal_run-01_echo-2_sbref.nii.gz",
    "func/sub-151_task-freqreports1_acq-normal_run-01_echo-3_bold.nii.gz",
    "func/sub-151_task-freqreports1_acq-normal_run-01_echo-3_sbref.nii.gz",
    "func/sub-151_task-freqreports1_acq-normal_run-01_echo-4_bold.nii.gz",
    "func/sub-151_task-freqreports1_acq-normal_run-01_echo-4_sbref.nii.gz",
    "func/sub-151_task-freqreports2_acq-normal_run-01_echo-1_bold.nii.gz",
    "func/sub-151_task-freqreports2_acq-normal_run-01_echo-1_sbref.nii.gz",
    "func/sub-151_task-freqreports2_acq-normal_run-01_echo-2_bold.nii.gz",
    "func/sub-151_task-freqreports2_acq-normal_run-01_echo-2_sbref.nii.gz",
    "func/sub-151_task-freqreports2_acq-normal_run-01_echo-3_bold.nii.gz",
    "func/sub-151_task-freqreports2_acq-normal_run-01_echo-3_sbref.nii.gz",
    "func/sub-151_task-freqreports2_acq-normal_run-01_echo-4_bold.nii.gz",
    "func/sub-151_task-freqreports2_acq-normal_run-01_echo-4_sbref.nii.gz",
    "func/sub-151_task-memtest1_acq-normal_run-01_echo-1_bold.nii.gz",
    "func/sub-151_task-memtest1_acq-normal_run-01_echo-1_sbref.nii.gz",
    "func/sub-151_task-memtest1_acq-normal_run-01_echo-2_bold.nii.gz",
    "func/sub-151_task-memtest1_acq-normal_run-01_echo-2_sbref.nii.gz",
    "func/sub-151_task-memtest1_acq-normal_run-01_echo-3_bold.nii.gz",
    "func/sub-151_task-memtest1_acq-normal_run-01_echo-3_sbref.nii.gz",
    "func/sub-151_task-memtest1_acq-normal_run-01_echo-4_bold.nii.gz",
    "func/sub-151_task-memtest1_acq-normal_run-01_echo-4_sbref.nii.gz",
    "func/sub-151_task-memtest2_acq-normal_run-01_echo-1_bold.nii.gz",
    "func/sub-151_task-memtest2_acq-normal_run-01_echo-1_sbref.nii.gz",
    "func/sub-151_task-memtest2_acq-normal_run-01_echo-2_bold.nii.gz",
    "func/sub-151_task-memtest2_acq-normal_run-01_echo-2_sbref.nii.gz",
    "func/sub-151_task-memtest2_acq-normal_run-01_echo-3_bold.nii.gz",
    "func/sub-151_task-memtest2_acq-normal_run-01_echo-3_sbref.nii.gz",
    "func/sub-151_task-memtest2_acq-normal_run-01_echo-4_bold.nii.gz",
    "func/sub-151_task-memtest2_acq-normal_run-01_echo-4_sbref.nii.gz",
    "func/sub-151_task-pairedassociates1_acq-normal_run-01_echo-1_bold.nii.gz",
    "func/sub-151_task-pairedassociates1_acq-normal_run-01_echo-1_sbref.nii.gz",
    "func/sub-151_task-pairedassociates1_acq-normal_run-01_echo-2_bold.nii.gz",
    "func/sub-151_task-pairedassociates1_acq-normal_run-01_echo-2_sbref.nii.gz",
    "func/sub-151_task-pairedassociates1_acq-normal_run-01_echo-3_bold.nii.gz",
    "func/sub-151_task-pairedassociates1_acq-normal_run-01_echo-3_sbref.nii.gz",
    "func/sub-151_task-pairedassociates1_acq-normal_run-01_echo-4_bold.nii.gz",
    "func/sub-151_task-pairedassociates1_acq-normal_run-01_echo-4_sbref.nii.gz",
    "func/sub-151_task-pairedassociates2_acq-normal_run-01_echo-1_bold.nii.gz",
    "func/sub-151_task-pairedassociates2_acq-normal_run-01_echo-1_sbref.nii.gz",
    "func/sub-151_task-pairedassociates2_acq-normal_run-01_echo-2_bold.nii.gz",
    "func/sub-151_task-pairedassociates2_acq-normal_run-01_echo-2_sbref.nii.gz",
    "func/sub-151_task-pairedassociates2_acq-normal_run-01_echo-3_bold.nii.gz",
    "func/sub-151_task-pairedassociates2_acq-normal_run-01_echo-3_sbref.nii.gz",
    "func/sub-151_task-pairedassociates2_acq-normal_run-01_echo-4_bold.nii.gz",
    "func/sub-151_task-pairedassociates2_acq-normal_run-01_echo-4_sbref.nii.gz"
  ]
}