{
  "AcquisitionMatrixPE": 68,
  "AcquisitionNumber": 1,
  "AcquisitionTime": "11:57:20.277500",
  "BandwidthPerPixelPhaseEncode": 60.024,
  "BaseResolution": 68,
  "BodyPartExamined": "BRAIN",
  "CoilString": "HC1-7;NC1_2",
  "ConsistencyInfo": "N4_VE11C_LATEST_20160120",
  "ConversionSoftware": "dcm2niix",
  "ConversionSoftwareVersion": "v1.0.20190410  GCC6.3.0",
  "DerivedVendorReportedEchoSpacing": 0.00049,
  "DeviceSerialNumber": "166018",
  "DwellTime": 3e-06,
  "EchoTime": 0.0204,
  "EchoTrainLength": 33,
  "EffectiveEchoSpacing": 0.000245,
  "FlipAngle": 90,
  "ImageComments": "SENSE1",
  "ImageOrientationPatientDICOM": [0.999831, 0.000346275, -0.0183642, -0.00575863, 0.955322, -0.295512],
  "ImageType": [
    "ORIGINAL",
    "PRIMARY",
    "M",
    "ND",
    "MOSAIC"
],
  "ImagingFrequency": 123.191,
  "InPlanePhaseEncodingDirectionDICOM": "COL",
  "InstitutionAddress": "Washington_Place_6_NYC_NYC_US_10003",
  "InstitutionName": "NYU_Center_for_Brain_Imaging",
  "InstitutionalDepartmentName": "Department",
  "MRAcquisitionType": "2D",
  "MagneticFieldStrength": 3,
  "Manufacturer": "Siemens",
  "ManufacturersModelName": "Prisma",
  "Modality": "MR",
  "ParallelReductionFactorInPlane": 2,
  "PartialFourier": 1,
  "PatientPosition": "HFS",
  "PercentPhaseFOV": 100,
  "PhaseEncodingDirection": "j-",
  "PhaseEncodingSteps": 67,
  "PhaseResolution": 1,
  "PixelBandwidth": 2450,
  "ProcedureStepDescription": "Investigators_Hartley",
  "ProtocolName": "ME_SE_FieldMap_AP",
  "PulseSequenceDetails": "%CustomerSeq%_cmrr_mbep2d_se",
  "ReceiveCoilActiveElements": "HC1-7;NC1,2",
  "ReceiveCoilName": "HeadNeck_64",
  "ReconMatrixPE": 68,
  "RefLinesPE": 24,
  "RepetitionTime": 1.919,
  "SAR": 0.316448,
  "ScanOptions": "FS",
  "ScanningSequence": "EP",
  "SequenceName": "epse2d1_68",
  "SequenceVariant": "SK",
  "SeriesDescription": "ME_SE_FieldMap_AP",
  "SeriesNumber": 9,
  "ShimSetting": [259, -12597, -8456, 406, -4, -111, -9, 19],
  "SliceThickness": 3,
  "SliceTiming": [0.95, 0, 0.9925, 0.0425, 1.035, 0.085, 1.0775, 0.13, 1.1225, 0.1725, 1.165, 0.215, 1.2075, 0.2575, 1.25, 0.3025, 1.295, 0.345, 1.3375, 0.3875, 1.38, 0.43, 1.4225, 0.475, 1.4675, 0.5175, 1.51, 0.56, 1.5525, 0.605, 1.595, 0.6475, 1.64, 0.69, 1.6825, 0.7325, 1.725, 0.7775, 1.77, 0.82, 1.8125, 0.8625, 1.855, 0.905],
  "SoftwareVersions": "syngo_MR_E11",
  "SpacingBetweenSlices": 3,
  "StationName": "AWP166018",
  "TotalReadoutTime": 0.016415,
  "TxRefAmp": 207.138,
  "WipMemBlock": "e39b4f87-8dcf-4edd-afa2-a38f41bacd0e||Sequence: R016 ve11c/master r/8780670; Nov 27 2017 15:08:10 by eja",
  "dcmmeta_affine": [
    [-2.9994938373565674, -0.01727587915956974, -0.05232430621981621, 104.65443420410156],
    [-0.0010388242080807686, 2.8659651279449463, -0.8867030143737793, -58.275447845458984],
    [-0.055092740803956985, 0.8865353465080261, 2.865487813949585, -67.88079071044922],
    [0.0, 0.0, 0.0, 1.0]
],
  "dcmmeta_reorient_transform": [
    [0.0, -1.0, 0.0, 67.0],
    [1.0, 0.0, 0.0, 0.0],
    [0.0, 0.0, 1.0, 0.0],
    [0.0, 0.0, 0.0, 1.0]
],
  "dcmmeta_shape": [68, 68, 44, 3],
  "dcmmeta_slice_dim": 2,
  "dcmmeta_version": 0.6,
  "global": {
    "const": {
      "AccessionNumber": "jsdomz36",
      "AcquisitionMatrix": [68, 0, 0, 68],
      "AngioFlag": "N",
      "BitsAllocated": 16,
      "BitsStored": 16,
      "BodyPartExamined": "BRAIN",
      "Columns": 476,
      "EchoNumbers": 1,
      "EchoTime": 20.4,
      "EchoTrainLength": 33,
      "FlipAngle": 90.0,
      "HighBit": 15,
      "ImageOrientationPatient": [0.99983130303687, 0.00034627475341, -0.0183642468233, -0.0057586264002, 0.95532174176866, -0.2955117729061],
      "ImagePositionPatient": [-711.86943144566, -718.61304656043, 183.60920232995],
      "ImageType": [
        "ORIGINAL",
        "PRIMARY",
        "M",
        "ND",
        "MOSAIC"
],
      "ImagedNucleus": "1H",
      "ImagingFrequency": 123.191117,
      "InPlanePhaseEncodingDirection": "COL",
      "MRAcquisitionType": "2D",
      "MagneticFieldStrength": 3.0,
      "Manufacturer": "SIEMENS",
      "ManufacturerModelName": "Prisma",
      "Modality": "MR",
      "NumberOfAverages": 1.0,
      "NumberOfPhaseEncodingSteps": 67,
      "PercentPhaseFieldOfView": 100.0,
      "PercentSampling": 100.0,
      "PerformedProcedureStepStartTime": "112910.583000",
      "PhotometricInterpretation": "MONOCHROME2",
      "PixelBandwidth": 2450.0,
      "PixelRepresentation": 0,
      "PixelSpacing": [3.0, 3.0],
      "ProtocolName": "ME_SE_FieldMap_AP",
      "RepetitionTime": 1919.0,
      "Rows": 476,
      "SAR": 0.31644785975039,
      "SamplesPerPixel": 1,
      "ScanOptions": "FS",
      "ScanningSequence": "EP",
      "SequenceName": "epse2d1_68",
      "SequenceVariant": "SK",
      "SeriesDescription": "ME_SE_FieldMap_AP",
      "SeriesNumber": 9,
      "SeriesTime": "115726.713000",
      "SliceLocation": -49.438172995342,
      "SliceThickness": 3.0,
      "SmallestImagePixelValue": 0,
      "SoftwareVersions": "syngo MR E11",
      "SpacingBetweenSlices": 3.0000000014536,
      "SpecificCharacterSet": "ISO_IR 100",
      "StudyID": "1",
      "StudyTime": "112910.528000",
      "TransmitCoilName": "Body",
      "VariableFlipAngleFlag": "N",
      "WindowCenterWidthExplanation": "Algo1",
      "dBdt": 0.0},
    "slices": {}
  },
  "time": {
    "samples": {
      "AcquisitionNumber": [1, 2, 3],
      "AcquisitionTime": ["115720.277500", "115722.195000", "115724.115000"],
      "ContentTime": ["115726.731000", "115726.745000", "115726.749000"],
      "InstanceCreationTime": ["115726.731000", "115726.745000", "115726.749000"],
      "InstanceNumber": [1, 2, 3],
      "LargestImagePixelValue": [46338, 45164, 45209],
      "WindowCenter": [11454.0, 11386.0, 11403.0],
      "WindowWidth": [24137.0, 23989.0, 24029.0]
    },
    "slices": {}
  },
  "IntendedFor": [
    "func/sub-107_task-freq1_acq-normal_run-01_echo-1_bold.nii.gz",
    "func/sub-107_task-freq1_acq-normal_run-01_echo-1_sbref.nii.gz",
    "func/sub-107_task-freq1_acq-normal_run-01_echo-2_bold.nii.gz",
    "func/sub-107_task-freq1_acq-normal_run-01_echo-2_sbref.nii.gz",
    "func/sub-107_task-freq1_acq-normal_run-01_echo-3_bold.nii.gz",
    "func/sub-107_task-freq1_acq-normal_run-01_echo-3_sbref.nii.gz",
    "func/sub-107_task-freq1_acq-normal_run-01_echo-4_bold.nii.gz",
    "func/sub-107_task-freq1_acq-normal_run-01_echo-4_sbref.nii.gz",
    "func/sub-107_task-freq2_acq-normal_run-01_echo-1_bold.nii.gz",
    "func/sub-107_task-freq2_acq-normal_run-01_echo-1_sbref.nii.gz",
    "func/sub-107_task-freq2_acq-normal_run-01_echo-2_bold.nii.gz",
    "func/sub-107_task-freq2_acq-normal_run-01_echo-2_sbref.nii.gz",
    "func/sub-107_task-freq2_acq-normal_run-01_echo-3_bold.nii.gz",
    "func/sub-107_task-freq2_acq-normal_run-01_echo-3_sbref.nii.gz",
    "func/sub-107_task-freq2_acq-normal_run-01_echo-4_bold.nii.gz",
    "func/sub-107_task-freq2_acq-normal_run-01_echo-4_sbref.nii.gz",
    "func/sub-107_task-freqreports1_acq-normal_run-01_echo-1_bold.nii.gz",
    "func/sub-107_task-freqreports1_acq-normal_run-01_echo-1_sbref.nii.gz",
    "func/sub-107_task-freqreports1_acq-normal_run-01_echo-2_bold.nii.gz",
    "func/sub-107_task-freqreports1_acq-normal_run-01_echo-2_sbref.nii.gz",
    "func/sub-107_task-freqreports1_acq-normal_run-01_echo-3_bold.nii.gz",
    "func/sub-107_task-freqreports1_acq-normal_run-01_echo-3_sbref.nii.gz",
    "func/sub-107_task-freqreports1_acq-normal_run-01_echo-4_bold.nii.gz",
    "func/sub-107_task-freqreports1_acq-normal_run-01_echo-4_sbref.nii.gz",
    "func/sub-107_task-freqreports2_acq-normal_run-01_echo-1_bold.nii.gz",
    "func/sub-107_task-freqreports2_acq-normal_run-01_echo-1_sbref.nii.gz",
    "func/sub-107_task-freqreports2_acq-normal_run-01_echo-2_bold.nii.gz",
    "func/sub-107_task-freqreports2_acq-normal_run-01_echo-2_sbref.nii.gz",
    "func/sub-107_task-freqreports2_acq-normal_run-01_echo-3_bold.nii.gz",
    "func/sub-107_task-freqreports2_acq-normal_run-01_echo-3_sbref.nii.gz",
    "func/sub-107_task-freqreports2_acq-normal_run-01_echo-4_bold.nii.gz",
    "func/sub-107_task-freqreports2_acq-normal_run-01_echo-4_sbref.nii.gz",
    "func/sub-107_task-memtest1_acq-normal_run-01_echo-1_bold.nii.gz",
    "func/sub-107_task-memtest1_acq-normal_run-01_echo-1_sbref.nii.gz",
    "func/sub-107_task-memtest1_acq-normal_run-01_echo-2_bold.nii.gz",
    "func/sub-107_task-memtest1_acq-normal_run-01_echo-2_sbref.nii.gz",
    "func/sub-107_task-memtest1_acq-normal_run-01_echo-3_bold.nii.gz",
    "func/sub-107_task-memtest1_acq-normal_run-01_echo-3_sbref.nii.gz",
    "func/sub-107_task-memtest1_acq-normal_run-01_echo-4_bold.nii.gz",
    "func/sub-107_task-memtest1_acq-normal_run-01_echo-4_sbref.nii.gz",
    "func/sub-107_task-memtest2_acq-normal_run-01_echo-1_bold.nii.gz",
    "func/sub-107_task-memtest2_acq-normal_run-01_echo-1_sbref.nii.gz",
    "func/sub-107_task-memtest2_acq-normal_run-01_echo-2_bold.nii.gz",
    "func/sub-107_task-memtest2_acq-normal_run-01_echo-2_sbref.nii.gz",
    "func/sub-107_task-memtest2_acq-normal_run-01_echo-3_bold.nii.gz",
    "func/sub-107_task-memtest2_acq-normal_run-01_echo-3_sbref.nii.gz",
    "func/sub-107_task-memtest2_acq-normal_run-01_echo-4_bold.nii.gz",
    "func/sub-107_task-memtest2_acq-normal_run-01_echo-4_sbref.nii.gz",
    "func/sub-107_task-pairedassociates1_acq-normal_run-01_echo-1_bold.nii.gz",
    "func/sub-107_task-pairedassociates1_acq-normal_run-01_echo-1_sbref.nii.gz",
    "func/sub-107_task-pairedassociates1_acq-normal_run-01_echo-2_bold.nii.gz",
    "func/sub-107_task-pairedassociates1_acq-normal_run-01_echo-2_sbref.nii.gz",
    "func/sub-107_task-pairedassociates1_acq-normal_run-01_echo-3_bold.nii.gz",
    "func/sub-107_task-pairedassociates1_acq-normal_run-01_echo-3_sbref.nii.gz",
    "func/sub-107_task-pairedassociates1_acq-normal_run-01_echo-4_bold.nii.gz",
    "func/sub-107_task-pairedassociates1_acq-normal_run-01_echo-4_sbref.nii.gz",
    "func/sub-107_task-pairedassociates2_acq-normal_run-01_echo-1_bold.nii.gz",
    "func/sub-107_task-pairedassociates2_acq-normal_run-01_echo-1_sbref.nii.gz",
    "func/sub-107_task-pairedassociates2_acq-normal_run-01_echo-2_bold.nii.gz",
    "func/sub-107_task-pairedassociates2_acq-normal_run-01_echo-2_sbref.nii.gz",
    "func/sub-107_task-pairedassociates2_acq-normal_run-01_echo-3_bold.nii.gz",
    "func/sub-107_task-pairedassociates2_acq-normal_run-01_echo-3_sbref.nii.gz",
    "func/sub-107_task-pairedassociates2_acq-normal_run-01_echo-4_bold.nii.gz",
    "func/sub-107_task-pairedassociates2_acq-normal_run-01_echo-4_sbref.nii.gz"
  ]
}