{
  "AcquisitionMatrixPE": 68,
  "AcquisitionNumber": 1,
  "AcquisitionTime": "14:14:45.247500",
  "BandwidthPerPixelPhaseEncode": 60.024,
  "BaseResolution": 68,
  "BodyPartExamined": "BRAIN",
  "CoilString": "HC1-7;NC1_2",
  "ConsistencyInfo": "N4_VE11C_LATEST_20160120",
  "ConversionSoftware": "dcm2niix",
  "ConversionSoftwareVersion": "v1.0.20190410  GCC6.3.0",
  "DerivedVendorReportedEchoSpacing": 0.00049,
  "DeviceSerialNumber": "166018",
  "DwellTime": 3e-06,
  "EchoTime": 0.0204,
  "EchoTrainLength": 33,
  "EffectiveEchoSpacing": 0.000245,
  "FlipAngle": 90,
  "ImageComments": "SENSE1",
  "ImageOrientationPatientDICOM": [0.998732, 0.0501694, -0.00421329, -0.0498946, 0.975123, -0.215977],
  "ImageType": [
    "ORIGINAL",
    "PRIMARY",
    "M",
    "ND",
    "MOSAIC"
],
  "ImagingFrequency": 123.191,
  "InPlanePhaseEncodingDirectionDICOM": "COL",
  "InstitutionAddress": "Washington_Place_6_NYC_NYC_US_10003",
  "InstitutionName": "NYU_-_CBI",
  "InstitutionalDepartmentName": "Department",
  "MRAcquisitionType": "2D",
  "MagneticFieldStrength": 3,
  "Manufacturer": "Siemens",
  "ManufacturersModelName": "Prisma",
  "Modality": "MR",
  "ParallelReductionFactorInPlane": 2,
  "PartialFourier": 1,
  "PatientPosition": "HFS",
  "PercentPhaseFOV": 100,
  "PhaseEncodingDirection": "j-",
  "PhaseEncodingSteps": 67,
  "PhaseResolution": 1,
  "PixelBandwidth": 2450,
  "ProcedureStepDescription": "Investigators_Hartley",
  "ProtocolName": "ME_SE_FieldMap_AP",
  "PulseSequenceDetails": "%CustomerSeq%_cmrr_mbep2d_se",
  "ReceiveCoilActiveElements": "HC1-7;NC1,2",
  "ReceiveCoilName": "HeadNeck_64",
  "ReconMatrixPE": 68,
  "RefLinesPE": 24,
  "RepetitionTime": 1.919,
  "SAR": 0.310113,
  "ScanOptions": "FS",
  "ScanningSequence": "EP",
  "SequenceName": "epse2d1_68",
  "SequenceVariant": "SK",
  "SeriesDescription": "ME_SE_FieldMap_AP",
  "SeriesNumber": 9,
  "ShimSetting": [248, -12664, -8423, 391, 37, -88, 81, -9],
  "SliceThickness": 3,
  "SliceTiming": [0.9475, 0, 0.9925, 0.0425, 1.035, 0.085, 1.0775, 0.1275, 1.12, 0.1725, 1.165, 0.215, 1.2075, 0.2575, 1.25, 0.3025, 1.2925, 0.345, 1.3375, 0.3875, 1.38, 0.43, 1.4225, 0.475, 1.4675, 0.5175, 1.51, 0.56, 1.5525, 0.6025, 1.595, 0.6475, 1.64, 0.69, 1.6825, 0.7325, 1.725, 0.775, 1.7675, 0.82, 1.8125, 0.8625, 1.855, 0.905],
  "SoftwareVersions": "syngo_MR_E11",
  "SpacingBetweenSlices": 3,
  "StationName": "AWP166018",
  "TotalReadoutTime": 0.016415,
  "TxRefAmp": 212.664,
  "WipMemBlock": "94c6d034-2fd6-4f80-a325-fcc49d274648||Sequence: R016 ve11c/master r/8780670; Nov 27 2017 15:08:10 by eja",
  "dcmmeta_affine": [
    [-2.9961955547332764, -0.14968372881412506, 0.020180853083729744, 108.12995910644531],
    [-0.15050821006298065, 2.925368547439575, -0.6477392911911011, -76.03536224365234],
    [-0.012639868073165417, 0.6479303240776062, 2.929168224334717, -71.21308898925781],
    [0.0, 0.0, 0.0, 1.0]
],
  "dcmmeta_reorient_transform": [
    [0.0, -1.0, 0.0, 67.0],
    [1.0, 0.0, 0.0, 0.0],
    [0.0, 0.0, 1.0, 0.0],
    [0.0, 0.0, 0.0, 1.0]
],
  "dcmmeta_shape": [68, 68, 44, 3],
  "dcmmeta_slice_dim": 2,
  "dcmmeta_version": 0.6,
  "global": {
    "const": {
      "AccessionNumber": "jsrrw6q0",
      "AcquisitionMatrix": [68, 0, 0, 68],
      "AngioFlag": "N",
      "BitsAllocated": 16,
      "BitsStored": 16,
      "BodyPartExamined": "BRAIN",
      "Columns": 476,
      "EchoNumbers": 1,
      "EchoTime": 20.4,
      "EchoTrainLength": 33,
      "FlipAngle": 90.0,
      "HighBit": 15,
      "ImageOrientationPatient": [0.99873183557957, 0.05016940096808, -0.0042132892588, -0.0498945761259, 0.9751228436775, -0.2159767835012],
      "ImagePositionPatient": [-678.78955069791, -747.44318416132, 106.95456540522],
      "ImageType": [
        "ORIGINAL",
        "PRIMARY",
        "M",
        "ND",
        "MOSAIC"
],
      "ImagedNucleus": "1H",
      "ImagingFrequency": 123.191007,
      "InPlanePhaseEncodingDirection": "COL",
      "MRAcquisitionType": "2D",
      "MagneticFieldStrength": 3.0,
      "Manufacturer": "SIEMENS",
      "ManufacturerModelName": "Prisma",
      "Modality": "MR",
      "NumberOfAverages": 1.0,
      "NumberOfPhaseEncodingSteps": 67,
      "PercentPhaseFieldOfView": 100.0,
      "PercentSampling": 100.0,
      "PerformedProcedureStepStartTime": "135426.291000",
      "PhotometricInterpretation": "MONOCHROME2",
      "PixelBandwidth": 2450.0,
      "PixelRepresentation": 0,
      "PixelSpacing": [3.0, 3.0],
      "ProtocolName": "ME_SE_FieldMap_AP",
      "RepetitionTime": 1919.0,
      "Rows": 476,
      "SAR": 0.31011336453768,
      "SamplesPerPixel": 1,
      "ScanOptions": "FS",
      "ScanningSequence": "EP",
      "SequenceName": "epse2d1_68",
      "SequenceVariant": "SK",
      "SeriesDescription": "ME_SE_FieldMap_AP",
      "SeriesNumber": 9,
      "SeriesTime": "141451.266000",
      "SliceLocation": -52.38729314825,
      "SliceThickness": 3.0,
      "SmallestImagePixelValue": 0,
      "SoftwareVersions": "syngo MR E11",
      "SpacingBetweenSlices": 2.9999999523814,
      "SpecificCharacterSet": "ISO_IR 100",
      "StudyID": "1",
      "StudyTime": "135426.234000",
      "TransmitCoilName": "Body",
      "VariableFlipAngleFlag": "N",
      "WindowCenterWidthExplanation": "Algo1",
      "dBdt": 0.0},
    "slices": {}
  },
  "time": {
    "samples": {
      "AcquisitionNumber": [1, 2, 3],
      "AcquisitionTime": ["141445.247500", "141447.167500", "141449.087500"],
      "ContentTime": ["141451.270000", "141451.274000", "141451.277000"],
      "InstanceCreationTime": ["141451.270000", "141451.274000", "141451.277000"],
      "InstanceNumber": [1, 2, 3],
      "LargestImagePixelValue": [42187, 41270, 41902],
      "WindowCenter": [11666.0, 11567.0, 11580.0],
      "WindowWidth": [24904.0, 24683.0, 24709.0]
    },
    "slices": {}
  },
  "IntendedFor": [
    "func/sub-125_task-freq1_acq-normal_run-01_echo-1_bold.nii.gz",
    "func/sub-125_task-freq1_acq-normal_run-01_echo-1_sbref.nii.gz",
    "func/sub-125_task-freq1_acq-normal_run-01_echo-2_bold.nii.gz",
    "func/sub-125_task-freq1_acq-normal_run-01_echo-2_sbref.nii.gz",
    "func/sub-125_task-freq1_acq-normal_run-01_echo-3_bold.nii.gz",
    "func/sub-125_task-freq1_acq-normal_run-01_echo-3_sbref.nii.gz",
    "func/sub-125_task-freq1_acq-normal_run-01_echo-4_bold.nii.gz",
    "func/sub-125_task-freq1_acq-normal_run-01_echo-4_sbref.nii.gz",
    "func/sub-125_task-freq2_acq-normal_run-01_echo-1_bold.nii.gz",
    "func/sub-125_task-freq2_acq-normal_run-01_echo-1_sbref.nii.gz",
    "func/sub-125_task-freq2_acq-normal_run-01_echo-2_bold.nii.gz",
    "func/sub-125_task-freq2_acq-normal_run-01_echo-2_sbref.nii.gz",
    "func/sub-125_task-freq2_acq-normal_run-01_echo-3_bold.nii.gz",
    "func/sub-125_task-freq2_acq-normal_run-01_echo-3_sbref.nii.gz",
    "func/sub-125_task-freq2_acq-normal_run-01_echo-4_bold.nii.gz",
    "func/sub-125_task-freq2_acq-normal_run-01_echo-4_sbref.nii.gz",
    "func/sub-125_task-freqreports1_acq-normal_run-01_echo-1_bold.nii.gz",
    "func/sub-125_task-freqreports1_acq-normal_run-01_echo-1_sbref.nii.gz",
    "func/sub-125_task-freqreports1_acq-normal_run-01_echo-2_bold.nii.gz",
    "func/sub-125_task-freqreports1_acq-normal_run-01_echo-2_sbref.nii.gz",
    "func/sub-125_task-freqreports1_acq-normal_run-01_echo-3_bold.nii.gz",
    "func/sub-125_task-freqreports1_acq-normal_run-01_echo-3_sbref.nii.gz",
    "func/sub-125_task-freqreports1_acq-normal_run-01_echo-4_bold.nii.gz",
    "func/sub-125_task-freqreports1_acq-normal_run-01_echo-4_sbref.nii.gz",
    "func/sub-125_task-freqreports2_acq-normal_run-01_echo-1_bold.nii.gz",
    "func/sub-125_task-freqreports2_acq-normal_run-01_echo-1_sbref.nii.gz",
    "func/sub-125_task-freqreports2_acq-normal_run-01_echo-2_bold.nii.gz",
    "func/sub-125_task-freqreports2_acq-normal_run-01_echo-2_sbref.nii.gz",
    "func/sub-125_task-freqreports2_acq-normal_run-01_echo-3_bold.nii.gz",
    "func/sub-125_task-freqreports2_acq-normal_run-01_echo-3_sbref.nii.gz",
    "func/sub-125_task-freqreports2_acq-normal_run-01_echo-4_bold.nii.gz",
    "func/sub-125_task-freqreports2_acq-normal_run-01_echo-4_sbref.nii.gz",
    "func/sub-125_task-memtest1_acq-normal_run-01_echo-1_bold.nii.gz",
    "func/sub-125_task-memtest1_acq-normal_run-01_echo-1_sbref.nii.gz",
    "func/sub-125_task-memtest1_acq-normal_run-01_echo-2_bold.nii.gz",
    "func/sub-125_task-memtest1_acq-normal_run-01_echo-2_sbref.nii.gz",
    "func/sub-125_task-memtest1_acq-normal_run-01_echo-3_bold.nii.gz",
    "func/sub-125_task-memtest1_acq-normal_run-01_echo-3_sbref.nii.gz",
    "func/sub-125_task-memtest1_acq-normal_run-01_echo-4_bold.nii.gz",
    "func/sub-125_task-memtest1_acq-normal_run-01_echo-4_sbref.nii.gz",
    "func/sub-125_task-memtest2_acq-normal_run-01_echo-1_bold.nii.gz",
    "func/sub-125_task-memtest2_acq-normal_run-01_echo-1_sbref.nii.gz",
    "func/sub-125_task-memtest2_acq-normal_run-01_echo-2_bold.nii.gz",
    "func/sub-125_task-memtest2_acq-normal_run-01_echo-2_sbref.nii.gz",
    "func/sub-125_task-memtest2_acq-normal_run-01_echo-3_bold.nii.gz",
    "func/sub-125_task-memtest2_acq-normal_run-01_echo-3_sbref.nii.gz",
    "func/sub-125_task-memtest2_acq-normal_run-01_echo-4_bold.nii.gz",
    "func/sub-125_task-memtest2_acq-normal_run-01_echo-4_sbref.nii.gz",
    "func/sub-125_task-pairedassociates1_acq-normal_run-01_echo-1_bold.nii.gz",
    "func/sub-125_task-pairedassociates1_acq-normal_run-01_echo-1_sbref.nii.gz",
    "func/sub-125_task-pairedassociates1_acq-normal_run-01_echo-2_bold.nii.gz",
    "func/sub-125_task-pairedassociates1_acq-normal_run-01_echo-2_sbref.nii.gz",
    "func/sub-125_task-pairedassociates1_acq-normal_run-01_echo-3_bold.nii.gz",
    "func/sub-125_task-pairedassociates1_acq-normal_run-01_echo-3_sbref.nii.gz",
    "func/sub-125_task-pairedassociates1_acq-normal_run-01_echo-4_bold.nii.gz",
    "func/sub-125_task-pairedassociates1_acq-normal_run-01_echo-4_sbref.nii.gz",
    "func/sub-125_task-pairedassociates2_acq-normal_run-01_echo-1_bold.nii.gz",
    "func/sub-125_task-pairedassociates2_acq-normal_run-01_echo-1_sbref.nii.gz",
    "func/sub-125_task-pairedassociates2_acq-normal_run-01_echo-2_bold.nii.gz",
    "func/sub-125_task-pairedassociates2_acq-normal_run-01_echo-2_sbref.nii.gz",
    "func/sub-125_task-pairedassociates2_acq-normal_run-01_echo-3_bold.nii.gz",
    "func/sub-125_task-pairedassociates2_acq-normal_run-01_echo-3_sbref.nii.gz",
    "func/sub-125_task-pairedassociates2_acq-normal_run-01_echo-4_bold.nii.gz",
    "func/sub-125_task-pairedassociates2_acq-normal_run-01_echo-4_sbref.nii.gz"
  ]
}