{
  "AcquisitionMatrixPE": 68,
  "AcquisitionNumber": 1,
  "AcquisitionTime": "16:08:46.310000",
  "BandwidthPerPixelPhaseEncode": 60.024,
  "BaseResolution": 68,
  "BodyPartExamined": "BRAIN",
  "CoilString": "HC1-7;NC1_2",
  "ConsistencyInfo": "N4_VE11C_LATEST_20160120",
  "ConversionSoftware": "dcm2niix",
  "ConversionSoftwareVersion": "v1.0.20190410  GCC6.3.0",
  "DerivedVendorReportedEchoSpacing": 0.00049,
  "DeviceSerialNumber": "166018",
  "DwellTime": 3e-06,
  "EchoNumber": 4,
  "EchoTime": 0.06544,
  "EchoTrainLength": 33,
  "EffectiveEchoSpacing": 0.000245,
  "FlipAngle": 75,
  "ImageComments": "Unaliased_MB2_PE4_SENSE1",
  "ImageOrientationPatientDICOM": [
    0.997047,
    0.0762106,
    0.00947145,
    -0.0697203,
    0.949973,
    -0.30445
  ],
  "ImageType": [
    "ORIGINAL",
    "PRIMARY",
    "M",
    "MB",
    "TE4",
    "ND",
    "MOSAIC"
  ],
  "ImagingFrequency": 123.191,
  "InPlanePhaseEncodingDirectionDICOM": "COL",
  "InstitutionAddress": "Washington_Place_6_NYC_NYC_US_10003",
  "InstitutionName": "NYU_Center_for_Brain_Imaging",
  "InstitutionalDepartmentName": "Department",
  "MRAcquisitionType": "2D",
  "MagneticFieldStrength": 3,
  "Manufacturer": "Siemens",
  "ManufacturersModelName": "Prisma",
  "Modality": "MR",
  "MultibandAccelerationFactor": 2,
  "ParallelReductionFactorInPlane": 2,
  "PartialFourier": 1,
  "PatientPosition": "HFS",
  "PercentPhaseFOV": 100,
  "PhaseEncodingDirection": "j-",
  "PhaseEncodingSteps": 67,
  "PhaseResolution": 1,
  "PixelBandwidth": 2450,
  "ProcedureStepDescription": "Investigators_Hartley",
  "ProtocolName": "TASK-pairedAssociates1",
  "PulseSequenceDetails": "%CustomerSeq%_cmrr_mbep2d_bold",
  "ReceiveCoilActiveElements": "HC1-7;NC1,2",
  "ReceiveCoilName": "HeadNeck_64",
  "ReconMatrixPE": 68,
  "RefLinesPE": 24,
  "RepetitionTime": 2,
  "SAR": 0.0550869,
  "ScanOptions": "FS",
  "ScanningSequence": "EP",
  "SequenceName": "epfid2d4_68",
  "SequenceVariant": "SK_SS",
  "SeriesDescription": "TASK-pairedAssociates1",
  "SeriesNumber": 15,
  "ShimSetting": [
    249,
    -12565,
    -8509,
    215,
    -186,
    270,
    230,
    93
  ],
  "SliceThickness": 3,
  "SliceTiming": [
    0,
    0.4475,
    0.8975,
    1.3475,
    1.7975,
    0.2675,
    0.7175,
    1.1675,
    1.6175,
    0.09,
    0.5375,
    0.9875,
    1.4375,
    1.8875,
    0.3575,
    0.8075,
    1.2575,
    1.7075,
    0.18,
    0.6275,
    1.0775,
    1.5275,
    0,
    0.4475,
    0.8975,
    1.3475,
    1.7975,
    0.2675,
    0.7175,
    1.1675,
    1.6175,
    0.09,
    0.5375,
    0.9875,
    1.4375,
    1.8875,
    0.3575,
    0.8075,
    1.2575,
    1.7075,
    0.18,
    0.6275,
    1.0775,
    1.5275
  ],
  "SoftwareVersions": "syngo_MR_E11",
  "SpacingBetweenSlices": 3,
  "StationName": "AWP166018",
  "TotalReadoutTime": 0.016415,
  "TxRefAmp": 196.36,
  "WipMemBlock": "f93476d0-587e-449d-946a-74e047f022b3||Sequence: R016 ve11c/master r/8780670; Nov 27 2017 15:05:12 by eja",
  "NumberOfVolumes": 114
}