{
  "AcquisitionMatrixPE": 68,
  "AcquisitionNumber": 1,
  "AcquisitionTime": "14:34:30.295000",
  "BandwidthPerPixelPhaseEncode": 60.024,
  "BaseResolution": 68,
  "BodyPartExamined": "BRAIN",
  "CoilString": "HC1-7;NC1_2",
  "ConsistencyInfo": "N4_VE11C_LATEST_20160120",
  "ConversionSoftware": "dcm2niix",
  "ConversionSoftwareVersion": "v1.0.20190410  GCC6.3.0",
  "DerivedVendorReportedEchoSpacing": 0.00049,
  "DeviceSerialNumber": "166018",
  "DwellTime": 3e-06,
  "EchoTime": 0.0204,
  "EchoTrainLength": 33,
  "EffectiveEchoSpacing": 0.000245,
  "FlipAngle": 90,
  "ImageComments": "SENSE1",
  "ImageOrientationPatientDICOM": [0.979007, 0.198665, -0.0455821, -0.203456, 0.938985, -0.277331],
  "ImageType": [
    "ORIGINAL",
    "PRIMARY",
    "M",
    "ND",
    "MOSAIC"
],
  "ImagingFrequency": 123.191,
  "InPlanePhaseEncodingDirectionDICOM": "COL",
  "InstitutionAddress": "Washington_Place_6_NYC_NYC_US_10003",
  "InstitutionName": "NYU_-_CBI",
  "InstitutionalDepartmentName": "Department",
  "MRAcquisitionType": "2D",
  "MagneticFieldStrength": 3,
  "Manufacturer": "Siemens",
  "ManufacturersModelName": "Prisma",
  "Modality": "MR",
  "ParallelReductionFactorInPlane": 2,
  "PartialFourier": 1,
  "PatientPosition": "HFS",
  "PercentPhaseFOV": 100,
  "PhaseEncodingDirection": "j-",
  "PhaseEncodingSteps": 67,
  "PhaseResolution": 1,
  "PixelBandwidth": 2450,
  "ProcedureStepDescription": "Investigators_Hartley",
  "ProtocolName": "ME_SE_FieldMap_AP",
  "PulseSequenceDetails": "%CustomerSeq%_cmrr_mbep2d_se",
  "ReceiveCoilActiveElements": "HC1-7;NC1,2",
  "ReceiveCoilName": "HeadNeck_64",
  "ReconMatrixPE": 68,
  "RefLinesPE": 24,
  "RepetitionTime": 1.919,
  "SAR": 0.372595,
  "ScanOptions": "FS",
  "ScanningSequence": "EP",
  "SequenceName": "epse2d1_68",
  "SequenceVariant": "SK",
  "SeriesDescription": "ME_SE_FieldMap_AP",
  "SeriesNumber": 10,
  "ShimSetting": [261, -12667, -8442, 720, -25, -172, -15, 30],
  "SliceThickness": 3,
  "SliceTiming": [0.95, 0, 0.9925, 0.0425, 1.035, 0.0875, 1.08, 0.13, 1.1225, 0.1725, 1.165, 0.215, 1.2075, 0.26, 1.2525, 0.3025, 1.295, 0.345, 1.3375, 0.39, 1.38, 0.4325, 1.425, 0.475, 1.4675, 0.5175, 1.51, 0.5625, 1.555, 0.605, 1.5975, 0.6475, 1.64, 0.69, 1.6825, 0.735, 1.7275, 0.7775, 1.77, 0.82, 1.8125, 0.8625, 1.855, 0.9075],
  "SoftwareVersions": "syngo_MR_E11",
  "SpacingBetweenSlices": 3,
  "StationName": "AWP166018",
  "TotalReadoutTime": 0.016415,
  "TxRefAmp": 198.006,
  "WipMemBlock": "c45ef3fd-2a17-44ab-a7c9-d48f759753dd||Sequence: R016 ve11c/master r/8780670; Nov 27 2017 15:08:10 by eja",
  "dcmmeta_affine": [
    [-2.937021017074585, -0.6103665828704834, 0.036884747445583344, 118.51091003417969],
    [-0.5959935188293457, 2.81695556640625, -0.8423493504524231, -57.113929748535156],
    [-0.1367463916540146, 0.831993579864502, 2.879077434539795, -74.61842346191406],
    [0.0, 0.0, 0.0, 1.0]
],
  "dcmmeta_reorient_transform": [
    [0.0, -1.0, 0.0, 67.0],
    [1.0, 0.0, 0.0, 0.0],
    [0.0, 0.0, 1.0, 0.0],
    [0.0, 0.0, 0.0, 1.0]
],
  "dcmmeta_shape": [68, 68, 44, 3],
  "dcmmeta_slice_dim": 2,
  "dcmmeta_version": 0.6,
  "global": {
    "const": {
      "AccessionNumber": "jumrqu5k",
      "AcquisitionMatrix": [68, 0, 0, 68],
      "AngioFlag": "N",
      "BitsAllocated": 16,
      "BitsStored": 16,
      "BodyPartExamined": "BRAIN",
      "Columns": 476,
      "EchoNumbers": 1,
      "EchoTime": 20.4,
      "EchoTrainLength": 33,
      "FlipAngle": 90.0,
      "HighBit": 15,
      "ImageOrientationPatient": [0.97900698877974, 0.19866450390648, -0.0455821325525, -0.2034555257552, 0.93898522623178, -0.2773311990349],
      "ImagePositionPatient": [-552.25384186477, -827.86373448241, 178.74810321991],
      "ImageType": [
        "ORIGINAL",
        "PRIMARY",
        "M",
        "ND",
        "MOSAIC"
],
      "ImagedNucleus": "1H",
      "ImagingFrequency": 123.191031,
      "InPlanePhaseEncodingDirection": "COL",
      "MRAcquisitionType": "2D",
      "MagneticFieldStrength": 3.0,
      "Manufacturer": "SIEMENS",
      "ManufacturerModelName": "Prisma",
      "Modality": "MR",
      "NumberOfAverages": 1.0,
      "NumberOfPhaseEncodingSteps": 67,
      "PercentPhaseFieldOfView": 100.0,
      "PercentSampling": 100.0,
      "PerformedProcedureStepStartTime": "140608.873000",
      "PhotometricInterpretation": "MONOCHROME2",
      "PixelBandwidth": 2450.0,
      "PixelRepresentation": 0,
      "PixelSpacing": [3.0, 3.0],
      "ProtocolName": "ME_SE_FieldMap_AP",
      "RepetitionTime": 1919.0,
      "Rows": 476,
      "SAR": 0.37259484909443,
      "SamplesPerPixel": 1,
      "ScanOptions": "FS",
      "ScanningSequence": "EP",
      "SequenceName": "epse2d1_68",
      "SequenceVariant": "SK",
      "SeriesDescription": "ME_SE_FieldMap_AP",
      "SeriesNumber": 10,
      "SeriesTime": "143434.159000",
      "SliceLocation": -54.117034452463,
      "SliceThickness": 3.0,
      "SmallestImagePixelValue": 0,
      "SoftwareVersions": "syngo MR E11",
      "SpacingBetweenSlices": 3.0000000784323,
      "SpecificCharacterSet": "ISO_IR 100",
      "StudyID": "1",
      "StudyTime": "140608.760000",
      "TransmitCoilName": "Body",
      "VariableFlipAngleFlag": "N",
      "WindowCenterWidthExplanation": "Algo1",
      "dBdt": 0.0},
    "slices": {}
  },
  "time": {
    "samples": {
      "AcquisitionNumber": [1, 2, 3],
      "AcquisitionTime": ["143430.295000", "143432.212500", "143434.132500"],
      "ContentTime": ["143434.162000", "143434.166000", "143435.920000"],
      "InstanceCreationTime": ["143434.162000", "143434.166000", "143435.920000"],
      "InstanceNumber": [1, 2, 3],
      "LargestImagePixelValue": [38536, 37396, 37704],
      "WindowCenter": [11326.0, 11206.0, 11205.0],
      "WindowWidth": [24338.0, 24063.0, 24073.0]
    },
    "slices": {}
  },
  "IntendedFor": [
    "func/sub-148_task-freq1_acq-normal_run-01_echo-1_bold.nii.gz",
    "func/sub-148_task-freq1_acq-normal_run-01_echo-1_sbref.nii.gz",
    "func/sub-148_task-freq1_acq-normal_run-01_echo-2_bold.nii.gz",
    "func/sub-148_task-freq1_acq-normal_run-01_echo-2_sbref.nii.gz",
    "func/sub-148_task-freq1_acq-normal_run-01_echo-3_bold.nii.gz",
    "func/sub-148_task-freq1_acq-normal_run-01_echo-3_sbref.nii.gz",
    "func/sub-148_task-freq1_acq-normal_run-01_echo-4_bold.nii.gz",
    "func/sub-148_task-freq1_acq-normal_run-01_echo-4_sbref.nii.gz",
    "func/sub-148_task-freq2_acq-normal_run-01_echo-1_bold.nii.gz",
    "func/sub-148_task-freq2_acq-normal_run-01_echo-1_sbref.nii.gz",
    "func/sub-148_task-freq2_acq-normal_run-01_echo-2_bold.nii.gz",
    "func/sub-148_task-freq2_acq-normal_run-01_echo-2_sbref.nii.gz",
    "func/sub-148_task-freq2_acq-normal_run-01_echo-3_bold.nii.gz",
    "func/sub-148_task-freq2_acq-normal_run-01_echo-3_sbref.nii.gz",
    "func/sub-148_task-freq2_acq-normal_run-01_echo-4_bold.nii.gz",
    "func/sub-148_task-freq2_acq-normal_run-01_echo-4_sbref.nii.gz",
    "func/sub-148_task-freqreports1_acq-normal_run-01_echo-1_bold.nii.gz",
    "func/sub-148_task-freqreports1_acq-normal_run-01_echo-1_sbref.nii.gz",
    "func/sub-148_task-freqreports1_acq-normal_run-01_echo-2_bold.nii.gz",
    "func/sub-148_task-freqreports1_acq-normal_run-01_echo-2_sbref.nii.gz",
    "func/sub-148_task-freqreports1_acq-normal_run-01_echo-3_bold.nii.gz",
    "func/sub-148_task-freqreports1_acq-normal_run-01_echo-3_sbref.nii.gz",
    "func/sub-148_task-freqreports1_acq-normal_run-01_echo-4_bold.nii.gz",
    "func/sub-148_task-freqreports1_acq-normal_run-01_echo-4_sbref.nii.gz",
    "func/sub-148_task-freqreports2_acq-normal_run-01_echo-1_bold.nii.gz",
    "func/sub-148_task-freqreports2_acq-normal_run-01_echo-1_sbref.nii.gz",
    "func/sub-148_task-freqreports2_acq-normal_run-01_echo-2_bold.nii.gz",
    "func/sub-148_task-freqreports2_acq-normal_run-01_echo-2_sbref.nii.gz",
    "func/sub-148_task-freqreports2_acq-normal_run-01_echo-3_bold.nii.gz",
    "func/sub-148_task-freqreports2_acq-normal_run-01_echo-3_sbref.nii.gz",
    "func/sub-148_task-freqreports2_acq-normal_run-01_echo-4_bold.nii.gz",
    "func/sub-148_task-freqreports2_acq-normal_run-01_echo-4_sbref.nii.gz",
    "func/sub-148_task-memtest1_acq-normal_run-01_echo-1_bold.nii.gz",
    "func/sub-148_task-memtest1_acq-normal_run-01_echo-1_sbref.nii.gz",
    "func/sub-148_task-memtest1_acq-normal_run-01_echo-2_bold.nii.gz",
    "func/sub-148_task-memtest1_acq-normal_run-01_echo-2_sbref.nii.gz",
    "func/sub-148_task-memtest1_acq-normal_run-01_echo-3_bold.nii.gz",
    "func/sub-148_task-memtest1_acq-normal_run-01_echo-3_sbref.nii.gz",
    "func/sub-148_task-memtest1_acq-normal_run-01_echo-4_bold.nii.gz",
    "func/sub-148_task-memtest1_acq-normal_run-01_echo-4_sbref.nii.gz",
    "func/sub-148_task-memtest2_acq-normal_run-01_echo-1_bold.nii.gz",
    "func/sub-148_task-memtest2_acq-normal_run-01_echo-1_sbref.nii.gz",
    "func/sub-148_task-memtest2_acq-normal_run-01_echo-2_bold.nii.gz",
    "func/sub-148_task-memtest2_acq-normal_run-01_echo-2_sbref.nii.gz",
    "func/sub-148_task-memtest2_acq-normal_run-01_echo-3_bold.nii.gz",
    "func/sub-148_task-memtest2_acq-normal_run-01_echo-3_sbref.nii.gz",
    "func/sub-148_task-memtest2_acq-normal_run-01_echo-4_bold.nii.gz",
    "func/sub-148_task-memtest2_acq-normal_run-01_echo-4_sbref.nii.gz",
    "func/sub-148_task-pairedassociates1_acq-normal_run-01_echo-1_bold.nii.gz",
    "func/sub-148_task-pairedassociates1_acq-normal_run-01_echo-1_sbref.nii.gz",
    "func/sub-148_task-pairedassociates1_acq-normal_run-01_echo-2_bold.nii.gz",
    "func/sub-148_task-pairedassociates1_acq-normal_run-01_echo-2_sbref.nii.gz",
    "func/sub-148_task-pairedassociates1_acq-normal_run-01_echo-3_bold.nii.gz",
    "func/sub-148_task-pairedassociates1_acq-normal_run-01_echo-3_sbref.nii.gz",
    "func/sub-148_task-pairedassociates1_acq-normal_run-01_echo-4_bold.nii.gz",
    "func/sub-148_task-pairedassociates1_acq-normal_run-01_echo-4_sbref.nii.gz",
    "func/sub-148_task-pairedassociates2_acq-normal_run-01_echo-1_bold.nii.gz",
    "func/sub-148_task-pairedassociates2_acq-normal_run-01_echo-1_sbref.nii.gz",
    "func/sub-148_task-pairedassociates2_acq-normal_run-01_echo-2_bold.nii.gz",
    "func/sub-148_task-pairedassociates2_acq-normal_run-01_echo-2_sbref.nii.gz",
    "func/sub-148_task-pairedassociates2_acq-normal_run-01_echo-3_bold.nii.gz",
    "func/sub-148_task-pairedassociates2_acq-normal_run-01_echo-3_sbref.nii.gz",
    "func/sub-148_task-pairedassociates2_acq-normal_run-01_echo-4_bold.nii.gz",
    "func/sub-148_task-pairedassociates2_acq-normal_run-01_echo-4_sbref.nii.gz"
  ]
}