{
  "AcquisitionMatrixPE": 68,
  "AcquisitionNumber": 1,
  "AcquisitionTime": "14:11:19.287500",
  "BandwidthPerPixelPhaseEncode": 60.024,
  "BaseResolution": 68,
  "BodyPartExamined": "BRAIN",
  "CoilString": "HC1-7;NC1_2",
  "ConsistencyInfo": "N4_VE11C_LATEST_20160120",
  "ConversionSoftware": "dcm2niix",
  "ConversionSoftwareVersion": "v1.0.20190410  GCC6.3.0",
  "DerivedVendorReportedEchoSpacing": 0.00049,
  "DeviceSerialNumber": "166018",
  "DwellTime": 3e-06,
  "EchoTime": 0.0204,
  "EchoTrainLength": 33,
  "EffectiveEchoSpacing": 0.000245,
  "FlipAngle": 90,
  "ImageComments": "SENSE1",
  "ImageOrientationPatientDICOM": [0.997317, -0.0318037, -0.0659338, 0.0106183, 0.954017, -0.299565],
  "ImageType": [
    "ORIGINAL",
    "PRIMARY",
    "M",
    "ND",
    "MOSAIC"
],
  "ImagingFrequency": 123.191,
  "InPlanePhaseEncodingDirectionDICOM": "COL",
  "InstitutionAddress": "Washington_Place_6_NYC_NYC_US_10003",
  "InstitutionName": "NYU_-_CBI",
  "InstitutionalDepartmentName": "Department",
  "MRAcquisitionType": "2D",
  "MagneticFieldStrength": 3,
  "Manufacturer": "Siemens",
  "ManufacturersModelName": "Prisma",
  "Modality": "MR",
  "ParallelReductionFactorInPlane": 2,
  "PartialFourier": 1,
  "PatientPosition": "HFS",
  "PercentPhaseFOV": 100,
  "PhaseEncodingDirection": "j-",
  "PhaseEncodingSteps": 67,
  "PhaseResolution": 1,
  "PixelBandwidth": 2450,
  "ProcedureStepDescription": "Investigators_Hartley",
  "ProtocolName": "ME_SE_FieldMap_AP",
  "PulseSequenceDetails": "%CustomerSeq%_cmrr_mbep2d_se",
  "ReceiveCoilActiveElements": "HC1-7;NC1,2",
  "ReceiveCoilName": "HeadNeck_64",
  "ReconMatrixPE": 68,
  "RefLinesPE": 24,
  "RepetitionTime": 1.919,
  "SAR": 0.382843,
  "ScanOptions": "FS",
  "ScanningSequence": "EP",
  "SequenceName": "epse2d1_68",
  "SequenceVariant": "SK",
  "SeriesDescription": "ME_SE_FieldMap_AP",
  "SeriesNumber": 9,
  "ShimSetting": [240, -12641, -8404, 416, 3, -101, 28, 28],
  "SliceThickness": 3,
  "SliceTiming": [0.9475, 0, 0.9925, 0.0425, 1.035, 0.085, 1.0775, 0.1275, 1.12, 0.1725, 1.165, 0.215, 1.2075, 0.2575, 1.25, 0.3025, 1.2925, 0.345, 1.3375, 0.3875, 1.38, 0.43, 1.4225, 0.475, 1.4675, 0.5175, 1.51, 0.56, 1.5525, 0.6025, 1.595, 0.6475, 1.64, 0.69, 1.6825, 0.7325, 1.725, 0.775, 1.7675, 0.82, 1.8125, 0.8625, 1.855, 0.905],
  "SoftwareVersions": "syngo_MR_E11",
  "SpacingBetweenSlices": 3,
  "StationName": "AWP166018",
  "TotalReadoutTime": 0.016415,
  "TxRefAmp": 217.802,
  "WipMemBlock": "eb2d3b63-5c90-41b4-877f-3704e4483afe||Sequence: R016 ve11c/master r/8780670; Nov 27 2017 15:08:10 by eja",
  "dcmmeta_affine": [
    [-2.9919509887695312, 0.031855009496212006, -0.21728767454624176, 107.03302001953125],
    [0.09541120380163193, 2.8620505332946777, -0.894183337688446, -70.84784698486328],
    [-0.1978013515472412, 0.8986948132514954, 2.8553848266601562, -58.12679672241211],
    [0.0, 0.0, 0.0, 1.0]
],
  "dcmmeta_reorient_transform": [
    [0.0, -1.0, 0.0, 67.0],
    [1.0, 0.0, 0.0, 0.0],
    [0.0, 0.0, 1.0, 0.0],
    [0.0, 0.0, 0.0, 1.0]
],
  "dcmmeta_shape": [68, 68, 44, 3],
  "dcmmeta_slice_dim": 2,
  "dcmmeta_version": 0.6,
  "global": {
    "const": {
      "AccessionNumber": "jtvL2f79",
      "AcquisitionMatrix": [68, 0, 0, 68],
      "AngioFlag": "N",
      "BitsAllocated": 16,
      "BitsStored": 16,
      "BodyPartExamined": "BRAIN",
      "Columns": 476,
      "EchoNumbers": 1,
      "EchoTime": 20.4,
      "EchoTrainLength": 33,
      "FlipAngle": 90.0,
      "HighBit": 15,
      "ImageOrientationPatient": [0.99731703000993, -0.0318037355538, -0.0659337853987, 0.01061833711768, 0.95401682320751, -0.2995649377913],
      "ImagePositionPatient": [-726.02375322545, -685.30394036113, 225.77097422192],
      "ImageType": [
        "ORIGINAL",
        "PRIMARY",
        "M",
        "ND",
        "MOSAIC"
],
      "ImagedNucleus": "1H",
      "ImagingFrequency": 123.191026,
      "InPlanePhaseEncodingDirection": "COL",
      "LargestImagePixelValue": 65535,
      "MRAcquisitionType": "2D",
      "MagneticFieldStrength": 3.0,
      "Manufacturer": "SIEMENS",
      "ManufacturerModelName": "Prisma",
      "Modality": "MR",
      "NumberOfAverages": 1.0,
      "NumberOfPhaseEncodingSteps": 67,
      "PercentPhaseFieldOfView": 100.0,
      "PercentSampling": 100.0,
      "PerformedProcedureStepStartTime": "135027.818000",
      "PhotometricInterpretation": "MONOCHROME2",
      "PixelBandwidth": 2450.0,
      "PixelRepresentation": 0,
      "PixelSpacing": [3.0, 3.0],
      "ProtocolName": "ME_SE_FieldMap_AP",
      "RepetitionTime": 1919.0,
      "Rows": 476,
      "SAR": 0.38284348551527,
      "SamplesPerPixel": 1,
      "ScanOptions": "FS",
      "ScanningSequence": "EP",
      "SequenceName": "epse2d1_68",
      "SequenceVariant": "SK",
      "SeriesDescription": "ME_SE_FieldMap_AP",
      "SeriesNumber": 9,
      "SeriesTime": "141126.310000",
      "SliceLocation": -41.960120435183,
      "SliceThickness": 3.0,
      "SmallestImagePixelValue": 0,
      "SoftwareVersions": "syngo MR E11",
      "SpacingBetweenSlices": 3.0000000471182,
      "SpecificCharacterSet": "ISO_IR 100",
      "StudyID": "1",
      "StudyTime": "135027.696000",
      "TransmitCoilName": "Body",
      "VariableFlipAngleFlag": "N",
      "WindowCenterWidthExplanation": "Algo1",
      "dBdt": 0.0},
    "slices": {}
  },
  "time": {
    "samples": {
      "AcquisitionNumber": [1, 2, 3],
      "AcquisitionTime": ["141119.287500", "141121.207500", "141123.127500"],
      "ContentTime": ["141126.315000", "141126.320000", "141126.325000"],
      "InstanceCreationTime": ["141126.315000", "141126.320000", "141126.325000"],
      "InstanceNumber": [1, 2, 3],
      "WindowCenter": [13327.0, 13279.0, 13299.0],
      "WindowWidth": [28343.0, 28258.0, 28314.0]
    },
    "slices": {}
  },
  "IntendedFor": [
    "func/sub-132_task-freq1_acq-normal_run-01_echo-1_bold.nii.gz",
    "func/sub-132_task-freq1_acq-normal_run-01_echo-1_sbref.nii.gz",
    "func/sub-132_task-freq1_acq-normal_run-01_echo-2_bold.nii.gz",
    "func/sub-132_task-freq1_acq-normal_run-01_echo-2_sbref.nii.gz",
    "func/sub-132_task-freq1_acq-normal_run-01_echo-3_bold.nii.gz",
    "func/sub-132_task-freq1_acq-normal_run-01_echo-3_sbref.nii.gz",
    "func/sub-132_task-freq1_acq-normal_run-01_echo-4_bold.nii.gz",
    "func/sub-132_task-freq1_acq-normal_run-01_echo-4_sbref.nii.gz",
    "func/sub-132_task-freq2_acq-normal_run-01_echo-1_bold.nii.gz",
    "func/sub-132_task-freq2_acq-normal_run-01_echo-1_sbref.nii.gz",
    "func/sub-132_task-freq2_acq-normal_run-01_echo-2_bold.nii.gz",
    "func/sub-132_task-freq2_acq-normal_run-01_echo-2_sbref.nii.gz",
    "func/sub-132_task-freq2_acq-normal_run-01_echo-3_bold.nii.gz",
    "func/sub-132_task-freq2_acq-normal_run-01_echo-3_sbref.nii.gz",
    "func/sub-132_task-freq2_acq-normal_run-01_echo-4_bold.nii.gz",
    "func/sub-132_task-freq2_acq-normal_run-01_echo-4_sbref.nii.gz",
    "func/sub-132_task-freqreports1_acq-normal_run-01_echo-1_bold.nii.gz",
    "func/sub-132_task-freqreports1_acq-normal_run-01_echo-1_sbref.nii.gz",
    "func/sub-132_task-freqreports1_acq-normal_run-01_echo-2_bold.nii.gz",
    "func/sub-132_task-freqreports1_acq-normal_run-01_echo-2_sbref.nii.gz",
    "func/sub-132_task-freqreports1_acq-normal_run-01_echo-3_bold.nii.gz",
    "func/sub-132_task-freqreports1_acq-normal_run-01_echo-3_sbref.nii.gz",
    "func/sub-132_task-freqreports1_acq-normal_run-01_echo-4_bold.nii.gz",
    "func/sub-132_task-freqreports1_acq-normal_run-01_echo-4_sbref.nii.gz",
    "func/sub-132_task-freqreports2_acq-normal_run-01_echo-1_bold.nii.gz",
    "func/sub-132_task-freqreports2_acq-normal_run-01_echo-1_sbref.nii.gz",
    "func/sub-132_task-freqreports2_acq-normal_run-01_echo-2_bold.nii.gz",
    "func/sub-132_task-freqreports2_acq-normal_run-01_echo-2_sbref.nii.gz",
    "func/sub-132_task-freqreports2_acq-normal_run-01_echo-3_bold.nii.gz",
    "func/sub-132_task-freqreports2_acq-normal_run-01_echo-3_sbref.nii.gz",
    "func/sub-132_task-freqreports2_acq-normal_run-01_echo-4_bold.nii.gz",
    "func/sub-132_task-freqreports2_acq-normal_run-01_echo-4_sbref.nii.gz",
    "func/sub-132_task-memtest1_acq-normal_run-01_echo-1_bold.nii.gz",
    "func/sub-132_task-memtest1_acq-normal_run-01_echo-1_sbref.nii.gz",
    "func/sub-132_task-memtest1_acq-normal_run-01_echo-2_bold.nii.gz",
    "func/sub-132_task-memtest1_acq-normal_run-01_echo-2_sbref.nii.gz",
    "func/sub-132_task-memtest1_acq-normal_run-01_echo-3_bold.nii.gz",
    "func/sub-132_task-memtest1_acq-normal_run-01_echo-3_sbref.nii.gz",
    "func/sub-132_task-memtest1_acq-normal_run-01_echo-4_bold.nii.gz",
    "func/sub-132_task-memtest1_acq-normal_run-01_echo-4_sbref.nii.gz",
    "func/sub-132_task-memtest2_acq-normal_run-01_echo-1_bold.nii.gz",
    "func/sub-132_task-memtest2_acq-normal_run-01_echo-1_sbref.nii.gz",
    "func/sub-132_task-memtest2_acq-normal_run-01_echo-2_bold.nii.gz",
    "func/sub-132_task-memtest2_acq-normal_run-01_echo-2_sbref.nii.gz",
    "func/sub-132_task-memtest2_acq-normal_run-01_echo-3_bold.nii.gz",
    "func/sub-132_task-memtest2_acq-normal_run-01_echo-3_sbref.nii.gz",
    "func/sub-132_task-memtest2_acq-normal_run-01_echo-4_bold.nii.gz",
    "func/sub-132_task-memtest2_acq-normal_run-01_echo-4_sbref.nii.gz",
    "func/sub-132_task-pairedassociates1_acq-normal_run-01_echo-1_bold.nii.gz",
    "func/sub-132_task-pairedassociates1_acq-normal_run-01_echo-1_sbref.nii.gz",
    "func/sub-132_task-pairedassociates1_acq-normal_run-01_echo-2_bold.nii.gz",
    "func/sub-132_task-pairedassociates1_acq-normal_run-01_echo-2_sbref.nii.gz",
    "func/sub-132_task-pairedassociates1_acq-normal_run-01_echo-3_bold.nii.gz",
    "func/sub-132_task-pairedassociates1_acq-normal_run-01_echo-3_sbref.nii.gz",
    "func/sub-132_task-pairedassociates1_acq-normal_run-01_echo-4_bold.nii.gz",
    "func/sub-132_task-pairedassociates1_acq-normal_run-01_echo-4_sbref.nii.gz",
    "func/sub-132_task-pairedassociates2_acq-normal_run-01_echo-1_bold.nii.gz",
    "func/sub-132_task-pairedassociates2_acq-normal_run-01_echo-1_sbref.nii.gz",
    "func/sub-132_task-pairedassociates2_acq-normal_run-01_echo-2_bold.nii.gz",
    "func/sub-132_task-pairedassociates2_acq-normal_run-01_echo-2_sbref.nii.gz",
    "func/sub-132_task-pairedassociates2_acq-normal_run-01_echo-3_bold.nii.gz",
    "func/sub-132_task-pairedassociates2_acq-normal_run-01_echo-3_sbref.nii.gz",
    "func/sub-132_task-pairedassociates2_acq-normal_run-01_echo-4_bold.nii.gz",
    "func/sub-132_task-pairedassociates2_acq-normal_run-01_echo-4_sbref.nii.gz"
  ]
}