{
  "AcquisitionMatrixPE": 68,
  "AcquisitionNumber": 1,
  "AcquisitionTime": "13:26:4.290000",
  "BandwidthPerPixelPhaseEncode": 60.024,
  "BaseResolution": 68,
  "BodyPartExamined": "BRAIN",
  "CoilString": "HC1-7;NC1_2",
  "ConsistencyInfo": "N4_VE11C_LATEST_20160120",
  "ConversionSoftware": "dcm2niix",
  "ConversionSoftwareVersion": "v1.0.20190410  GCC6.3.0",
  "DerivedVendorReportedEchoSpacing": 0.00049,
  "DeviceSerialNumber": "166018",
  "DwellTime": 3e-06,
  "EchoTime": 0.0204,
  "EchoTrainLength": 33,
  "EffectiveEchoSpacing": 0.000245,
  "FlipAngle": 90,
  "ImageComments": "SENSE1",
  "ImageOrientationPatientDICOM": [0.999737, 0.0209507, 0.00933542, -0.0181487, 0.971444, -0.236572],
  "ImageType": [
    "ORIGINAL",
    "PRIMARY",
    "M",
    "ND",
    "MOSAIC"
],
  "ImagingFrequency": 123.191,
  "InPlanePhaseEncodingDirectionDICOM": "COL",
  "InstitutionAddress": "Washington_Place_6_NYC_NYC_US_10003",
  "InstitutionName": "NYU_Center_for_Brain_Imaging",
  "InstitutionalDepartmentName": "Department",
  "MRAcquisitionType": "2D",
  "MagneticFieldStrength": 3,
  "Manufacturer": "Siemens",
  "ManufacturersModelName": "Prisma",
  "Modality": "MR",
  "ParallelReductionFactorInPlane": 2,
  "PartialFourier": 1,
  "PatientPosition": "HFS",
  "PercentPhaseFOV": 100,
  "PhaseEncodingDirection": "j-",
  "PhaseEncodingSteps": 67,
  "PhaseResolution": 1,
  "PixelBandwidth": 2450,
  "ProcedureStepDescription": "Investigators_Hartley",
  "ProtocolName": "ME_SE_FieldMap_AP",
  "PulseSequenceDetails": "%CustomerSeq%_cmrr_mbep2d_se",
  "ReceiveCoilActiveElements": "HC1-7;NC1,2",
  "ReceiveCoilName": "HeadNeck_64",
  "ReconMatrixPE": 68,
  "RefLinesPE": 24,
  "RepetitionTime": 1.919,
  "SAR": 0.44269,
  "ScanOptions": "FS",
  "ScanningSequence": "EP",
  "SequenceName": "epse2d1_68",
  "SequenceVariant": "SK",
  "SeriesDescription": "ME_SE_FieldMap_AP",
  "SeriesNumber": 10,
  "ShimSetting": [270, -12656, -8401, 712, -123, -89, 161, 13],
  "SliceThickness": 3,
  "SliceTiming": [0.95, 0, 0.9925, 0.045, 1.0375, 0.0875, 1.08, 0.13, 1.1225, 0.1725, 1.165, 0.2175, 1.21, 0.26, 1.2525, 0.3025, 1.295, 0.345, 1.3375, 0.39, 1.3825, 0.4325, 1.425, 0.475, 1.4675, 0.52, 1.5125, 0.5625, 1.555, 0.605, 1.5975, 0.6475, 1.64, 0.6925, 1.685, 0.735, 1.7275, 0.7775, 1.77, 0.82, 1.8125, 0.865, 1.8575, 0.9075],
  "SoftwareVersions": "syngo_MR_E11",
  "SpacingBetweenSlices": 3,
  "StationName": "AWP166018",
  "TotalReadoutTime": 0.016415,
  "TxRefAmp": 200.043,
  "WipMemBlock": "b2a7193a-8e46-4326-9cb2-ad860accf093||Sequence: R016 ve11c/master r/8780670; Nov 27 2017 15:08:10 by eja",
  "dcmmeta_affine": [
    [-2.999210834503174, -0.05444604158401489, 0.04207554832100868, 105.08966064453125],
    [-0.06285198777914047, 2.9143333435058594, -0.7090205550193787, -75.13390350341797],
    [0.02800627052783966, 0.7097155451774597, 2.9147074222564697, -73.79286193847656],
    [0.0, 0.0, 0.0, 1.0]
],
  "dcmmeta_reorient_transform": [
    [0.0, -1.0, 0.0, 67.0],
    [1.0, 0.0, 0.0, 0.0],
    [0.0, 0.0, 1.0, 0.0],
    [0.0, 0.0, 0.0, 1.0]
],
  "dcmmeta_shape": [68, 68, 44, 3],
  "dcmmeta_slice_dim": 2,
  "dcmmeta_version": 0.6,
  "global": {
    "const": {
      "AccessionNumber": "juo19md7",
      "AcquisitionMatrix": [68, 0, 0, 68],
      "AngioFlag": "N",
      "BitsAllocated": 16,
      "BitsStored": 16,
      "BodyPartExamined": "BRAIN",
      "Columns": 476,
      "EchoNumbers": 1,
      "EchoTime": 20.4,
      "EchoTrainLength": 33,
      "FlipAngle": 90.0,
      "HighBit": 15,
      "ImageOrientationPatient": [0.99973692522104, 0.02095066143553, 0.00933542366419, -0.0181486805707, 0.97144448507134, -0.2365718449394],
      "ImagePositionPatient": [-702.17378416902, -727.47226854755, 112.82677228927],
      "ImageType": [
        "ORIGINAL",
        "PRIMARY",
        "M",
        "ND",
        "MOSAIC"
],
      "ImagedNucleus": "1H",
      "ImagingFrequency": 123.19107,
      "InPlanePhaseEncodingDirection": "COL",
      "MRAcquisitionType": "2D",
      "MagneticFieldStrength": 3.0,
      "Manufacturer": "SIEMENS",
      "ManufacturerModelName": "Prisma",
      "Modality": "MR",
      "NumberOfAverages": 1.0,
      "NumberOfPhaseEncodingSteps": 67,
      "PercentPhaseFieldOfView": 100.0,
      "PercentSampling": 100.0,
      "PerformedProcedureStepStartTime": "130102.131000",
      "PhotometricInterpretation": "MONOCHROME2",
      "PixelBandwidth": 2450.0,
      "PixelRepresentation": 0,
      "PixelSpacing": [3.0, 3.0],
      "ProtocolName": "ME_SE_FieldMap_AP",
      "RepetitionTime": 1919.0,
      "Rows": 476,
      "SAR": 0.44268952781438,
      "SamplesPerPixel": 1,
      "ScanOptions": "FS",
      "ScanningSequence": "EP",
      "SequenceName": "epse2d1_68",
      "SequenceVariant": "SK",
      "SeriesDescription": "ME_SE_FieldMap_AP",
      "SeriesNumber": 10,
      "SeriesTime": "132608.276000",
      "SliceLocation": -52.463802619198,
      "SliceThickness": 3.0,
      "SmallestImagePixelValue": 0,
      "SoftwareVersions": "syngo MR E11",
      "SpacingBetweenSlices": 3.0000000928594,
      "SpecificCharacterSet": "ISO_IR 100",
      "StudyID": "1",
      "StudyTime": "130102.035000",
      "TransmitCoilName": "Body",
      "VariableFlipAngleFlag": "N",
      "WindowCenterWidthExplanation": "Algo1",
      "dBdt": 0.0},
    "slices": {}
  },
  "time": {
    "samples": {
      "AcquisitionNumber": [1, 2, 3],
      "AcquisitionTime": ["132604.290000", "132606.210000", "132608.127500"],
      "ContentTime": ["132608.279000", "132608.283000", "132610.025000"],
      "InstanceCreationTime": ["132608.279000", "132608.283000", "132610.025000"],
      "InstanceNumber": [1, 2, 3],
      "LargestImagePixelValue": [41475, 40594, 41202],
      "WindowCenter": [11256.0, 11123.0, 11146.0],
      "WindowWidth": [24099.0, 23791.0, 23841.0]
    },
    "slices": {}
  },
  "IntendedFor": [
    "func/sub-153_task-freq1_acq-normal_run-01_echo-1_bold.nii.gz",
    "func/sub-153_task-freq1_acq-normal_run-01_echo-1_sbref.nii.gz",
    "func/sub-153_task-freq1_acq-normal_run-01_echo-2_bold.nii.gz",
    "func/sub-153_task-freq1_acq-normal_run-01_echo-2_sbref.nii.gz",
    "func/sub-153_task-freq1_acq-normal_run-01_echo-3_bold.nii.gz",
    "func/sub-153_task-freq1_acq-normal_run-01_echo-3_sbref.nii.gz",
    "func/sub-153_task-freq1_acq-normal_run-01_echo-4_bold.nii.gz",
    "func/sub-153_task-freq1_acq-normal_run-01_echo-4_sbref.nii.gz",
    "func/sub-153_task-freq2_acq-normal_run-01_echo-1_bold.nii.gz",
    "func/sub-153_task-freq2_acq-normal_run-01_echo-1_sbref.nii.gz",
    "func/sub-153_task-freq2_acq-normal_run-01_echo-2_bold.nii.gz",
    "func/sub-153_task-freq2_acq-normal_run-01_echo-2_sbref.nii.gz",
    "func/sub-153_task-freq2_acq-normal_run-01_echo-3_bold.nii.gz",
    "func/sub-153_task-freq2_acq-normal_run-01_echo-3_sbref.nii.gz",
    "func/sub-153_task-freq2_acq-normal_run-01_echo-4_bold.nii.gz",
    "func/sub-153_task-freq2_acq-normal_run-01_echo-4_sbref.nii.gz",
    "func/sub-153_task-freqreports1_acq-normal_run-01_echo-1_bold.nii.gz",
    "func/sub-153_task-freqreports1_acq-normal_run-01_echo-1_sbref.nii.gz",
    "func/sub-153_task-freqreports1_acq-normal_run-01_echo-2_bold.nii.gz",
    "func/sub-153_task-freqreports1_acq-normal_run-01_echo-2_sbref.nii.gz",
    "func/sub-153_task-freqreports1_acq-normal_run-01_echo-3_bold.nii.gz",
    "func/sub-153_task-freqreports1_acq-normal_run-01_echo-3_sbref.nii.gz",
    "func/sub-153_task-freqreports1_acq-normal_run-01_echo-4_bold.nii.gz",
    "func/sub-153_task-freqreports1_acq-normal_run-01_echo-4_sbref.nii.gz",
    "func/sub-153_task-freqreports2_acq-normal_run-01_echo-1_bold.nii.gz",
    "func/sub-153_task-freqreports2_acq-normal_run-01_echo-1_sbref.nii.gz",
    "func/sub-153_task-freqreports2_acq-normal_run-01_echo-2_bold.nii.gz",
    "func/sub-153_task-freqreports2_acq-normal_run-01_echo-2_sbref.nii.gz",
    "func/sub-153_task-freqreports2_acq-normal_run-01_echo-3_bold.nii.gz",
    "func/sub-153_task-freqreports2_acq-normal_run-01_echo-3_sbref.nii.gz",
    "func/sub-153_task-freqreports2_acq-normal_run-01_echo-4_bold.nii.gz",
    "func/sub-153_task-freqreports2_acq-normal_run-01_echo-4_sbref.nii.gz",
    "func/sub-153_task-memtest1_acq-normal_run-01_echo-1_bold.nii.gz",
    "func/sub-153_task-memtest1_acq-normal_run-01_echo-1_sbref.nii.gz",
    "func/sub-153_task-memtest1_acq-normal_run-01_echo-2_bold.nii.gz",
    "func/sub-153_task-memtest1_acq-normal_run-01_echo-2_sbref.nii.gz",
    "func/sub-153_task-memtest1_acq-normal_run-01_echo-3_bold.nii.gz",
    "func/sub-153_task-memtest1_acq-normal_run-01_echo-3_sbref.nii.gz",
    "func/sub-153_task-memtest1_acq-normal_run-01_echo-4_bold.nii.gz",
    "func/sub-153_task-memtest1_acq-normal_run-01_echo-4_sbref.nii.gz",
    "func/sub-153_task-memtest2_acq-normal_run-01_echo-1_bold.nii.gz",
    "func/sub-153_task-memtest2_acq-normal_run-01_echo-1_sbref.nii.gz",
    "func/sub-153_task-memtest2_acq-normal_run-01_echo-2_bold.nii.gz",
    "func/sub-153_task-memtest2_acq-normal_run-01_echo-2_sbref.nii.gz",
    "func/sub-153_task-memtest2_acq-normal_run-01_echo-3_bold.nii.gz",
    "func/sub-153_task-memtest2_acq-normal_run-01_echo-3_sbref.nii.gz",
    "func/sub-153_task-memtest2_acq-normal_run-01_echo-4_bold.nii.gz",
    "func/sub-153_task-memtest2_acq-normal_run-01_echo-4_sbref.nii.gz",
    "func/sub-153_task-pairedassociates1_acq-normal_run-01_echo-1_bold.nii.gz",
    "func/sub-153_task-pairedassociates1_acq-normal_run-01_echo-1_sbref.nii.gz",
    "func/sub-153_task-pairedassociates1_acq-normal_run-01_echo-2_bold.nii.gz",
    "func/sub-153_task-pairedassociates1_acq-normal_run-01_echo-2_sbref.nii.gz",
    "func/sub-153_task-pairedassociates1_acq-normal_run-01_echo-3_bold.nii.gz",
    "func/sub-153_task-pairedassociates1_acq-normal_run-01_echo-3_sbref.nii.gz",
    "func/sub-153_task-pairedassociates1_acq-normal_run-01_echo-4_bold.nii.gz",
    "func/sub-153_task-pairedassociates1_acq-normal_run-01_echo-4_sbref.nii.gz",
    "func/sub-153_task-pairedassociates2_acq-normal_run-01_echo-1_bold.nii.gz",
    "func/sub-153_task-pairedassociates2_acq-normal_run-01_echo-1_sbref.nii.gz",
    "func/sub-153_task-pairedassociates2_acq-normal_run-01_echo-2_bold.nii.gz",
    "func/sub-153_task-pairedassociates2_acq-normal_run-01_echo-2_sbref.nii.gz",
    "func/sub-153_task-pairedassociates2_acq-normal_run-01_echo-3_bold.nii.gz",
    "func/sub-153_task-pairedassociates2_acq-normal_run-01_echo-3_sbref.nii.gz",
    "func/sub-153_task-pairedassociates2_acq-normal_run-01_echo-4_bold.nii.gz",
    "func/sub-153_task-pairedassociates2_acq-normal_run-01_echo-4_sbref.nii.gz"
  ]
}