{
  "AcquisitionMatrixPE": 68,
  "AcquisitionNumber": 1,
  "AcquisitionTime": "10:23:19.260000",
  "BandwidthPerPixelPhaseEncode": 60.024,
  "BaseResolution": 68,
  "BodyPartExamined": "BRAIN",
  "CoilString": "HC1-7;NC1_2",
  "ConsistencyInfo": "N4_VE11C_LATEST_20160120",
  "ConversionSoftware": "dcm2niix",
  "ConversionSoftwareVersion": "v1.0.20190410  GCC6.3.0",
  "DerivedVendorReportedEchoSpacing": 0.00049,
  "DeviceSerialNumber": "166018",
  "DwellTime": 3e-06,
  "EchoTime": 0.0204,
  "EchoTrainLength": 33,
  "EffectiveEchoSpacing": 0.000245,
  "FlipAngle": 90,
  "ImageComments": "SENSE1",
  "ImageOrientationPatientDICOM": [0.998022, 0.0422167, -0.0465858, -0.0591186, 0.882298, -0.466964],
  "ImageType": [
    "ORIGINAL",
    "PRIMARY",
    "M",
    "ND",
    "MOSAIC"
],
  "ImagingFrequency": 123.191,
  "InPlanePhaseEncodingDirectionDICOM": "COL",
  "InstitutionAddress": "Washington_Place_6_NYC_NYC_US_10003",
  "InstitutionName": "NYU_Center_for_Brain_Imaging",
  "InstitutionalDepartmentName": "Department",
  "MRAcquisitionType": "2D",
  "MagneticFieldStrength": 3,
  "Manufacturer": "Siemens",
  "ManufacturersModelName": "Prisma",
  "Modality": "MR",
  "ParallelReductionFactorInPlane": 2,
  "PartialFourier": 1,
  "PatientPosition": "HFS",
  "PercentPhaseFOV": 100,
  "PhaseEncodingDirection": "j",
  "PhaseEncodingSteps": 67,
  "PhaseResolution": 1,
  "PixelBandwidth": 2450,
  "ProcedureStepDescription": "Investigators_Hartley",
  "ProtocolName": "ME_SE_FieldMap_PA",
  "PulseSequenceDetails": "%CustomerSeq%_cmrr_mbep2d_se",
  "ReceiveCoilActiveElements": "HC1-7;NC1,2",
  "ReceiveCoilName": "HeadNeck_64",
  "ReconMatrixPE": 68,
  "RefLinesPE": 24,
  "RepetitionTime": 1.919,
  "SAR": 0.326417,
  "ScanOptions": "FS",
  "ScanningSequence": "EP",
  "SequenceName": "epse2d1_68",
  "SequenceVariant": "SK",
  "SeriesDescription": "ME_SE_FieldMap_PA",
  "SeriesNumber": 10,
  "ShimSetting": [257, -12655, -8383, 603, 16, -70, 24, -25],
  "SliceThickness": 3,
  "SliceTiming": [0.95, 0, 0.9925, 0.0425, 1.035, 0.0875, 1.08, 0.13, 1.1225, 0.1725, 1.165, 0.2175, 1.2075, 0.26, 1.2525, 0.3025, 1.295, 0.345, 1.3375, 0.39, 1.3825, 0.4325, 1.425, 0.475, 1.4675, 0.5175, 1.51, 0.5625, 1.555, 0.605, 1.5975, 0.6475, 1.64, 0.69, 1.6825, 0.735, 1.7275, 0.7775, 1.77, 0.82, 1.8125, 0.8625, 1.855, 0.9075],
  "SoftwareVersions": "syngo_MR_E11",
  "SpacingBetweenSlices": 3,
  "StationName": "AWP166018",
  "TotalReadoutTime": 0.016415,
  "TxRefAmp": 211.136,
  "WipMemBlock": "7065f921-80e8-4ba2-9d70-107c400581e6||Sequence: R016 ve11c/master r/8780670; Nov 27 2017 15:08:10 by eja",
  "dcmmeta_affine": [
    [-2.994065284729004, -0.17735572159290314, -0.06416663527488708, 108.92831420898438],
    [-0.12665016949176788, 2.6468937397003174, -1.4063830375671387, -54.85850143432617],
    [-0.1397574543952942, 1.4008920192718506, 2.6491448879241943, -81.27424621582031],
    [0.0, 0.0, 0.0, 1.0]
],
  "dcmmeta_reorient_transform": [
    [0.0, -1.0, 0.0, 67.0],
    [1.0, 0.0, 0.0, 0.0],
    [0.0, 0.0, 1.0, 0.0],
    [0.0, 0.0, 0.0, 1.0]
],
  "dcmmeta_shape": [68, 68, 44, 3],
  "dcmmeta_slice_dim": 2,
  "dcmmeta_version": 0.6,
  "global": {
    "const": {
      "AccessionNumber": "jyota31z",
      "AcquisitionMatrix": [68, 0, 0, 68],
      "AngioFlag": "N",
      "BitsAllocated": 16,
      "BitsStored": 16,
      "BodyPartExamined": "BRAIN",
      "Columns": 476,
      "EchoNumbers": 1,
      "EchoTime": 20.4,
      "EchoTrainLength": 33,
      "FlipAngle": 90.0,
      "HighBit": 15,
      "ImageOrientationPatient": [0.99802179833434, 0.04221672226888, -0.0465858176955, -0.0591185746419, 0.8822979135075, -0.466964009269],
      "ImagePositionPatient": [-671.65425702967, -688.28633606799, 326.87801044314],
      "ImageType": [
        "ORIGINAL",
        "PRIMARY",
        "M",
        "ND",
        "MOSAIC"
],
      "ImagedNucleus": "1H",
      "ImagingFrequency": 123.190989,
      "InPlanePhaseEncodingDirection": "COL",
      "MRAcquisitionType": "2D",
      "MagneticFieldStrength": 3.0,
      "Manufacturer": "SIEMENS",
      "ManufacturerModelName": "Prisma",
      "Modality": "MR",
      "NumberOfAverages": 1.0,
      "NumberOfPhaseEncodingSteps": 67,
      "PercentPhaseFieldOfView": 100.0,
      "PercentSampling": 100.0,
      "PerformedProcedureStepStartTime": "100226.718000",
      "PhotometricInterpretation": "MONOCHROME2",
      "PixelBandwidth": 2450.0,
      "PixelRepresentation": 0,
      "PixelSpacing": [3.0, 3.0],
      "ProtocolName": "ME_SE_FieldMap_PA",
      "RepetitionTime": 1919.0,
      "Rows": 476,
      "SAR": 0.32641733092951,
      "SamplesPerPixel": 1,
      "ScanOptions": "FS",
      "ScanningSequence": "EP",
      "SequenceName": "epse2d1_68",
      "SequenceVariant": "SK",
      "SeriesDescription": "ME_SE_FieldMap_PA",
      "SeriesNumber": 10,
      "SeriesTime": "102324.467000",
      "SliceLocation": -48.381590570266,
      "SliceThickness": 3.0,
      "SmallestImagePixelValue": 0,
      "SoftwareVersions": "syngo MR E11",
      "SpacingBetweenSlices": 2.9999999604035,
      "SpecificCharacterSet": "ISO_IR 100",
      "StudyID": "1",
      "StudyTime": "100226.604000",
      "TransmitCoilName": "Body",
      "VariableFlipAngleFlag": "N",
      "WindowCenterWidthExplanation": "Algo1",
      "dBdt": 0.0},
    "slices": {}
  },
  "time": {
    "samples": {
      "AcquisitionNumber": [1, 2, 3],
      "AcquisitionTime": ["102319.260000", "102321.180000", "102323.097500"],
      "ContentTime": ["102324.471000", "102324.474000", "102324.477000"],
      "InstanceCreationTime": ["102324.471000", "102324.474000", "102324.477000"],
      "InstanceNumber": [1, 2, 3],
      "LargestImagePixelValue": [63676, 65535, 65535],
      "WindowCenter": [11792.0, 11673.0, 11738.0],
      "WindowWidth": [25200.0, 24942.0, 25108.0]
    },
    "slices": {}
  },
  "IntendedFor": [
    "func/sub-203_task-freq1_acq-normal_run-01_echo-1_bold.nii.gz",
    "func/sub-203_task-freq1_acq-normal_run-01_echo-1_sbref.nii.gz",
    "func/sub-203_task-freq1_acq-normal_run-01_echo-2_bold.nii.gz",
    "func/sub-203_task-freq1_acq-normal_run-01_echo-2_sbref.nii.gz",
    "func/sub-203_task-freq1_acq-normal_run-01_echo-3_bold.nii.gz",
    "func/sub-203_task-freq1_acq-normal_run-01_echo-3_sbref.nii.gz",
    "func/sub-203_task-freq1_acq-normal_run-01_echo-4_bold.nii.gz",
    "func/sub-203_task-freq1_acq-normal_run-01_echo-4_sbref.nii.gz",
    "func/sub-203_task-freq2_acq-normal_run-01_echo-1_bold.nii.gz",
    "func/sub-203_task-freq2_acq-normal_run-01_echo-1_sbref.nii.gz",
    "func/sub-203_task-freq2_acq-normal_run-01_echo-2_bold.nii.gz",
    "func/sub-203_task-freq2_acq-normal_run-01_echo-2_sbref.nii.gz",
    "func/sub-203_task-freq2_acq-normal_run-01_echo-3_bold.nii.gz",
    "func/sub-203_task-freq2_acq-normal_run-01_echo-3_sbref.nii.gz",
    "func/sub-203_task-freq2_acq-normal_run-01_echo-4_bold.nii.gz",
    "func/sub-203_task-freq2_acq-normal_run-01_echo-4_sbref.nii.gz",
    "func/sub-203_task-freqreports1_acq-normal_run-01_echo-1_bold.nii.gz",
    "func/sub-203_task-freqreports1_acq-normal_run-01_echo-1_sbref.nii.gz",
    "func/sub-203_task-freqreports1_acq-normal_run-01_echo-2_bold.nii.gz",
    "func/sub-203_task-freqreports1_acq-normal_run-01_echo-2_sbref.nii.gz",
    "func/sub-203_task-freqreports1_acq-normal_run-01_echo-3_bold.nii.gz",
    "func/sub-203_task-freqreports1_acq-normal_run-01_echo-3_sbref.nii.gz",
    "func/sub-203_task-freqreports1_acq-normal_run-01_echo-4_bold.nii.gz",
    "func/sub-203_task-freqreports1_acq-normal_run-01_echo-4_sbref.nii.gz",
    "func/sub-203_task-freqreports2_acq-normal_run-01_echo-1_bold.nii.gz",
    "func/sub-203_task-freqreports2_acq-normal_run-01_echo-1_sbref.nii.gz",
    "func/sub-203_task-freqreports2_acq-normal_run-01_echo-2_bold.nii.gz",
    "func/sub-203_task-freqreports2_acq-normal_run-01_echo-2_sbref.nii.gz",
    "func/sub-203_task-freqreports2_acq-normal_run-01_echo-3_bold.nii.gz",
    "func/sub-203_task-freqreports2_acq-normal_run-01_echo-3_sbref.nii.gz",
    "func/sub-203_task-freqreports2_acq-normal_run-01_echo-4_bold.nii.gz",
    "func/sub-203_task-freqreports2_acq-normal_run-01_echo-4_sbref.nii.gz",
    "func/sub-203_task-memtest1_acq-normal_run-01_echo-1_bold.nii.gz",
    "func/sub-203_task-memtest1_acq-normal_run-01_echo-1_sbref.nii.gz",
    "func/sub-203_task-memtest1_acq-normal_run-01_echo-2_bold.nii.gz",
    "func/sub-203_task-memtest1_acq-normal_run-01_echo-2_sbref.nii.gz",
    "func/sub-203_task-memtest1_acq-normal_run-01_echo-3_bold.nii.gz",
    "func/sub-203_task-memtest1_acq-normal_run-01_echo-3_sbref.nii.gz",
    "func/sub-203_task-memtest1_acq-normal_run-01_echo-4_bold.nii.gz",
    "func/sub-203_task-memtest1_acq-normal_run-01_echo-4_sbref.nii.gz",
    "func/sub-203_task-memtest2_acq-normal_run-01_echo-1_bold.nii.gz",
    "func/sub-203_task-memtest2_acq-normal_run-01_echo-1_sbref.nii.gz",
    "func/sub-203_task-memtest2_acq-normal_run-01_echo-2_bold.nii.gz",
    "func/sub-203_task-memtest2_acq-normal_run-01_echo-2_sbref.nii.gz",
    "func/sub-203_task-memtest2_acq-normal_run-01_echo-3_bold.nii.gz",
    "func/sub-203_task-memtest2_acq-normal_run-01_echo-3_sbref.nii.gz",
    "func/sub-203_task-memtest2_acq-normal_run-01_echo-4_bold.nii.gz",
    "func/sub-203_task-memtest2_acq-normal_run-01_echo-4_sbref.nii.gz",
    "func/sub-203_task-pairedassociates1_acq-normal_run-01_echo-1_bold.nii.gz",
    "func/sub-203_task-pairedassociates1_acq-normal_run-01_echo-1_sbref.nii.gz",
    "func/sub-203_task-pairedassociates1_acq-normal_run-01_echo-2_bold.nii.gz",
    "func/sub-203_task-pairedassociates1_acq-normal_run-01_echo-2_sbref.nii.gz",
    "func/sub-203_task-pairedassociates1_acq-normal_run-01_echo-3_bold.nii.gz",
    "func/sub-203_task-pairedassociates1_acq-normal_run-01_echo-3_sbref.nii.gz",
    "func/sub-203_task-pairedassociates1_acq-normal_run-01_echo-4_bold.nii.gz",
    "func/sub-203_task-pairedassociates1_acq-normal_run-01_echo-4_sbref.nii.gz",
    "func/sub-203_task-pairedassociates2_acq-normal_run-01_echo-1_bold.nii.gz",
    "func/sub-203_task-pairedassociates2_acq-normal_run-01_echo-1_sbref.nii.gz",
    "func/sub-203_task-pairedassociates2_acq-normal_run-01_echo-2_bold.nii.gz",
    "func/sub-203_task-pairedassociates2_acq-normal_run-01_echo-2_sbref.nii.gz",
    "func/sub-203_task-pairedassociates2_acq-normal_run-01_echo-3_bold.nii.gz",
    "func/sub-203_task-pairedassociates2_acq-normal_run-01_echo-3_sbref.nii.gz",
    "func/sub-203_task-pairedassociates2_acq-normal_run-01_echo-4_bold.nii.gz",
    "func/sub-203_task-pairedassociates2_acq-normal_run-01_echo-4_sbref.nii.gz"
  ]
}