{
  "AcquisitionMatrixPE": 68,
  "AcquisitionNumber": 1,
  "AcquisitionTime": "10:21:44.282500",
  "BandwidthPerPixelPhaseEncode": 60.024,
  "BaseResolution": 68,
  "BodyPartExamined": "BRAIN",
  "CoilString": "HC1-7;NC1_2",
  "ConsistencyInfo": "N4_VE11C_LATEST_20160120",
  "ConversionSoftware": "dcm2niix",
  "ConversionSoftwareVersion": "v1.0.20190410  GCC6.3.0",
  "DerivedVendorReportedEchoSpacing": 0.00049,
  "DeviceSerialNumber": "166018",
  "DwellTime": 3e-06,
  "EchoTime": 0.0204,
  "EchoTrainLength": 33,
  "EffectiveEchoSpacing": 0.000245,
  "FlipAngle": 90,
  "ImageComments": "SENSE1",
  "ImageOrientationPatientDICOM": [0.997732, 0.0600073, 0.0304833, -0.0456558, 0.936175, -0.348556],
  "ImageType": [
    "ORIGINAL",
    "PRIMARY",
    "M",
    "ND",
    "MOSAIC"
],
  "ImagingFrequency": 123.191,
  "InPlanePhaseEncodingDirectionDICOM": "COL",
  "InstitutionAddress": "Washington_Place_6_NYC_NYC_US_10003",
  "InstitutionName": "NYU_Center_for_Brain_Imaging",
  "InstitutionalDepartmentName": "Department",
  "MRAcquisitionType": "2D",
  "MagneticFieldStrength": 3,
  "Manufacturer": "Siemens",
  "ManufacturersModelName": "Prisma",
  "Modality": "MR",
  "ParallelReductionFactorInPlane": 2,
  "PartialFourier": 1,
  "PatientPosition": "HFS",
  "PercentPhaseFOV": 100,
  "PhaseEncodingDirection": "j-",
  "PhaseEncodingSteps": 67,
  "PhaseResolution": 1,
  "PixelBandwidth": 2450,
  "ProcedureStepDescription": "Investigators_Hartley",
  "ProtocolName": "ME_SE_FieldMap_AP",
  "PulseSequenceDetails": "%CustomerSeq%_cmrr_mbep2d_se",
  "ReceiveCoilActiveElements": "HC1-7;NC1,2",
  "ReceiveCoilName": "HeadNeck_64",
  "ReconMatrixPE": 68,
  "RefLinesPE": 24,
  "RepetitionTime": 1.919,
  "SAR": 0.376048,
  "ScanOptions": "FS",
  "ScanningSequence": "EP",
  "SequenceName": "epse2d1_68",
  "SequenceVariant": "SK",
  "SeriesDescription": "ME_SE_FieldMap_AP",
  "SeriesNumber": 9,
  "ShimSetting": [251, -12603, -8453, 319, -10, 38, 22, 84],
  "SliceThickness": 3,
  "SliceTiming": [0.9475, 0, 0.9925, 0.0425, 1.035, 0.085, 1.0775, 0.13, 1.1225, 0.1725, 1.165, 0.215, 1.2075, 0.2575, 1.25, 0.3025, 1.295, 0.345, 1.3375, 0.3875, 1.38, 0.43, 1.4225, 0.475, 1.4675, 0.5175, 1.51, 0.56, 1.5525, 0.6025, 1.595, 0.6475, 1.64, 0.69, 1.6825, 0.7325, 1.725, 0.775, 1.7675, 0.82, 1.8125, 0.8625, 1.855, 0.905],
  "SoftwareVersions": "syngo_MR_E11",
  "SpacingBetweenSlices": 3,
  "StationName": "AWP166018",
  "TotalReadoutTime": 0.016415,
  "TxRefAmp": 218.92,
  "WipMemBlock": "762660df-9c1e-4662-837e-325c62319b38||Sequence: R016 ve11c/master r/8780670; Nov 27 2017 15:08:10 by eja",
  "dcmmeta_affine": [
    [-2.993197202682495, -0.13696731626987457, 0.14836090803146362, 104.4969482421875],
    [-0.1800220012664795, 2.808525800704956, -1.0391221046447754, -56.666465759277344],
    [0.09144988656044006, 1.045668601989746, 2.8103761672973633, -66.02375793457031],
    [0.0, 0.0, 0.0, 1.0]
],
  "dcmmeta_reorient_transform": [
    [0.0, -1.0, 0.0, 67.0],
    [1.0, 0.0, 0.0, 0.0],
    [0.0, 0.0, 1.0, 0.0],
    [0.0, 0.0, 0.0, 1.0]
],
  "dcmmeta_shape": [68, 68, 44, 3],
  "dcmmeta_slice_dim": 2,
  "dcmmeta_version": 0.6,
  "global": {
    "const": {
      "AccessionNumber": "jya8n3hg",
      "AcquisitionMatrix": [68, 0, 0, 68],
      "AngioFlag": "N",
      "BitsAllocated": 16,
      "BitsStored": 16,
      "BodyPartExamined": "BRAIN",
      "Columns": 476,
      "EchoNumbers": 1,
      "EchoTime": 20.4,
      "EchoTrainLength": 33,
      "FlipAngle": 90.0,
      "HighBit": 15,
      "ImageOrientationPatient": [0.99773237320968, 0.06000733350104, 0.03048329666362, -0.045655769985, 0.93617526791782, -0.3485561911745],
      "ImagePositionPatient": [-677.99101996925, -741.1685138419, 198.69664845689],
      "ImageType": [
        "ORIGINAL",
        "PRIMARY",
        "M",
        "ND",
        "MOSAIC"
],
      "ImagedNucleus": "1H",
      "ImagingFrequency": 123.191134,
      "InPlanePhaseEncodingDirection": "COL",
      "MRAcquisitionType": "2D",
      "MagneticFieldStrength": 3.0,
      "Manufacturer": "SIEMENS",
      "ManufacturerModelName": "Prisma",
      "Modality": "MR",
      "NumberOfAverages": 1.0,
      "NumberOfPhaseEncodingSteps": 67,
      "PercentPhaseFieldOfView": 100.0,
      "PercentSampling": 100.0,
      "PerformedProcedureStepStartTime": "095548.202000",
      "PhotometricInterpretation": "MONOCHROME2",
      "PixelBandwidth": 2450.0,
      "PixelRepresentation": 0,
      "PixelSpacing": [3.0, 3.0],
      "ProtocolName": "ME_SE_FieldMap_AP",
      "RepetitionTime": 1919.0,
      "Rows": 476,
      "SAR": 0.376047908118,
      "SamplesPerPixel": 1,
      "ScanOptions": "FS",
      "ScanningSequence": "EP",
      "SequenceName": "epse2d1_68",
      "SequenceVariant": "SK",
      "SeriesDescription": "ME_SE_FieldMap_AP",
      "SeriesNumber": 9,
      "SeriesTime": "102151.551000",
      "SliceLocation": -37.054983055849,
      "SliceThickness": 3.0,
      "SmallestImagePixelValue": 0,
      "SoftwareVersions": "syngo MR E11",
      "SpacingBetweenSlices": 2.999999933016,
      "SpecificCharacterSet": "ISO_IR 100",
      "StudyID": "1",
      "StudyTime": "095548.152000",
      "TransmitCoilName": "Body",
      "VariableFlipAngleFlag": "N",
      "WindowCenterWidthExplanation": "Algo1",
      "dBdt": 0.0},
    "slices": {}
  },
  "time": {
    "samples": {
      "AcquisitionNumber": [1, 2, 3],
      "AcquisitionTime": ["102144.282500", "102146.202500", "102148.122500"],
      "ContentTime": ["102151.557000", "102151.561000", "102151.565000"],
      "InstanceCreationTime": ["102151.557000", "102151.561000", "102151.565000"],
      "InstanceNumber": [1, 2, 3],
      "LargestImagePixelValue": [41825, 41261, 41514],
      "WindowCenter": [10934.0, 10876.0, 10893.0],
      "WindowWidth": [23176.0, 23069.0, 23112.0]
    },
    "slices": {}
  },
  "IntendedFor": [
    "func/sub-193_task-freq1_acq-normal_run-01_echo-1_bold.nii.gz",
    "func/sub-193_task-freq1_acq-normal_run-01_echo-1_sbref.nii.gz",
    "func/sub-193_task-freq1_acq-normal_run-01_echo-2_bold.nii.gz",
    "func/sub-193_task-freq1_acq-normal_run-01_echo-2_sbref.nii.gz",
    "func/sub-193_task-freq1_acq-normal_run-01_echo-3_bold.nii.gz",
    "func/sub-193_task-freq1_acq-normal_run-01_echo-3_sbref.nii.gz",
    "func/sub-193_task-freq1_acq-normal_run-01_echo-4_bold.nii.gz",
    "func/sub-193_task-freq1_acq-normal_run-01_echo-4_sbref.nii.gz",
    "func/sub-193_task-freq2_acq-normal_run-01_echo-1_bold.nii.gz",
    "func/sub-193_task-freq2_acq-normal_run-01_echo-1_sbref.nii.gz",
    "func/sub-193_task-freq2_acq-normal_run-01_echo-2_bold.nii.gz",
    "func/sub-193_task-freq2_acq-normal_run-01_echo-2_sbref.nii.gz",
    "func/sub-193_task-freq2_acq-normal_run-01_echo-3_bold.nii.gz",
    "func/sub-193_task-freq2_acq-normal_run-01_echo-3_sbref.nii.gz",
    "func/sub-193_task-freq2_acq-normal_run-01_echo-4_bold.nii.gz",
    "func/sub-193_task-freq2_acq-normal_run-01_echo-4_sbref.nii.gz",
    "func/sub-193_task-freqreports1_acq-normal_run-01_echo-1_bold.nii.gz",
    "func/sub-193_task-freqreports1_acq-normal_run-01_echo-1_sbref.nii.gz",
    "func/sub-193_task-freqreports1_acq-normal_run-01_echo-2_bold.nii.gz",
    "func/sub-193_task-freqreports1_acq-normal_run-01_echo-2_sbref.nii.gz",
    "func/sub-193_task-freqreports1_acq-normal_run-01_echo-3_bold.nii.gz",
    "func/sub-193_task-freqreports1_acq-normal_run-01_echo-3_sbref.nii.gz",
    "func/sub-193_task-freqreports1_acq-normal_run-01_echo-4_bold.nii.gz",
    "func/sub-193_task-freqreports1_acq-normal_run-01_echo-4_sbref.nii.gz",
    "func/sub-193_task-freqreports2_acq-normal_run-01_echo-1_bold.nii.gz",
    "func/sub-193_task-freqreports2_acq-normal_run-01_echo-1_sbref.nii.gz",
    "func/sub-193_task-freqreports2_acq-normal_run-01_echo-2_bold.nii.gz",
    "func/sub-193_task-freqreports2_acq-normal_run-01_echo-2_sbref.nii.gz",
    "func/sub-193_task-freqreports2_acq-normal_run-01_echo-3_bold.nii.gz",
    "func/sub-193_task-freqreports2_acq-normal_run-01_echo-3_sbref.nii.gz",
    "func/sub-193_task-freqreports2_acq-normal_run-01_echo-4_bold.nii.gz",
    "func/sub-193_task-freqreports2_acq-normal_run-01_echo-4_sbref.nii.gz",
    "func/sub-193_task-memtest1_acq-normal_run-01_echo-1_bold.nii.gz",
    "func/sub-193_task-memtest1_acq-normal_run-01_echo-1_sbref.nii.gz",
    "func/sub-193_task-memtest1_acq-normal_run-01_echo-2_bold.nii.gz",
    "func/sub-193_task-memtest1_acq-normal_run-01_echo-2_sbref.nii.gz",
    "func/sub-193_task-memtest1_acq-normal_run-01_echo-3_bold.nii.gz",
    "func/sub-193_task-memtest1_acq-normal_run-01_echo-3_sbref.nii.gz",
    "func/sub-193_task-memtest1_acq-normal_run-01_echo-4_bold.nii.gz",
    "func/sub-193_task-memtest1_acq-normal_run-01_echo-4_sbref.nii.gz",
    "func/sub-193_task-memtest2_acq-normal_run-01_echo-1_bold.nii.gz",
    "func/sub-193_task-memtest2_acq-normal_run-01_echo-1_sbref.nii.gz",
    "func/sub-193_task-memtest2_acq-normal_run-01_echo-2_bold.nii.gz",
    "func/sub-193_task-memtest2_acq-normal_run-01_echo-2_sbref.nii.gz",
    "func/sub-193_task-memtest2_acq-normal_run-01_echo-3_bold.nii.gz",
    "func/sub-193_task-memtest2_acq-normal_run-01_echo-3_sbref.nii.gz",
    "func/sub-193_task-memtest2_acq-normal_run-01_echo-4_bold.nii.gz",
    "func/sub-193_task-memtest2_acq-normal_run-01_echo-4_sbref.nii.gz",
    "func/sub-193_task-pairedassociates1_acq-normal_run-01_echo-1_bold.nii.gz",
    "func/sub-193_task-pairedassociates1_acq-normal_run-01_echo-1_sbref.nii.gz",
    "func/sub-193_task-pairedassociates1_acq-normal_run-01_echo-2_bold.nii.gz",
    "func/sub-193_task-pairedassociates1_acq-normal_run-01_echo-2_sbref.nii.gz",
    "func/sub-193_task-pairedassociates1_acq-normal_run-01_echo-3_bold.nii.gz",
    "func/sub-193_task-pairedassociates1_acq-normal_run-01_echo-3_sbref.nii.gz",
    "func/sub-193_task-pairedassociates1_acq-normal_run-01_echo-4_bold.nii.gz",
    "func/sub-193_task-pairedassociates1_acq-normal_run-01_echo-4_sbref.nii.gz",
    "func/sub-193_task-pairedassociates2_acq-normal_run-01_echo-1_bold.nii.gz",
    "func/sub-193_task-pairedassociates2_acq-normal_run-01_echo-1_sbref.nii.gz",
    "func/sub-193_task-pairedassociates2_acq-normal_run-01_echo-2_bold.nii.gz",
    "func/sub-193_task-pairedassociates2_acq-normal_run-01_echo-2_sbref.nii.gz",
    "func/sub-193_task-pairedassociates2_acq-normal_run-01_echo-3_bold.nii.gz",
    "func/sub-193_task-pairedassociates2_acq-normal_run-01_echo-3_sbref.nii.gz",
    "func/sub-193_task-pairedassociates2_acq-normal_run-01_echo-4_bold.nii.gz",
    "func/sub-193_task-pairedassociates2_acq-normal_run-01_echo-4_sbref.nii.gz"
  ]
}