{
  "AcquisitionMatrixPE": 68,
  "AcquisitionNumber": 1,
  "AcquisitionTime": "13:27:30.295000",
  "BandwidthPerPixelPhaseEncode": 60.024,
  "BaseResolution": 68,
  "BodyPartExamined": "BRAIN",
  "CoilString": "HC1-7;NC1_2",
  "ConsistencyInfo": "N4_VE11C_LATEST_20160120",
  "ConversionSoftware": "dcm2niix",
  "ConversionSoftwareVersion": "v1.0.20190410  GCC6.3.0",
  "DerivedVendorReportedEchoSpacing": 0.00049,
  "DeviceSerialNumber": "166018",
  "DwellTime": 3e-06,
  "EchoTime": 0.0204,
  "EchoTrainLength": 33,
  "EffectiveEchoSpacing": 0.000245,
  "FlipAngle": 90,
  "ImageComments": "SENSE1",
  "ImageOrientationPatientDICOM": [0.998901, -0.0213671, -0.041716, 0.00889161, 0.960267, -0.27894],
  "ImageType": [
    "ORIGINAL",
    "PRIMARY",
    "M",
    "ND",
    "MOSAIC"
],
  "ImagingFrequency": 123.191,
  "InPlanePhaseEncodingDirectionDICOM": "COL",
  "InstitutionAddress": "Washington_Place_6_NYC_NYC_US_10003",
  "InstitutionName": "NYU_-_CBI",
  "InstitutionalDepartmentName": "Department",
  "MRAcquisitionType": "2D",
  "MagneticFieldStrength": 3,
  "Manufacturer": "Siemens",
  "ManufacturersModelName": "Prisma",
  "Modality": "MR",
  "ParallelReductionFactorInPlane": 2,
  "PartialFourier": 1,
  "PatientPosition": "HFS",
  "PercentPhaseFOV": 100,
  "PhaseEncodingDirection": "j",
  "PhaseEncodingSteps": 67,
  "PhaseResolution": 1,
  "PixelBandwidth": 2450,
  "ProcedureStepDescription": "Investigators_Hartley",
  "ProtocolName": "ME_SE_FieldMap_PA",
  "PulseSequenceDetails": "%CustomerSeq%_cmrr_mbep2d_se",
  "ReceiveCoilActiveElements": "HC1-7;NC1,2",
  "ReceiveCoilName": "HeadNeck_64",
  "ReconMatrixPE": 68,
  "RefLinesPE": 24,
  "RepetitionTime": 1.919,
  "SAR": 0.356856,
  "ScanOptions": "FS",
  "ScanningSequence": "EP",
  "SequenceName": "epse2d1_68",
  "SequenceVariant": "SK",
  "SeriesDescription": "ME_SE_FieldMap_PA",
  "SeriesNumber": 10,
  "ShimSetting": [257, -12615, -8434, 412, -2, -121, 15, -3],
  "SliceThickness": 3,
  "SliceTiming": [0.9475, 0, 0.9925, 0.0425, 1.035, 0.085, 1.0775, 0.1275, 1.12, 0.1725, 1.165, 0.215, 1.2075, 0.2575, 1.25, 0.3025, 1.2925, 0.345, 1.3375, 0.3875, 1.38, 0.43, 1.4225, 0.475, 1.4675, 0.5175, 1.51, 0.56, 1.5525, 0.6025, 1.595, 0.6475, 1.64, 0.69, 1.6825, 0.7325, 1.725, 0.775, 1.7675, 0.82, 1.8125, 0.8625, 1.855, 0.905],
  "SoftwareVersions": "syngo_MR_E11",
  "SpacingBetweenSlices": 3,
  "StationName": "AWP166018",
  "TotalReadoutTime": 0.016415,
  "TxRefAmp": 213.429,
  "WipMemBlock": "25e8d96a-d689-4adc-8b6d-fa498106fd92||Sequence: R016 ve11c/master r/8780670; Nov 27 2017 15:08:10 by eja",
  "dcmmeta_affine": [
    [-2.9967029094696045, 0.026674829423427582, -0.13805590569972992, 102.61349487304688],
    [0.06410124152898788, 2.8808019161224365, -0.8347885012626648, -68.16681671142578],
    [-0.1251479685306549, 0.8368209600448608, 2.8782057762145996, -59.828834533691406],
    [0.0, 0.0, 0.0, 1.0]
],
  "dcmmeta_reorient_transform": [
    [0.0, -1.0, 0.0, 67.0],
    [1.0, 0.0, 0.0, 0.0],
    [0.0, 0.0, 1.0, 0.0],
    [0.0, 0.0, 0.0, 1.0]
],
  "dcmmeta_shape": [68, 68, 44, 3],
  "dcmmeta_slice_dim": 2,
  "dcmmeta_version": 0.6,
  "global": {
    "const": {
      "AccessionNumber": "jue0xq3k",
      "AcquisitionMatrix": [68, 0, 0, 68],
      "AngioFlag": "N",
      "BitsAllocated": 16,
      "BitsStored": 16,
      "BodyPartExamined": "BRAIN",
      "Columns": 476,
      "EchoNumbers": 1,
      "EchoTime": 20.4,
      "EchoTrainLength": 33,
      "FlipAngle": 90.0,
      "HighBit": 15,
      "ImageOrientationPatient": [0.99890100823786, -0.021367080724, -0.0417159873757, 0.00889160953652, 0.9602672752832, -0.2789403149422],
      "ImagePositionPatient": [-721.16978741686, -699.45382712634, 192.47982696677],
      "ImageType": [
        "ORIGINAL",
        "PRIMARY",
        "M",
        "ND",
        "MOSAIC"
],
      "ImagedNucleus": "1H",
      "ImagingFrequency": 123.190814,
      "InPlanePhaseEncodingDirection": "COL",
      "LargestImagePixelValue": 65535,
      "MRAcquisitionType": "2D",
      "MagneticFieldStrength": 3.0,
      "Manufacturer": "SIEMENS",
      "ManufacturerModelName": "Prisma",
      "Modality": "MR",
      "NumberOfAverages": 1.0,
      "NumberOfPhaseEncodingSteps": 67,
      "PercentPhaseFieldOfView": 100.0,
      "PercentSampling": 100.0,
      "PerformedProcedureStepStartTime": "131358.609000",
      "PhotometricInterpretation": "MONOCHROME2",
      "PixelBandwidth": 2450.0,
      "PixelRepresentation": 0,
      "PixelSpacing": [3.0, 3.0],
      "ProtocolName": "ME_SE_FieldMap_PA",
      "RepetitionTime": 1919.0,
      "Rows": 476,
      "SAR": 0.35685607352261,
      "SamplesPerPixel": 1,
      "ScanOptions": "FS",
      "ScanningSequence": "EP",
      "SequenceName": "epse2d1_68",
      "SequenceVariant": "SK",
      "SeriesDescription": "ME_SE_FieldMap_PA",
      "SeriesNumber": 10,
      "SeriesTime": "132733.791000",
      "SliceLocation": -43.153740426219,
      "SliceThickness": 3.0,
      "SmallestImagePixelValue": 0,
      "SoftwareVersions": "syngo MR E11",
      "SpacingBetweenSlices": 2.999999957843,
      "SpecificCharacterSet": "ISO_IR 100",
      "StudyID": "1",
      "StudyTime": "131358.500000",
      "TransmitCoilName": "Body",
      "VariableFlipAngleFlag": "N",
      "WindowCenterWidthExplanation": "Algo1",
      "dBdt": 0.0},
    "slices": {}
  },
  "time": {
    "samples": {
      "AcquisitionNumber": [1, 2, 3],
      "AcquisitionTime": ["132730.295000", "132732.215000", "132734.135000"],
      "ContentTime": ["132733.794000", "132733.797000", "132735.542000"],
      "InstanceCreationTime": ["132733.794000", "132733.797000", "132735.542000"],
      "InstanceNumber": [1, 2, 3],
      "WindowCenter": [12785.0, 12702.0, 12729.0],
      "WindowWidth": [27048.0, 26849.0, 26920.0]
    },
    "slices": {}
  },
  "IntendedFor": [
    "func/sub-162_task-freq1_acq-normal_run-01_echo-1_bold.nii.gz",
    "func/sub-162_task-freq1_acq-normal_run-01_echo-1_sbref.nii.gz",
    "func/sub-162_task-freq1_acq-normal_run-01_echo-2_bold.nii.gz",
    "func/sub-162_task-freq1_acq-normal_run-01_echo-2_sbref.nii.gz",
    "func/sub-162_task-freq1_acq-normal_run-01_echo-3_bold.nii.gz",
    "func/sub-162_task-freq1_acq-normal_run-01_echo-3_sbref.nii.gz",
    "func/sub-162_task-freq1_acq-normal_run-01_echo-4_bold.nii.gz",
    "func/sub-162_task-freq1_acq-normal_run-01_echo-4_sbref.nii.gz",
    "func/sub-162_task-freq2_acq-normal_run-01_echo-1_bold.nii.gz",
    "func/sub-162_task-freq2_acq-normal_run-01_echo-1_sbref.nii.gz",
    "func/sub-162_task-freq2_acq-normal_run-01_echo-2_bold.nii.gz",
    "func/sub-162_task-freq2_acq-normal_run-01_echo-2_sbref.nii.gz",
    "func/sub-162_task-freq2_acq-normal_run-01_echo-3_bold.nii.gz",
    "func/sub-162_task-freq2_acq-normal_run-01_echo-3_sbref.nii.gz",
    "func/sub-162_task-freq2_acq-normal_run-01_echo-4_bold.nii.gz",
    "func/sub-162_task-freq2_acq-normal_run-01_echo-4_sbref.nii.gz",
    "func/sub-162_task-freqreports1_acq-normal_run-01_echo-1_bold.nii.gz",
    "func/sub-162_task-freqreports1_acq-normal_run-01_echo-1_sbref.nii.gz",
    "func/sub-162_task-freqreports1_acq-normal_run-01_echo-2_bold.nii.gz",
    "func/sub-162_task-freqreports1_acq-normal_run-01_echo-2_sbref.nii.gz",
    "func/sub-162_task-freqreports1_acq-normal_run-01_echo-3_bold.nii.gz",
    "func/sub-162_task-freqreports1_acq-normal_run-01_echo-3_sbref.nii.gz",
    "func/sub-162_task-freqreports1_acq-normal_run-01_echo-4_bold.nii.gz",
    "func/sub-162_task-freqreports1_acq-normal_run-01_echo-4_sbref.nii.gz",
    "func/sub-162_task-freqreports2_acq-normal_run-01_echo-1_bold.nii.gz",
    "func/sub-162_task-freqreports2_acq-normal_run-01_echo-1_sbref.nii.gz",
    "func/sub-162_task-freqreports2_acq-normal_run-01_echo-2_bold.nii.gz",
    "func/sub-162_task-freqreports2_acq-normal_run-01_echo-2_sbref.nii.gz",
    "func/sub-162_task-freqreports2_acq-normal_run-01_echo-3_bold.nii.gz",
    "func/sub-162_task-freqreports2_acq-normal_run-01_echo-3_sbref.nii.gz",
    "func/sub-162_task-freqreports2_acq-normal_run-01_echo-4_bold.nii.gz",
    "func/sub-162_task-freqreports2_acq-normal_run-01_echo-4_sbref.nii.gz",
    "func/sub-162_task-memtest1_acq-normal_run-01_echo-1_bold.nii.gz",
    "func/sub-162_task-memtest1_acq-normal_run-01_echo-1_sbref.nii.gz",
    "func/sub-162_task-memtest1_acq-normal_run-01_echo-2_bold.nii.gz",
    "func/sub-162_task-memtest1_acq-normal_run-01_echo-2_sbref.nii.gz",
    "func/sub-162_task-memtest1_acq-normal_run-01_echo-3_bold.nii.gz",
    "func/sub-162_task-memtest1_acq-normal_run-01_echo-3_sbref.nii.gz",
    "func/sub-162_task-memtest1_acq-normal_run-01_echo-4_bold.nii.gz",
    "func/sub-162_task-memtest1_acq-normal_run-01_echo-4_sbref.nii.gz",
    "func/sub-162_task-memtest2_acq-normal_run-01_echo-1_bold.nii.gz",
    "func/sub-162_task-memtest2_acq-normal_run-01_echo-1_sbref.nii.gz",
    "func/sub-162_task-memtest2_acq-normal_run-01_echo-2_bold.nii.gz",
    "func/sub-162_task-memtest2_acq-normal_run-01_echo-2_sbref.nii.gz",
    "func/sub-162_task-memtest2_acq-normal_run-01_echo-3_bold.nii.gz",
    "func/sub-162_task-memtest2_acq-normal_run-01_echo-3_sbref.nii.gz",
    "func/sub-162_task-memtest2_acq-normal_run-01_echo-4_bold.nii.gz",
    "func/sub-162_task-memtest2_acq-normal_run-01_echo-4_sbref.nii.gz",
    "func/sub-162_task-pairedassociates1_acq-normal_run-01_echo-1_bold.nii.gz",
    "func/sub-162_task-pairedassociates1_acq-normal_run-01_echo-1_sbref.nii.gz",
    "func/sub-162_task-pairedassociates1_acq-normal_run-01_echo-2_bold.nii.gz",
    "func/sub-162_task-pairedassociates1_acq-normal_run-01_echo-2_sbref.nii.gz",
    "func/sub-162_task-pairedassociates1_acq-normal_run-01_echo-3_bold.nii.gz",
    "func/sub-162_task-pairedassociates1_acq-normal_run-01_echo-3_sbref.nii.gz",
    "func/sub-162_task-pairedassociates1_acq-normal_run-01_echo-4_bold.nii.gz",
    "func/sub-162_task-pairedassociates1_acq-normal_run-01_echo-4_sbref.nii.gz",
    "func/sub-162_task-pairedassociates2_acq-normal_run-01_echo-1_bold.nii.gz",
    "func/sub-162_task-pairedassociates2_acq-normal_run-01_echo-1_sbref.nii.gz",
    "func/sub-162_task-pairedassociates2_acq-normal_run-01_echo-2_bold.nii.gz",
    "func/sub-162_task-pairedassociates2_acq-normal_run-01_echo-2_sbref.nii.gz",
    "func/sub-162_task-pairedassociates2_acq-normal_run-01_echo-3_bold.nii.gz",
    "func/sub-162_task-pairedassociates2_acq-normal_run-01_echo-3_sbref.nii.gz",
    "func/sub-162_task-pairedassociates2_acq-normal_run-01_echo-4_bold.nii.gz",
    "func/sub-162_task-pairedassociates2_acq-normal_run-01_echo-4_sbref.nii.gz"
  ]
}