{
  "AcquisitionMatrixPE": 68,
  "AcquisitionNumber": 1,
  "AcquisitionTime": "19:37:22.290000",
  "BandwidthPerPixelPhaseEncode": 60.024,
  "BaseResolution": 68,
  "BodyPartExamined": "BRAIN",
  "CoilString": "HC1-7;NC1_2",
  "ConsistencyInfo": "N4_VE11C_LATEST_20160120",
  "ConversionSoftware": "dcm2niix",
  "ConversionSoftwareVersion": "v1.0.20190410  GCC6.3.0",
  "DerivedVendorReportedEchoSpacing": 0.00049,
  "DeviceSerialNumber": "166018",
  "DwellTime": 3e-06,
  "EchoTime": 0.0204,
  "EchoTrainLength": 33,
  "EffectiveEchoSpacing": 0.000245,
  "FlipAngle": 90,
  "ImageComments": "SENSE1",
  "ImageOrientationPatientDICOM": [0.997853, -0.0642821, 0.0125155, 0.0634791, 0.902416, -0.426165],
  "ImageType": [
    "ORIGINAL",
    "PRIMARY",
    "M",
    "ND",
    "MOSAIC"
],
  "ImagingFrequency": 123.191,
  "InPlanePhaseEncodingDirectionDICOM": "COL",
  "InstitutionAddress": "Washington_Place_6_NYC_NYC_US_10003",
  "InstitutionName": "NYU_Center_for_Brain_Imaging",
  "InstitutionalDepartmentName": "Department",
  "MRAcquisitionType": "2D",
  "MagneticFieldStrength": 3,
  "Manufacturer": "Siemens",
  "ManufacturersModelName": "Prisma",
  "Modality": "MR",
  "ParallelReductionFactorInPlane": 2,
  "PartialFourier": 1,
  "PatientPosition": "HFS",
  "PercentPhaseFOV": 100,
  "PhaseEncodingDirection": "j",
  "PhaseEncodingSteps": 67,
  "PhaseResolution": 1,
  "PixelBandwidth": 2450,
  "ProcedureStepDescription": "Investigators_Hartley",
  "ProtocolName": "ME_SE_FieldMap_PA",
  "PulseSequenceDetails": "%CustomerSeq%_cmrr_mbep2d_se",
  "ReceiveCoilActiveElements": "HC1-7;NC1,2",
  "ReceiveCoilName": "HeadNeck_64",
  "ReconMatrixPE": 68,
  "RefLinesPE": 24,
  "RepetitionTime": 1.919,
  "SAR": 0.492213,
  "ScanOptions": "FS",
  "ScanningSequence": "EP",
  "SequenceName": "epse2d1_68",
  "SequenceVariant": "SK",
  "SeriesDescription": "ME_SE_FieldMap_PA",
  "SeriesNumber": 10,
  "ShimSetting": [265, -12673, -8439, 358, 1, -279, 110, -42],
  "SliceThickness": 3,
  "SliceTiming": [0.9475, 0, 0.9925, 0.0425, 1.035, 0.085, 1.0775, 0.1275, 1.12, 0.1725, 1.165, 0.215, 1.2075, 0.2575, 1.25, 0.3, 1.2925, 0.345, 1.3375, 0.3875, 1.38, 0.43, 1.4225, 0.475, 1.465, 0.5175, 1.51, 0.56, 1.5525, 0.6025, 1.595, 0.6475, 1.64, 0.69, 1.6825, 0.7325, 1.725, 0.775, 1.7675, 0.82, 1.8125, 0.8625, 1.855, 0.905],
  "SoftwareVersions": "syngo_MR_E11",
  "SpacingBetweenSlices": 3,
  "StationName": "AWP166018",
  "TotalReadoutTime": 0.016415,
  "TxRefAmp": 291.238,
  "WipMemBlock": "eacfde54-8f88-4a6b-9699-54f1dc1ee2c5||Sequence: R016 ve11c/master r/8780670; Nov 27 2017 15:08:10 by eja",
  "dcmmeta_affine": [
    [-2.9935598373413086, 0.1904371976852417, -0.04830170422792435, 97.02894592285156],
    [0.1928461641073227, 2.707247018814087, -1.2781327962875366, -70.33468627929688],
    [0.037546463310718536, 1.2784940004348755, 2.713677167892456, -91.12716674804688],
    [0.0, 0.0, 0.0, 1.0]
],
  "dcmmeta_reorient_transform": [
    [0.0, -1.0, 0.0, 67.0],
    [1.0, 0.0, 0.0, 0.0],
    [0.0, 0.0, 1.0, 0.0],
    [0.0, 0.0, 0.0, 1.0]
],
  "dcmmeta_shape": [68, 68, 44, 3],
  "dcmmeta_slice_dim": 2,
  "dcmmeta_version": 0.6,
  "global": {
    "const": {
      "AccessionNumber": "jy8zuyfc",
      "AcquisitionMatrix": [68, 0, 0, 68],
      "AngioFlag": "N",
      "BitsAllocated": 16,
      "BitsStored": 16,
      "BodyPartExamined": "BRAIN",
      "Columns": 476,
      "EchoNumbers": 1,
      "EchoTime": 20.4,
      "EchoTrainLength": 33,
      "FlipAngle": 90.0,
      "HighBit": 15,
      "ImageOrientationPatient": [0.99785328570314, -0.0642820563454, 0.01251548814311, 0.06347906690063, 0.90241569813579, -0.4261646581118],
      "ImagePositionPatient": [-759.32363766307, -623.98866138823, 247.68522522262],
      "ImageType": [
        "ORIGINAL",
        "PRIMARY",
        "M",
        "ND",
        "MOSAIC"
],
      "ImagedNucleus": "1H",
      "ImagingFrequency": 123.1907,
      "InPlanePhaseEncodingDirection": "COL",
      "MRAcquisitionType": "2D",
      "MagneticFieldStrength": 3.0,
      "Manufacturer": "SIEMENS",
      "ManufacturerModelName": "Prisma",
      "Modality": "MR",
      "NumberOfAverages": 1.0,
      "NumberOfPhaseEncodingSteps": 67,
      "PercentPhaseFieldOfView": 100.0,
      "PercentSampling": 100.0,
      "PerformedProcedureStepStartTime": "191232.165000",
      "PhotometricInterpretation": "MONOCHROME2",
      "PixelBandwidth": 2450.0,
      "PixelRepresentation": 0,
      "PixelSpacing": [3.0, 3.0],
      "ProtocolName": "ME_SE_FieldMap_PA",
      "RepetitionTime": 1919.0,
      "Rows": 476,
      "SAR": 0.49221331059078,
      "SamplesPerPixel": 1,
      "ScanOptions": "FS",
      "ScanningSequence": "EP",
      "SequenceName": "epse2d1_68",
      "SequenceVariant": "SK",
      "SeriesDescription": "ME_SE_FieldMap_PA",
      "SeriesNumber": 10,
      "SeriesTime": "193727.633000",
      "SliceLocation": -54.026430773465,
      "SliceThickness": 3.0,
      "SmallestImagePixelValue": 0,
      "SoftwareVersions": "syngo MR E11",
      "SpacingBetweenSlices": 3.0000000055555,
      "SpecificCharacterSet": "ISO_IR 100",
      "StudyID": "1",
      "StudyTime": "191232.066000",
      "TransmitCoilName": "Body",
      "VariableFlipAngleFlag": "N",
      "WindowCenterWidthExplanation": "Algo1",
      "dBdt": 0.0},
    "slices": {}
  },
  "time": {
    "samples": {
      "AcquisitionNumber": [1, 2, 3],
      "AcquisitionTime": ["193722.290000", "193724.210000", "193726.130000"],
      "ContentTime": ["193727.636000", "193727.640000", "193727.643000"],
      "InstanceCreationTime": ["193727.636000", "193727.640000", "193727.643000"],
      "InstanceNumber": [1, 2, 3],
      "LargestImagePixelValue": [64789, 64995, 64624],
      "WindowCenter": [12497.0, 12391.0, 12399.0],
      "WindowWidth": [26796.0, 26571.0, 26585.0]
    },
    "slices": {}
  },
  "IntendedFor": [
    "func/sub-192_task-freq1_acq-normal_run-01_echo-1_bold.nii.gz",
    "func/sub-192_task-freq1_acq-normal_run-01_echo-1_sbref.nii.gz",
    "func/sub-192_task-freq1_acq-normal_run-01_echo-2_bold.nii.gz",
    "func/sub-192_task-freq1_acq-normal_run-01_echo-2_sbref.nii.gz",
    "func/sub-192_task-freq1_acq-normal_run-01_echo-3_bold.nii.gz",
    "func/sub-192_task-freq1_acq-normal_run-01_echo-3_sbref.nii.gz",
    "func/sub-192_task-freq1_acq-normal_run-01_echo-4_bold.nii.gz",
    "func/sub-192_task-freq1_acq-normal_run-01_echo-4_sbref.nii.gz",
    "func/sub-192_task-freq2_acq-normal_run-01_echo-1_bold.nii.gz",
    "func/sub-192_task-freq2_acq-normal_run-01_echo-1_sbref.nii.gz",
    "func/sub-192_task-freq2_acq-normal_run-01_echo-2_bold.nii.gz",
    "func/sub-192_task-freq2_acq-normal_run-01_echo-2_sbref.nii.gz",
    "func/sub-192_task-freq2_acq-normal_run-01_echo-3_bold.nii.gz",
    "func/sub-192_task-freq2_acq-normal_run-01_echo-3_sbref.nii.gz",
    "func/sub-192_task-freq2_acq-normal_run-01_echo-4_bold.nii.gz",
    "func/sub-192_task-freq2_acq-normal_run-01_echo-4_sbref.nii.gz",
    "func/sub-192_task-freqreports1_acq-normal_run-01_echo-1_bold.nii.gz",
    "func/sub-192_task-freqreports1_acq-normal_run-01_echo-1_sbref.nii.gz",
    "func/sub-192_task-freqreports1_acq-normal_run-01_echo-2_bold.nii.gz",
    "func/sub-192_task-freqreports1_acq-normal_run-01_echo-2_sbref.nii.gz",
    "func/sub-192_task-freqreports1_acq-normal_run-01_echo-3_bold.nii.gz",
    "func/sub-192_task-freqreports1_acq-normal_run-01_echo-3_sbref.nii.gz",
    "func/sub-192_task-freqreports1_acq-normal_run-01_echo-4_bold.nii.gz",
    "func/sub-192_task-freqreports1_acq-normal_run-01_echo-4_sbref.nii.gz",
    "func/sub-192_task-freqreports2_acq-normal_run-01_echo-1_bold.nii.gz",
    "func/sub-192_task-freqreports2_acq-normal_run-01_echo-1_sbref.nii.gz",
    "func/sub-192_task-freqreports2_acq-normal_run-01_echo-2_bold.nii.gz",
    "func/sub-192_task-freqreports2_acq-normal_run-01_echo-2_sbref.nii.gz",
    "func/sub-192_task-freqreports2_acq-normal_run-01_echo-3_bold.nii.gz",
    "func/sub-192_task-freqreports2_acq-normal_run-01_echo-3_sbref.nii.gz",
    "func/sub-192_task-freqreports2_acq-normal_run-01_echo-4_bold.nii.gz",
    "func/sub-192_task-freqreports2_acq-normal_run-01_echo-4_sbref.nii.gz",
    "func/sub-192_task-memtest1_acq-normal_run-01_echo-1_bold.nii.gz",
    "func/sub-192_task-memtest1_acq-normal_run-01_echo-1_sbref.nii.gz",
    "func/sub-192_task-memtest1_acq-normal_run-01_echo-2_bold.nii.gz",
    "func/sub-192_task-memtest1_acq-normal_run-01_echo-2_sbref.nii.gz",
    "func/sub-192_task-memtest1_acq-normal_run-01_echo-3_bold.nii.gz",
    "func/sub-192_task-memtest1_acq-normal_run-01_echo-3_sbref.nii.gz",
    "func/sub-192_task-memtest1_acq-normal_run-01_echo-4_bold.nii.gz",
    "func/sub-192_task-memtest1_acq-normal_run-01_echo-4_sbref.nii.gz",
    "func/sub-192_task-memtest2_acq-normal_run-01_echo-1_bold.nii.gz",
    "func/sub-192_task-memtest2_acq-normal_run-01_echo-1_sbref.nii.gz",
    "func/sub-192_task-memtest2_acq-normal_run-01_echo-2_bold.nii.gz",
    "func/sub-192_task-memtest2_acq-normal_run-01_echo-2_sbref.nii.gz",
    "func/sub-192_task-memtest2_acq-normal_run-01_echo-3_bold.nii.gz",
    "func/sub-192_task-memtest2_acq-normal_run-01_echo-3_sbref.nii.gz",
    "func/sub-192_task-memtest2_acq-normal_run-01_echo-4_bold.nii.gz",
    "func/sub-192_task-memtest2_acq-normal_run-01_echo-4_sbref.nii.gz",
    "func/sub-192_task-pairedassociates1_acq-normal_run-01_echo-1_bold.nii.gz",
    "func/sub-192_task-pairedassociates1_acq-normal_run-01_echo-1_sbref.nii.gz",
    "func/sub-192_task-pairedassociates1_acq-normal_run-01_echo-2_bold.nii.gz",
    "func/sub-192_task-pairedassociates1_acq-normal_run-01_echo-2_sbref.nii.gz",
    "func/sub-192_task-pairedassociates1_acq-normal_run-01_echo-3_bold.nii.gz",
    "func/sub-192_task-pairedassociates1_acq-normal_run-01_echo-3_sbref.nii.gz",
    "func/sub-192_task-pairedassociates1_acq-normal_run-01_echo-4_bold.nii.gz",
    "func/sub-192_task-pairedassociates1_acq-normal_run-01_echo-4_sbref.nii.gz",
    "func/sub-192_task-pairedassociates2_acq-normal_run-01_echo-1_bold.nii.gz",
    "func/sub-192_task-pairedassociates2_acq-normal_run-01_echo-1_sbref.nii.gz",
    "func/sub-192_task-pairedassociates2_acq-normal_run-01_echo-2_bold.nii.gz",
    "func/sub-192_task-pairedassociates2_acq-normal_run-01_echo-2_sbref.nii.gz",
    "func/sub-192_task-pairedassociates2_acq-normal_run-01_echo-3_bold.nii.gz",
    "func/sub-192_task-pairedassociates2_acq-normal_run-01_echo-3_sbref.nii.gz",
    "func/sub-192_task-pairedassociates2_acq-normal_run-01_echo-4_bold.nii.gz",
    "func/sub-192_task-pairedassociates2_acq-normal_run-01_echo-4_sbref.nii.gz"
  ]
}