{
  "AcquisitionMatrixPE": 68,
  "AcquisitionNumber": 1,
  "AcquisitionTime": "15:02:22.357500",
  "BandwidthPerPixelPhaseEncode": 60.024,
  "BaseResolution": 68,
  "BodyPartExamined": "BRAIN",
  "CoilString": "HC1-7;NC1_2",
  "ConsistencyInfo": "N4_VE11C_LATEST_20160120",
  "ConversionSoftware": "dcm2niix",
  "ConversionSoftwareVersion": "v1.0.20190410  GCC6.3.0",
  "DerivedVendorReportedEchoSpacing": 0.00049,
  "DeviceSerialNumber": "166018",
  "DwellTime": 3e-06,
  "EchoNumber": 2,
  "EchoTime": 0.03088,
  "EchoTrainLength": 33,
  "EffectiveEchoSpacing": 0.000245,
  "FlipAngle": 75,
  "ImageComments": "Single-band_reference_SENSE1",
  "ImageOrientationPatientDICOM": [
    0.988816,
    0.148601,
    0.0126915,
    -0.143371,
    0.970551,
    -0.193585
  ],
  "ImageType": [
    "ORIGINAL",
    "PRIMARY",
    "M",
    "TE2",
    "ND",
    "MOSAIC"
  ],
  "ImagingFrequency": 123.191,
  "InPlanePhaseEncodingDirectionDICOM": "COL",
  "InstitutionAddress": "Washington_Place_6_NYC_NYC_US_10003",
  "InstitutionName": "NYU_Center_for_Brain_Imaging",
  "InstitutionalDepartmentName": "Department",
  "MRAcquisitionType": "2D",
  "MagneticFieldStrength": 3,
  "Manufacturer": "Siemens",
  "ManufacturersModelName": "Prisma",
  "Modality": "MR",
  "ParallelReductionFactorInPlane": 2,
  "PartialFourier": 1,
  "PatientPosition": "HFS",
  "PercentPhaseFOV": 100,
  "PhaseEncodingDirection": "j-",
  "PhaseEncodingSteps": 67,
  "PhaseResolution": 1,
  "PixelBandwidth": 2450,
  "ProcedureStepDescription": "Investigators_Hartley",
  "ProtocolName": "TASK-freq2",
  "PulseSequenceDetails": "%CustomerSeq%_cmrr_mbep2d_bold",
  "ReceiveCoilActiveElements": "HC1-7;NC1,2",
  "ReceiveCoilName": "HeadNeck_64",
  "ReconMatrixPE": 68,
  "RefLinesPE": 24,
  "RepetitionTime": 2,
  "SAR": 0.0363218,
  "ScanOptions": "FS",
  "ScanningSequence": "EP",
  "SequenceName": "epfid2d4_68",
  "SequenceVariant": "SK_SS",
  "SeriesDescription": "TASK-freq2_SBRef",
  "SeriesNumber": 19,
  "ShimSetting": [
    249,
    -12653,
    -8364,
    403,
    -19,
    -186,
    21,
    -5
  ],
  "SliceThickness": 3,
  "SliceTiming": [
    0,
    0.09,
    0.18,
    0.27,
    0.36,
    0.45,
    0.54,
    0.63,
    0.72,
    0.81,
    0.9,
    0.99,
    1.08,
    1.17,
    1.26,
    1.35,
    1.44,
    1.53,
    1.62,
    1.71,
    1.8,
    1.89,
    1.98,
    2.07,
    2.16,
    2.25,
    2.34,
    2.43,
    2.52,
    2.61,
    2.7,
    2.79,
    2.88,
    2.97,
    3.06,
    3.1475,
    3.2375,
    3.3275,
    3.4175,
    3.5075,
    3.5975,
    3.6875,
    3.7775,
    3.8675
  ],
  "SoftwareVersions": "syngo_MR_E11",
  "SpacingBetweenSlices": 3,
  "StationName": "AWP166018",
  "TotalReadoutTime": 0.016415,
  "TxRefAmp": 236.164,
  "WipMemBlock": "1d06cc39-f0ff-41f9-997f-44f917a8b472||Sequence: R016 ve11c/master r/8780670; Nov 27 2017 15:05:12 by eja"
}