{
  "AcquisitionMatrixPE": 68,
  "AcquisitionNumber": 1,
  "AcquisitionTime": "14:33:42.265000",
  "BandwidthPerPixelPhaseEncode": 60.024,
  "BaseResolution": 68,
  "BodyPartExamined": "BRAIN",
  "CoilString": "HC1-7;NC1_2",
  "ConsistencyInfo": "N4_VE11C_LATEST_20160120",
  "ConversionSoftware": "dcm2niix",
  "ConversionSoftwareVersion": "v1.0.20190410  GCC6.3.0",
  "DerivedVendorReportedEchoSpacing": 0.00049,
  "DeviceSerialNumber": "166018",
  "DwellTime": 3e-06,
  "EchoTime": 0.0204,
  "EchoTrainLength": 33,
  "EffectiveEchoSpacing": 0.000245,
  "FlipAngle": 90,
  "ImageComments": "SENSE1",
  "ImageOrientationPatientDICOM": [0.988816, 0.148601, 0.0126915, -0.143371, 0.970551, -0.193585],
  "ImageType": [
    "ORIGINAL",
    "PRIMARY",
    "M",
    "ND",
    "MOSAIC"
],
  "ImagingFrequency": 123.191,
  "InPlanePhaseEncodingDirectionDICOM": "COL",
  "InstitutionAddress": "Washington_Place_6_NYC_NYC_US_10003",
  "InstitutionName": "NYU_Center_for_Brain_Imaging",
  "InstitutionalDepartmentName": "Department",
  "MRAcquisitionType": "2D",
  "MagneticFieldStrength": 3,
  "Manufacturer": "Siemens",
  "ManufacturersModelName": "Prisma",
  "Modality": "MR",
  "ParallelReductionFactorInPlane": 2,
  "PartialFourier": 1,
  "PatientPosition": "HFS",
  "PercentPhaseFOV": 100,
  "PhaseEncodingDirection": "j-",
  "PhaseEncodingSteps": 67,
  "PhaseResolution": 1,
  "PixelBandwidth": 2450,
  "ProcedureStepDescription": "Investigators_Hartley",
  "ProtocolName": "ME_SE_FieldMap_AP",
  "PulseSequenceDetails": "%CustomerSeq%_cmrr_mbep2d_se",
  "ReceiveCoilActiveElements": "HC1-7;NC1,2",
  "ReceiveCoilName": "HeadNeck_64",
  "ReconMatrixPE": 68,
  "RefLinesPE": 24,
  "RepetitionTime": 1.919,
  "SAR": 0.319024,
  "ScanOptions": "FS",
  "ScanningSequence": "EP",
  "SequenceName": "epse2d1_68",
  "SequenceVariant": "SK",
  "SeriesDescription": "ME_SE_FieldMap_AP",
  "SeriesNumber": 9,
  "ShimSetting": [249, -12653, -8364, 403, -19, -186, 21, -5],
  "SliceThickness": 3,
  "SliceTiming": [0.9475, 0, 0.9925, 0.0425, 1.035, 0.085, 1.0775, 0.1275, 1.12, 0.1725, 1.165, 0.215, 1.2075, 0.2575, 1.25, 0.3, 1.2925, 0.345, 1.3375, 0.3875, 1.38, 0.43, 1.4225, 0.4725, 1.465, 0.5175, 1.51, 0.56, 1.5525, 0.6025, 1.595, 0.6475, 1.64, 0.69, 1.6825, 0.7325, 1.725, 0.775, 1.7675, 0.82, 1.8125, 0.8625, 1.855, 0.905],
  "SoftwareVersions": "syngo_MR_E11",
  "SpacingBetweenSlices": 3,
  "StationName": "AWP166018",
  "TotalReadoutTime": 0.016415,
  "TxRefAmp": 236.164,
  "WipMemBlock": "4f30d206-a87a-4a72-aa72-65bde51da165||Sequence: R016 ve11c/master r/8780670; Nov 27 2017 15:08:10 by eja",
  "dcmmeta_affine": [
    [-2.966447353363037, -0.4301142394542694, 0.12325424700975418, 114.10702514648438],
    [-0.44580286741256714, 2.9116532802581787, -0.5688018798828125, -50.86749267578125],
    [0.03807460889220238, 0.5807559490203857, 2.9430041313171387, -54.457611083984375],
    [0.0, 0.0, 0.0, 1.0]
],
  "dcmmeta_reorient_transform": [
    [0.0, -1.0, 0.0, 67.0],
    [1.0, 0.0, 0.0, 0.0],
    [0.0, 0.0, 1.0, 0.0],
    [0.0, 0.0, 0.0, 1.0]
],
  "dcmmeta_shape": [68, 68, 44, 3],
  "dcmmeta_slice_dim": 2,
  "dcmmeta_version": 0.6,
  "global": {
    "const": {
      "AccessionNumber": "jsuqoypm",
      "AcquisitionMatrix": [68, 0, 0, 68],
      "AngioFlag": "N",
      "BitsAllocated": 16,
      "BitsStored": 16,
      "BodyPartExamined": "BRAIN",
      "Columns": 476,
      "EchoNumbers": 1,
      "EchoTime": 20.4,
      "EchoTrainLength": 33,
      "FlipAngle": 90.0,
      "HighBit": 15,
      "ImageOrientationPatient": [0.98881579678027, 0.14860095871767, 0.01269153678636, -0.1433714179317, 0.97055106036829, -0.1935853190153],
      "ImagePositionPatient": [-602.70132806238, -829.13430458209, 95.160033527838],
      "ImageType": [
        "ORIGINAL",
        "PRIMARY",
        "M",
        "ND",
        "MOSAIC"
],
      "ImagedNucleus": "1H",
      "ImagingFrequency": 123.190763,
      "InPlanePhaseEncodingDirection": "COL",
      "LargestImagePixelValue": 65535,
      "MRAcquisitionType": "2D",
      "MagneticFieldStrength": 3.0,
      "Manufacturer": "SIEMENS",
      "ManufacturerModelName": "Prisma",
      "Modality": "MR",
      "NumberOfAverages": 1.0,
      "NumberOfPhaseEncodingSteps": 67,
      "PercentPhaseFieldOfView": 100.0,
      "PercentSampling": 100.0,
      "PerformedProcedureStepStartTime": "141312.970000",
      "PhotometricInterpretation": "MONOCHROME2",
      "PixelBandwidth": 2450.0,
      "PixelRepresentation": 0,
      "PixelSpacing": [3.0, 3.0],
      "ProtocolName": "ME_SE_FieldMap_AP",
      "RepetitionTime": 1919.0,
      "Rows": 476,
      "SAR": 0.31902368094813,
      "SamplesPerPixel": 1,
      "ScanOptions": "FS",
      "ScanningSequence": "EP",
      "SequenceName": "epse2d1_68",
      "SequenceVariant": "SK",
      "SeriesDescription": "ME_SE_FieldMap_AP",
      "SeriesNumber": 9,
      "SeriesTime": "143350.728000",
      "SliceLocation": -39.090422569098,
      "SliceThickness": 3.0,
      "SmallestImagePixelValue": 0,
      "SoftwareVersions": "syngo MR E11",
      "SpacingBetweenSlices": 3.0000000219545,
      "SpecificCharacterSet": "ISO_IR 100",
      "StudyID": "1",
      "StudyTime": "141312.906000",
      "TransmitCoilName": "Body",
      "VariableFlipAngleFlag": "N",
      "WindowCenterWidthExplanation": "Algo1",
      "dBdt": 0.0},
    "slices": {}
  },
  "time": {
    "samples": {
      "AcquisitionNumber": [1, 2, 3],
      "AcquisitionTime": ["143342.265000", "143344.185000", "143346.105000"],
      "ContentTime": ["143350.732000", "143350.738000", "143350.741000"],
      "InstanceCreationTime": ["143350.732000", "143350.738000", "143350.741000"],
      "InstanceNumber": [1, 2, 3],
      "WindowCenter": [12628.0, 12597.0, 12620.0],
      "WindowWidth": [26868.0, 26840.0, 26901.0]
    },
    "slices": {}
  },
  "IntendedFor": [
    "func/sub-142_task-freq1_acq-normal_run-01_echo-1_bold.nii.gz",
    "func/sub-142_task-freq1_acq-normal_run-01_echo-1_sbref.nii.gz",
    "func/sub-142_task-freq1_acq-normal_run-01_echo-2_bold.nii.gz",
    "func/sub-142_task-freq1_acq-normal_run-01_echo-2_sbref.nii.gz",
    "func/sub-142_task-freq1_acq-normal_run-01_echo-3_bold.nii.gz",
    "func/sub-142_task-freq1_acq-normal_run-01_echo-3_sbref.nii.gz",
    "func/sub-142_task-freq1_acq-normal_run-01_echo-4_bold.nii.gz",
    "func/sub-142_task-freq1_acq-normal_run-01_echo-4_sbref.nii.gz",
    "func/sub-142_task-freq2_acq-normal_run-01_echo-1_bold.nii.gz",
    "func/sub-142_task-freq2_acq-normal_run-01_echo-1_sbref.nii.gz",
    "func/sub-142_task-freq2_acq-normal_run-01_echo-2_bold.nii.gz",
    "func/sub-142_task-freq2_acq-normal_run-01_echo-2_sbref.nii.gz",
    "func/sub-142_task-freq2_acq-normal_run-01_echo-3_bold.nii.gz",
    "func/sub-142_task-freq2_acq-normal_run-01_echo-3_sbref.nii.gz",
    "func/sub-142_task-freq2_acq-normal_run-01_echo-4_bold.nii.gz",
    "func/sub-142_task-freq2_acq-normal_run-01_echo-4_sbref.nii.gz",
    "func/sub-142_task-freqreports1_acq-normal_run-01_echo-1_bold.nii.gz",
    "func/sub-142_task-freqreports1_acq-normal_run-01_echo-1_sbref.nii.gz",
    "func/sub-142_task-freqreports1_acq-normal_run-01_echo-2_bold.nii.gz",
    "func/sub-142_task-freqreports1_acq-normal_run-01_echo-2_sbref.nii.gz",
    "func/sub-142_task-freqreports1_acq-normal_run-01_echo-3_bold.nii.gz",
    "func/sub-142_task-freqreports1_acq-normal_run-01_echo-3_sbref.nii.gz",
    "func/sub-142_task-freqreports1_acq-normal_run-01_echo-4_bold.nii.gz",
    "func/sub-142_task-freqreports1_acq-normal_run-01_echo-4_sbref.nii.gz",
    "func/sub-142_task-freqreports2_acq-normal_run-01_echo-1_bold.nii.gz",
    "func/sub-142_task-freqreports2_acq-normal_run-01_echo-1_sbref.nii.gz",
    "func/sub-142_task-freqreports2_acq-normal_run-01_echo-2_bold.nii.gz",
    "func/sub-142_task-freqreports2_acq-normal_run-01_echo-2_sbref.nii.gz",
    "func/sub-142_task-freqreports2_acq-normal_run-01_echo-3_bold.nii.gz",
    "func/sub-142_task-freqreports2_acq-normal_run-01_echo-3_sbref.nii.gz",
    "func/sub-142_task-freqreports2_acq-normal_run-01_echo-4_bold.nii.gz",
    "func/sub-142_task-freqreports2_acq-normal_run-01_echo-4_sbref.nii.gz",
    "func/sub-142_task-memtest1_acq-normal_run-01_echo-1_bold.nii.gz",
    "func/sub-142_task-memtest1_acq-normal_run-01_echo-1_sbref.nii.gz",
    "func/sub-142_task-memtest1_acq-normal_run-01_echo-2_bold.nii.gz",
    "func/sub-142_task-memtest1_acq-normal_run-01_echo-2_sbref.nii.gz",
    "func/sub-142_task-memtest1_acq-normal_run-01_echo-3_bold.nii.gz",
    "func/sub-142_task-memtest1_acq-normal_run-01_echo-3_sbref.nii.gz",
    "func/sub-142_task-memtest1_acq-normal_run-01_echo-4_bold.nii.gz",
    "func/sub-142_task-memtest1_acq-normal_run-01_echo-4_sbref.nii.gz",
    "func/sub-142_task-memtest2_acq-normal_run-01_echo-1_bold.nii.gz",
    "func/sub-142_task-memtest2_acq-normal_run-01_echo-1_sbref.nii.gz",
    "func/sub-142_task-memtest2_acq-normal_run-01_echo-2_bold.nii.gz",
    "func/sub-142_task-memtest2_acq-normal_run-01_echo-2_sbref.nii.gz",
    "func/sub-142_task-memtest2_acq-normal_run-01_echo-3_bold.nii.gz",
    "func/sub-142_task-memtest2_acq-normal_run-01_echo-3_sbref.nii.gz",
    "func/sub-142_task-memtest2_acq-normal_run-01_echo-4_bold.nii.gz",
    "func/sub-142_task-memtest2_acq-normal_run-01_echo-4_sbref.nii.gz",
    "func/sub-142_task-pairedassociates1_acq-normal_run-01_echo-1_bold.nii.gz",
    "func/sub-142_task-pairedassociates1_acq-normal_run-01_echo-1_sbref.nii.gz",
    "func/sub-142_task-pairedassociates1_acq-normal_run-01_echo-2_bold.nii.gz",
    "func/sub-142_task-pairedassociates1_acq-normal_run-01_echo-2_sbref.nii.gz",
    "func/sub-142_task-pairedassociates1_acq-normal_run-01_echo-3_bold.nii.gz",
    "func/sub-142_task-pairedassociates1_acq-normal_run-01_echo-3_sbref.nii.gz",
    "func/sub-142_task-pairedassociates1_acq-normal_run-01_echo-4_bold.nii.gz",
    "func/sub-142_task-pairedassociates1_acq-normal_run-01_echo-4_sbref.nii.gz",
    "func/sub-142_task-pairedassociates2_acq-normal_run-01_echo-1_bold.nii.gz",
    "func/sub-142_task-pairedassociates2_acq-normal_run-01_echo-1_sbref.nii.gz",
    "func/sub-142_task-pairedassociates2_acq-normal_run-01_echo-2_bold.nii.gz",
    "func/sub-142_task-pairedassociates2_acq-normal_run-01_echo-2_sbref.nii.gz",
    "func/sub-142_task-pairedassociates2_acq-normal_run-01_echo-3_bold.nii.gz",
    "func/sub-142_task-pairedassociates2_acq-normal_run-01_echo-3_sbref.nii.gz",
    "func/sub-142_task-pairedassociates2_acq-normal_run-01_echo-4_bold.nii.gz",
    "func/sub-142_task-pairedassociates2_acq-normal_run-01_echo-4_sbref.nii.gz"
  ]
}