{
  "AcquisitionMatrixPE": 68,
  "AcquisitionNumber": 1,
  "AcquisitionTime": "12:09:49.277500",
  "BandwidthPerPixelPhaseEncode": 60.024,
  "BaseResolution": 68,
  "BodyPartExamined": "BRAIN",
  "CoilString": "HC1-7;NC1_2",
  "ConsistencyInfo": "N4_VE11C_LATEST_20160120",
  "ConversionSoftware": "dcm2niix",
  "ConversionSoftwareVersion": "v1.0.20190410  GCC6.3.0",
  "DerivedVendorReportedEchoSpacing": 0.00049,
  "DeviceSerialNumber": "166018",
  "DwellTime": 3e-06,
  "EchoTime": 0.0204,
  "EchoTrainLength": 33,
  "EffectiveEchoSpacing": 0.000245,
  "FlipAngle": 90,
  "ImageComments": "SENSE1",
  "ImageOrientationPatientDICOM": [0.984706, 0.161603, -0.0650996, -0.174162, 0.922924, -0.343334],
  "ImageType": [
    "ORIGINAL",
    "PRIMARY",
    "M",
    "ND",
    "MOSAIC"
],
  "ImagingFrequency": 123.191,
  "InPlanePhaseEncodingDirectionDICOM": "COL",
  "InstitutionAddress": "Washington_Place_6_NYC_NYC_US_10003",
  "InstitutionName": "NYU_Center_for_Brain_Imaging",
  "InstitutionalDepartmentName": "Department",
  "MRAcquisitionType": "2D",
  "MagneticFieldStrength": 3,
  "Manufacturer": "Siemens",
  "ManufacturersModelName": "Prisma",
  "Modality": "MR",
  "ParallelReductionFactorInPlane": 2,
  "PartialFourier": 1,
  "PatientPosition": "HFS",
  "PercentPhaseFOV": 100,
  "PhaseEncodingDirection": "j",
  "PhaseEncodingSteps": 67,
  "PhaseResolution": 1,
  "PixelBandwidth": 2450,
  "ProcedureStepDescription": "Investigators_Hartley",
  "ProtocolName": "ME_SE_FieldMap_PA",
  "PulseSequenceDetails": "%CustomerSeq%_cmrr_mbep2d_se",
  "ReceiveCoilActiveElements": "HC1-7;NC1,2",
  "ReceiveCoilName": "HeadNeck_64",
  "ReconMatrixPE": 68,
  "RefLinesPE": 24,
  "RepetitionTime": 1.919,
  "SAR": 0.313819,
  "ScanOptions": "FS",
  "ScanningSequence": "EP",
  "SequenceName": "epse2d1_68",
  "SequenceVariant": "SK",
  "SeriesDescription": "ME_SE_FieldMap_PA",
  "SeriesNumber": 28,
  "ShimSetting": [251, -12656, -8392, 603, 55, 64, 0, -13],
  "SliceThickness": 3,
  "SliceTiming": [0.9475, 0, 0.9925, 0.0425, 1.035, 0.085, 1.0775, 0.1275, 1.12, 0.1725, 1.165, 0.215, 1.2075, 0.2575, 1.25, 0.3, 1.2925, 0.345, 1.3375, 0.3875, 1.38, 0.43, 1.4225, 0.4725, 1.465, 0.5175, 1.51, 0.56, 1.5525, 0.6025, 1.595, 0.645, 1.6375, 0.69, 1.6825, 0.7325, 1.725, 0.775, 1.7675, 0.82, 1.8125, 0.8625, 1.855, 0.905],
  "SoftwareVersions": "syngo_MR_E11",
  "SpacingBetweenSlices": 3,
  "StationName": "AWP166018",
  "TotalReadoutTime": 0.016415,
  "TxRefAmp": 207.396,
  "WipMemBlock": "783efd5c-2b6c-4002-aba0-41628accd159||Sequence: R016 ve11c/master r/8780670; Nov 27 2017 15:08:10 by eja",
  "dcmmeta_affine": [
    [-2.9541189670562744, -0.5224856734275818, -0.01379453856498003, 114.48735809326172],
    [-0.4848092496395111, 2.768773317337036, -1.048262357711792, -49.32270812988281],
    [-0.1952986866235733, 1.0300012826919556, 2.810863971710205, -62.499324798583984],
    [0.0, 0.0, 0.0, 1.0]
],
  "dcmmeta_reorient_transform": [
    [0.0, -1.0, 0.0, 67.0],
    [1.0, 0.0, 0.0, 0.0],
    [0.0, 0.0, 1.0, 0.0],
    [0.0, 0.0, 0.0, 1.0]
],
  "dcmmeta_shape": [68, 68, 44, 3],
  "dcmmeta_slice_dim": 2,
  "dcmmeta_version": 0.6,
  "global": {
    "const": {
      "AccessionNumber": "jxg3eaff",
      "AcquisitionMatrix": [68, 0, 0, 68],
      "AngioFlag": "N",
      "BitsAllocated": 16,
      "BitsStored": 16,
      "BodyPartExamined": "BRAIN",
      "Columns": 476,
      "EchoNumbers": 1,
      "EchoTime": 20.4,
      "EchoTrainLength": 33,
      "FlipAngle": 90.0,
      "HighBit": 15,
      "ImageOrientationPatient": [0.98470629626174, 0.16160308571277, -0.0650995606021, -0.1741618983806, 0.92292445716713, -0.3433337727565],
      "ImagePositionPatient": [-575.53398768668, -799.91596479533, 256.47196306738],
      "ImageType": [
        "ORIGINAL",
        "PRIMARY",
        "M",
        "ND",
        "MOSAIC"
],
      "ImagedNucleus": "1H",
      "ImagingFrequency": 123.191068,
      "InPlanePhaseEncodingDirection": "COL",
      "MRAcquisitionType": "2D",
      "MagneticFieldStrength": 3.0,
      "Manufacturer": "SIEMENS",
      "ManufacturerModelName": "Prisma",
      "Modality": "MR",
      "NumberOfAverages": 1.0,
      "NumberOfPhaseEncodingSteps": 67,
      "PercentPhaseFieldOfView": 100.0,
      "PercentSampling": 100.0,
      "PerformedProcedureStepStartTime": "104940.572000",
      "PhotometricInterpretation": "MONOCHROME2",
      "PixelBandwidth": 2450.0,
      "PixelRepresentation": 0,
      "PixelSpacing": [3.0, 3.0],
      "ProtocolName": "ME_SE_FieldMap_PA",
      "RepetitionTime": 1919.0,
      "Rows": 476,
      "SAR": 0.3138193797334,
      "SamplesPerPixel": 1,
      "ScanOptions": "FS",
      "ScanningSequence": "EP",
      "SequenceName": "epse2d1_68",
      "SequenceVariant": "SK",
      "SeriesDescription": "ME_SE_FieldMap_PA",
      "SeriesNumber": 28,
      "SeriesTime": "120954.775000",
      "SliceLocation": -41.851085840545,
      "SliceThickness": 3.0,
      "SmallestImagePixelValue": 0,
      "SoftwareVersions": "syngo MR E11",
      "SpacingBetweenSlices": 3.0000000546053,
      "SpecificCharacterSet": "ISO_IR 100",
      "StudyID": "1",
      "StudyTime": "104940.511000",
      "TransmitCoilName": "Body",
      "VariableFlipAngleFlag": "N",
      "WindowCenterWidthExplanation": "Algo1",
      "dBdt": 0.0},
    "slices": {}
  },
  "time": {
    "samples": {
      "AcquisitionNumber": [1, 2, 3],
      "AcquisitionTime": ["120949.277500", "120951.197500", "120953.117500"],
      "ContentTime": ["120954.778000", "120954.782000", "120954.784000"],
      "InstanceCreationTime": ["120954.778000", "120954.782000", "120954.784000"],
      "InstanceNumber": [1, 2, 3],
      "LargestImagePixelValue": [63851, 63215, 63615],
      "WindowCenter": [12473.0, 12363.0, 12376.0],
      "WindowWidth": [26573.0, 26339.0, 26358.0]
    },
    "slices": {}
  }
}