{
  "AcquisitionMatrixPE": 68,
  "AcquisitionNumber": 1,
  "AcquisitionTime": "12:12:46.295000",
  "BandwidthPerPixelPhaseEncode": 60.024,
  "BaseResolution": 68,
  "BodyPartExamined": "BRAIN",
  "CoilString": "HC1-7;NC1_2",
  "ConsistencyInfo": "N4_VE11C_LATEST_20160120",
  "ConversionSoftware": "dcm2niix",
  "ConversionSoftwareVersion": "v1.0.20190410  GCC6.3.0",
  "DerivedVendorReportedEchoSpacing": 0.00049,
  "DeviceSerialNumber": "166018",
  "DwellTime": 3e-06,
  "EchoTime": 0.0204,
  "EchoTrainLength": 33,
  "EffectiveEchoSpacing": 0.000245,
  "FlipAngle": 90,
  "ImageComments": "SENSE1",
  "ImageOrientationPatientDICOM": [0.999629, 0.0157858, 0.0221923, -0.00645542, 0.928995, -0.370036],
  "ImageType": [
    "ORIGINAL",
    "PRIMARY",
    "M",
    "ND",
    "MOSAIC"
],
  "ImagingFrequency": 123.191,
  "InPlanePhaseEncodingDirectionDICOM": "COL",
  "InstitutionAddress": "Washington_Place_6_NYC_NYC_US_10003",
  "InstitutionName": "NYU_-_CBI",
  "InstitutionalDepartmentName": "Department",
  "MRAcquisitionType": "2D",
  "MagneticFieldStrength": 3,
  "Manufacturer": "Siemens",
  "ManufacturersModelName": "Prisma",
  "Modality": "MR",
  "ParallelReductionFactorInPlane": 2,
  "PartialFourier": 1,
  "PatientPosition": "HFS",
  "PercentPhaseFOV": 100,
  "PhaseEncodingDirection": "j",
  "PhaseEncodingSteps": 67,
  "PhaseResolution": 1,
  "PixelBandwidth": 2450,
  "ProcedureStepDescription": "Investigators_Hartley",
  "ProtocolName": "ME_SE_FieldMap_PA",
  "PulseSequenceDetails": "%CustomerSeq%_cmrr_mbep2d_se",
  "ReceiveCoilActiveElements": "HC1-7;NC1,2",
  "ReceiveCoilName": "HeadNeck_64",
  "ReconMatrixPE": 68,
  "RefLinesPE": 24,
  "RepetitionTime": 1.919,
  "SAR": 0.365542,
  "ScanOptions": "FS",
  "ScanningSequence": "EP",
  "SequenceName": "epse2d1_68",
  "SequenceVariant": "SK",
  "SeriesDescription": "ME_SE_FieldMap_PA",
  "SeriesNumber": 10,
  "ShimSetting": [275, -12590, -8329, 624, 38, -73, -124, 0],
  "SliceThickness": 3,
  "SliceTiming": [0.9475, 0, 0.9925, 0.0425, 1.035, 0.085, 1.0775, 0.1275, 1.12, 0.1725, 1.165, 0.215, 1.2075, 0.2575, 1.25, 0.3, 1.2925, 0.345, 1.3375, 0.3875, 1.38, 0.43, 1.4225, 0.4725, 1.465, 0.5175, 1.51, 0.56, 1.5525, 0.6025, 1.595, 0.645, 1.6375, 0.69, 1.6825, 0.7325, 1.725, 0.775, 1.7675, 0.8175, 1.81, 0.8625, 1.855, 0.905],
  "SoftwareVersions": "syngo_MR_E11",
  "SpacingBetweenSlices": 3,
  "StationName": "AWP166018",
  "TotalReadoutTime": 0.016415,
  "TxRefAmp": 207.641,
  "WipMemBlock": "d5d8bf5a-9438-45da-9c9d-911da0062cb0||Sequence: R016 ve11c/master r/8780670; Nov 27 2017 15:08:10 by eja",
  "dcmmeta_affine": [
    [-2.998887300491333, -0.01936626434326172, 0.07937347888946533, 103.25654602050781],
    [-0.04735751822590828, 2.786984920501709, -1.109266757965088, -57.015472412109375],
    [0.06657677888870239, 1.1101083755493164, 2.786256790161133, -71.16922760009766],
    [0.0, 0.0, 0.0, 1.0]
],
  "dcmmeta_reorient_transform": [
    [0.0, -1.0, 0.0, 67.0],
    [1.0, 0.0, 0.0, 0.0],
    [0.0, 0.0, 1.0, 0.0],
    [0.0, 0.0, 0.0, 1.0]
],
  "dcmmeta_shape": [68, 68, 44, 3],
  "dcmmeta_slice_dim": 2,
  "dcmmeta_version": 0.6,
  "global": {
    "const": {
      "AccessionNumber": "jxc4mfx4",
      "AcquisitionMatrix": [68, 0, 0, 68],
      "AngioFlag": "N",
      "BitsAllocated": 16,
      "BitsStored": 16,
      "BodyPartExamined": "BRAIN",
      "Columns": 476,
      "EchoNumbers": 1,
      "EchoTime": 20.4,
      "EchoTrainLength": 33,
      "FlipAngle": 90.0,
      "HighBit": 15,
      "ImageOrientationPatient": [0.99962908665654, 0.01578583890139, 0.0221922599209, -0.0064554215003, 0.92899494499287, -0.3700361059558],
      "ImagePositionPatient": [-709.78128895567, -707.9183512215, 216.08846474814],
      "ImageType": [
        "ORIGINAL",
        "PRIMARY",
        "M",
        "ND",
        "MOSAIC"
],
      "ImagedNucleus": "1H",
      "ImagingFrequency": 123.191001,
      "InPlanePhaseEncodingDirection": "COL",
      "MRAcquisitionType": "2D",
      "MagneticFieldStrength": 3.0,
      "Manufacturer": "SIEMENS",
      "ManufacturerModelName": "Prisma",
      "Modality": "MR",
      "NumberOfAverages": 1.0,
      "NumberOfPhaseEncodingSteps": 67,
      "PercentPhaseFieldOfView": 100.0,
      "PercentSampling": 100.0,
      "PerformedProcedureStepStartTime": "114230.566000",
      "PhotometricInterpretation": "MONOCHROME2",
      "PixelBandwidth": 2450.0,
      "PixelRepresentation": 0,
      "PixelSpacing": [3.0, 3.0],
      "ProtocolName": "ME_SE_FieldMap_PA",
      "RepetitionTime": 1919.0,
      "Rows": 476,
      "SAR": 0.36554167806364,
      "SamplesPerPixel": 1,
      "ScanOptions": "FS",
      "ScanningSequence": "EP",
      "SequenceName": "epse2d1_68",
      "SequenceVariant": "SK",
      "SeriesDescription": "ME_SE_FieldMap_PA",
      "SeriesNumber": 10,
      "SeriesTime": "121249.601000",
      "SliceLocation": -42.284846898871,
      "SliceThickness": 3.0,
      "SmallestImagePixelValue": 0,
      "SoftwareVersions": "syngo MR E11",
      "SpacingBetweenSlices": 2.9999999770138,
      "SpecificCharacterSet": "ISO_IR 100",
      "StudyID": "1",
      "StudyTime": "114230.514000",
      "TransmitCoilName": "Body",
      "VariableFlipAngleFlag": "N",
      "WindowCenterWidthExplanation": "Algo1",
      "dBdt": 0.0},
    "slices": {}
  },
  "time": {
    "samples": {
      "AcquisitionNumber": [1, 2, 3],
      "AcquisitionTime": ["121246.295000", "121248.215000", "121250.132500"],
      "ContentTime": ["121249.604000", "121249.608000", "121251.359000"],
      "InstanceCreationTime": ["121249.604000", "121249.608000", "121251.359000"],
      "InstanceNumber": [1, 2, 3],
      "LargestImagePixelValue": [61996, 53602, 48773],
      "WindowCenter": [11728.0, 11666.0, 11670.0],
      "WindowWidth": [24878.0, 24749.0, 24762.0]
    },
    "slices": {}
  },
  "IntendedFor": [
    "func/sub-174_task-freq1_acq-normal_run-01_echo-1_bold.nii.gz",
    "func/sub-174_task-freq1_acq-normal_run-01_echo-1_sbref.nii.gz",
    "func/sub-174_task-freq1_acq-normal_run-01_echo-2_bold.nii.gz",
    "func/sub-174_task-freq1_acq-normal_run-01_echo-2_sbref.nii.gz",
    "func/sub-174_task-freq1_acq-normal_run-01_echo-3_bold.nii.gz",
    "func/sub-174_task-freq1_acq-normal_run-01_echo-3_sbref.nii.gz",
    "func/sub-174_task-freq1_acq-normal_run-01_echo-4_bold.nii.gz",
    "func/sub-174_task-freq1_acq-normal_run-01_echo-4_sbref.nii.gz",
    "func/sub-174_task-freq2_acq-normal_run-01_echo-1_bold.nii.gz",
    "func/sub-174_task-freq2_acq-normal_run-01_echo-1_sbref.nii.gz",
    "func/sub-174_task-freq2_acq-normal_run-01_echo-2_bold.nii.gz",
    "func/sub-174_task-freq2_acq-normal_run-01_echo-2_sbref.nii.gz",
    "func/sub-174_task-freq2_acq-normal_run-01_echo-3_bold.nii.gz",
    "func/sub-174_task-freq2_acq-normal_run-01_echo-3_sbref.nii.gz",
    "func/sub-174_task-freq2_acq-normal_run-01_echo-4_bold.nii.gz",
    "func/sub-174_task-freq2_acq-normal_run-01_echo-4_sbref.nii.gz",
    "func/sub-174_task-freqreports1_acq-normal_run-01_echo-1_bold.nii.gz",
    "func/sub-174_task-freqreports1_acq-normal_run-01_echo-1_sbref.nii.gz",
    "func/sub-174_task-freqreports1_acq-normal_run-01_echo-2_bold.nii.gz",
    "func/sub-174_task-freqreports1_acq-normal_run-01_echo-2_sbref.nii.gz",
    "func/sub-174_task-freqreports1_acq-normal_run-01_echo-3_bold.nii.gz",
    "func/sub-174_task-freqreports1_acq-normal_run-01_echo-3_sbref.nii.gz",
    "func/sub-174_task-freqreports1_acq-normal_run-01_echo-4_bold.nii.gz",
    "func/sub-174_task-freqreports1_acq-normal_run-01_echo-4_sbref.nii.gz",
    "func/sub-174_task-freqreports2_acq-normal_run-01_echo-1_bold.nii.gz",
    "func/sub-174_task-freqreports2_acq-normal_run-01_echo-1_sbref.nii.gz",
    "func/sub-174_task-freqreports2_acq-normal_run-01_echo-2_bold.nii.gz",
    "func/sub-174_task-freqreports2_acq-normal_run-01_echo-2_sbref.nii.gz",
    "func/sub-174_task-freqreports2_acq-normal_run-01_echo-3_bold.nii.gz",
    "func/sub-174_task-freqreports2_acq-normal_run-01_echo-3_sbref.nii.gz",
    "func/sub-174_task-freqreports2_acq-normal_run-01_echo-4_bold.nii.gz",
    "func/sub-174_task-freqreports2_acq-normal_run-01_echo-4_sbref.nii.gz",
    "func/sub-174_task-memtest1_acq-normal_run-01_echo-1_bold.nii.gz",
    "func/sub-174_task-memtest1_acq-normal_run-01_echo-1_sbref.nii.gz",
    "func/sub-174_task-memtest1_acq-normal_run-01_echo-2_bold.nii.gz",
    "func/sub-174_task-memtest1_acq-normal_run-01_echo-2_sbref.nii.gz",
    "func/sub-174_task-memtest1_acq-normal_run-01_echo-3_bold.nii.gz",
    "func/sub-174_task-memtest1_acq-normal_run-01_echo-3_sbref.nii.gz",
    "func/sub-174_task-memtest1_acq-normal_run-01_echo-4_bold.nii.gz",
    "func/sub-174_task-memtest1_acq-normal_run-01_echo-4_sbref.nii.gz",
    "func/sub-174_task-memtest2_acq-normal_run-01_echo-1_bold.nii.gz",
    "func/sub-174_task-memtest2_acq-normal_run-01_echo-1_sbref.nii.gz",
    "func/sub-174_task-memtest2_acq-normal_run-01_echo-2_bold.nii.gz",
    "func/sub-174_task-memtest2_acq-normal_run-01_echo-2_sbref.nii.gz",
    "func/sub-174_task-memtest2_acq-normal_run-01_echo-3_bold.nii.gz",
    "func/sub-174_task-memtest2_acq-normal_run-01_echo-3_sbref.nii.gz",
    "func/sub-174_task-memtest2_acq-normal_run-01_echo-4_bold.nii.gz",
    "func/sub-174_task-memtest2_acq-normal_run-01_echo-4_sbref.nii.gz",
    "func/sub-174_task-pairedassociates1_acq-normal_run-01_echo-1_bold.nii.gz",
    "func/sub-174_task-pairedassociates1_acq-normal_run-01_echo-1_sbref.nii.gz",
    "func/sub-174_task-pairedassociates1_acq-normal_run-01_echo-2_bold.nii.gz",
    "func/sub-174_task-pairedassociates1_acq-normal_run-01_echo-2_sbref.nii.gz",
    "func/sub-174_task-pairedassociates1_acq-normal_run-01_echo-3_bold.nii.gz",
    "func/sub-174_task-pairedassociates1_acq-normal_run-01_echo-3_sbref.nii.gz",
    "func/sub-174_task-pairedassociates1_acq-normal_run-01_echo-4_bold.nii.gz",
    "func/sub-174_task-pairedassociates1_acq-normal_run-01_echo-4_sbref.nii.gz",
    "func/sub-174_task-pairedassociates2_acq-normal_run-01_echo-1_bold.nii.gz",
    "func/sub-174_task-pairedassociates2_acq-normal_run-01_echo-1_sbref.nii.gz",
    "func/sub-174_task-pairedassociates2_acq-normal_run-01_echo-2_bold.nii.gz",
    "func/sub-174_task-pairedassociates2_acq-normal_run-01_echo-2_sbref.nii.gz",
    "func/sub-174_task-pairedassociates2_acq-normal_run-01_echo-3_bold.nii.gz",
    "func/sub-174_task-pairedassociates2_acq-normal_run-01_echo-3_sbref.nii.gz",
    "func/sub-174_task-pairedassociates2_acq-normal_run-01_echo-4_bold.nii.gz",
    "func/sub-174_task-pairedassociates2_acq-normal_run-01_echo-4_sbref.nii.gz"
  ]
}