{
  "AcquisitionMatrixPE": 68,
  "AcquisitionNumber": 1,
  "AcquisitionTime": "13:37:18.287500",
  "BandwidthPerPixelPhaseEncode": 60.024,
  "BaseResolution": 68,
  "BodyPartExamined": "BRAIN",
  "CoilString": "HC1-7;NC1_2",
  "ConsistencyInfo": "N4_VE11C_LATEST_20160120",
  "ConversionSoftware": "dcm2niix",
  "ConversionSoftwareVersion": "v1.0.20190410  GCC6.3.0",
  "DerivedVendorReportedEchoSpacing": 0.00049,
  "DeviceSerialNumber": "166018",
  "DwellTime": 3e-06,
  "EchoTime": 0.0204,
  "EchoTrainLength": 33,
  "EffectiveEchoSpacing": 0.000245,
  "FlipAngle": 90,
  "ImageComments": "SENSE1",
  "ImageOrientationPatientDICOM": [0.999198, 0.0399238, -0.00311305, -0.0382106, 0.927284, -0.372404],
  "ImageType": [
    "ORIGINAL",
    "PRIMARY",
    "M",
    "ND",
    "MOSAIC"
],
  "ImagingFrequency": 123.191,
  "InPlanePhaseEncodingDirectionDICOM": "COL",
  "InstitutionAddress": "Washington_Place_6_NYC_NYC_US_10003",
  "InstitutionName": "NYU_-_CBI",
  "InstitutionalDepartmentName": "Department",
  "MRAcquisitionType": "2D",
  "MagneticFieldStrength": 3,
  "Manufacturer": "Siemens",
  "ManufacturersModelName": "Prisma",
  "Modality": "MR",
  "ParallelReductionFactorInPlane": 2,
  "PartialFourier": 1,
  "PatientPosition": "HFS",
  "PercentPhaseFOV": 100,
  "PhaseEncodingDirection": "j-",
  "PhaseEncodingSteps": 67,
  "PhaseResolution": 1,
  "PixelBandwidth": 2450,
  "ProcedureStepDescription": "Investigators_Hartley",
  "ProtocolName": "ME_SE_FieldMap_AP",
  "PulseSequenceDetails": "%CustomerSeq%_cmrr_mbep2d_se",
  "ReceiveCoilActiveElements": "HC1-7;NC1,2",
  "ReceiveCoilName": "HeadNeck_64",
  "ReconMatrixPE": 68,
  "RefLinesPE": 24,
  "RepetitionTime": 1.919,
  "SAR": 0.36591,
  "ScanOptions": "FS",
  "ScanningSequence": "EP",
  "SequenceName": "epse2d1_68",
  "SequenceVariant": "SK",
  "SeriesDescription": "ME_SE_FieldMap_AP",
  "SeriesNumber": 9,
  "ShimSetting": [245, -12631, -8394, 467, -13, -22, -29, -4],
  "SliceThickness": 3,
  "SliceTiming": [0.95, 0, 0.9925, 0.045, 1.0375, 0.0875, 1.08, 0.13, 1.1225, 0.1725, 1.165, 0.2175, 1.21, 0.26, 1.2525, 0.3025, 1.295, 0.345, 1.3375, 0.39, 1.3825, 0.4325, 1.425, 0.475, 1.4675, 0.5175, 1.51, 0.5625, 1.555, 0.605, 1.5975, 0.6475, 1.64, 0.69, 1.6825, 0.735, 1.7275, 0.7775, 1.77, 0.82, 1.8125, 0.865, 1.855, 0.9075],
  "SoftwareVersions": "syngo_MR_E11",
  "SpacingBetweenSlices": 3,
  "StationName": "AWP166018",
  "TotalReadoutTime": 0.016415,
  "TxRefAmp": 218.752,
  "WipMemBlock": "6e6eb6cb-0b19-4d68-874a-df11e8b98719||Sequence: R016 ve11c/master r/8780670; Nov 27 2017 15:08:10 by eja",
  "dcmmeta_affine": [
    [-2.997593641281128, -0.11463194340467453, 0.03594324365258217, 105.19087982177734],
    [-0.11977136135101318, 2.7818517684936523, -1.1166718006134033, -63.25600814819336],
    [-0.009339160285890102, 1.117211103439331, 2.7841968536376953, -75.64445495605469],
    [0.0, 0.0, 0.0, 1.0]
],
  "dcmmeta_reorient_transform": [
    [0.0, -1.0, 0.0, 67.0],
    [1.0, 0.0, 0.0, 0.0],
    [0.0, 0.0, 1.0, 0.0],
    [0.0, 0.0, 0.0, 1.0]
],
  "dcmmeta_shape": [68, 68, 44, 3],
  "dcmmeta_slice_dim": 2,
  "dcmmeta_version": 0.6,
  "global": {
    "const": {
      "AccessionNumber": "jsrri9bj",
      "AcquisitionMatrix": [68, 0, 0, 68],
      "AngioFlag": "N",
      "BitsAllocated": 16,
      "BitsStored": 16,
      "BodyPartExamined": "BRAIN",
      "Columns": 476,
      "EchoNumbers": 1,
      "EchoTime": 20.4,
      "EchoTrainLength": 33,
      "FlipAngle": 90.0,
      "HighBit": 15,
      "ImageOrientationPatient": [0.99919787832116, 0.03992378811188, -0.0031130533705, -0.0382106482777, 0.92728390479389, -0.3724036872379],
      "ImagePositionPatient": [-685.63472627524, -715.05916642247, 229.02492813624],
      "ImageType": [
        "ORIGINAL",
        "PRIMARY",
        "M",
        "ND",
        "MOSAIC"
],
      "ImagedNucleus": "1H",
      "ImagingFrequency": 123.19115,
      "InPlanePhaseEncodingDirection": "COL",
      "MRAcquisitionType": "2D",
      "MagneticFieldStrength": 3.0,
      "Manufacturer": "SIEMENS",
      "ManufacturerModelName": "Prisma",
      "Modality": "MR",
      "NumberOfAverages": 1.0,
      "NumberOfPhaseEncodingSteps": 67,
      "PercentPhaseFieldOfView": 100.0,
      "PercentSampling": 100.0,
      "PerformedProcedureStepStartTime": "131447.458000",
      "PhotometricInterpretation": "MONOCHROME2",
      "PixelBandwidth": 2450.0,
      "PixelRepresentation": 0,
      "PixelSpacing": [3.0, 3.0],
      "ProtocolName": "ME_SE_FieldMap_AP",
      "RepetitionTime": 1919.0,
      "Rows": 476,
      "SAR": 0.36591022247413,
      "SamplesPerPixel": 1,
      "ScanOptions": "FS",
      "ScanningSequence": "EP",
      "SequenceName": "epse2d1_68",
      "SequenceVariant": "SK",
      "SeriesDescription": "ME_SE_FieldMap_AP",
      "SeriesNumber": 9,
      "SeriesTime": "133727.245000",
      "SliceLocation": -45.397321736698,
      "SliceThickness": 3.0,
      "SmallestImagePixelValue": 0,
      "SoftwareVersions": "syngo MR E11",
      "SpacingBetweenSlices": 3.0000000183902,
      "SpecificCharacterSet": "ISO_IR 100",
      "StudyID": "1",
      "StudyTime": "131447.392000",
      "TransmitCoilName": "Body",
      "VariableFlipAngleFlag": "N",
      "WindowCenterWidthExplanation": "Algo1",
      "dBdt": 0.0},
    "slices": {}
  },
  "time": {
    "samples": {
      "AcquisitionNumber": [1, 2, 3],
      "AcquisitionTime": ["133718.287500", "133720.207500", "133722.125000"],
      "ContentTime": ["133727.249000", "133727.253000", "133727.256000"],
      "InstanceCreationTime": ["133727.249000", "133727.253000", "133727.256000"],
      "InstanceNumber": [1, 2, 3],
      "LargestImagePixelValue": [49711, 49307, 49436],
      "WindowCenter": [12538.0, 12477.0, 12489.0],
      "WindowWidth": [26766.0, 26636.0, 26666.0]
    },
    "slices": {}
  },
  "IntendedFor": [
    "func/sub-120_task-freq1_acq-normal_run-01_echo-1_bold.nii.gz",
    "func/sub-120_task-freq1_acq-normal_run-01_echo-1_sbref.nii.gz",
    "func/sub-120_task-freq1_acq-normal_run-01_echo-2_bold.nii.gz",
    "func/sub-120_task-freq1_acq-normal_run-01_echo-2_sbref.nii.gz",
    "func/sub-120_task-freq1_acq-normal_run-01_echo-3_bold.nii.gz",
    "func/sub-120_task-freq1_acq-normal_run-01_echo-3_sbref.nii.gz",
    "func/sub-120_task-freq1_acq-normal_run-01_echo-4_bold.nii.gz",
    "func/sub-120_task-freq1_acq-normal_run-01_echo-4_sbref.nii.gz",
    "func/sub-120_task-freq2_acq-normal_run-01_echo-1_bold.nii.gz",
    "func/sub-120_task-freq2_acq-normal_run-01_echo-1_sbref.nii.gz",
    "func/sub-120_task-freq2_acq-normal_run-01_echo-2_bold.nii.gz",
    "func/sub-120_task-freq2_acq-normal_run-01_echo-2_sbref.nii.gz",
    "func/sub-120_task-freq2_acq-normal_run-01_echo-3_bold.nii.gz",
    "func/sub-120_task-freq2_acq-normal_run-01_echo-3_sbref.nii.gz",
    "func/sub-120_task-freq2_acq-normal_run-01_echo-4_bold.nii.gz",
    "func/sub-120_task-freq2_acq-normal_run-01_echo-4_sbref.nii.gz",
    "func/sub-120_task-freqreports1_acq-normal_run-01_echo-1_bold.nii.gz",
    "func/sub-120_task-freqreports1_acq-normal_run-01_echo-1_sbref.nii.gz",
    "func/sub-120_task-freqreports1_acq-normal_run-01_echo-2_bold.nii.gz",
    "func/sub-120_task-freqreports1_acq-normal_run-01_echo-2_sbref.nii.gz",
    "func/sub-120_task-freqreports1_acq-normal_run-01_echo-3_bold.nii.gz",
    "func/sub-120_task-freqreports1_acq-normal_run-01_echo-3_sbref.nii.gz",
    "func/sub-120_task-freqreports1_acq-normal_run-01_echo-4_bold.nii.gz",
    "func/sub-120_task-freqreports1_acq-normal_run-01_echo-4_sbref.nii.gz",
    "func/sub-120_task-freqreports2_acq-normal_run-01_echo-1_bold.nii.gz",
    "func/sub-120_task-freqreports2_acq-normal_run-01_echo-1_sbref.nii.gz",
    "func/sub-120_task-freqreports2_acq-normal_run-01_echo-2_bold.nii.gz",
    "func/sub-120_task-freqreports2_acq-normal_run-01_echo-2_sbref.nii.gz",
    "func/sub-120_task-freqreports2_acq-normal_run-01_echo-3_bold.nii.gz",
    "func/sub-120_task-freqreports2_acq-normal_run-01_echo-3_sbref.nii.gz",
    "func/sub-120_task-freqreports2_acq-normal_run-01_echo-4_bold.nii.gz",
    "func/sub-120_task-freqreports2_acq-normal_run-01_echo-4_sbref.nii.gz",
    "func/sub-120_task-memtest1_acq-normal_run-01_echo-1_bold.nii.gz",
    "func/sub-120_task-memtest1_acq-normal_run-01_echo-1_sbref.nii.gz",
    "func/sub-120_task-memtest1_acq-normal_run-01_echo-2_bold.nii.gz",
    "func/sub-120_task-memtest1_acq-normal_run-01_echo-2_sbref.nii.gz",
    "func/sub-120_task-memtest1_acq-normal_run-01_echo-3_bold.nii.gz",
    "func/sub-120_task-memtest1_acq-normal_run-01_echo-3_sbref.nii.gz",
    "func/sub-120_task-memtest1_acq-normal_run-01_echo-4_bold.nii.gz",
    "func/sub-120_task-memtest1_acq-normal_run-01_echo-4_sbref.nii.gz",
    "func/sub-120_task-memtest2_acq-normal_run-01_echo-1_bold.nii.gz",
    "func/sub-120_task-memtest2_acq-normal_run-01_echo-1_sbref.nii.gz",
    "func/sub-120_task-memtest2_acq-normal_run-01_echo-2_bold.nii.gz",
    "func/sub-120_task-memtest2_acq-normal_run-01_echo-2_sbref.nii.gz",
    "func/sub-120_task-memtest2_acq-normal_run-01_echo-3_bold.nii.gz",
    "func/sub-120_task-memtest2_acq-normal_run-01_echo-3_sbref.nii.gz",
    "func/sub-120_task-memtest2_acq-normal_run-01_echo-4_bold.nii.gz",
    "func/sub-120_task-memtest2_acq-normal_run-01_echo-4_sbref.nii.gz",
    "func/sub-120_task-pairedassociates1_acq-normal_run-01_echo-1_bold.nii.gz",
    "func/sub-120_task-pairedassociates1_acq-normal_run-01_echo-1_sbref.nii.gz",
    "func/sub-120_task-pairedassociates1_acq-normal_run-01_echo-2_bold.nii.gz",
    "func/sub-120_task-pairedassociates1_acq-normal_run-01_echo-2_sbref.nii.gz",
    "func/sub-120_task-pairedassociates1_acq-normal_run-01_echo-3_bold.nii.gz",
    "func/sub-120_task-pairedassociates1_acq-normal_run-01_echo-3_sbref.nii.gz",
    "func/sub-120_task-pairedassociates1_acq-normal_run-01_echo-4_bold.nii.gz",
    "func/sub-120_task-pairedassociates1_acq-normal_run-01_echo-4_sbref.nii.gz",
    "func/sub-120_task-pairedassociates2_acq-normal_run-01_echo-1_bold.nii.gz",
    "func/sub-120_task-pairedassociates2_acq-normal_run-01_echo-1_sbref.nii.gz",
    "func/sub-120_task-pairedassociates2_acq-normal_run-01_echo-2_bold.nii.gz",
    "func/sub-120_task-pairedassociates2_acq-normal_run-01_echo-2_sbref.nii.gz",
    "func/sub-120_task-pairedassociates2_acq-normal_run-01_echo-3_bold.nii.gz",
    "func/sub-120_task-pairedassociates2_acq-normal_run-01_echo-3_sbref.nii.gz",
    "func/sub-120_task-pairedassociates2_acq-normal_run-01_echo-4_bold.nii.gz",
    "func/sub-120_task-pairedassociates2_acq-normal_run-01_echo-4_sbref.nii.gz"
  ]
}