{
  "AcquisitionMatrixPE": 68,
  "AcquisitionNumber": 1,
  "AcquisitionTime": "18:42:32.905000",
  "BandwidthPerPixelPhaseEncode": 60.024,
  "BaseResolution": 68,
  "BodyPartExamined": "BRAIN",
  "CoilString": "HC1-7;NC1_2",
  "ConsistencyInfo": "N4_VE11C_LATEST_20160120",
  "ConversionSoftware": "dcm2niix",
  "ConversionSoftwareVersion": "v1.0.20190410  GCC6.3.0",
  "DerivedVendorReportedEchoSpacing": 0.00049,
  "DeviceSerialNumber": "166018",
  "DwellTime": 3e-06,
  "EchoTime": 0.0204,
  "EchoTrainLength": 33,
  "EffectiveEchoSpacing": 0.000245,
  "FlipAngle": 90,
  "ImageComments": "SENSE1",
  "ImageOrientationPatientDICOM": [0.995697, -0.0678652, 0.0630984, 0.0736436, 0.992818, -0.0942803],
  "ImageType": [
    "ORIGINAL",
    "PRIMARY",
    "M",
    "ND",
    "MOSAIC"
],
  "ImagingFrequency": 123.191,
  "InPlanePhaseEncodingDirectionDICOM": "COL",
  "InstitutionAddress": "Washington_Place_6_NYC_NYC_US_10003",
  "InstitutionName": "NYU_Center_for_Brain_Imaging",
  "InstitutionalDepartmentName": "Department",
  "MRAcquisitionType": "2D",
  "MagneticFieldStrength": 3,
  "Manufacturer": "Siemens",
  "ManufacturersModelName": "Prisma",
  "Modality": "MR",
  "ParallelReductionFactorInPlane": 2,
  "PartialFourier": 1,
  "PatientPosition": "HFS",
  "PercentPhaseFOV": 100,
  "PhaseEncodingDirection": "j-",
  "PhaseEncodingSteps": 67,
  "PhaseResolution": 1,
  "PixelBandwidth": 2450,
  "ProcedureStepDescription": "Investigators_Hartley",
  "ProtocolName": "ME_SE_FieldMap_AP",
  "PulseSequenceDetails": "%CustomerSeq%_cmrr_mbep2d_se",
  "ReceiveCoilActiveElements": "HC1-7;NC1,2",
  "ReceiveCoilName": "HeadNeck_64",
  "ReconMatrixPE": 68,
  "RefLinesPE": 24,
  "RepetitionTime": 1.919,
  "SAR": 0.492956,
  "ScanOptions": "FS",
  "ScanningSequence": "EP",
  "SequenceName": "epse2d1_68",
  "SequenceVariant": "SK",
  "SeriesDescription": "ME_SE_FieldMap_AP",
  "SeriesNumber": 13,
  "ShimSetting": [266, -12707, -8500, 297, -106, -80, 200, 49],
  "SliceThickness": 3,
  "SliceTiming": [0.95, 0, 0.9925, 0.0425, 1.035, 0.085, 1.0775, 0.13, 1.1225, 0.1725, 1.165, 0.215, 1.2075, 0.2575, 1.25, 0.3025, 1.295, 0.345, 1.3375, 0.3875, 1.38, 0.43, 1.4225, 0.475, 1.4675, 0.5175, 1.51, 0.56, 1.5525, 0.6025, 1.595, 0.6475, 1.64, 0.69, 1.6825, 0.7325, 1.725, 0.775, 1.7675, 0.82, 1.8125, 0.8625, 1.855, 0.905],
  "SoftwareVersions": "syngo_MR_E11",
  "SpacingBetweenSlices": 3,
  "StationName": "AWP166018",
  "TotalReadoutTime": 0.016415,
  "TxRefAmp": 241.063,
  "WipMemBlock": "83d150e6-d856-4c18-ae50-dfe36cbb7749||Sequence: R016 ve11c/master r/8780670; Nov 27 2017 15:08:10 by eja",
  "dcmmeta_affine": [
    [-2.987091541290283, 0.2209307700395584, 0.16874079406261444, 93.42979431152344],
    [0.20359551906585693, 2.978454351425171, -0.2955642640590668, -76.2633285522461],
    [0.18929532170295715, 0.28284087777137756, 2.9806323051452637, -70.48474884033203],
    [0.0, 0.0, 0.0, 1.0]
],
  "dcmmeta_reorient_transform": [
    [0.0, -1.0, 0.0, 67.0],
    [1.0, 0.0, 0.0, 0.0],
    [0.0, 0.0, 1.0, 0.0],
    [0.0, 0.0, 0.0, 1.0]
],
  "dcmmeta_shape": [68, 68, 44, 3],
  "dcmmeta_slice_dim": 2,
  "dcmmeta_version": 0.6,
  "global": {
    "const": {
      "AccessionNumber": "jzLgw16k",
      "AcquisitionMatrix": [68, 0, 0, 68],
      "AngioFlag": "N",
      "BitsAllocated": 16,
      "BitsStored": 16,
      "BodyPartExamined": "BRAIN",
      "Columns": 476,
      "EchoNumbers": 1,
      "EchoTime": 20.4,
      "EchoTrainLength": 33,
      "FlipAngle": 90.0,
      "HighBit": 15,
      "ImageOrientationPatient": [0.99569719529908, -0.0678651745844, 0.06309844175713, 0.07364358961308, 0.99281813438549, -0.0942802935094],
      "ImagePositionPatient": [-762.66871546636, -689.36432932885, -32.451119854512],
      "ImageType": [
        "ORIGINAL",
        "PRIMARY",
        "M",
        "ND",
        "MOSAIC"
],
      "ImagedNucleus": "1H",
      "ImagingFrequency": 123.190844,
      "InPlanePhaseEncodingDirection": "COL",
      "MRAcquisitionType": "2D",
      "MagneticFieldStrength": 3.0,
      "Manufacturer": "SIEMENS",
      "ManufacturerModelName": "Prisma",
      "Modality": "MR",
      "NumberOfAverages": 1.0,
      "NumberOfPhaseEncodingSteps": 67,
      "PercentPhaseFieldOfView": 100.0,
      "PercentSampling": 100.0,
      "PerformedProcedureStepStartTime": "180618.789000",
      "PhotometricInterpretation": "MONOCHROME2",
      "PixelBandwidth": 2450.0,
      "PixelRepresentation": 0,
      "PixelSpacing": [3.0, 3.0],
      "ProtocolName": "ME_SE_FieldMap_AP",
      "RepetitionTime": 1919.0,
      "Rows": 476,
      "SAR": 0.49295622690065,
      "SamplesPerPixel": 1,
      "ScanOptions": "FS",
      "ScanningSequence": "EP",
      "SequenceName": "epse2d1_68",
      "SequenceVariant": "SK",
      "SeriesDescription": "ME_SE_FieldMap_AP",
      "SeriesNumber": 13,
      "SeriesTime": "184238.626000",
      "SliceLocation": -57.260997100396,
      "SliceThickness": 3.0,
      "SmallestImagePixelValue": 0,
      "SoftwareVersions": "syngo MR E11",
      "SpacingBetweenSlices": 3.0000000474254,
      "SpecificCharacterSet": "ISO_IR 100",
      "StudyID": "1",
      "StudyTime": "180618.691000",
      "TransmitCoilName": "Body",
      "VariableFlipAngleFlag": "N",
      "WindowCenterWidthExplanation": "Algo1",
      "dBdt": 0.0},
    "slices": {}
  },
  "time": {
    "samples": {
      "AcquisitionNumber": [1, 2, 3],
      "AcquisitionTime": ["184232.905000", "184234.822500", "184236.742500"],
      "ContentTime": ["184238.629000", "184238.633000", "184238.635000"],
      "InstanceCreationTime": ["184238.629000", "184238.633000", "184238.635000"],
      "InstanceNumber": [1, 2, 3],
      "LargestImagePixelValue": [36973, 36647, 36247],
      "WindowCenter": [10205.0, 10120.0, 10099.0],
      "WindowWidth": [21338.0, 21173.0, 21133.0]
    },
    "slices": {}
  },
  "IntendedFor": [
    "func/sub-210_task-freq1_acq-normal_run-01_echo-1_bold.nii.gz",
    "func/sub-210_task-freq1_acq-normal_run-01_echo-1_sbref.nii.gz",
    "func/sub-210_task-freq1_acq-normal_run-01_echo-2_bold.nii.gz",
    "func/sub-210_task-freq1_acq-normal_run-01_echo-2_sbref.nii.gz",
    "func/sub-210_task-freq1_acq-normal_run-01_echo-3_bold.nii.gz",
    "func/sub-210_task-freq1_acq-normal_run-01_echo-3_sbref.nii.gz",
    "func/sub-210_task-freq1_acq-normal_run-01_echo-4_bold.nii.gz",
    "func/sub-210_task-freq1_acq-normal_run-01_echo-4_sbref.nii.gz",
    "func/sub-210_task-memtest1_acq-normal_run-01_echo-1_bold.nii.gz",
    "func/sub-210_task-memtest1_acq-normal_run-01_echo-1_sbref.nii.gz",
    "func/sub-210_task-memtest1_acq-normal_run-01_echo-2_bold.nii.gz",
    "func/sub-210_task-memtest1_acq-normal_run-01_echo-2_sbref.nii.gz",
    "func/sub-210_task-memtest1_acq-normal_run-01_echo-3_bold.nii.gz",
    "func/sub-210_task-memtest1_acq-normal_run-01_echo-3_sbref.nii.gz",
    "func/sub-210_task-memtest1_acq-normal_run-01_echo-4_bold.nii.gz",
    "func/sub-210_task-memtest1_acq-normal_run-01_echo-4_sbref.nii.gz",
    "func/sub-210_task-pairedassociates1_acq-normal_run-01_echo-1_bold.nii.gz",
    "func/sub-210_task-pairedassociates1_acq-normal_run-01_echo-1_sbref.nii.gz",
    "func/sub-210_task-pairedassociates1_acq-normal_run-01_echo-2_bold.nii.gz",
    "func/sub-210_task-pairedassociates1_acq-normal_run-01_echo-2_sbref.nii.gz",
    "func/sub-210_task-pairedassociates1_acq-normal_run-01_echo-3_bold.nii.gz",
    "func/sub-210_task-pairedassociates1_acq-normal_run-01_echo-3_sbref.nii.gz",
    "func/sub-210_task-pairedassociates1_acq-normal_run-01_echo-4_bold.nii.gz",
    "func/sub-210_task-pairedassociates1_acq-normal_run-01_echo-4_sbref.nii.gz"
  ]
}