{
  "AcquisitionMatrixPE": 68,
  "AcquisitionNumber": 1,
  "AcquisitionTime": "16:58:20.257500",
  "BandwidthPerPixelPhaseEncode": 60.024,
  "BaseResolution": 68,
  "BodyPartExamined": "BRAIN",
  "CoilString": "HC1-7;NC1_2",
  "ConsistencyInfo": "N4_VE11C_LATEST_20160120",
  "ConversionSoftware": "dcm2niix",
  "ConversionSoftwareVersion": "v1.0.20190410  GCC6.3.0",
  "DerivedVendorReportedEchoSpacing": 0.00049,
  "DeviceSerialNumber": "166018",
  "DwellTime": 3e-06,
  "EchoTime": 0.0204,
  "EchoTrainLength": 33,
  "EffectiveEchoSpacing": 0.000245,
  "FlipAngle": 90,
  "ImageComments": "SENSE1",
  "ImageOrientationPatientDICOM": [0.998757, -0.040407, 0.0291755, 0.0462267, 0.969858, -0.239248],
  "ImageType": [
    "ORIGINAL",
    "PRIMARY",
    "M",
    "ND",
    "MOSAIC"
],
  "ImagingFrequency": 123.191,
  "InPlanePhaseEncodingDirectionDICOM": "COL",
  "InstitutionAddress": "Washington_Place_6_NYC_NYC_US_10003",
  "InstitutionName": "NYU_Center_for_Brain_Imaging",
  "InstitutionalDepartmentName": "Department",
  "MRAcquisitionType": "2D",
  "MagneticFieldStrength": 3,
  "Manufacturer": "Siemens",
  "ManufacturersModelName": "Prisma",
  "Modality": "MR",
  "ParallelReductionFactorInPlane": 2,
  "PartialFourier": 1,
  "PatientPosition": "HFS",
  "PercentPhaseFOV": 100,
  "PhaseEncodingDirection": "j",
  "PhaseEncodingSteps": 67,
  "PhaseResolution": 1,
  "PixelBandwidth": 2450,
  "ProcedureStepDescription": "Investigators_Hartley",
  "ProtocolName": "ME_SE_FieldMap_PA",
  "PulseSequenceDetails": "%CustomerSeq%_cmrr_mbep2d_se",
  "ReceiveCoilActiveElements": "HC1-7;NC1,2",
  "ReceiveCoilName": "HeadNeck_64",
  "ReconMatrixPE": 68,
  "RefLinesPE": 24,
  "RepetitionTime": 1.919,
  "SAR": 0.337878,
  "ScanOptions": "FS",
  "ScanningSequence": "EP",
  "SequenceName": "epse2d1_68",
  "SequenceVariant": "SK",
  "SeriesDescription": "ME_SE_FieldMap_PA",
  "SeriesNumber": 11,
  "ShimSetting": [267, -12657, -8420, 717, -11, -377, -18, -36],
  "SliceThickness": 3,
  "SliceTiming": [0.95, 0, 0.9925, 0.0425, 1.035, 0.085, 1.0775, 0.13, 1.1225, 0.1725, 1.165, 0.215, 1.2075, 0.2575, 1.25, 0.3025, 1.295, 0.345, 1.3375, 0.3875, 1.38, 0.43, 1.4225, 0.475, 1.4675, 0.5175, 1.51, 0.56, 1.5525, 0.605, 1.595, 0.6475, 1.64, 0.69, 1.6825, 0.7325, 1.725, 0.7775, 1.77, 0.82, 1.8125, 0.8625, 1.855, 0.905],
  "SoftwareVersions": "syngo_MR_E11",
  "SpacingBetweenSlices": 3,
  "StationName": "AWP166018",
  "TotalReadoutTime": 0.016415,
  "TxRefAmp": 219.047,
  "WipMemBlock": "ffd0266b-979c-493e-b5c9-c35eb0d9fb81||Sequence: R016 ve11c/master r/8780670; Nov 27 2017 15:08:10 by eja",
  "dcmmeta_affine": [
    [-2.996271848678589, 0.13868004083633423, 0.055886246263980865, 96.43194580078125],
    [0.12122110277414322, 2.9095723628997803, -0.7208976745605469, -68.46935272216797],
    [0.08752640336751938, 0.7177435755729675, 2.911560297012329, -87.58564758300781],
    [0.0, 0.0, 0.0, 1.0]
],
  "dcmmeta_reorient_transform": [
    [0.0, -1.0, 0.0, 67.0],
    [1.0, 0.0, 0.0, 0.0],
    [0.0, 0.0, 1.0, 0.0],
    [0.0, 0.0, 0.0, 1.0]
],
  "dcmmeta_shape": [68, 68, 44, 3],
  "dcmmeta_slice_dim": 2,
  "dcmmeta_version": 0.6,
  "global": {
    "const": {
      "AccessionNumber": "jxz07r1w",
      "AcquisitionMatrix": [68, 0, 0, 68],
      "AngioFlag": "N",
      "BitsAllocated": 16,
      "BitsStored": 16,
      "BodyPartExamined": "BRAIN",
      "Columns": 476,
      "EchoNumbers": 1,
      "EchoTime": 20.4,
      "EchoTrainLength": 33,
      "FlipAngle": 90.0,
      "HighBit": 15,
      "ImageOrientationPatient": [0.99875725968733, -0.0404070335895, 0.02917546672045, 0.0462266801454, 0.96985749061707, -0.2392478671518],
      "ImagePositionPatient": [-745.25367703586, -695.29567899099, 89.06748049858],
      "ImageType": [
        "ORIGINAL",
        "PRIMARY",
        "M",
        "ND",
        "MOSAIC"
],
      "ImagedNucleus": "1H",
      "ImagingFrequency": 123.190963,
      "InPlanePhaseEncodingDirection": "COL",
      "MRAcquisitionType": "2D",
      "MagneticFieldStrength": 3.0,
      "Manufacturer": "SIEMENS",
      "ManufacturerModelName": "Prisma",
      "Modality": "MR",
      "NumberOfAverages": 1.0,
      "NumberOfPhaseEncodingSteps": 67,
      "PercentPhaseFieldOfView": 100.0,
      "PercentSampling": 100.0,
      "PerformedProcedureStepStartTime": "162227.650000",
      "PhotometricInterpretation": "MONOCHROME2",
      "PixelBandwidth": 2450.0,
      "PixelRepresentation": 0,
      "PixelSpacing": [3.0, 3.0],
      "ProtocolName": "ME_SE_FieldMap_PA",
      "RepetitionTime": 1919.0,
      "Rows": 476,
      "SAR": 0.33787815930953,
      "SamplesPerPixel": 1,
      "ScanOptions": "FS",
      "ScanningSequence": "EP",
      "SequenceName": "epse2d1_68",
      "SequenceVariant": "SK",
      "SeriesDescription": "ME_SE_FieldMap_PA",
      "SeriesNumber": 11,
      "SeriesTime": "165825.096000",
      "SliceLocation": -66.754093072694,
      "SliceThickness": 3.0,
      "SmallestImagePixelValue": 0,
      "SoftwareVersions": "syngo MR E11",
      "SpacingBetweenSlices": 3.0000000413042,
      "SpecificCharacterSet": "ISO_IR 100",
      "StudyID": "1",
      "StudyTime": "162227.581000",
      "TransmitCoilName": "Body",
      "VariableFlipAngleFlag": "N",
      "WindowCenterWidthExplanation": "Algo1",
      "dBdt": 0.0},
    "slices": {}
  },
  "time": {
    "samples": {
      "AcquisitionNumber": [1, 2, 3],
      "AcquisitionTime": ["165820.257500", "165822.175000", "165824.095000"],
      "ContentTime": ["165825.100000", "165825.103000", "165825.106000"],
      "InstanceCreationTime": ["165825.100000", "165825.103000", "165825.106000"],
      "InstanceNumber": [1, 2, 3],
      "LargestImagePixelValue": [44246, 43620, 43593],
      "WindowCenter": [11245.0, 11125.0, 11142.0],
      "WindowWidth": [23659.0, 23397.0, 23436.0]
    },
    "slices": {}
  },
  "IntendedFor": [
    "func/sub-181_task-freq1_acq-normal_run-02_echo-1_bold.nii.gz",
    "func/sub-181_task-freq1_acq-normal_run-02_echo-1_sbref.nii.gz",
    "func/sub-181_task-freq1_acq-normal_run-02_echo-2_bold.nii.gz",
    "func/sub-181_task-freq1_acq-normal_run-02_echo-2_sbref.nii.gz",
    "func/sub-181_task-freq1_acq-normal_run-02_echo-3_bold.nii.gz",
    "func/sub-181_task-freq1_acq-normal_run-02_echo-3_sbref.nii.gz",
    "func/sub-181_task-freq1_acq-normal_run-02_echo-4_bold.nii.gz",
    "func/sub-181_task-freq1_acq-normal_run-02_echo-4_sbref.nii.gz",
    "func/sub-181_task-freq2_acq-normal_run-01_echo-1_bold.nii.gz",
    "func/sub-181_task-freq2_acq-normal_run-01_echo-1_sbref.nii.gz",
    "func/sub-181_task-freq2_acq-normal_run-01_echo-2_bold.nii.gz",
    "func/sub-181_task-freq2_acq-normal_run-01_echo-2_sbref.nii.gz",
    "func/sub-181_task-freq2_acq-normal_run-01_echo-3_bold.nii.gz",
    "func/sub-181_task-freq2_acq-normal_run-01_echo-3_sbref.nii.gz",
    "func/sub-181_task-freq2_acq-normal_run-01_echo-4_bold.nii.gz",
    "func/sub-181_task-freq2_acq-normal_run-01_echo-4_sbref.nii.gz",
    "func/sub-181_task-freqreports1_acq-normal_run-01_echo-1_bold.nii.gz",
    "func/sub-181_task-freqreports1_acq-normal_run-01_echo-1_sbref.nii.gz",
    "func/sub-181_task-freqreports1_acq-normal_run-01_echo-2_bold.nii.gz",
    "func/sub-181_task-freqreports1_acq-normal_run-01_echo-2_sbref.nii.gz",
    "func/sub-181_task-freqreports1_acq-normal_run-01_echo-3_bold.nii.gz",
    "func/sub-181_task-freqreports1_acq-normal_run-01_echo-3_sbref.nii.gz",
    "func/sub-181_task-freqreports1_acq-normal_run-01_echo-4_bold.nii.gz",
    "func/sub-181_task-freqreports1_acq-normal_run-01_echo-4_sbref.nii.gz",
    "func/sub-181_task-memtest1_acq-normal_run-01_echo-1_bold.nii.gz",
    "func/sub-181_task-memtest1_acq-normal_run-01_echo-1_sbref.nii.gz",
    "func/sub-181_task-memtest1_acq-normal_run-01_echo-2_bold.nii.gz",
    "func/sub-181_task-memtest1_acq-normal_run-01_echo-2_sbref.nii.gz",
    "func/sub-181_task-memtest1_acq-normal_run-01_echo-3_bold.nii.gz",
    "func/sub-181_task-memtest1_acq-normal_run-01_echo-3_sbref.nii.gz",
    "func/sub-181_task-memtest1_acq-normal_run-01_echo-4_bold.nii.gz",
    "func/sub-181_task-memtest1_acq-normal_run-01_echo-4_sbref.nii.gz",
    "func/sub-181_task-pairedassociates1_acq-normal_run-01_echo-1_bold.nii.gz",
    "func/sub-181_task-pairedassociates1_acq-normal_run-01_echo-1_sbref.nii.gz",
    "func/sub-181_task-pairedassociates1_acq-normal_run-01_echo-2_bold.nii.gz",
    "func/sub-181_task-pairedassociates1_acq-normal_run-01_echo-2_sbref.nii.gz",
    "func/sub-181_task-pairedassociates1_acq-normal_run-01_echo-3_bold.nii.gz",
    "func/sub-181_task-pairedassociates1_acq-normal_run-01_echo-3_sbref.nii.gz",
    "func/sub-181_task-pairedassociates1_acq-normal_run-01_echo-4_bold.nii.gz",
    "func/sub-181_task-pairedassociates1_acq-normal_run-01_echo-4_sbref.nii.gz",
    "func/sub-181_task-pairedassociates2_acq-normal_run-01_echo-1_bold.nii.gz",
    "func/sub-181_task-pairedassociates2_acq-normal_run-01_echo-1_sbref.nii.gz",
    "func/sub-181_task-pairedassociates2_acq-normal_run-01_echo-2_bold.nii.gz",
    "func/sub-181_task-pairedassociates2_acq-normal_run-01_echo-2_sbref.nii.gz",
    "func/sub-181_task-pairedassociates2_acq-normal_run-01_echo-3_bold.nii.gz",
    "func/sub-181_task-pairedassociates2_acq-normal_run-01_echo-3_sbref.nii.gz",
    "func/sub-181_task-pairedassociates2_acq-normal_run-01_echo-4_bold.nii.gz",
    "func/sub-181_task-pairedassociates2_acq-normal_run-01_echo-4_sbref.nii.gz"
  ]
}