{
  "AcquisitionMatrixPE": 68,
  "AcquisitionNumber": 1,
  "AcquisitionTime": "17:35:32.295000",
  "BandwidthPerPixelPhaseEncode": 60.024,
  "BaseResolution": 68,
  "BodyPartExamined": "BRAIN",
  "CoilString": "HC1-7;NC1_2",
  "ConsistencyInfo": "N4_VE11C_LATEST_20160120",
  "ConversionSoftware": "dcm2niix",
  "ConversionSoftwareVersion": "v1.0.20190410  GCC6.3.0",
  "DerivedVendorReportedEchoSpacing": 0.00049,
  "DeviceSerialNumber": "166018",
  "DwellTime": 3e-06,
  "EchoTime": 0.0204,
  "EchoTrainLength": 33,
  "EffectiveEchoSpacing": 0.000245,
  "FlipAngle": 90,
  "ImageComments": "SENSE1",
  "ImageOrientationPatientDICOM": [0.999313, 0.0365846, 0.00595447, -0.0317538, 0.927844, -0.371614],
  "ImageType": [
    "ORIGINAL",
    "PRIMARY",
    "M",
    "ND",
    "MOSAIC"
],
  "ImagingFrequency": 123.191,
  "InPlanePhaseEncodingDirectionDICOM": "COL",
  "InstitutionAddress": "Washington_Place_6_NYC_NYC_US_10003",
  "InstitutionName": "NYU_Center_for_Brain_Imaging",
  "InstitutionalDepartmentName": "Department",
  "MRAcquisitionType": "2D",
  "MagneticFieldStrength": 3,
  "Manufacturer": "Siemens",
  "ManufacturersModelName": "Prisma",
  "Modality": "MR",
  "ParallelReductionFactorInPlane": 2,
  "PartialFourier": 1,
  "PatientPosition": "HFS",
  "PercentPhaseFOV": 100,
  "PhaseEncodingDirection": "j",
  "PhaseEncodingSteps": 67,
  "PhaseResolution": 1,
  "PixelBandwidth": 2450,
  "ProcedureStepDescription": "Investigators_Hartley",
  "ProtocolName": "ME_SE_FieldMap_PA",
  "PulseSequenceDetails": "%CustomerSeq%_cmrr_mbep2d_se",
  "ReceiveCoilActiveElements": "HC1-7;NC1,2",
  "ReceiveCoilName": "HeadNeck_64",
  "ReconMatrixPE": 68,
  "RefLinesPE": 24,
  "RepetitionTime": 1.919,
  "SAR": 0.533172,
  "ScanOptions": "FS",
  "ScanningSequence": "EP",
  "SequenceName": "epse2d1_68",
  "SequenceVariant": "SK",
  "SeriesDescription": "ME_SE_FieldMap_PA",
  "SeriesNumber": 10,
  "ShimSetting": [257, -12703, -8478, 551, 31, -425, -115, -28],
  "SliceThickness": 3,
  "SliceTiming": [0.95, 0, 0.9925, 0.045, 1.0375, 0.0875, 1.08, 0.13, 1.1225, 0.1725, 1.165, 0.2175, 1.21, 0.26, 1.2525, 0.3025, 1.295, 0.345, 1.3375, 0.39, 1.3825, 0.4325, 1.425, 0.475, 1.4675, 0.52, 1.51, 0.5625, 1.555, 0.605, 1.5975, 0.6475, 1.64, 0.6925, 1.685, 0.735, 1.7275, 0.7775, 1.77, 0.82, 1.8125, 0.865, 1.8575, 0.9075],
  "SoftwareVersions": "syngo_MR_E11",
  "SpacingBetweenSlices": 3,
  "StationName": "AWP166018",
  "TotalReadoutTime": 0.016415,
  "TxRefAmp": 205.324,
  "WipMemBlock": "d4e0df24-9c52-4af1-98d4-b247ff26f1e5||Sequence: R016 ve11c/master r/8780670; Nov 27 2017 15:08:10 by eja",
  "dcmmeta_affine": [
    [-2.997938394546509, -0.09526152908802032, 0.057360466569662094, 107.92781066894531],
    [-0.10975372791290283, 2.7835326194763184, -1.1135082244873047, -60.92451858520508],
    [0.017863409593701363, 1.1148415803909302, 2.785104990005493, -101.72761535644531],
    [0.0, 0.0, 0.0, 1.0]
],
  "dcmmeta_reorient_transform": [
    [0.0, -1.0, 0.0, 67.0],
    [1.0, 0.0, 0.0, 0.0],
    [0.0, 0.0, 1.0, 0.0],
    [0.0, 0.0, 0.0, 1.0]
],
  "dcmmeta_shape": [68, 68, 44, 3],
  "dcmmeta_slice_dim": 2,
  "dcmmeta_version": 0.6,
  "global": {
    "const": {
      "AccessionNumber": "jujxix6c",
      "AcquisitionMatrix": [68, 0, 0, 68],
      "AngioFlag": "N",
      "BitsAllocated": 16,
      "BitsStored": 16,
      "BodyPartExamined": "BRAIN",
      "Columns": 476,
      "EchoNumbers": 1,
      "EchoTime": 20.4,
      "EchoTrainLength": 33,
      "FlipAngle": 90.0,
      "HighBit": 15,
      "ImageOrientationPatient": [0.99931282043358, 0.03658457606583, 0.00595446984822, -0.0317538432097, 0.92784418471968, -0.3716138618557],
      "ImagePositionPatient": [-693.69138544126, -715.80256320989, 196.75031578102],
      "ImageType": [
        "ORIGINAL",
        "PRIMARY",
        "M",
        "ND",
        "MOSAIC"
],
      "ImagedNucleus": "1H",
      "ImagingFrequency": 123.191123,
      "InPlanePhaseEncodingDirection": "COL",
      "MRAcquisitionType": "2D",
      "MagneticFieldStrength": 3.0,
      "Manufacturer": "SIEMENS",
      "ManufacturerModelName": "Prisma",
      "Modality": "MR",
      "NumberOfAverages": 1.0,
      "NumberOfPhaseEncodingSteps": 67,
      "PercentPhaseFieldOfView": 100.0,
      "PercentSampling": 100.0,
      "PerformedProcedureStepStartTime": "171025.722000",
      "PhotometricInterpretation": "MONOCHROME2",
      "PixelBandwidth": 2450.0,
      "PixelRepresentation": 0,
      "PixelSpacing": [3.0, 3.0],
      "ProtocolName": "ME_SE_FieldMap_PA",
      "RepetitionTime": 1919.0,
      "Rows": 476,
      "SAR": 0.53317184963599,
      "SamplesPerPixel": 1,
      "ScanOptions": "FS",
      "ScanningSequence": "EP",
      "SequenceName": "epse2d1_68",
      "SequenceVariant": "SK",
      "SeriesDescription": "ME_SE_FieldMap_PA",
      "SeriesNumber": 10,
      "SeriesTime": "173537.373000",
      "SliceLocation": -69.763779970693,
      "SliceThickness": 3.0,
      "SmallestImagePixelValue": 0,
      "SoftwareVersions": "syngo MR E11",
      "SpacingBetweenSlices": 3.000000017628,
      "SpecificCharacterSet": "ISO_IR 100",
      "StudyID": "1",
      "StudyTime": "171025.613000",
      "TransmitCoilName": "Body",
      "VariableFlipAngleFlag": "N",
      "WindowCenterWidthExplanation": "Algo1",
      "dBdt": 0.0},
    "slices": {}
  },
  "time": {
    "samples": {
      "AcquisitionNumber": [1, 2, 3],
      "AcquisitionTime": ["173532.295000", "173534.215000", "173536.132500"],
      "ContentTime": ["173537.376000", "173537.380000", "173538.094000"],
      "InstanceCreationTime": ["173537.376000", "173537.380000", "173538.094000"],
      "InstanceNumber": [1, 2, 3],
      "LargestImagePixelValue": [42791, 42115, 42399],
      "WindowCenter": [10787.0, 10645.0, 10635.0],
      "WindowWidth": [23028.0, 22699.0, 22684.0]
    },
    "slices": {}
  },
  "IntendedFor": [
    "func/sub-149_task-freq1_acq-normal_run-01_echo-1_bold.nii.gz",
    "func/sub-149_task-freq1_acq-normal_run-01_echo-1_sbref.nii.gz",
    "func/sub-149_task-freq1_acq-normal_run-01_echo-2_bold.nii.gz",
    "func/sub-149_task-freq1_acq-normal_run-01_echo-2_sbref.nii.gz",
    "func/sub-149_task-freq1_acq-normal_run-01_echo-3_bold.nii.gz",
    "func/sub-149_task-freq1_acq-normal_run-01_echo-3_sbref.nii.gz",
    "func/sub-149_task-freq1_acq-normal_run-01_echo-4_bold.nii.gz",
    "func/sub-149_task-freq1_acq-normal_run-01_echo-4_sbref.nii.gz",
    "func/sub-149_task-freq2_acq-normal_run-01_echo-1_bold.nii.gz",
    "func/sub-149_task-freq2_acq-normal_run-01_echo-1_sbref.nii.gz",
    "func/sub-149_task-freq2_acq-normal_run-01_echo-2_bold.nii.gz",
    "func/sub-149_task-freq2_acq-normal_run-01_echo-2_sbref.nii.gz",
    "func/sub-149_task-freq2_acq-normal_run-01_echo-3_bold.nii.gz",
    "func/sub-149_task-freq2_acq-normal_run-01_echo-3_sbref.nii.gz",
    "func/sub-149_task-freq2_acq-normal_run-01_echo-4_bold.nii.gz",
    "func/sub-149_task-freq2_acq-normal_run-01_echo-4_sbref.nii.gz",
    "func/sub-149_task-freqreports1_acq-normal_run-01_echo-1_bold.nii.gz",
    "func/sub-149_task-freqreports1_acq-normal_run-01_echo-1_sbref.nii.gz",
    "func/sub-149_task-freqreports1_acq-normal_run-01_echo-2_bold.nii.gz",
    "func/sub-149_task-freqreports1_acq-normal_run-01_echo-2_sbref.nii.gz",
    "func/sub-149_task-freqreports1_acq-normal_run-01_echo-3_bold.nii.gz",
    "func/sub-149_task-freqreports1_acq-normal_run-01_echo-3_sbref.nii.gz",
    "func/sub-149_task-freqreports1_acq-normal_run-01_echo-4_bold.nii.gz",
    "func/sub-149_task-freqreports1_acq-normal_run-01_echo-4_sbref.nii.gz",
    "func/sub-149_task-freqreports2_acq-normal_run-01_echo-1_bold.nii.gz",
    "func/sub-149_task-freqreports2_acq-normal_run-01_echo-1_sbref.nii.gz",
    "func/sub-149_task-freqreports2_acq-normal_run-01_echo-2_bold.nii.gz",
    "func/sub-149_task-freqreports2_acq-normal_run-01_echo-2_sbref.nii.gz",
    "func/sub-149_task-freqreports2_acq-normal_run-01_echo-3_bold.nii.gz",
    "func/sub-149_task-freqreports2_acq-normal_run-01_echo-3_sbref.nii.gz",
    "func/sub-149_task-freqreports2_acq-normal_run-01_echo-4_bold.nii.gz",
    "func/sub-149_task-freqreports2_acq-normal_run-01_echo-4_sbref.nii.gz",
    "func/sub-149_task-memtest1_acq-normal_run-01_echo-1_bold.nii.gz",
    "func/sub-149_task-memtest1_acq-normal_run-01_echo-1_sbref.nii.gz",
    "func/sub-149_task-memtest1_acq-normal_run-01_echo-2_bold.nii.gz",
    "func/sub-149_task-memtest1_acq-normal_run-01_echo-2_sbref.nii.gz",
    "func/sub-149_task-memtest1_acq-normal_run-01_echo-3_bold.nii.gz",
    "func/sub-149_task-memtest1_acq-normal_run-01_echo-3_sbref.nii.gz",
    "func/sub-149_task-memtest1_acq-normal_run-01_echo-4_bold.nii.gz",
    "func/sub-149_task-memtest1_acq-normal_run-01_echo-4_sbref.nii.gz",
    "func/sub-149_task-memtest2_acq-normal_run-01_echo-1_bold.nii.gz",
    "func/sub-149_task-memtest2_acq-normal_run-01_echo-1_sbref.nii.gz",
    "func/sub-149_task-memtest2_acq-normal_run-01_echo-2_bold.nii.gz",
    "func/sub-149_task-memtest2_acq-normal_run-01_echo-2_sbref.nii.gz",
    "func/sub-149_task-memtest2_acq-normal_run-01_echo-3_bold.nii.gz",
    "func/sub-149_task-memtest2_acq-normal_run-01_echo-3_sbref.nii.gz",
    "func/sub-149_task-memtest2_acq-normal_run-01_echo-4_bold.nii.gz",
    "func/sub-149_task-memtest2_acq-normal_run-01_echo-4_sbref.nii.gz",
    "func/sub-149_task-pairedassociates1_acq-normal_run-01_echo-1_bold.nii.gz",
    "func/sub-149_task-pairedassociates1_acq-normal_run-01_echo-1_sbref.nii.gz",
    "func/sub-149_task-pairedassociates1_acq-normal_run-01_echo-2_bold.nii.gz",
    "func/sub-149_task-pairedassociates1_acq-normal_run-01_echo-2_sbref.nii.gz",
    "func/sub-149_task-pairedassociates1_acq-normal_run-01_echo-3_bold.nii.gz",
    "func/sub-149_task-pairedassociates1_acq-normal_run-01_echo-3_sbref.nii.gz",
    "func/sub-149_task-pairedassociates1_acq-normal_run-01_echo-4_bold.nii.gz",
    "func/sub-149_task-pairedassociates1_acq-normal_run-01_echo-4_sbref.nii.gz",
    "func/sub-149_task-pairedassociates2_acq-normal_run-01_echo-1_bold.nii.gz",
    "func/sub-149_task-pairedassociates2_acq-normal_run-01_echo-1_sbref.nii.gz",
    "func/sub-149_task-pairedassociates2_acq-normal_run-01_echo-2_bold.nii.gz",
    "func/sub-149_task-pairedassociates2_acq-normal_run-01_echo-2_sbref.nii.gz",
    "func/sub-149_task-pairedassociates2_acq-normal_run-01_echo-3_bold.nii.gz",
    "func/sub-149_task-pairedassociates2_acq-normal_run-01_echo-3_sbref.nii.gz",
    "func/sub-149_task-pairedassociates2_acq-normal_run-01_echo-4_bold.nii.gz",
    "func/sub-149_task-pairedassociates2_acq-normal_run-01_echo-4_sbref.nii.gz"
  ]
}