{
  "AcquisitionMatrixPE": 128,
  "AcquisitionNumber": 1,
  "AcquisitionTime": "12:32:27.180000",
  "BaseResolution": 128,
  "BodyPartExamined": "BRAIN",
  "ConsistencyInfo": "N4_VE11C_LATEST_20160120",
  "ConversionSoftware": "dcm2niix",
  "ConversionSoftwareVersion": "v1.0.20190410  GCC6.3.0",
  "DeviceSerialNumber": "166018",
  "DwellTime": 7.3e-06,
  "EchoTime": 0.00103,
  "FlipAngle": 3,
  "ImageOrientationPatientDICOM": [-0.0721814, 0.980335, 0.183666, 0.0430011, 0.187034, -0.981412],
  "ImageType": [
    "ORIGINAL",
    "PRIMARY",
    "M",
    "ND"
],
  "ImagingFrequency": 123.191,
  "InPlanePhaseEncodingDirectionDICOM": "ROW",
  "InstitutionAddress": "Washington_Place_6_NYC_NYC_US_10003",
  "InstitutionName": "NYU_Center_for_Brain_Imaging",
  "InstitutionalDepartmentName": "Department",
  "MRAcquisitionType": "3D",
  "MagneticFieldStrength": 3,
  "Manufacturer": "Siemens",
  "ManufacturersModelName": "Prisma",
  "Modality": "MR",
  "PartialFourier": 0.75,
  "PatientPosition": "HFS",
  "PercentPhaseFOV": 100,
  "PhaseEncodingSteps": 96,
  "PhaseResolution": 1,
  "PixelBandwidth": 535,
  "ProcedureStepDescription": "Investigators_Hartley",
  "ProtocolName": "BIAS_BodyCoil",
  "PulseSequenceDetails": "%SiemensSeq%_tfl",
  "ReceiveCoilActiveElements": "BC",
  "ReceiveCoilName": "Body",
  "ReconMatrixPE": 128,
  "RepetitionTime": 0.25,
  "SAR": 0.00736554,
  "ScanOptions": "PFP",
  "ScanningSequence": "GR",
  "SequenceName": "_tfl3d1_16ns",
  "SequenceVariant": "SK_SP",
  "SeriesDescription": "BIAS_BodyCoil",
  "SeriesNumber": 5,
  "ShimSetting": [262, -12692, -8522, -52, -101, -699, 96, -68],
  "SliceThickness": 2,
  "SoftwareVersions": "syngo_MR_E11",
  "StationName": "AWP166018",
  "TxRefAmp": 210.439,
  "dcmmeta_affine": [
    [1.9929282665252686, -0.14436271786689758, 0.08600211143493652, -83.64520263671875],
    [0.12588360905647278, 1.9606698751449585, 0.37406811118125916, -142.0071563720703],
    [-0.11131162196397781, -0.3673323392868042, 1.9628236293792725, -86.14556121826172],
    [0.0, 0.0, 0.0, 1.0]
],
  "dcmmeta_reorient_transform": [
    [0.0, 0.0, -1.0, 127.0],
    [0.0, -1.0, 0.0, 127.0],
    [-1.0, 0.0, 0.0, 87.0],
    [0.0, 0.0, 0.0, 1.0]
],
  "dcmmeta_shape": [88, 128, 128],
  "dcmmeta_slice_dim": 0,
  "dcmmeta_version": 0.6,
  "global": {
    "const": {
      "AccessionNumber": "jyov0wd0",
      "AcquisitionMatrix": [0, 128, 128, 0],
      "AcquisitionNumber": 1,
      "AcquisitionTime": "123227.180000",
      "AngioFlag": "N",
      "BitsAllocated": 16,
      "BitsStored": 12,
      "BodyPartExamined": "BRAIN",
      "Columns": 128,
      "EchoNumbers": 1,
      "EchoTime": 1.03,
      "EchoTrainLength": 1,
      "FlipAngle": 3.0,
      "HighBit": 11,
      "ImageOrientationPatient": [-0.0721813612528, 0.98033493731569, 0.18366616935612, 0.04300105668049, 0.18703406168532, -0.9814118243092],
      "ImageType": [
        "ORIGINAL",
        "PRIMARY",
        "M",
        "ND"
],
      "ImagedNucleus": "1H",
      "ImagingFrequency": 123.191152,
      "InPlanePhaseEncodingDirection": "ROW",
      "MRAcquisitionType": "3D",
      "MagneticFieldStrength": 3.0,
      "Manufacturer": "SIEMENS",
      "ManufacturerModelName": "Prisma",
      "Modality": "MR",
      "NumberOfAverages": 1.0,
      "NumberOfPhaseEncodingSteps": 96,
      "PercentPhaseFieldOfView": 100.0,
      "PercentSampling": 100.0,
      "PerformedProcedureStepStartTime": "121527.745000",
      "PhotometricInterpretation": "MONOCHROME2",
      "PixelBandwidth": 535.0,
      "PixelRepresentation": 0,
      "PixelSpacing": [2.0, 2.0],
      "ProtocolName": "BIAS_BodyCoil",
      "RepetitionTime": 250.0,
      "Rows": 128,
      "SAR": 0.00736553660324,
      "SamplesPerPixel": 1,
      "ScanOptions": "PFP",
      "ScanningSequence": "GR",
      "SequenceName": "*tfl3d1_16ns",
      "SequenceVariant": [
        "SK",
        "SP"
],
      "SeriesDescription": "BIAS_BodyCoil",
      "SeriesNumber": 5,
      "SeriesTime": "123252.325000",
      "SliceThickness": 2.0,
      "SmallestImagePixelValue": 0,
      "SoftwareVersions": "syngo MR E11",
      "SpecificCharacterSet": "ISO_IR 100",
      "StudyID": "1",
      "StudyTime": "121527.679000",
      "TransmitCoilName": "Body",
      "VariableFlipAngleFlag": "N",
      "WindowCenterWidthExplanation": "Algo1",
      "dBdt": 0.0},
