{
  "AcquisitionMatrixPE": 68,
  "AcquisitionNumber": 1,
  "AcquisitionTime": "17:59:52.292500",
  "BandwidthPerPixelPhaseEncode": 60.024,
  "BaseResolution": 68,
  "BodyPartExamined": "BRAIN",
  "CoilString": "HC1-7;NC1_2",
  "ConsistencyInfo": "N4_VE11C_LATEST_20160120",
  "ConversionSoftware": "dcm2niix",
  "ConversionSoftwareVersion": "v1.0.20190410  GCC6.3.0",
  "DerivedVendorReportedEchoSpacing": 0.00049,
  "DeviceSerialNumber": "166018",
  "DwellTime": 3e-06,
  "EchoTime": 0.0204,
  "EchoTrainLength": 33,
  "EffectiveEchoSpacing": 0.000245,
  "FlipAngle": 90,
  "ImageComments": "SENSE1",
  "ImageOrientationPatientDICOM": [0.997738, 0.0337204, 0.0581598, -0.0243842, 0.987715, -0.154353],
  "ImageType": [
    "ORIGINAL",
    "PRIMARY",
    "M",
    "ND",
    "MOSAIC"
],
  "ImagingFrequency": 123.191,
  "InPlanePhaseEncodingDirectionDICOM": "COL",
  "InstitutionAddress": "Washington_Place_6_NYC_NYC_US_10003",
  "InstitutionName": "NYU_-_CBI",
  "InstitutionalDepartmentName": "Department",
  "MRAcquisitionType": "2D",
  "MagneticFieldStrength": 3,
  "Manufacturer": "Siemens",
  "ManufacturersModelName": "Prisma",
  "Modality": "MR",
  "ParallelReductionFactorInPlane": 2,
  "PartialFourier": 1,
  "PatientPosition": "HFS",
  "PercentPhaseFOV": 100,
  "PhaseEncodingDirection": "j",
  "PhaseEncodingSteps": 67,
  "PhaseResolution": 1,
  "PixelBandwidth": 2450,
  "ProcedureStepDescription": "Investigators_Hartley",
  "ProtocolName": "ME_SE_FieldMap_PA",
  "PulseSequenceDetails": "%CustomerSeq%_cmrr_mbep2d_se",
  "ReceiveCoilActiveElements": "HC1-7;NC1,2",
  "ReceiveCoilName": "HeadNeck_64",
  "ReconMatrixPE": 68,
  "RefLinesPE": 24,
  "RepetitionTime": 1.919,
  "SAR": 0.461377,
  "ScanOptions": "FS",
  "ScanningSequence": "EP",
  "SequenceName": "epse2d1_68",
  "SequenceVariant": "SK",
  "SeriesDescription": "ME_SE_FieldMap_PA",
  "SeriesNumber": 28,
  "ShimSetting": [286, -12708, -8404, 644, -61, -37, 36, -2],
  "SliceThickness": 3,
  "SliceTiming": [0.95, 0, 0.9925, 0.0425, 1.035, 0.085, 1.0775, 0.13, 1.1225, 0.1725, 1.165, 0.215, 1.2075, 0.2575, 1.25, 0.3025, 1.295, 0.345, 1.3375, 0.3875, 1.38, 0.43, 1.4225, 0.475, 1.4675, 0.5175, 1.51, 0.56, 1.5525, 0.6025, 1.595, 0.6475, 1.64, 0.69, 1.6825, 0.7325, 1.725, 0.7775, 1.7675, 0.82, 1.8125, 0.8625, 1.855, 0.905],
  "SoftwareVersions": "syngo_MR_E11",
  "SpacingBetweenSlices": 3,
  "StationName": "AWP166018",
  "TotalReadoutTime": 0.016415,
  "TxRefAmp": 202.741,
  "WipMemBlock": "5a389d23-1e19-434f-9693-34204f62af7f||Sequence: R016 ve11c/master r/8780670; Nov 27 2017 15:08:10 by eja",
  "dcmmeta_affine": [
    [-2.993212938308716, -0.0731525644659996, 0.18795044720172882, 96.2667236328125],
    [-0.10116123408079147, 2.963144540786743, -0.4577561914920807, -77.09614562988281],
    [0.1744794398546219, 0.46305835247039795, 2.9589076042175293, -72.9773941040039],
    [0.0, 0.0, 0.0, 1.0]
],
  "dcmmeta_reorient_transform": [
    [0.0, -1.0, 0.0, 67.0],
    [1.0, 0.0, 0.0, 0.0],
    [0.0, 0.0, 1.0, 0.0],
    [0.0, 0.0, 0.0, 1.0]
],
  "dcmmeta_shape": [68, 68, 44, 3],
  "dcmmeta_slice_dim": 2,
  "dcmmeta_version": 0.6,
  "global": {
    "const": {
      "AccessionNumber": "jy4nv8kk",
      "AcquisitionMatrix": [68, 0, 0, 68],
      "AngioFlag": "N",
      "BitsAllocated": 16,
      "BitsStored": 16,
      "BodyPartExamined": "BRAIN",
      "Columns": 476,
      "EchoNumbers": 1,
      "EchoTime": 20.4,
      "EchoTrainLength": 33,
      "FlipAngle": 90.0,
      "HighBit": 15,
      "ImageOrientationPatient": [0.99773762592339, 0.03372041096138, 0.05815981173756, -0.0243841883324, 0.98771485303638, -0.1543527792127],
      "ImagePositionPatient": [-687.057805711, -746.55292455153, 16.917607176911],
      "ImageType": [
        "ORIGINAL",
        "PRIMARY",
        "M",
        "ND",
        "MOSAIC"
],
      "ImagedNucleus": "1H",
      "ImagingFrequency": 123.19057,
      "InPlanePhaseEncodingDirection": "COL",
      "MRAcquisitionType": "2D",
      "MagneticFieldStrength": 3.0,
      "Manufacturer": "SIEMENS",
      "ManufacturerModelName": "Prisma",
      "Modality": "MR",
      "NumberOfAverages": 1.0,
      "NumberOfPhaseEncodingSteps": 67,
      "PercentPhaseFieldOfView": 100.0,
      "PercentSampling": 100.0,
      "PerformedProcedureStepStartTime": "162118.727000",
      "PhotometricInterpretation": "MONOCHROME2",
      "PixelBandwidth": 2450.0,
      "PixelRepresentation": 0,
      "PixelSpacing": [3.0, 3.0],
      "ProtocolName": "ME_SE_FieldMap_PA",
      "RepetitionTime": 1919.0,
      "Rows": 476,
      "SAR": 0.46137675256506,
      "SamplesPerPixel": 1,
      "ScanOptions": "FS",
      "ScanningSequence": "EP",
      "SequenceName": "epse2d1_68",
      "SequenceVariant": "SK",
      "SeriesDescription": "ME_SE_FieldMap_PA",
      "SeriesNumber": 28,
      "SeriesTime": "175955.905000",
      "SliceLocation": -54.182920909799,
      "SliceThickness": 3.0,
      "SmallestImagePixelValue": 0,
      "SoftwareVersions": "syngo MR E11",
      "SpacingBetweenSlices": 3.0000000850069,
      "SpecificCharacterSet": "ISO_IR 100",
      "StudyID": "1",
      "StudyTime": "162118.667000",
      "TransmitCoilName": "Body",
      "VariableFlipAngleFlag": "N",
      "WindowCenterWidthExplanation": "Algo1",
      "dBdt": 0.0},
    "slices": {}
  },
  "time": {
    "samples": {
      "AcquisitionNumber": [1, 2, 3],
      "AcquisitionTime": ["175952.292500", "175954.210000", "175956.130000"],
      "ContentTime": ["175955.909000", "175955.912000", "175957.673000"],
      "InstanceCreationTime": ["175955.909000", "175955.912000", "175957.673000"],
      "InstanceNumber": [1, 2, 3],
      "LargestImagePixelValue": [41396, 40858, 48258],
      "WindowCenter": [11696.0, 11598.0, 11605.0],
      "WindowWidth": [24859.0, 24780.0, 24817.0]
    },
    "slices": {}
  }
}