{
  "AcquisitionMatrixPE": 68,
  "AcquisitionNumber": 1,
  "AcquisitionTime": "17:39:28.280000",
  "BandwidthPerPixelPhaseEncode": 60.024,
  "BaseResolution": 68,
  "BodyPartExamined": "BRAIN",
  "CoilString": "HC1-7;NC1_2",
  "ConsistencyInfo": "N4_VE11C_LATEST_20160120",
  "ConversionSoftware": "dcm2niix",
  "ConversionSoftwareVersion": "v1.0.20190410  GCC6.3.0",
  "DerivedVendorReportedEchoSpacing": 0.00049,
  "DeviceSerialNumber": "166018",
  "DwellTime": 3e-06,
  "EchoTime": 0.0204,
  "EchoTrainLength": 33,
  "EffectiveEchoSpacing": 0.000245,
  "FlipAngle": 90,
  "ImageComments": "SENSE1",
  "ImageOrientationPatientDICOM": [0.999778, 0.0209394, -0.00250053, -0.0205932, 0.943881, -0.329642],
  "ImageType": [
    "ORIGINAL",
    "PRIMARY",
    "M",
    "ND",
    "MOSAIC"
],
  "ImagingFrequency": 123.191,
  "InPlanePhaseEncodingDirectionDICOM": "COL",
  "InstitutionAddress": "Washington_Place_6_NYC_NYC_US_10003",
  "InstitutionName": "NYU_Center_for_Brain_Imaging",
  "InstitutionalDepartmentName": "Department",
  "MRAcquisitionType": "2D",
  "MagneticFieldStrength": 3,
  "Manufacturer": "Siemens",
  "ManufacturersModelName": "Prisma",
  "Modality": "MR",
  "ParallelReductionFactorInPlane": 2,
  "PartialFourier": 1,
  "PatientPosition": "HFS",
  "PercentPhaseFOV": 100,
  "PhaseEncodingDirection": "j-",
  "PhaseEncodingSteps": 67,
  "PhaseResolution": 1,
  "PixelBandwidth": 2450,
  "ProcedureStepDescription": "Investigators_Hartley",
  "ProtocolName": "ME_SE_FieldMap_AP",
  "PulseSequenceDetails": "%CustomerSeq%_cmrr_mbep2d_se",
  "ReceiveCoilActiveElements": "HC1-7;NC1,2",
  "ReceiveCoilName": "HeadNeck_64",
  "ReconMatrixPE": 68,
  "RefLinesPE": 24,
  "RepetitionTime": 1.919,
  "SAR": 0.333639,
  "ScanOptions": "FS",
  "ScanningSequence": "EP",
  "SequenceName": "epse2d1_68",
  "SequenceVariant": "SK",
  "SeriesDescription": "ME_SE_FieldMap_AP",
  "SeriesNumber": 9,
  "ShimSetting": [270, -12638, -8415, 474, 6, -95, -27, 30],
  "SliceThickness": 3,
  "SliceTiming": [0.9475, 0, 0.9925, 0.0425, 1.035, 0.085, 1.0775, 0.1275, 1.12, 0.1725, 1.165, 0.215, 1.2075, 0.2575, 1.25, 0.3, 1.2925, 0.345, 1.3375, 0.3875, 1.38, 0.43, 1.4225, 0.475, 1.4675, 0.5175, 1.51, 0.56, 1.5525, 0.6025, 1.595, 0.6475, 1.64, 0.69, 1.6825, 0.7325, 1.725, 0.775, 1.7675, 0.82, 1.8125, 0.8625, 1.855, 0.905],
  "SoftwareVersions": "syngo_MR_E11",
  "SpacingBetweenSlices": 3,
  "StationName": "AWP166018",
  "TotalReadoutTime": 0.016415,
  "TxRefAmp": 217.473,
  "WipMemBlock": "ba70266b-338b-4650-8b3d-0228f6017611||Sequence: R016 ve11c/master r/8780670; Nov 27 2017 15:08:10 by eja",
  "dcmmeta_affine": [
    [-2.999332904815674, -0.06177947670221329, 0.013626901432871819, 102.39730834960938],
    [-0.06281816959381104, 2.831644058227539, -0.9888609051704407, -64.82145690917969],
    [-0.007501591928303242, 0.988926351070404, 2.832307815551758, -69.81076049804688],
    [0.0, 0.0, 0.0, 1.0]
],
  "dcmmeta_reorient_transform": [
    [0.0, -1.0, 0.0, 67.0],
    [1.0, 0.0, 0.0, 0.0],
    [0.0, 0.0, 1.0, 0.0],
    [0.0, 0.0, 0.0, 1.0]
],
  "dcmmeta_shape": [68, 68, 44, 3],
  "dcmmeta_slice_dim": 2,
  "dcmmeta_version": 0.6,
  "global": {
    "const": {
      "AccessionNumber": "k0mpmum6",
      "AcquisitionMatrix": [68, 0, 0, 68],
      "AngioFlag": "N",
      "BitsAllocated": 16,
      "BitsStored": 16,
      "BodyPartExamined": "BRAIN",
      "Columns": 476,
      "EchoNumbers": 1,
      "EchoTime": 20.4,
      "EchoTrainLength": 33,
      "FlipAngle": 90.0,
      "HighBit": 15,
      "ImageOrientationPatient": [0.99977761993054, 0.02093938950285, -0.0025005305985, -0.0205931588455, 0.94388134486981, -0.3296421220286],
      "ImagePositionPatient": [-697.518975981, -715.36897905827, 199.71861007925],
      "ImageType": [
        "ORIGINAL",
        "PRIMARY",
        "M",
        "ND",
        "MOSAIC"
],
      "ImagedNucleus": "1H",
      "ImagingFrequency": 123.190734,
      "InPlanePhaseEncodingDirection": "COL",
      "MRAcquisitionType": "2D",
      "MagneticFieldStrength": 3.0,
      "Manufacturer": "SIEMENS",
      "ManufacturerModelName": "Prisma",
      "Modality": "MR",
      "NumberOfAverages": 1.0,
      "NumberOfPhaseEncodingSteps": 67,
      "PercentPhaseFieldOfView": 100.0,
      "PercentSampling": 100.0,
      "PerformedProcedureStepStartTime": "171527.352000",
      "PhotometricInterpretation": "MONOCHROME2",
      "PixelBandwidth": 2450.0,
      "PixelRepresentation": 0,
      "PixelSpacing": [3.0, 3.0],
      "ProtocolName": "ME_SE_FieldMap_AP",
      "RepetitionTime": 1919.0,
      "Rows": 476,
      "SAR": 0.33363858420905,
      "SamplesPerPixel": 1,
      "ScanOptions": "FS",
      "ScanningSequence": "EP",
      "SequenceName": "epse2d1_68",
      "SequenceVariant": "SK",
      "SeriesDescription": "ME_SE_FieldMap_AP",
      "SeriesNumber": 9,
      "SeriesTime": "173935.187000",
      "SliceLocation": -44.076934226543,
      "SliceThickness": 3.0,
      "SmallestImagePixelValue": 0,
      "SoftwareVersions": "syngo MR E11",
      "SpacingBetweenSlices": 2.9999998998915,
      "SpecificCharacterSet": "ISO_IR 100",
      "StudyID": "1",
      "StudyTime": "171527.258000",
      "TransmitCoilName": "Body",
      "VariableFlipAngleFlag": "N",
      "WindowCenterWidthExplanation": "Algo1",
      "dBdt": 0.0},
    "slices": {}
  },
  "time": {
    "samples": {
      "AcquisitionNumber": [1, 2, 3],
      "AcquisitionTime": ["173928.280000", "173930.200000", "173932.120000"],
      "ContentTime": ["173935.190000", "173935.194000", "173935.197000"],
      "InstanceCreationTime": ["173935.190000", "173935.194000", "173935.197000"],
      "InstanceNumber": [1, 2, 3],
      "LargestImagePixelValue": [62470, 62325, 61929],
      "WindowCenter": [12463.0, 12400.0, 12422.0],
      "WindowWidth": [26547.0, 26414.0, 26471.0]
    },
    "slices": {}
  },
  "IntendedFor": [
    "func/sub-223_task-freq1_acq-normal_run-01_echo-1_bold.nii.gz",
    "func/sub-223_task-freq1_acq-normal_run-01_echo-1_sbref.nii.gz",
    "func/sub-223_task-freq1_acq-normal_run-01_echo-2_bold.nii.gz",
    "func/sub-223_task-freq1_acq-normal_run-01_echo-2_sbref.nii.gz",
    "func/sub-223_task-freq1_acq-normal_run-01_echo-3_bold.nii.gz",
    "func/sub-223_task-freq1_acq-normal_run-01_echo-3_sbref.nii.gz",
    "func/sub-223_task-freq1_acq-normal_run-01_echo-4_bold.nii.gz",
    "func/sub-223_task-freq1_acq-normal_run-01_echo-4_sbref.nii.gz",
    "func/sub-223_task-freq2_acq-normal_run-01_echo-1_bold.nii.gz",
    "func/sub-223_task-freq2_acq-normal_run-01_echo-1_sbref.nii.gz",
    "func/sub-223_task-freq2_acq-normal_run-01_echo-2_bold.nii.gz",
    "func/sub-223_task-freq2_acq-normal_run-01_echo-2_sbref.nii.gz",
    "func/sub-223_task-freq2_acq-normal_run-01_echo-3_bold.nii.gz",
    "func/sub-223_task-freq2_acq-normal_run-01_echo-3_sbref.nii.gz",
    "func/sub-223_task-freq2_acq-normal_run-01_echo-4_bold.nii.gz",
    "func/sub-223_task-freq2_acq-normal_run-01_echo-4_sbref.nii.gz",
    "func/sub-223_task-freqreports1_acq-normal_run-01_echo-1_bold.nii.gz",
    "func/sub-223_task-freqreports1_acq-normal_run-01_echo-1_sbref.nii.gz",
    "func/sub-223_task-freqreports1_acq-normal_run-01_echo-2_bold.nii.gz",
    "func/sub-223_task-freqreports1_acq-normal_run-01_echo-2_sbref.nii.gz",
    "func/sub-223_task-freqreports1_acq-normal_run-01_echo-3_bold.nii.gz",
    "func/sub-223_task-freqreports1_acq-normal_run-01_echo-3_sbref.nii.gz",
    "func/sub-223_task-freqreports1_acq-normal_run-01_echo-4_bold.nii.gz",
    "func/sub-223_task-freqreports1_acq-normal_run-01_echo-4_sbref.nii.gz",
    "func/sub-223_task-freqreports2_acq-normal_run-01_echo-1_bold.nii.gz",
    "func/sub-223_task-freqreports2_acq-normal_run-01_echo-1_sbref.nii.gz",
    "func/sub-223_task-freqreports2_acq-normal_run-01_echo-2_bold.nii.gz",
    "func/sub-223_task-freqreports2_acq-normal_run-01_echo-2_sbref.nii.gz",
    "func/sub-223_task-freqreports2_acq-normal_run-01_echo-3_bold.nii.gz",
    "func/sub-223_task-freqreports2_acq-normal_run-01_echo-3_sbref.nii.gz",
    "func/sub-223_task-freqreports2_acq-normal_run-01_echo-4_bold.nii.gz",
    "func/sub-223_task-freqreports2_acq-normal_run-01_echo-4_sbref.nii.gz",
    "func/sub-223_task-memtest1_acq-normal_run-01_echo-1_bold.nii.gz",
    "func/sub-223_task-memtest1_acq-normal_run-01_echo-1_sbref.nii.gz",
    "func/sub-223_task-memtest1_acq-normal_run-01_echo-2_bold.nii.gz",
    "func/sub-223_task-memtest1_acq-normal_run-01_echo-2_sbref.nii.gz",
    "func/sub-223_task-memtest1_acq-normal_run-01_echo-3_bold.nii.gz",
    "func/sub-223_task-memtest1_acq-normal_run-01_echo-3_sbref.nii.gz",
    "func/sub-223_task-memtest1_acq-normal_run-01_echo-4_bold.nii.gz",
    "func/sub-223_task-memtest1_acq-normal_run-01_echo-4_sbref.nii.gz",
    "func/sub-223_task-memtest2_acq-normal_run-01_echo-1_bold.nii.gz",
    "func/sub-223_task-memtest2_acq-normal_run-01_echo-1_sbref.nii.gz",
    "func/sub-223_task-memtest2_acq-normal_run-01_echo-2_bold.nii.gz",
    "func/sub-223_task-memtest2_acq-normal_run-01_echo-2_sbref.nii.gz",
    "func/sub-223_task-memtest2_acq-normal_run-01_echo-3_bold.nii.gz",
    "func/sub-223_task-memtest2_acq-normal_run-01_echo-3_sbref.nii.gz",
    "func/sub-223_task-memtest2_acq-normal_run-01_echo-4_bold.nii.gz",
    "func/sub-223_task-memtest2_acq-normal_run-01_echo-4_sbref.nii.gz",
    "func/sub-223_task-pairedassociates1_acq-normal_run-01_echo-1_bold.nii.gz",
    "func/sub-223_task-pairedassociates1_acq-normal_run-01_echo-1_sbref.nii.gz",
    "func/sub-223_task-pairedassociates1_acq-normal_run-01_echo-2_bold.nii.gz",
    "func/sub-223_task-pairedassociates1_acq-normal_run-01_echo-2_sbref.nii.gz",
    "func/sub-223_task-pairedassociates1_acq-normal_run-01_echo-3_bold.nii.gz",
    "func/sub-223_task-pairedassociates1_acq-normal_run-01_echo-3_sbref.nii.gz",
    "func/sub-223_task-pairedassociates1_acq-normal_run-01_echo-4_bold.nii.gz",
    "func/sub-223_task-pairedassociates1_acq-normal_run-01_echo-4_sbref.nii.gz",
    "func/sub-223_task-pairedassociates2_acq-normal_run-01_echo-1_bold.nii.gz",
    "func/sub-223_task-pairedassociates2_acq-normal_run-01_echo-1_sbref.nii.gz",
    "func/sub-223_task-pairedassociates2_acq-normal_run-01_echo-2_bold.nii.gz",
    "func/sub-223_task-pairedassociates2_acq-normal_run-01_echo-2_sbref.nii.gz",
    "func/sub-223_task-pairedassociates2_acq-normal_run-01_echo-3_bold.nii.gz",
    "func/sub-223_task-pairedassociates2_acq-normal_run-01_echo-3_sbref.nii.gz",
    "func/sub-223_task-pairedassociates2_acq-normal_run-01_echo-4_bold.nii.gz",
    "func/sub-223_task-pairedassociates2_acq-normal_run-01_echo-4_sbref.nii.gz"
  ]
}