{
  "AcquisitionMatrixPE": 256,
  "AcquisitionNumber": 1,
  "AcquisitionTime": "11:13:29.727500",
  "BaseResolution": 256,
  "BodyPartExamined": "BRAIN",
  "CoilString": "HC1-7;NC1_2",
  "ConsistencyInfo": "N4_VE11C_LATEST_20160120",
  "ConversionSoftware": "dcm2niix",
  "ConversionSoftwareVersion": "v1.0.20190410  GCC6.3.0",
  "DeviceSerialNumber": "166018",
  "DwellTime": 2.6e-06,
  "EchoTime": 0.564,
  "EchoTrainLength": 314,
  "FlipAngle": 120,
  "ImageOrientationPatientDICOM": [-0.150703, 0.977436, 0.148012, -0.0875914, 0.135931, -0.986839],
  "ImageType": [
    "ORIGINAL",
    "PRIMARY",
    "M",
    "ND",
    "NORM"
],
  "ImagingFrequency": 123.191,
  "InPlanePhaseEncodingDirectionDICOM": "ROW",
  "InstitutionAddress": "Washington_Place_6_NYC_NYC_US_10003",
  "InstitutionName": "NYU_Center_for_Brain_Imaging",
  "InstitutionalDepartmentName": "Department",
  "MRAcquisitionType": "3D",
  "MagneticFieldStrength": 3,
  "Manufacturer": "Siemens",
  "ManufacturersModelName": "Prisma",
  "Modality": "MR",
  "PartialFourier": 1,
  "PatientPosition": "HFS",
  "PercentPhaseFOV": 100,
  "PhaseEncodingSteps": 274,
  "PhaseOversampling": 0.1,
  "PhaseResolution": 1,
  "PixelBandwidth": 750,
  "ProcedureStepDescription": "Investigators_Hartley",
  "ProtocolName": "T2w_p2_s2_.9mm",
  "PulseSequenceDetails": "%SiemensSeq%_tse_vfl",
  "ReceiveCoilActiveElements": "HC1-7;NC1,2",
  "ReceiveCoilName": "HeadNeck_64",
  "ReconMatrixPE": 256,
  "RefLinesPE": 32,
  "RepetitionTime": 3.2,
  "SAR": 0.116963,
  "ScanOptions": "PFP",
  "ScanningSequence": "SE",
  "SequenceName": "_spc_314ns",
  "SequenceVariant": "SK_SP_OSP",
  "SeriesDescription": "T2w_p2_s2_.9mm",
  "SeriesNumber": 8,
  "ShimSetting": [236, -12678, -8504, 204, -29, -395, -40, 26],
  "SliceThickness": 0.9,
  "SoftwareVersions": "syngo_MR_E11",
  "StationName": "AWP166018",
  "TxRefAmp": 207.396,
  "dcmmeta_affine": [
    [0.8862218856811523, -0.13539741933345795, -0.07869540899991989, -81.88663482666016],
    [0.14551591873168945, 0.878165066242218, 0.12212559580802917, -124.0728530883789],
    [0.0586167611181736, -0.13297978043556213, 0.8866128325462341, -111.3419418334961],
    [0.0, 0.0, 0.0, 1.0]
],
  "dcmmeta_reorient_transform": [
    [0.0, 0.0, -1.0, 255.0],
    [0.0, -1.0, 0.0, 255.0],
    [-1.0, 0.0, 0.0, 239.0],
    [0.0, 0.0, 0.0, 1.0]
],
  "dcmmeta_shape": [240, 256, 256],
  "dcmmeta_slice_dim": 0,
  "dcmmeta_version": 0.6,
  "global": {
    "const": {
      "AccessionNumber": "jxg3eaff",
      "AcquisitionMatrix": [0, 256, 256, 0],
      "AcquisitionNumber": 1,
      "AcquisitionTime": "111329.727500",
      "AngioFlag": "N",
      "BitsAllocated": 16,
      "BitsStored": 12,
      "BodyPartExamined": "BRAIN",
      "Columns": 256,
      "EchoNumbers": 1,
      "EchoTime": 564.0,
      "EchoTrainLength": 314,
      "FlipAngle": 120.0,
      "HighBit": 11,
      "ImageOrientationPatient": [-0.1507032114753, 0.97743588335133, 0.14801228323426, -0.087591409305, 0.13593109727645, -0.9868386300755],
      "ImageType": [
        "ORIGINAL",
        "PRIMARY",
        "M",
        "ND",
        "NORM"
],
      "ImagedNucleus": "1H",
      "ImagingFrequency": 123.191062,
      "InPlanePhaseEncodingDirection": "ROW",
      "MRAcquisitionType": "3D",
      "MagneticFieldStrength": 3.0,
      "Manufacturer": "SIEMENS",
      "ManufacturerModelName": "Prisma",
      "Modality": "MR",
      "NumberOfAverages": 1.0,
      "NumberOfPhaseEncodingSteps": 274,
      "PercentPhaseFieldOfView": 100.0,
      "PercentSampling": 100.0,
      "PerformedProcedureStepStartTime": "104940.572000",
      "PhotometricInterpretation": "MONOCHROME2",
      "PixelBandwidth": 750.0,
      "PixelRepresentation": 0,
      "PixelSpacing": [0.8984375, 0.8984375],
      "ProtocolName": "T2w_p2_s2_.9mm",
      "RepetitionTime": 3200.0,
      "Rows": 256,
      "SAR": 0.11696321171976,
      "SamplesPerPixel": 1,
      "ScanOptions": "PFP",
      "ScanningSequence": "SE",
      "SequenceName": "*spc_314ns",
      "SequenceVariant": [
        "SK",
        "SP",
        "OSP"
],
      "SeriesDescription": "T2w_p2_s2_.9mm",
      "SeriesNumber": 8,
      "SeriesTime": "111811.932000",
      "SliceThickness": 0.89999997615814,
      "SmallestImagePixelValue": 0,
      "SoftwareVersions": "syngo MR E11",
      "SpecificCharacterSet": "ISO_IR 100",
      "StudyID": "1",
      "StudyTime": "104940.511000",
      "TransmitCoilName": "Body",
      "VariableFlipAngleFlag": "Y",
      "WindowCenterWidthExplanation": "Algo1",
      "dBdt": 0.0},
