{
  "AcquisitionMatrixPE": 68,
  "AcquisitionNumber": 1,
  "AcquisitionTime": "14:26:23.327500",
  "BandwidthPerPixelPhaseEncode": 60.024,
  "BaseResolution": 68,
  "BodyPartExamined": "BRAIN",
  "CoilString": "HC1-7;NC1_2",
  "ConsistencyInfo": "N4_VE11C_LATEST_20160120",
  "ConversionSoftware": "dcm2niix",
  "ConversionSoftwareVersion": "v1.0.20190410  GCC6.3.0",
  "DerivedVendorReportedEchoSpacing": 0.00049,
  "DeviceSerialNumber": "166018",
  "DwellTime": 3e-06,
  "EchoTime": 0.0204,
  "EchoTrainLength": 33,
  "EffectiveEchoSpacing": 0.000245,
  "FlipAngle": 90,
  "ImageComments": "SENSE1",
  "ImageOrientationPatientDICOM": [0.997836, 0.0648854, 0.0106133, -0.0594571, 0.959436, -0.275587],
  "ImageType": [
    "ORIGINAL",
    "PRIMARY",
    "M",
    "ND",
    "MOSAIC"
],
  "ImagingFrequency": 123.191,
  "InPlanePhaseEncodingDirectionDICOM": "COL",
  "InstitutionAddress": "Washington_Place_6_NYC_NYC_US_10003",
  "InstitutionName": "NYU_Center_for_Brain_Imaging",
  "InstitutionalDepartmentName": "Department",
  "MRAcquisitionType": "2D",
  "MagneticFieldStrength": 3,
  "Manufacturer": "Siemens",
  "ManufacturersModelName": "Prisma",
  "Modality": "MR",
  "ParallelReductionFactorInPlane": 2,
  "PartialFourier": 1,
  "PatientPosition": "HFS",
  "PercentPhaseFOV": 100,
  "PhaseEncodingDirection": "j",
  "PhaseEncodingSteps": 67,
  "PhaseResolution": 1,
  "PixelBandwidth": 2450,
  "ProcedureStepDescription": "Investigators_Hartley",
  "ProtocolName": "ME_SE_FieldMap_PA",
  "PulseSequenceDetails": "%CustomerSeq%_cmrr_mbep2d_se",
  "ReceiveCoilActiveElements": "HC1-7;NC1,2",
  "ReceiveCoilName": "HeadNeck_64",
  "ReconMatrixPE": 68,
  "RefLinesPE": 24,
  "RepetitionTime": 1.919,
  "SAR": 0.426593,
  "ScanOptions": "FS",
  "ScanningSequence": "EP",
  "SequenceName": "epse2d1_68",
  "SequenceVariant": "SK",
  "SeriesDescription": "ME_SE_FieldMap_PA",
  "SeriesNumber": 10,
  "ShimSetting": [264, -12651, -8421, 394, 42, -128, 35, 37],
  "SliceThickness": 3,
  "SliceTiming": [0.95, 0, 0.9925, 0.045, 1.0375, 0.0875, 1.08, 0.13, 1.1225, 0.1725, 1.165, 0.2175, 1.21, 0.26, 1.2525, 0.3025, 1.295, 0.3475, 1.3375, 0.39, 1.3825, 0.4325, 1.425, 0.475, 1.4675, 0.52, 1.5125, 0.5625, 1.555, 0.605, 1.5975, 0.6475, 1.64, 0.6925, 1.685, 0.735, 1.7275, 0.7775, 1.77, 0.82, 1.8125, 0.865, 1.8575, 0.9075],
  "SoftwareVersions": "syngo_MR_E11",
  "SpacingBetweenSlices": 3,
  "StationName": "AWP166018",
  "TotalReadoutTime": 0.016415,
  "TxRefAmp": 217.079,
  "WipMemBlock": "889a5a67-ceb0-4a4b-b442-3192ae92d2ee||Sequence: R016 ve11c/master r/8780670; Nov 27 2017 15:08:10 by eja",
  "dcmmeta_affine": [
    [-2.993508815765381, -0.178371399641037, 0.0841929167509079, 107.7681655883789],
    [-0.19465619325637817, 2.8783068656921387, -0.823078453540802, -71.75865936279297],
    [0.031839799135923386, 0.8267604112625122, 2.883652687072754, -70.6811752319336],
    [0.0, 0.0, 0.0, 1.0]
],
  "dcmmeta_reorient_transform": [
    [0.0, -1.0, 0.0, 67.0],
    [1.0, 0.0, 0.0, 0.0],
    [0.0, 0.0, 1.0, 0.0],
    [0.0, 0.0, 0.0, 1.0]
],
  "dcmmeta_shape": [68, 68, 44, 3],
  "dcmmeta_slice_dim": 2,
  "dcmmeta_version": 0.6,
  "global": {
    "const": {
      "AccessionNumber": "jruv23oy",
      "AcquisitionMatrix": [68, 0, 0, 68],
      "AngioFlag": "N",
      "BitsAllocated": 16,
      "BitsStored": 16,
      "BodyPartExamined": "BRAIN",
      "Columns": 476,
      "EchoNumbers": 1,
      "EchoTime": 20.4,
      "EchoTrainLength": 33,
      "FlipAngle": 90.0,
      "HighBit": 15,
      "ImageOrientationPatient": [0.99783628103873, 0.0648853975775, 0.01061326641515, -0.0594571356107, 0.95943564580661, -0.2755868113329],
      "ImagePositionPatient": [-670.10532083346, -747.97238554449, 146.87558601632],
      "ImageType": [
        "ORIGINAL",
        "PRIMARY",
        "M",
        "ND",
        "MOSAIC"
],
      "ImagedNucleus": "1H",
      "ImagingFrequency": 123.190833,
      "InPlanePhaseEncodingDirection": "COL",
      "MRAcquisitionType": "2D",
      "MagneticFieldStrength": 3.0,
      "Manufacturer": "SIEMENS",
      "ManufacturerModelName": "Prisma",
      "Modality": "MR",
      "NumberOfAverages": 1.0,
      "NumberOfPhaseEncodingSteps": 67,
      "PercentPhaseFieldOfView": 100.0,
      "PercentSampling": 100.0,
      "PerformedProcedureStepStartTime": "140120.991000",
      "PhotometricInterpretation": "MONOCHROME2",
      "PixelBandwidth": 2450.0,
      "PixelRepresentation": 0,
      "PixelSpacing": [3.0, 3.0],
      "ProtocolName": "ME_SE_FieldMap_PA",
      "RepetitionTime": 1919.0,
      "Rows": 476,
      "SAR": 0.42659303155434,
      "SamplesPerPixel": 1,
      "ScanOptions": "FS",
      "ScanningSequence": "EP",
      "SequenceName": "epse2d1_68",
      "SequenceVariant": "SK",
      "SeriesDescription": "ME_SE_FieldMap_PA",
      "SeriesNumber": 10,
      "SeriesTime": "142627.122000",
      "SliceLocation": -45.227879597897,
      "SliceThickness": 3.0,
      "SmallestImagePixelValue": 0,
      "SoftwareVersions": "syngo MR E11",
      "SpacingBetweenSlices": 2.9999999264268,
      "SpecificCharacterSet": "ISO_IR 100",
      "StudyID": "1",
      "StudyTime": "140120.931000",
      "TransmitCoilName": "Body",
      "VariableFlipAngleFlag": "N",
      "WindowCenterWidthExplanation": "Algo1",
      "dBdt": 0.0},
    "slices": {}
  },
  "time": {
    "samples": {
      "AcquisitionNumber": [1, 2, 3],
      "AcquisitionTime": ["142623.327500", "142625.247500", "142627.165000"],
      "ContentTime": ["142627.125000", "142628.907000", "142628.910000"],
      "InstanceCreationTime": ["142627.125000", "142628.907000", "142628.910000"],
      "InstanceNumber": [1, 2, 3],
      "LargestImagePixelValue": [64255, 64134, 64083],
      "WindowCenter": [12589.0, 12513.0, 12543.0],
      "WindowWidth": [26740.0, 26578.0, 26651.0]
    },
    "slices": {}
  },
  "IntendedFor": [
    "func/sub-111_task-freq1_acq-normal_run-01_echo-1_bold.nii.gz",
    "func/sub-111_task-freq1_acq-normal_run-01_echo-1_sbref.nii.gz",
    "func/sub-111_task-freq1_acq-normal_run-01_echo-2_bold.nii.gz",
    "func/sub-111_task-freq1_acq-normal_run-01_echo-2_sbref.nii.gz",
    "func/sub-111_task-freq1_acq-normal_run-01_echo-3_bold.nii.gz",
    "func/sub-111_task-freq1_acq-normal_run-01_echo-3_sbref.nii.gz",
    "func/sub-111_task-freq1_acq-normal_run-01_echo-4_bold.nii.gz",
    "func/sub-111_task-freq1_acq-normal_run-01_echo-4_sbref.nii.gz",
    "func/sub-111_task-freq2_acq-normal_run-01_echo-1_bold.nii.gz",
    "func/sub-111_task-freq2_acq-normal_run-01_echo-1_sbref.nii.gz",
    "func/sub-111_task-freq2_acq-normal_run-01_echo-2_bold.nii.gz",
    "func/sub-111_task-freq2_acq-normal_run-01_echo-2_sbref.nii.gz",
    "func/sub-111_task-freq2_acq-normal_run-01_echo-3_bold.nii.gz",
    "func/sub-111_task-freq2_acq-normal_run-01_echo-3_sbref.nii.gz",
    "func/sub-111_task-freq2_acq-normal_run-01_echo-4_bold.nii.gz",
    "func/sub-111_task-freq2_acq-normal_run-01_echo-4_sbref.nii.gz",
    "func/sub-111_task-freqreports1_acq-normal_run-01_echo-1_bold.nii.gz",
    "func/sub-111_task-freqreports1_acq-normal_run-01_echo-1_sbref.nii.gz",
    "func/sub-111_task-freqreports1_acq-normal_run-01_echo-2_bold.nii.gz",
    "func/sub-111_task-freqreports1_acq-normal_run-01_echo-2_sbref.nii.gz",
    "func/sub-111_task-freqreports1_acq-normal_run-01_echo-3_bold.nii.gz",
    "func/sub-111_task-freqreports1_acq-normal_run-01_echo-3_sbref.nii.gz",
    "func/sub-111_task-freqreports1_acq-normal_run-01_echo-4_bold.nii.gz",
    "func/sub-111_task-freqreports1_acq-normal_run-01_echo-4_sbref.nii.gz",
    "func/sub-111_task-freqreports2_acq-normal_run-01_echo-1_bold.nii.gz",
    "func/sub-111_task-freqreports2_acq-normal_run-01_echo-1_sbref.nii.gz",
    "func/sub-111_task-freqreports2_acq-normal_run-01_echo-2_bold.nii.gz",
    "func/sub-111_task-freqreports2_acq-normal_run-01_echo-2_sbref.nii.gz",
    "func/sub-111_task-freqreports2_acq-normal_run-01_echo-3_bold.nii.gz",
    "func/sub-111_task-freqreports2_acq-normal_run-01_echo-3_sbref.nii.gz",
    "func/sub-111_task-freqreports2_acq-normal_run-01_echo-4_bold.nii.gz",
    "func/sub-111_task-freqreports2_acq-normal_run-01_echo-4_sbref.nii.gz",
    "func/sub-111_task-memtest1_acq-normal_run-01_echo-1_bold.nii.gz",
    "func/sub-111_task-memtest1_acq-normal_run-01_echo-1_sbref.nii.gz",
    "func/sub-111_task-memtest1_acq-normal_run-01_echo-2_bold.nii.gz",
    "func/sub-111_task-memtest1_acq-normal_run-01_echo-2_sbref.nii.gz",
    "func/sub-111_task-memtest1_acq-normal_run-01_echo-3_bold.nii.gz",
    "func/sub-111_task-memtest1_acq-normal_run-01_echo-3_sbref.nii.gz",
    "func/sub-111_task-memtest1_acq-normal_run-01_echo-4_bold.nii.gz",
    "func/sub-111_task-memtest1_acq-normal_run-01_echo-4_sbref.nii.gz",
    "func/sub-111_task-memtest2_acq-normal_run-01_echo-1_bold.nii.gz",
    "func/sub-111_task-memtest2_acq-normal_run-01_echo-1_sbref.nii.gz",
    "func/sub-111_task-memtest2_acq-normal_run-01_echo-2_bold.nii.gz",
    "func/sub-111_task-memtest2_acq-normal_run-01_echo-2_sbref.nii.gz",
    "func/sub-111_task-memtest2_acq-normal_run-01_echo-3_bold.nii.gz",
    "func/sub-111_task-memtest2_acq-normal_run-01_echo-3_sbref.nii.gz",
    "func/sub-111_task-memtest2_acq-normal_run-01_echo-4_bold.nii.gz",
    "func/sub-111_task-memtest2_acq-normal_run-01_echo-4_sbref.nii.gz",
    "func/sub-111_task-pairedassociates1_acq-normal_run-01_echo-1_bold.nii.gz",
    "func/sub-111_task-pairedassociates1_acq-normal_run-01_echo-1_sbref.nii.gz",
    "func/sub-111_task-pairedassociates1_acq-normal_run-01_echo-2_bold.nii.gz",
    "func/sub-111_task-pairedassociates1_acq-normal_run-01_echo-2_sbref.nii.gz",
    "func/sub-111_task-pairedassociates1_acq-normal_run-01_echo-3_bold.nii.gz",
    "func/sub-111_task-pairedassociates1_acq-normal_run-01_echo-3_sbref.nii.gz",
    "func/sub-111_task-pairedassociates1_acq-normal_run-01_echo-4_bold.nii.gz",
    "func/sub-111_task-pairedassociates1_acq-normal_run-01_echo-4_sbref.nii.gz",
    "func/sub-111_task-pairedassociates2_acq-normal_run-01_echo-1_bold.nii.gz",
    "func/sub-111_task-pairedassociates2_acq-normal_run-01_echo-1_sbref.nii.gz",
    "func/sub-111_task-pairedassociates2_acq-normal_run-01_echo-2_bold.nii.gz",
    "func/sub-111_task-pairedassociates2_acq-normal_run-01_echo-2_sbref.nii.gz",
    "func/sub-111_task-pairedassociates2_acq-normal_run-01_echo-3_bold.nii.gz",
    "func/sub-111_task-pairedassociates2_acq-normal_run-01_echo-3_sbref.nii.gz",
    "func/sub-111_task-pairedassociates2_acq-normal_run-01_echo-4_bold.nii.gz",
    "func/sub-111_task-pairedassociates2_acq-normal_run-01_echo-4_sbref.nii.gz"
  ]
}