{
  "AcquisitionMatrixPE": 68,
  "AcquisitionNumber": 1,
  "AcquisitionTime": "12:13:43.300000",
  "BandwidthPerPixelPhaseEncode": 60.024,
  "BaseResolution": 68,
  "BodyPartExamined": "BRAIN",
  "CoilString": "HC1-7;NC1_2",
  "ConsistencyInfo": "N4_VE11C_LATEST_20160120",
  "ConversionSoftware": "dcm2niix",
  "ConversionSoftwareVersion": "v1.0.20190410  GCC6.3.0",
  "DerivedVendorReportedEchoSpacing": 0.00049,
  "DeviceSerialNumber": "166018",
  "DwellTime": 3e-06,
  "EchoTime": 0.0204,
  "EchoTrainLength": 33,
  "EffectiveEchoSpacing": 0.000245,
  "FlipAngle": 90,
  "ImageComments": "SENSE1",
  "ImageOrientationPatientDICOM": [0.985126, 0.157139, -0.0695332, -0.169984, 0.950415, -0.260417],
  "ImageType": [
    "ORIGINAL",
    "PRIMARY",
    "M",
    "ND",
    "MOSAIC"
],
  "ImagingFrequency": 123.191,
  "InPlanePhaseEncodingDirectionDICOM": "COL",
  "InstitutionAddress": "Washington_Place_6_NYC_NYC_US_10003",
  "InstitutionName": "NYU_-_CBI",
  "InstitutionalDepartmentName": "Department",
  "MRAcquisitionType": "2D",
  "MagneticFieldStrength": 3,
  "Manufacturer": "Siemens",
  "ManufacturersModelName": "Prisma",
  "Modality": "MR",
  "ParallelReductionFactorInPlane": 2,
  "PartialFourier": 1,
  "PatientPosition": "HFS",
  "PercentPhaseFOV": 100,
  "PhaseEncodingDirection": "j-",
  "PhaseEncodingSteps": 67,
  "PhaseResolution": 1,
  "PixelBandwidth": 2450,
  "ProcedureStepDescription": "Investigators_Hartley",
  "ProtocolName": "ME_SE_FieldMap_AP",
  "PulseSequenceDetails": "%CustomerSeq%_cmrr_mbep2d_se",
  "ReceiveCoilActiveElements": "HC1-7;NC1,2",
  "ReceiveCoilName": "HeadNeck_64",
  "ReconMatrixPE": 68,
  "RefLinesPE": 24,
  "RepetitionTime": 1.919,
  "SAR": 0.325905,
  "ScanOptions": "FS",
  "ScanningSequence": "EP",
  "SequenceName": "epse2d1_68",
  "SequenceVariant": "SK",
  "SeriesDescription": "ME_SE_FieldMap_AP",
  "SeriesNumber": 9,
  "ShimSetting": [246, -12605, -8362, 535, -54, -8, -108, 57],
  "SliceThickness": 3,
  "SliceTiming": [0.95, 0, 0.9925, 0.0425, 1.035, 0.0875, 1.0775, 0.13, 1.1225, 0.1725, 1.165, 0.215, 1.2075, 0.26, 1.2525, 0.3025, 1.295, 0.345, 1.3375, 0.3875, 1.38, 0.4325, 1.425, 0.475, 1.4675, 0.5175, 1.51, 0.56, 1.5525, 0.605, 1.5975, 0.6475, 1.64, 0.69, 1.6825, 0.7325, 1.725, 0.7775, 1.77, 0.82, 1.8125, 0.8625, 1.855, 0.905],
  "SoftwareVersions": "syngo_MR_E11",
  "SpacingBetweenSlices": 3,
  "StationName": "AWP166018",
  "TotalReadoutTime": 0.016415,
  "TxRefAmp": 208.427,
  "WipMemBlock": "af7f85c1-afe6-408a-9a35-4a1d3291d12e||Sequence: R016 ve11c/master r/8780670; Nov 27 2017 15:08:10 by eja",
  "dcmmeta_affine": [
    [-2.955376625061035, -0.509951114654541, -0.07549090683460236, 116.08660888671875],
    [-0.4714183509349823, 2.8512449264526367, -0.8050879836082458, -57.864295959472656],
    [-0.2085995376110077, 0.7812501788139343, 2.888967752456665, -56.64132308959961],
    [0.0, 0.0, 0.0, 1.0]
],
  "dcmmeta_reorient_transform": [
    [0.0, -1.0, 0.0, 67.0],
    [1.0, 0.0, 0.0, 0.0],
    [0.0, 0.0, 1.0, 0.0],
    [0.0, 0.0, 0.0, 1.0]
],
  "dcmmeta_shape": [68, 68, 44, 3],
  "dcmmeta_slice_dim": 2,
  "dcmmeta_version": 0.6,
  "global": {
    "const": {
      "AccessionNumber": "jtyve96f",
      "AcquisitionMatrix": [68, 0, 0, 68],
      "AngioFlag": "N",
      "BitsAllocated": 16,
      "BitsStored": 16,
      "BodyPartExamined": "BRAIN",
      "Columns": 476,
      "EchoNumbers": 1,
      "EchoTime": 20.4,
      "EchoTrainLength": 33,
      "FlipAngle": 90.0,
      "HighBit": 15,
      "ImageOrientationPatient": [0.9851255409365, 0.15713944683124, -0.0695331780097, -0.1699837050602, 0.95041500077756, -0.2604167166504],
      "ImagePositionPatient": [-580.78669040851, -810.9924401221, 197.63177117407],
      "ImageType": [
        "ORIGINAL",
        "PRIMARY",
        "M",
        "ND",
        "MOSAIC"
],
      "ImagedNucleus": "1H",
      "ImagingFrequency": 123.191118,
      "InPlanePhaseEncodingDirection": "COL",
      "MRAcquisitionType": "2D",
      "MagneticFieldStrength": 3.0,
      "Manufacturer": "SIEMENS",
      "ManufacturerModelName": "Prisma",
      "Modality": "MR",
      "NumberOfAverages": 1.0,
      "NumberOfPhaseEncodingSteps": 67,
      "PercentPhaseFieldOfView": 100.0,
      "PercentSampling": 100.0,
      "PerformedProcedureStepStartTime": "120019.295000",
      "PhotometricInterpretation": "MONOCHROME2",
      "PixelBandwidth": 2450.0,
      "PixelRepresentation": 0,
      "PixelSpacing": [3.0, 3.0],
      "ProtocolName": "ME_SE_FieldMap_AP",
      "RepetitionTime": 1919.0,
      "Rows": 476,
      "SAR": 0.3259049190018,
      "SamplesPerPixel": 1,
      "ScanOptions": "FS",
      "ScanningSequence": "EP",
      "SequenceName": "epse2d1_68",
      "SequenceVariant": "SK",
      "SeriesDescription": "ME_SE_FieldMap_AP",
      "SeriesNumber": 9,
      "SeriesTime": "121349.416000",
      "SliceLocation": -41.937530084343,
      "SliceThickness": 3.0,
      "SmallestImagePixelValue": 0,
      "SoftwareVersions": "syngo MR E11",
      "SpacingBetweenSlices": 2.9999999378197,
      "SpecificCharacterSet": "ISO_IR 100",
      "StudyID": "1",
      "StudyTime": "120019.178000",
      "TransmitCoilName": "Body",
      "VariableFlipAngleFlag": "N",
      "WindowCenterWidthExplanation": "Algo1",
      "dBdt": 0.0},
    "slices": {}
  },
  "time": {
    "samples": {
      "AcquisitionNumber": [1, 2, 3],
      "AcquisitionTime": ["121343.300000", "121345.217500", "121347.137500"],
      "ContentTime": ["121349.420000", "121349.424000", "121349.428000"],
      "InstanceCreationTime": ["121349.420000", "121349.424000", "121349.428000"],
      "InstanceNumber": [1, 2, 3],
      "LargestImagePixelValue": [48753, 48145, 48280],
      "WindowCenter": [11533.0, 11449.0, 11478.0],
      "WindowWidth": [24627.0, 24436.0, 24512.0]
    },
    "slices": {}
  },
  "IntendedFor": [
    "func/sub-157_task-freq1_acq-normal_run-01_echo-1_bold.nii.gz",
    "func/sub-157_task-freq1_acq-normal_run-01_echo-1_sbref.nii.gz",
    "func/sub-157_task-freq1_acq-normal_run-01_echo-2_bold.nii.gz",
    "func/sub-157_task-freq1_acq-normal_run-01_echo-2_sbref.nii.gz",
    "func/sub-157_task-freq1_acq-normal_run-01_echo-3_bold.nii.gz",
    "func/sub-157_task-freq1_acq-normal_run-01_echo-3_sbref.nii.gz",
    "func/sub-157_task-freq1_acq-normal_run-01_echo-4_bold.nii.gz",
    "func/sub-157_task-freq1_acq-normal_run-01_echo-4_sbref.nii.gz",
    "func/sub-157_task-freq2_acq-normal_run-01_echo-1_bold.nii.gz",
    "func/sub-157_task-freq2_acq-normal_run-01_echo-1_sbref.nii.gz",
    "func/sub-157_task-freq2_acq-normal_run-01_echo-2_bold.nii.gz",
    "func/sub-157_task-freq2_acq-normal_run-01_echo-2_sbref.nii.gz",
    "func/sub-157_task-freq2_acq-normal_run-01_echo-3_bold.nii.gz",
    "func/sub-157_task-freq2_acq-normal_run-01_echo-3_sbref.nii.gz",
    "func/sub-157_task-freq2_acq-normal_run-01_echo-4_bold.nii.gz",
    "func/sub-157_task-freq2_acq-normal_run-01_echo-4_sbref.nii.gz",
    "func/sub-157_task-freqreports1_acq-normal_run-01_echo-1_bold.nii.gz",
    "func/sub-157_task-freqreports1_acq-normal_run-01_echo-1_sbref.nii.gz",
    "func/sub-157_task-freqreports1_acq-normal_run-01_echo-2_bold.nii.gz",
    "func/sub-157_task-freqreports1_acq-normal_run-01_echo-2_sbref.nii.gz",
    "func/sub-157_task-freqreports1_acq-normal_run-01_echo-3_bold.nii.gz",
    "func/sub-157_task-freqreports1_acq-normal_run-01_echo-3_sbref.nii.gz",
    "func/sub-157_task-freqreports1_acq-normal_run-01_echo-4_bold.nii.gz",
    "func/sub-157_task-freqreports1_acq-normal_run-01_echo-4_sbref.nii.gz",
    "func/sub-157_task-freqreports2_acq-normal_run-01_echo-1_bold.nii.gz",
    "func/sub-157_task-freqreports2_acq-normal_run-01_echo-1_sbref.nii.gz",
    "func/sub-157_task-freqreports2_acq-normal_run-01_echo-2_bold.nii.gz",
    "func/sub-157_task-freqreports2_acq-normal_run-01_echo-2_sbref.nii.gz",
    "func/sub-157_task-freqreports2_acq-normal_run-01_echo-3_bold.nii.gz",
    "func/sub-157_task-freqreports2_acq-normal_run-01_echo-3_sbref.nii.gz",
    "func/sub-157_task-freqreports2_acq-normal_run-01_echo-4_bold.nii.gz",
    "func/sub-157_task-freqreports2_acq-normal_run-01_echo-4_sbref.nii.gz",
    "func/sub-157_task-memtest1_acq-normal_run-01_echo-1_bold.nii.gz",
    "func/sub-157_task-memtest1_acq-normal_run-01_echo-1_sbref.nii.gz",
    "func/sub-157_task-memtest1_acq-normal_run-01_echo-2_bold.nii.gz",
    "func/sub-157_task-memtest1_acq-normal_run-01_echo-2_sbref.nii.gz",
    "func/sub-157_task-memtest1_acq-normal_run-01_echo-3_bold.nii.gz",
    "func/sub-157_task-memtest1_acq-normal_run-01_echo-3_sbref.nii.gz",
    "func/sub-157_task-memtest1_acq-normal_run-01_echo-4_bold.nii.gz",
    "func/sub-157_task-memtest1_acq-normal_run-01_echo-4_sbref.nii.gz",
    "func/sub-157_task-memtest2_acq-normal_run-01_echo-1_bold.nii.gz",
    "func/sub-157_task-memtest2_acq-normal_run-01_echo-1_sbref.nii.gz",
    "func/sub-157_task-memtest2_acq-normal_run-01_echo-2_bold.nii.gz",
    "func/sub-157_task-memtest2_acq-normal_run-01_echo-2_sbref.nii.gz",
    "func/sub-157_task-memtest2_acq-normal_run-01_echo-3_bold.nii.gz",
    "func/sub-157_task-memtest2_acq-normal_run-01_echo-3_sbref.nii.gz",
    "func/sub-157_task-memtest2_acq-normal_run-01_echo-4_bold.nii.gz",
    "func/sub-157_task-memtest2_acq-normal_run-01_echo-4_sbref.nii.gz",
    "func/sub-157_task-pairedassociates1_acq-normal_run-01_echo-1_bold.nii.gz",
    "func/sub-157_task-pairedassociates1_acq-normal_run-01_echo-1_sbref.nii.gz",
    "func/sub-157_task-pairedassociates1_acq-normal_run-01_echo-2_bold.nii.gz",
    "func/sub-157_task-pairedassociates1_acq-normal_run-01_echo-2_sbref.nii.gz",
    "func/sub-157_task-pairedassociates1_acq-normal_run-01_echo-3_bold.nii.gz",
    "func/sub-157_task-pairedassociates1_acq-normal_run-01_echo-3_sbref.nii.gz",
    "func/sub-157_task-pairedassociates1_acq-normal_run-01_echo-4_bold.nii.gz",
    "func/sub-157_task-pairedassociates1_acq-normal_run-01_echo-4_sbref.nii.gz",
    "func/sub-157_task-pairedassociates2_acq-normal_run-01_echo-1_bold.nii.gz",
    "func/sub-157_task-pairedassociates2_acq-normal_run-01_echo-1_sbref.nii.gz",
    "func/sub-157_task-pairedassociates2_acq-normal_run-01_echo-2_bold.nii.gz",
    "func/sub-157_task-pairedassociates2_acq-normal_run-01_echo-2_sbref.nii.gz",
    "func/sub-157_task-pairedassociates2_acq-normal_run-01_echo-3_bold.nii.gz",
    "func/sub-157_task-pairedassociates2_acq-normal_run-01_echo-3_sbref.nii.gz",
    "func/sub-157_task-pairedassociates2_acq-normal_run-01_echo-4_bold.nii.gz",
    "func/sub-157_task-pairedassociates2_acq-normal_run-01_echo-4_sbref.nii.gz"
  ]
}