{
  "AcquisitionMatrixPE": 256,
  "AcquisitionNumber": 1,
  "AcquisitionTime": "13:23:36.105000",
  "BaseResolution": 256,
  "BodyPartExamined": "BRAIN",
  "CoilString": "HC1-7;NC1_2",
  "ConsistencyInfo": "N4_VE11C_LATEST_20160120",
  "ConversionSoftware": "dcm2niix",
  "ConversionSoftwareVersion": "v1.0.20190410  GCC6.3.0",
  "DeviceSerialNumber": "166018",
  "DwellTime": 9.8e-06,
  "EchoTime": 0.00232,
  "FlipAngle": 8,
  "ImageOrientationPatientDICOM": [-0.0772378, 0.93434, 0.347914, -0.0337835, 0.346303, -0.937514],
  "ImageType": [
    "ORIGINAL",
    "PRIMARY",
    "M",
    "ND",
    "NORM"
],
  "ImagingFrequency": 123.191,
  "InPlanePhaseEncodingDirectionDICOM": "ROW",
  "InstitutionAddress": "Washington_Place_6_NYC_NYC_US_10003",
  "InstitutionName": "NYU_Center_for_Brain_Imaging",
  "InstitutionalDepartmentName": "Department",
  "InversionTime": 0.9,
  "MRAcquisitionType": "3D",
  "MagneticFieldStrength": 3,
  "Manufacturer": "Siemens",
  "ManufacturersModelName": "Prisma",
  "Modality": "MR",
  "PartialFourier": 1,
  "PatientPosition": "HFS",
  "PercentPhaseFOV": 100,
  "PhaseEncodingSteps": 255,
  "PhaseResolution": 1,
  "PixelBandwidth": 200,
  "ProcedureStepDescription": "Investigators_Hartley",
  "ProtocolName": "t1_mprage_sag_p2_iso",
  "PulseSequenceDetails": "%SiemensSeq%_tfl",
  "ReceiveCoilActiveElements": "HC1-7;NC1,2",
  "ReceiveCoilName": "HeadNeck_64",
  "ReconMatrixPE": 256,
  "RefLinesPE": 24,
  "RepetitionTime": 2.3,
  "SAR": 0.0642347,
  "ScanOptions": "IR",
  "ScanningSequence": "GR_IR",
  "SequenceName": "_tfl3d1_16ns",
  "SequenceVariant": "SK_SP_MP",
  "SeriesDescription": "t1_mprage_sag_p2_iso",
  "SeriesNumber": 7,
  "ShimSetting": [256, -12654, -8533, 31, -47, -325, 29, 0],
  "SliceThickness": 0.9,
  "SoftwareVersions": "syngo_MR_E11",
  "StationName": "AWP166018",
  "TxRefAmp": 202.812,
  "dcmmeta_affine": [
    [0.8967961668968201, -0.06939335912466049, -0.030352385714650154, -73.99553680419922],
    [0.07574877887964249, 0.8394457101821899, 0.3111315667629242, -137.20445251464844],
    [0.004335836507380009, -0.31257861852645874, 0.8422979116439819, -96.890380859375],
    [0.0, 0.0, 0.0, 1.0]
],
  "dcmmeta_reorient_transform": [
    [0.0, 0.0, -1.0, 255.0],
    [0.0, -1.0, 0.0, 255.0],
    [-1.0, 0.0, 0.0, 191.0],
    [0.0, 0.0, 0.0, 1.0]
],
  "dcmmeta_shape": [192, 256, 256],
  "dcmmeta_slice_dim": 0,
  "dcmmeta_version": 0.6,
  "global": {
    "const": {
      "AccessionNumber": "jxdmyza4",
      "AcquisitionMatrix": [0, 256, 256, 0],
      "AcquisitionNumber": 1,
      "AcquisitionTime": "132336.105000",
      "AngioFlag": "N",
      "BitsAllocated": 16,
      "BitsStored": 12,
      "BodyPartExamined": "BRAIN",
      "Columns": 256,
      "EchoNumbers": 1,
      "EchoTime": 2.32,
      "EchoTrainLength": 1,
      "FlipAngle": 8.0,
      "HighBit": 11,
      "ImageOrientationPatient": [-0.0772378253424, 0.93433958094935, 0.34791358957041, -0.0337835250088, 0.34630297208972, -0.9375142265373],
      "ImageType": [
        "ORIGINAL",
        "PRIMARY",
        "M",
        "ND",
        "NORM"
],
      "ImagedNucleus": "1H",
      "ImagingFrequency": 123.191098,
      "InPlanePhaseEncodingDirection": "ROW",
      "InversionTime": 900.0,
      "MRAcquisitionType": "3D",
      "MagneticFieldStrength": 3.0,
      "Manufacturer": "SIEMENS",
      "ManufacturerModelName": "Prisma",
      "Modality": "MR",
      "NumberOfAverages": 1.0,
      "NumberOfPhaseEncodingSteps": 255,
      "PercentPhaseFieldOfView": 100.0,
      "PercentSampling": 100.0,
      "PerformedProcedureStepStartTime": "125819.082000",
      "PhotometricInterpretation": "MONOCHROME2",
      "PixelBandwidth": 200.0,
      "PixelRepresentation": 0,
      "PixelSpacing": [0.8984375, 0.8984375],
      "ProtocolName": "t1_mprage_sag_p2_iso",
      "RepetitionTime": 2300.0,
      "Rows": 256,
      "SAR": 0.06423472718691,
      "SamplesPerPixel": 1,
      "ScanOptions": "IR",
      "ScanningSequence": [
        "GR",
        "IR"
],
      "SequenceName": "*tfl3d1_16ns",
      "SequenceVariant": [
        "SK",
        "SP",
        "MP"
],
      "SeriesDescription": "t1_mprage_sag_p2_iso",
      "SeriesNumber": 7,
      "SeriesTime": "132904.462000",
      "SliceThickness": 0.90000003576279,
      "SmallestImagePixelValue": 0,
      "SoftwareVersions": "syngo MR E11",
      "SpecificCharacterSet": "ISO_IR 100",
      "StudyID": "1",
      "StudyTime": "125818.998000",
      "TransmitCoilName": "Body",
      "VariableFlipAngleFlag": "N",
      "WindowCenterWidthExplanation": "Algo1",
      "dBdt": 0.0},
