{
  "AcquisitionMatrixPE": 68,
  "AcquisitionNumber": 1,
  "AcquisitionTime": "11:42:5.307500",
  "BandwidthPerPixelPhaseEncode": 60.024,
  "BaseResolution": 68,
  "BodyPartExamined": "BRAIN",
  "CoilString": "HC1-7;NC1_2",
  "ConsistencyInfo": "N4_VE11C_LATEST_20160120",
  "ConversionSoftware": "dcm2niix",
  "ConversionSoftwareVersion": "v1.0.20190410  GCC6.3.0",
  "DerivedVendorReportedEchoSpacing": 0.00049,
  "DeviceSerialNumber": "166018",
  "DwellTime": 3e-06,
  "EchoTime": 0.0204,
  "EchoTrainLength": 33,
  "EffectiveEchoSpacing": 0.000245,
  "FlipAngle": 90,
  "ImageComments": "SENSE1",
  "ImageOrientationPatientDICOM": [0.998514, -0.0210363, 0.0502761, 0.029984, 0.982383, -0.184455],
  "ImageType": [
    "ORIGINAL",
    "PRIMARY",
    "M",
    "ND",
    "MOSAIC"
],
  "ImagingFrequency": 123.191,
  "InPlanePhaseEncodingDirectionDICOM": "COL",
  "InstitutionAddress": "Washington_Place_6_NYC_NYC_US_10003",
  "InstitutionName": "NYU_Center_for_Brain_Imaging",
  "InstitutionalDepartmentName": "Department",
  "MRAcquisitionType": "2D",
  "MagneticFieldStrength": 3,
  "Manufacturer": "Siemens",
  "ManufacturersModelName": "Prisma",
  "Modality": "MR",
  "ParallelReductionFactorInPlane": 2,
  "PartialFourier": 1,
  "PatientPosition": "HFS",
  "PercentPhaseFOV": 100,
  "PhaseEncodingDirection": "j-",
  "PhaseEncodingSteps": 67,
  "PhaseResolution": 1,
  "PixelBandwidth": 2450,
  "ProcedureStepDescription": "Investigators_Hartley",
  "ProtocolName": "ME_SE_FieldMap_AP",
  "PulseSequenceDetails": "%CustomerSeq%_cmrr_mbep2d_se",
  "ReceiveCoilActiveElements": "HC1-7;NC1,2",
  "ReceiveCoilName": "HeadNeck_64",
  "ReconMatrixPE": 68,
  "RefLinesPE": 24,
  "RepetitionTime": 1.919,
  "SAR": 0.362522,
  "ScanOptions": "FS",
  "ScanningSequence": "EP",
  "SequenceName": "epse2d1_68",
  "SequenceVariant": "SK",
  "SeriesDescription": "ME_SE_FieldMap_AP",
  "SeriesNumber": 9,
  "ShimSetting": [274, -12667, -8339, 587, -55, -260, 25, 36],
  "SliceThickness": 3,
  "SliceTiming": [0.95, 0, 0.9925, 0.045, 1.0375, 0.0875, 1.08, 0.13, 1.1225, 0.1725, 1.165, 0.2175, 1.21, 0.26, 1.2525, 0.3025, 1.295, 0.3475, 1.3375, 0.39, 1.3825, 0.4325, 1.425, 0.475, 1.4675, 0.52, 1.5125, 0.5625, 1.555, 0.605, 1.5975, 0.6475, 1.64, 0.6925, 1.685, 0.735, 1.7275, 0.7775, 1.77, 0.82, 1.8125, 0.865, 1.8575, 0.9075],
  "SoftwareVersions": "syngo_MR_E11",
  "SpacingBetweenSlices": 3,
  "StationName": "AWP166018",
  "TotalReadoutTime": 0.016415,
  "TxRefAmp": 208.116,
  "WipMemBlock": "fe8cd640-5cb6-4148-8aff-5a41d68a50af||Sequence: R016 ve11c/master r/8780670; Nov 27 2017 15:08:10 by eja",
  "dcmmeta_affine": [
    [-2.9955413341522217, 0.08995203673839569, 0.13653041422367096, 96.48026275634766],
    [0.06310904026031494, 2.947150230407715, -0.5570658445358276, -69.50655364990234],
    [0.1508282870054245, 0.5533658266067505, 2.944662570953369, -61.57921600341797],
    [0.0, 0.0, 0.0, 1.0]
],
  "dcmmeta_reorient_transform": [
    [0.0, -1.0, 0.0, 67.0],
    [1.0, 0.0, 0.0, 0.0],
    [0.0, 0.0, 1.0, 0.0],
    [0.0, 0.0, 0.0, 1.0]
],
  "dcmmeta_shape": [68, 68, 44, 3],
  "dcmmeta_slice_dim": 2,
  "dcmmeta_version": 0.6,
  "global": {
    "const": {
      "AccessionNumber": "jwL12uhe",
      "AcquisitionMatrix": [68, 0, 0, 68],
      "AngioFlag": "N",
      "BitsAllocated": 16,
      "BitsStored": 16,
      "BodyPartExamined": "BRAIN",
      "Columns": 476,
      "EchoNumbers": 1,
      "EchoTime": 20.4,
      "EchoTrainLength": 33,
      "FlipAngle": 90.0,
      "HighBit": 15,
      "ImageOrientationPatient": [0.99851378883442, -0.0210363472538, 0.0502760937399, 0.02998401224194, 0.98238343385783, -0.1844552734176],
      "ImagePositionPatient": [-731.94770143191, -716.29693473398, 57.613950921988],
      "ImageType": [
        "ORIGINAL",
        "PRIMARY",
        "M",
        "ND",
        "MOSAIC"
],
      "ImagedNucleus": "1H",
      "ImagingFrequency": 123.190978,
      "InPlanePhaseEncodingDirection": "COL",
      "MRAcquisitionType": "2D",
      "MagneticFieldStrength": 3.0,
      "Manufacturer": "SIEMENS",
      "ManufacturerModelName": "Prisma",
      "Modality": "MR",
      "NumberOfAverages": 1.0,
      "NumberOfPhaseEncodingSteps": 67,
      "PercentPhaseFieldOfView": 100.0,
      "PercentSampling": 100.0,
      "PerformedProcedureStepStartTime": "112042.206000",
      "PhotometricInterpretation": "MONOCHROME2",
      "PixelBandwidth": 2450.0,
      "PixelRepresentation": 0,
      "PixelSpacing": [3.0, 3.0],
      "ProtocolName": "ME_SE_FieldMap_AP",
      "RepetitionTime": 1919.0,
      "Rows": 476,
      "SAR": 0.36252193824551,
      "SamplesPerPixel": 1,
      "ScanOptions": "FS",
      "ScanningSequence": "EP",
      "SequenceName": "epse2d1_68",
      "SequenceVariant": "SK",
      "SeriesDescription": "ME_SE_FieldMap_AP",
      "SeriesNumber": 9,
      "SeriesTime": "114211.708000",
      "SliceLocation": -43.145931388678,
      "SliceThickness": 3.0,
      "SmallestImagePixelValue": 0,
      "SoftwareVersions": "syngo MR E11",
      "SpacingBetweenSlices": 3.0000000146245,
      "SpecificCharacterSet": "ISO_IR 100",
      "StudyID": "1",
      "StudyTime": "112042.149000",
      "TransmitCoilName": "Body",
      "VariableFlipAngleFlag": "N",
      "WindowCenterWidthExplanation": "Algo1",
      "dBdt": 0.0},
    "slices": {}
  },
  "time": {
    "samples": {
      "AcquisitionNumber": [1, 2, 3],
      "AcquisitionTime": ["114205.307500", "114207.227500", "114209.145000"],
      "ContentTime": ["114211.713000", "114211.717000", "114211.720000"],
      "InstanceCreationTime": ["114211.713000", "114211.717000", "114211.720000"],
      "InstanceNumber": [1, 2, 3],
      "LargestImagePixelValue": [45576, 45722, 46953],
      "WindowCenter": [11915.0, 11833.0, 11858.0],
      "WindowWidth": [25269.0, 25093.0, 25162.0]
    },
    "slices": {}
  },
  "IntendedFor": [
    "func/sub-165_task-freq1_acq-normal_run-01_echo-1_bold.nii.gz",
    "func/sub-165_task-freq1_acq-normal_run-01_echo-1_sbref.nii.gz",
    "func/sub-165_task-freq1_acq-normal_run-01_echo-2_bold.nii.gz",
    "func/sub-165_task-freq1_acq-normal_run-01_echo-2_sbref.nii.gz",
    "func/sub-165_task-freq1_acq-normal_run-01_echo-3_bold.nii.gz",
    "func/sub-165_task-freq1_acq-normal_run-01_echo-3_sbref.nii.gz",
    "func/sub-165_task-freq1_acq-normal_run-01_echo-4_bold.nii.gz",
    "func/sub-165_task-freq1_acq-normal_run-01_echo-4_sbref.nii.gz",
    "func/sub-165_task-freq2_acq-normal_run-01_echo-1_bold.nii.gz",
    "func/sub-165_task-freq2_acq-normal_run-01_echo-1_sbref.nii.gz",
    "func/sub-165_task-freq2_acq-normal_run-01_echo-2_bold.nii.gz",
    "func/sub-165_task-freq2_acq-normal_run-01_echo-2_sbref.nii.gz",
    "func/sub-165_task-freq2_acq-normal_run-01_echo-3_bold.nii.gz",
    "func/sub-165_task-freq2_acq-normal_run-01_echo-3_sbref.nii.gz",
    "func/sub-165_task-freq2_acq-normal_run-01_echo-4_bold.nii.gz",
    "func/sub-165_task-freq2_acq-normal_run-01_echo-4_sbref.nii.gz",
    "func/sub-165_task-freqreports1_acq-normal_run-01_echo-1_bold.nii.gz",
    "func/sub-165_task-freqreports1_acq-normal_run-01_echo-1_sbref.nii.gz",
    "func/sub-165_task-freqreports1_acq-normal_run-01_echo-2_bold.nii.gz",
    "func/sub-165_task-freqreports1_acq-normal_run-01_echo-2_sbref.nii.gz",
    "func/sub-165_task-freqreports1_acq-normal_run-01_echo-3_bold.nii.gz",
    "func/sub-165_task-freqreports1_acq-normal_run-01_echo-3_sbref.nii.gz",
    "func/sub-165_task-freqreports1_acq-normal_run-01_echo-4_bold.nii.gz",
    "func/sub-165_task-freqreports1_acq-normal_run-01_echo-4_sbref.nii.gz",
    "func/sub-165_task-freqreports2_acq-normal_run-01_echo-1_bold.nii.gz",
    "func/sub-165_task-freqreports2_acq-normal_run-01_echo-1_sbref.nii.gz",
    "func/sub-165_task-freqreports2_acq-normal_run-01_echo-2_bold.nii.gz",
    "func/sub-165_task-freqreports2_acq-normal_run-01_echo-2_sbref.nii.gz",
    "func/sub-165_task-freqreports2_acq-normal_run-01_echo-3_bold.nii.gz",
    "func/sub-165_task-freqreports2_acq-normal_run-01_echo-3_sbref.nii.gz",
    "func/sub-165_task-freqreports2_acq-normal_run-01_echo-4_bold.nii.gz",
    "func/sub-165_task-freqreports2_acq-normal_run-01_echo-4_sbref.nii.gz",
    "func/sub-165_task-memtest1_acq-normal_run-01_echo-1_bold.nii.gz",
    "func/sub-165_task-memtest1_acq-normal_run-01_echo-1_sbref.nii.gz",
    "func/sub-165_task-memtest1_acq-normal_run-01_echo-2_bold.nii.gz",
    "func/sub-165_task-memtest1_acq-normal_run-01_echo-2_sbref.nii.gz",
    "func/sub-165_task-memtest1_acq-normal_run-01_echo-3_bold.nii.gz",
    "func/sub-165_task-memtest1_acq-normal_run-01_echo-3_sbref.nii.gz",
    "func/sub-165_task-memtest1_acq-normal_run-01_echo-4_bold.nii.gz",
    "func/sub-165_task-memtest1_acq-normal_run-01_echo-4_sbref.nii.gz",
    "func/sub-165_task-memtest2_acq-normal_run-01_echo-1_bold.nii.gz",
    "func/sub-165_task-memtest2_acq-normal_run-01_echo-1_sbref.nii.gz",
    "func/sub-165_task-memtest2_acq-normal_run-01_echo-2_bold.nii.gz",
    "func/sub-165_task-memtest2_acq-normal_run-01_echo-2_sbref.nii.gz",
    "func/sub-165_task-memtest2_acq-normal_run-01_echo-3_bold.nii.gz",
    "func/sub-165_task-memtest2_acq-normal_run-01_echo-3_sbref.nii.gz",
    "func/sub-165_task-memtest2_acq-normal_run-01_echo-4_bold.nii.gz",
    "func/sub-165_task-memtest2_acq-normal_run-01_echo-4_sbref.nii.gz",
    "func/sub-165_task-pairedassociates1_acq-normal_run-01_echo-1_bold.nii.gz",
    "func/sub-165_task-pairedassociates1_acq-normal_run-01_echo-1_sbref.nii.gz",
    "func/sub-165_task-pairedassociates1_acq-normal_run-01_echo-2_bold.nii.gz",
    "func/sub-165_task-pairedassociates1_acq-normal_run-01_echo-2_sbref.nii.gz",
    "func/sub-165_task-pairedassociates1_acq-normal_run-01_echo-3_bold.nii.gz",
    "func/sub-165_task-pairedassociates1_acq-normal_run-01_echo-3_sbref.nii.gz",
    "func/sub-165_task-pairedassociates1_acq-normal_run-01_echo-4_bold.nii.gz",
    "func/sub-165_task-pairedassociates1_acq-normal_run-01_echo-4_sbref.nii.gz",
    "func/sub-165_task-pairedassociates2_acq-normal_run-01_echo-1_bold.nii.gz",
    "func/sub-165_task-pairedassociates2_acq-normal_run-01_echo-1_sbref.nii.gz",
    "func/sub-165_task-pairedassociates2_acq-normal_run-01_echo-2_bold.nii.gz",
    "func/sub-165_task-pairedassociates2_acq-normal_run-01_echo-2_sbref.nii.gz",
    "func/sub-165_task-pairedassociates2_acq-normal_run-01_echo-3_bold.nii.gz",
    "func/sub-165_task-pairedassociates2_acq-normal_run-01_echo-3_sbref.nii.gz",
    "func/sub-165_task-pairedassociates2_acq-normal_run-01_echo-4_bold.nii.gz",
    "func/sub-165_task-pairedassociates2_acq-normal_run-01_echo-4_sbref.nii.gz"
  ]
}