{
  "AcquisitionMatrixPE": 68,
  "AcquisitionNumber": 1,
  "AcquisitionTime": "12:40:36.280000",
  "BandwidthPerPixelPhaseEncode": 60.024,
  "BaseResolution": 68,
  "BodyPartExamined": "BRAIN",
  "CoilString": "HC1-7;NC1_2",
  "ConsistencyInfo": "N4_VE11C_LATEST_20160120",
  "ConversionSoftware": "dcm2niix",
  "ConversionSoftwareVersion": "v1.0.20190410  GCC6.3.0",
  "DerivedVendorReportedEchoSpacing": 0.00049,
  "DeviceSerialNumber": "166018",
  "DwellTime": 3e-06,
  "EchoTime": 0.0204,
  "EchoTrainLength": 33,
  "EffectiveEchoSpacing": 0.000245,
  "FlipAngle": 90,
  "ImageComments": "SENSE1",
  "ImageOrientationPatientDICOM": [0.99627, 0.0668208, 0.0545923, -0.0431497, 0.933713, -0.355411],
  "ImageType": [
    "ORIGINAL",
    "PRIMARY",
    "M",
    "ND",
    "MOSAIC"
],
  "ImagingFrequency": 123.191,
  "InPlanePhaseEncodingDirectionDICOM": "COL",
  "InstitutionAddress": "Washington_Place_6_NYC_NYC_US_10003",
  "InstitutionName": "NYU_-_CBI",
  "InstitutionalDepartmentName": "Department",
  "MRAcquisitionType": "2D",
  "MagneticFieldStrength": 3,
  "Manufacturer": "Siemens",
  "ManufacturersModelName": "Prisma",
  "Modality": "MR",
  "ParallelReductionFactorInPlane": 2,
  "PartialFourier": 1,
  "PatientPosition": "HFS",
  "PercentPhaseFOV": 100,
  "PhaseEncodingDirection": "j",
  "PhaseEncodingSteps": 67,
  "PhaseResolution": 1,
  "PixelBandwidth": 2450,
  "ProcedureStepDescription": "Investigators_Hartley",
  "ProtocolName": "ME_SE_FieldMap_PA",
  "PulseSequenceDetails": "%CustomerSeq%_cmrr_mbep2d_se",
  "ReceiveCoilActiveElements": "HC1-7;NC1,2",
  "ReceiveCoilName": "HeadNeck_64",
  "ReconMatrixPE": 68,
  "RefLinesPE": 24,
  "RepetitionTime": 1.919,
  "SAR": 0.34037,
  "ScanOptions": "FS",
  "ScanningSequence": "EP",
  "SequenceName": "epse2d1_68",
  "SequenceVariant": "SK",
  "SeriesDescription": "ME_SE_FieldMap_PA",
  "SeriesNumber": 11,
  "ShimSetting": [276, -12693, -8352, 410, 59, -13, -24, 21],
  "SliceThickness": 3,
  "SliceTiming": [0.9475, 0, 0.9925, 0.0425, 1.035, 0.085, 1.0775, 0.1275, 1.12, 0.1725, 1.165, 0.215, 1.2075, 0.2575, 1.25, 0.3, 1.2925, 0.345, 1.3375, 0.3875, 1.38, 0.43, 1.4225, 0.4725, 1.465, 0.5175, 1.51, 0.56, 1.5525, 0.6025, 1.595, 0.6475, 1.64, 0.69, 1.6825, 0.7325, 1.725, 0.775, 1.7675, 0.82, 1.8125, 0.8625, 1.855, 0.905],
  "SoftwareVersions": "syngo_MR_E11",
  "SpacingBetweenSlices": 3,
  "StationName": "AWP166018",
  "TotalReadoutTime": 0.016415,
  "TxRefAmp": 233.893,
  "WipMemBlock": "5045f00c-b9d0-4633-b684-c256efe5b394||Sequence: R016 ve11c/master r/8780670; Nov 27 2017 15:08:10 by eja",
  "dcmmeta_affine": [
    [-2.9888112545013428, -0.1294490396976471, 0.22416719794273376, 100.468505859375],
    [-0.20046232640743256, 2.801140546798706, -1.0551903247833252, -53.17405319213867],
    [0.16377681493759155, 1.0662339925765991, 2.7993431091308594, -87.49175262451172],
    [0.0, 0.0, 0.0, 1.0]
],
  "dcmmeta_reorient_transform": [
    [0.0, -1.0, 0.0, 67.0],
    [1.0, 0.0, 0.0, 0.0],
    [0.0, 0.0, 1.0, 0.0],
    [0.0, 0.0, 0.0, 1.0]
],
  "dcmmeta_shape": [68, 68, 44, 3],
  "dcmmeta_slice_dim": 2,
  "dcmmeta_version": 0.6,
  "global": {
    "const": {
      "AccessionNumber": "jxz22fhp",
      "AcquisitionMatrix": [68, 0, 0, 68],
      "AngioFlag": "N",
      "BitsAllocated": 16,
      "BitsStored": 16,
      "BodyPartExamined": "BRAIN",
      "Columns": 476,
      "EchoNumbers": 1,
      "EchoTime": 20.4,
      "EchoTrainLength": 33,
      "FlipAngle": 90.0,
      "HighBit": 15,
      "ImageOrientationPatient": [0.9962703789833, 0.06682077551154, 0.05459226978706, -0.0431496817885, 0.93371350097069, -0.3554113153328],
      "ImagePositionPatient": [-675.10528618027, -746.82933794078, 168.0471772123],
      "ImageType": [
        "ORIGINAL",
        "PRIMARY",
        "M",
        "ND",
        "MOSAIC"
],
      "ImagedNucleus": "1H",
      "ImagingFrequency": 123.191097,
      "InPlanePhaseEncodingDirection": "COL",
      "MRAcquisitionType": "2D",
      "MagneticFieldStrength": 3.0,
      "Manufacturer": "SIEMENS",
      "ManufacturerModelName": "Prisma",
      "Modality": "MR",
      "NumberOfAverages": 1.0,
      "NumberOfPhaseEncodingSteps": 67,
      "PercentPhaseFieldOfView": 100.0,
      "PercentSampling": 100.0,
      "PerformedProcedureStepStartTime": "121221.476000",
      "PhotometricInterpretation": "MONOCHROME2",
      "PixelBandwidth": 2450.0,
      "PixelRepresentation": 0,
      "PixelSpacing": [3.0, 3.0],
      "ProtocolName": "ME_SE_FieldMap_PA",
      "RepetitionTime": 1919.0,
      "Rows": 476,
      "SAR": 0.34037028585687,
      "SamplesPerPixel": 1,
      "ScanOptions": "FS",
      "ScanningSequence": "EP",
      "SequenceName": "epse2d1_68",
      "SequenceVariant": "SK",
      "SeriesDescription": "ME_SE_FieldMap_PA",
      "SeriesNumber": 11,
      "SeriesTime": "124041.188000",
      "SliceLocation": -55.429650378007,
      "SliceThickness": 3.0,
      "SmallestImagePixelValue": 0,
      "SoftwareVersions": "syngo MR E11",
      "SpacingBetweenSlices": 2.9999999104069,
      "SpecificCharacterSet": "ISO_IR 100",
      "StudyID": "1",
      "StudyTime": "121221.403000",
      "TransmitCoilName": "Body",
      "VariableFlipAngleFlag": "N",
      "WindowCenterWidthExplanation": "Algo1",
      "dBdt": 0.0},
    "slices": {}
  },
  "time": {
    "samples": {
      "AcquisitionNumber": [1, 2, 3],
      "AcquisitionTime": ["124036.280000", "124038.200000", "124040.120000"],
      "ContentTime": ["124041.192000", "124041.196000", "124041.198000"],
      "InstanceCreationTime": ["124041.192000", "124041.196000", "124041.198000"],
      "InstanceNumber": [1, 2, 3],
      "LargestImagePixelValue": [50383, 49979, 48834],
      "WindowCenter": [10789.0, 10704.0, 10735.0],
      "WindowWidth": [22880.0, 22702.0, 22773.0]
    },
    "slices": {}
  },
  "IntendedFor": [
    "func/sub-182_task-freq1_acq-normal_run-01_echo-1_bold.nii.gz",
    "func/sub-182_task-freq1_acq-normal_run-01_echo-1_sbref.nii.gz",
    "func/sub-182_task-freq1_acq-normal_run-01_echo-2_bold.nii.gz",
    "func/sub-182_task-freq1_acq-normal_run-01_echo-2_sbref.nii.gz",
    "func/sub-182_task-freq1_acq-normal_run-01_echo-3_bold.nii.gz",
    "func/sub-182_task-freq1_acq-normal_run-01_echo-3_sbref.nii.gz",
    "func/sub-182_task-freq1_acq-normal_run-01_echo-4_bold.nii.gz",
    "func/sub-182_task-freq1_acq-normal_run-01_echo-4_sbref.nii.gz",
    "func/sub-182_task-freq2_acq-normal_run-01_echo-1_bold.nii.gz",
    "func/sub-182_task-freq2_acq-normal_run-01_echo-1_sbref.nii.gz",
    "func/sub-182_task-freq2_acq-normal_run-01_echo-2_bold.nii.gz",
    "func/sub-182_task-freq2_acq-normal_run-01_echo-2_sbref.nii.gz",
    "func/sub-182_task-freq2_acq-normal_run-01_echo-3_bold.nii.gz",
    "func/sub-182_task-freq2_acq-normal_run-01_echo-3_sbref.nii.gz",
    "func/sub-182_task-freq2_acq-normal_run-01_echo-4_bold.nii.gz",
    "func/sub-182_task-freq2_acq-normal_run-01_echo-4_sbref.nii.gz",
    "func/sub-182_task-freqreports1_acq-normal_run-01_echo-1_bold.nii.gz",
    "func/sub-182_task-freqreports1_acq-normal_run-01_echo-1_sbref.nii.gz",
    "func/sub-182_task-freqreports1_acq-normal_run-01_echo-2_bold.nii.gz",
    "func/sub-182_task-freqreports1_acq-normal_run-01_echo-2_sbref.nii.gz",
    "func/sub-182_task-freqreports1_acq-normal_run-01_echo-3_bold.nii.gz",
    "func/sub-182_task-freqreports1_acq-normal_run-01_echo-3_sbref.nii.gz",
    "func/sub-182_task-freqreports1_acq-normal_run-01_echo-4_bold.nii.gz",
    "func/sub-182_task-freqreports1_acq-normal_run-01_echo-4_sbref.nii.gz",
    "func/sub-182_task-freqreports2_acq-normal_run-01_echo-1_bold.nii.gz",
    "func/sub-182_task-freqreports2_acq-normal_run-01_echo-1_sbref.nii.gz",
    "func/sub-182_task-freqreports2_acq-normal_run-01_echo-2_bold.nii.gz",
    "func/sub-182_task-freqreports2_acq-normal_run-01_echo-2_sbref.nii.gz",
    "func/sub-182_task-freqreports2_acq-normal_run-01_echo-3_bold.nii.gz",
    "func/sub-182_task-freqreports2_acq-normal_run-01_echo-3_sbref.nii.gz",
    "func/sub-182_task-freqreports2_acq-normal_run-01_echo-4_bold.nii.gz",
    "func/sub-182_task-freqreports2_acq-normal_run-01_echo-4_sbref.nii.gz",
    "func/sub-182_task-memtest1_acq-normal_run-01_echo-1_bold.nii.gz",
    "func/sub-182_task-memtest1_acq-normal_run-01_echo-1_sbref.nii.gz",
    "func/sub-182_task-memtest1_acq-normal_run-01_echo-2_bold.nii.gz",
    "func/sub-182_task-memtest1_acq-normal_run-01_echo-2_sbref.nii.gz",
    "func/sub-182_task-memtest1_acq-normal_run-01_echo-3_bold.nii.gz",
    "func/sub-182_task-memtest1_acq-normal_run-01_echo-3_sbref.nii.gz",
    "func/sub-182_task-memtest1_acq-normal_run-01_echo-4_bold.nii.gz",
    "func/sub-182_task-memtest1_acq-normal_run-01_echo-4_sbref.nii.gz",
    "func/sub-182_task-memtest2_acq-normal_run-01_echo-1_bold.nii.gz",
    "func/sub-182_task-memtest2_acq-normal_run-01_echo-1_sbref.nii.gz",
    "func/sub-182_task-memtest2_acq-normal_run-01_echo-2_bold.nii.gz",
    "func/sub-182_task-memtest2_acq-normal_run-01_echo-2_sbref.nii.gz",
    "func/sub-182_task-memtest2_acq-normal_run-01_echo-3_bold.nii.gz",
    "func/sub-182_task-memtest2_acq-normal_run-01_echo-3_sbref.nii.gz",
    "func/sub-182_task-memtest2_acq-normal_run-01_echo-4_bold.nii.gz",
    "func/sub-182_task-memtest2_acq-normal_run-01_echo-4_sbref.nii.gz",
    "func/sub-182_task-pairedassociates1_acq-normal_run-01_echo-1_bold.nii.gz",
    "func/sub-182_task-pairedassociates1_acq-normal_run-01_echo-1_sbref.nii.gz",
    "func/sub-182_task-pairedassociates1_acq-normal_run-01_echo-2_bold.nii.gz",
    "func/sub-182_task-pairedassociates1_acq-normal_run-01_echo-2_sbref.nii.gz",
    "func/sub-182_task-pairedassociates1_acq-normal_run-01_echo-3_bold.nii.gz",
    "func/sub-182_task-pairedassociates1_acq-normal_run-01_echo-3_sbref.nii.gz",
    "func/sub-182_task-pairedassociates1_acq-normal_run-01_echo-4_bold.nii.gz",
    "func/sub-182_task-pairedassociates1_acq-normal_run-01_echo-4_sbref.nii.gz",
    "func/sub-182_task-pairedassociates2_acq-normal_run-01_echo-1_bold.nii.gz",
    "func/sub-182_task-pairedassociates2_acq-normal_run-01_echo-1_sbref.nii.gz",
    "func/sub-182_task-pairedassociates2_acq-normal_run-01_echo-2_bold.nii.gz",
    "func/sub-182_task-pairedassociates2_acq-normal_run-01_echo-2_sbref.nii.gz",
    "func/sub-182_task-pairedassociates2_acq-normal_run-01_echo-3_bold.nii.gz",
    "func/sub-182_task-pairedassociates2_acq-normal_run-01_echo-3_sbref.nii.gz",
    "func/sub-182_task-pairedassociates2_acq-normal_run-01_echo-4_bold.nii.gz",
    "func/sub-182_task-pairedassociates2_acq-normal_run-01_echo-4_sbref.nii.gz"
  ]
}