{
  "AcquisitionMatrixPE": 68,
  "AcquisitionNumber": 1,
  "AcquisitionTime": "16:54:18.277500",
  "BandwidthPerPixelPhaseEncode": 60.024,
  "BaseResolution": 68,
  "BodyPartExamined": "BRAIN",
  "CoilString": "HC1-7;NC1_2",
  "ConsistencyInfo": "N4_VE11C_LATEST_20160120",
  "ConversionSoftware": "dcm2niix",
  "ConversionSoftwareVersion": "v1.0.20190410  GCC6.3.0",
  "DerivedVendorReportedEchoSpacing": 0.00049,
  "DeviceSerialNumber": "166018",
  "DwellTime": 3e-06,
  "EchoTime": 0.0204,
  "EchoTrainLength": 33,
  "EffectiveEchoSpacing": 0.000245,
  "FlipAngle": 90,
  "ImageComments": "SENSE1",
  "ImageOrientationPatientDICOM": [0.998651, 0.0516132, 0.00575174, -0.0481433, 0.961618, -0.270137],
  "ImageType": [
    "ORIGINAL",
    "PRIMARY",
    "M",
    "ND",
    "MOSAIC"
],
  "ImagingFrequency": 123.191,
  "InPlanePhaseEncodingDirectionDICOM": "COL",
  "InstitutionAddress": "Washington_Place_6_NYC_NYC_US_10003",
  "InstitutionName": "NYU_-_CBI",
  "InstitutionalDepartmentName": "Department",
  "MRAcquisitionType": "2D",
  "MagneticFieldStrength": 3,
  "Manufacturer": "Siemens",
  "ManufacturersModelName": "Prisma",
  "Modality": "MR",
  "ParallelReductionFactorInPlane": 2,
  "PartialFourier": 1,
  "PatientPosition": "HFS",
  "PercentPhaseFOV": 100,
  "PhaseEncodingDirection": "j",
  "PhaseEncodingSteps": 67,
  "PhaseResolution": 1,
  "PixelBandwidth": 2450,
  "ProcedureStepDescription": "Investigators_Hartley",
  "ProtocolName": "ME_SE_FieldMap_PA",
  "PulseSequenceDetails": "%CustomerSeq%_cmrr_mbep2d_se",
  "ReceiveCoilActiveElements": "HC1-7;NC1,2",
  "ReceiveCoilName": "HeadNeck_64",
  "ReconMatrixPE": 68,
  "RefLinesPE": 24,
  "RepetitionTime": 1.919,
  "SAR": 0.386549,
  "ScanOptions": "FS",
  "ScanningSequence": "EP",
  "SequenceName": "epse2d1_68",
  "SequenceVariant": "SK",
  "SeriesDescription": "ME_SE_FieldMap_PA",
  "SeriesNumber": 10,
  "ShimSetting": [287, -12625, -8348, 556, 67, -7, -55, 17],
  "SliceThickness": 3,
  "SliceTiming": [0.95, 0, 0.9925, 0.0425, 1.035, 0.0875, 1.08, 0.13, 1.1225, 0.1725, 1.165, 0.215, 1.2075, 0.26, 1.2525, 0.3025, 1.295, 0.345, 1.3375, 0.3875, 1.38, 0.4325, 1.425, 0.475, 1.4675, 0.5175, 1.51, 0.56, 1.5525, 0.605, 1.5975, 0.6475, 1.64, 0.69, 1.6825, 0.7325, 1.725, 0.7775, 1.77, 0.82, 1.8125, 0.8625, 1.855, 0.9075],
  "SoftwareVersions": "syngo_MR_E11",
  "SpacingBetweenSlices": 3,
  "StationName": "AWP166018",
  "TotalReadoutTime": 0.016415,
  "TxRefAmp": 196.694,
  "WipMemBlock": "48eb2251-7ccf-4ec3-8ee0-a861d0cbc681||Sequence: R016 ve11c/master r/8780670; Nov 27 2017 15:08:10 by eja",
  "dcmmeta_affine": [
    [-2.9959516525268555, -0.14442996680736542, 0.05842076614499092, 105.27430725097656],
    [-0.15483947098255157, 2.884852647781372, -0.80848628282547, -77.614990234375],
    [0.01725521869957447, 0.8104105591773987, 2.888414144515991, -68.0446548461914],
    [0.0, 0.0, 0.0, 1.0]
],
  "dcmmeta_reorient_transform": [
    [0.0, -1.0, 0.0, 67.0],
    [1.0, 0.0, 0.0, 0.0],
    [0.0, 0.0, 1.0, 0.0],
    [0.0, 0.0, 0.0, 1.0]
],
  "dcmmeta_shape": [68, 68, 44, 3],
  "dcmmeta_slice_dim": 2,
  "dcmmeta_version": 0.6,
  "global": {
    "const": {
      "AccessionNumber": "k0pzb2ne",
      "AcquisitionMatrix": [68, 0, 0, 68],
      "AngioFlag": "N",
      "BitsAllocated": 16,
      "BitsStored": 16,
      "BodyPartExamined": "BRAIN",
      "Columns": 476,
      "EchoNumbers": 1,
      "EchoTime": 20.4,
      "EchoTrainLength": 33,
      "FlipAngle": 90.0,
      "HighBit": 15,
      "ImageOrientationPatient": [0.99865058942525, 0.05161315466886, 0.00575173936532, -0.0481433233977, 0.9616175444173, -0.2701368517642],
      "ImagePositionPatient": [-677.30794323467, -735.76732442553, 148.0565384901],
      "ImageType": [
        "ORIGINAL",
        "PRIMARY",
        "M",
        "ND",
        "MOSAIC"
],
      "ImagedNucleus": "1H",
      "ImagingFrequency": 123.191047,
      "InPlanePhaseEncodingDirection": "COL",
      "MRAcquisitionType": "2D",
      "MagneticFieldStrength": 3.0,
      "Manufacturer": "SIEMENS",
      "ManufacturerModelName": "Prisma",
      "Modality": "MR",
      "NumberOfAverages": 1.0,
      "NumberOfPhaseEncodingSteps": 67,
      "PercentPhaseFieldOfView": 100.0,
      "PercentSampling": 100.0,
      "PerformedProcedureStepStartTime": "162939.643000",
      "PhotometricInterpretation": "MONOCHROME2",
      "PixelBandwidth": 2450.0,
      "PixelRepresentation": 0,
      "PixelSpacing": [3.0, 3.0],
      "ProtocolName": "ME_SE_FieldMap_PA",
      "RepetitionTime": 1919.0,
      "Rows": 476,
      "SAR": 0.38654942804212,
      "SamplesPerPixel": 1,
      "ScanOptions": "FS",
      "ScanningSequence": "EP",
      "SequenceName": "epse2d1_68",
      "SequenceVariant": "SK",
      "SeriesDescription": "ME_SE_FieldMap_PA",
      "SeriesNumber": 10,
      "SeriesTime": "165423.542000",
      "SliceLocation": -42.546767230985,
      "SliceThickness": 3.0,
      "SmallestImagePixelValue": 0,
      "SoftwareVersions": "syngo MR E11",
      "SpacingBetweenSlices": 2.9999999926753,
      "SpecificCharacterSet": "ISO_IR 100",
      "StudyID": "1",
      "StudyTime": "162939.602000",
      "TransmitCoilName": "Body",
      "VariableFlipAngleFlag": "N",
      "WindowCenterWidthExplanation": "Algo1",
      "dBdt": 0.0},
    "slices": {}
  },
  "time": {
    "samples": {
      "AcquisitionNumber": [1, 2, 3],
      "AcquisitionTime": ["165418.277500", "165420.195000", "165422.115000"],
      "ContentTime": ["165423.545000", "165423.549000", "165423.552000"],
      "InstanceCreationTime": ["165423.545000", "165423.549000", "165423.552000"],
      "InstanceNumber": [1, 2, 3],
      "LargestImagePixelValue": [47677, 47750, 47858],
      "WindowCenter": [11491.0, 11405.0, 11420.0],
      "WindowWidth": [24850.0, 24646.0, 24681.0]
    },
    "slices": {}
  },
  "IntendedFor": [
    "func/sub-226_task-freq1_acq-normal_run-01_echo-1_bold.nii.gz",
    "func/sub-226_task-freq1_acq-normal_run-01_echo-1_sbref.nii.gz",
    "func/sub-226_task-freq1_acq-normal_run-01_echo-2_bold.nii.gz",
    "func/sub-226_task-freq1_acq-normal_run-01_echo-2_sbref.nii.gz",
    "func/sub-226_task-freq1_acq-normal_run-01_echo-3_bold.nii.gz",
    "func/sub-226_task-freq1_acq-normal_run-01_echo-3_sbref.nii.gz",
    "func/sub-226_task-freq1_acq-normal_run-01_echo-4_bold.nii.gz",
    "func/sub-226_task-freq1_acq-normal_run-01_echo-4_sbref.nii.gz",
    "func/sub-226_task-freq2_acq-normal_run-01_echo-1_bold.nii.gz",
    "func/sub-226_task-freq2_acq-normal_run-01_echo-1_sbref.nii.gz",
    "func/sub-226_task-freq2_acq-normal_run-01_echo-2_bold.nii.gz",
    "func/sub-226_task-freq2_acq-normal_run-01_echo-2_sbref.nii.gz",
    "func/sub-226_task-freq2_acq-normal_run-01_echo-3_bold.nii.gz",
    "func/sub-226_task-freq2_acq-normal_run-01_echo-3_sbref.nii.gz",
    "func/sub-226_task-freq2_acq-normal_run-01_echo-4_bold.nii.gz",
    "func/sub-226_task-freq2_acq-normal_run-01_echo-4_sbref.nii.gz",
    "func/sub-226_task-freqreports1_acq-normal_run-01_echo-1_bold.nii.gz",
    "func/sub-226_task-freqreports1_acq-normal_run-01_echo-1_sbref.nii.gz",
    "func/sub-226_task-freqreports1_acq-normal_run-01_echo-2_bold.nii.gz",
    "func/sub-226_task-freqreports1_acq-normal_run-01_echo-2_sbref.nii.gz",
    "func/sub-226_task-freqreports1_acq-normal_run-01_echo-3_bold.nii.gz",
    "func/sub-226_task-freqreports1_acq-normal_run-01_echo-3_sbref.nii.gz",
    "func/sub-226_task-freqreports1_acq-normal_run-01_echo-4_bold.nii.gz",
    "func/sub-226_task-freqreports1_acq-normal_run-01_echo-4_sbref.nii.gz",
    "func/sub-226_task-freqreports2_acq-normal_run-01_echo-1_bold.nii.gz",
    "func/sub-226_task-freqreports2_acq-normal_run-01_echo-1_sbref.nii.gz",
    "func/sub-226_task-freqreports2_acq-normal_run-01_echo-2_bold.nii.gz",
    "func/sub-226_task-freqreports2_acq-normal_run-01_echo-2_sbref.nii.gz",
    "func/sub-226_task-freqreports2_acq-normal_run-01_echo-3_bold.nii.gz",
    "func/sub-226_task-freqreports2_acq-normal_run-01_echo-3_sbref.nii.gz",
    "func/sub-226_task-freqreports2_acq-normal_run-01_echo-4_bold.nii.gz",
    "func/sub-226_task-freqreports2_acq-normal_run-01_echo-4_sbref.nii.gz",
    "func/sub-226_task-memtest1_acq-normal_run-01_echo-1_bold.nii.gz",
    "func/sub-226_task-memtest1_acq-normal_run-01_echo-1_sbref.nii.gz",
    "func/sub-226_task-memtest1_acq-normal_run-01_echo-2_bold.nii.gz",
    "func/sub-226_task-memtest1_acq-normal_run-01_echo-2_sbref.nii.gz",
    "func/sub-226_task-memtest1_acq-normal_run-01_echo-3_bold.nii.gz",
    "func/sub-226_task-memtest1_acq-normal_run-01_echo-3_sbref.nii.gz",
    "func/sub-226_task-memtest1_acq-normal_run-01_echo-4_bold.nii.gz",
    "func/sub-226_task-memtest1_acq-normal_run-01_echo-4_sbref.nii.gz",
    "func/sub-226_task-memtest2_acq-normal_run-01_echo-1_bold.nii.gz",
    "func/sub-226_task-memtest2_acq-normal_run-01_echo-1_sbref.nii.gz",
    "func/sub-226_task-memtest2_acq-normal_run-01_echo-2_bold.nii.gz",
    "func/sub-226_task-memtest2_acq-normal_run-01_echo-2_sbref.nii.gz",
    "func/sub-226_task-memtest2_acq-normal_run-01_echo-3_bold.nii.gz",
    "func/sub-226_task-memtest2_acq-normal_run-01_echo-3_sbref.nii.gz",
    "func/sub-226_task-memtest2_acq-normal_run-01_echo-4_bold.nii.gz",
    "func/sub-226_task-memtest2_acq-normal_run-01_echo-4_sbref.nii.gz",
    "func/sub-226_task-pairedassociates1_acq-normal_run-01_echo-1_bold.nii.gz",
    "func/sub-226_task-pairedassociates1_acq-normal_run-01_echo-1_sbref.nii.gz",
    "func/sub-226_task-pairedassociates1_acq-normal_run-01_echo-2_bold.nii.gz",
    "func/sub-226_task-pairedassociates1_acq-normal_run-01_echo-2_sbref.nii.gz",
    "func/sub-226_task-pairedassociates1_acq-normal_run-01_echo-3_bold.nii.gz",
    "func/sub-226_task-pairedassociates1_acq-normal_run-01_echo-3_sbref.nii.gz",
    "func/sub-226_task-pairedassociates1_acq-normal_run-01_echo-4_bold.nii.gz",
    "func/sub-226_task-pairedassociates1_acq-normal_run-01_echo-4_sbref.nii.gz",
    "func/sub-226_task-pairedassociates2_acq-normal_run-01_echo-1_bold.nii.gz",
    "func/sub-226_task-pairedassociates2_acq-normal_run-01_echo-1_sbref.nii.gz",
    "func/sub-226_task-pairedassociates2_acq-normal_run-01_echo-2_bold.nii.gz",
    "func/sub-226_task-pairedassociates2_acq-normal_run-01_echo-2_sbref.nii.gz",
    "func/sub-226_task-pairedassociates2_acq-normal_run-01_echo-3_bold.nii.gz",
    "func/sub-226_task-pairedassociates2_acq-normal_run-01_echo-3_sbref.nii.gz",
    "func/sub-226_task-pairedassociates2_acq-normal_run-01_echo-4_bold.nii.gz",
    "func/sub-226_task-pairedassociates2_acq-normal_run-01_echo-4_sbref.nii.gz"
  ]
}