{
  "AcquisitionMatrixPE": 128,
  "AcquisitionNumber": 1,
  "AcquisitionTime": "11:31:24.902500",
  "BaseResolution": 128,
  "BodyPartExamined": "BRAIN",
  "CoilString": "HC1-7;NC1_2",
  "ConsistencyInfo": "N4_VE11C_LATEST_20160120",
  "ConversionSoftware": "dcm2niix",
  "ConversionSoftwareVersion": "v1.0.20190410  GCC6.3.0",
  "DeviceSerialNumber": "166018",
  "DwellTime": 7.3e-06,
  "EchoTime": 0.00103,
  "FlipAngle": 3,
  "ImageOrientationPatientDICOM": [0.0126142, 0.986639, 0.162432, 0.0530237, 0.161556, -0.985438],
  "ImageType": [
    "ORIGINAL",
    "PRIMARY",
    "M",
    "ND"
],
  "ImagingFrequency": 123.191,
  "InPlanePhaseEncodingDirectionDICOM": "ROW",
  "InstitutionAddress": "Washington_Place_6_NYC_NYC_US_10003",
  "InstitutionName": "NYU_Center_for_Brain_Imaging",
  "InstitutionalDepartmentName": "Department",
  "MRAcquisitionType": "3D",
  "MagneticFieldStrength": 3,
  "Manufacturer": "Siemens",
  "ManufacturersModelName": "Prisma",
  "Modality": "MR",
  "PartialFourier": 0.75,
  "PatientPosition": "HFS",
  "PercentPhaseFOV": 100,
  "PhaseEncodingSteps": 96,
  "PhaseResolution": 1,
  "PixelBandwidth": 535,
  "ProcedureStepDescription": "Investigators_Hartley",
  "ProtocolName": "BIAS_HeadCoil",
  "PulseSequenceDetails": "%SiemensSeq%_tfl",
  "ReceiveCoilActiveElements": "HC1-7;NC1,2",
  "ReceiveCoilName": "HeadNeck_64",
  "ReconMatrixPE": 128,
  "RepetitionTime": 0.25,
  "SAR": 0.0082303,
  "ScanOptions": "PFP",
  "ScanningSequence": "GR",
  "SequenceName": "_tfl3d1_16ns",
  "SequenceVariant": "SK_SP",
  "SeriesDescription": "BIAS_HeadCoil",
  "SeriesNumber": 6,
  "ShimSetting": [260, -12714, -8486, 109, -116, -568, 45, 18],
  "SliceThickness": 2,
  "SoftwareVersions": "syngo_MR_E11",
  "StationName": "AWP166018",
  "TxRefAmp": 208.116,
  "dcmmeta_affine": [
    [1.9970271587371826, 0.02522849477827549, 0.10604742169380188, -94.88567352294922],
    [-0.042086560279130936, 1.9732784032821655, 0.32311171293258667, -122.93269348144531],
    [-0.10055472701787949, -0.3248630166053772, 1.9708760976791382, -80.60425567626953],
    [0.0, 0.0, 0.0, 1.0]
],
  "dcmmeta_reorient_transform": [
    [0.0, 0.0, -1.0, 127.0],
    [0.0, -1.0, 0.0, 127.0],
    [-1.0, 0.0, 0.0, 87.0],
    [0.0, 0.0, 0.0, 1.0]
],
  "dcmmeta_shape": [88, 128, 128],
  "dcmmeta_slice_dim": 0,
  "dcmmeta_version": 0.6,
  "global": {
    "const": {
      "AccessionNumber": "jwL12uhe",
      "AcquisitionMatrix": [0, 128, 128, 0],
      "AcquisitionNumber": 1,
      "AcquisitionTime": "113124.902500",
      "AngioFlag": "N",
      "BitsAllocated": 16,
      "BitsStored": 12,
      "BodyPartExamined": "BRAIN",
      "Columns": 128,
      "EchoNumbers": 1,
      "EchoTime": 1.03,
      "EchoTrainLength": 1,
      "FlipAngle": 3.0,
      "HighBit": 11,
      "ImageOrientationPatient": [0.01261424744591, 0.98663918774167, 0.16243150548413, 0.05302371034252, 0.16155585271598, -0.9854380714153],
      "ImageType": [
        "ORIGINAL",
        "PRIMARY",
        "M",
        "ND"
],
      "ImagedNucleus": "1H",
      "ImagingFrequency": 123.191011,
      "InPlanePhaseEncodingDirection": "ROW",
      "MRAcquisitionType": "3D",
      "MagneticFieldStrength": 3.0,
      "Manufacturer": "SIEMENS",
      "ManufacturerModelName": "Prisma",
      "Modality": "MR",
      "NumberOfAverages": 1.0,
      "NumberOfPhaseEncodingSteps": 96,
      "PercentPhaseFieldOfView": 100.0,
      "PercentSampling": 100.0,
      "PerformedProcedureStepStartTime": "112042.206000",
      "PhotometricInterpretation": "MONOCHROME2",
      "PixelBandwidth": 535.0,
      "PixelRepresentation": 0,
      "PixelSpacing": [2.0, 2.0],
      "ProtocolName": "BIAS_HeadCoil",
      "RepetitionTime": 250.0,
      "Rows": 128,
      "SAR": 0.00823029851727,
      "SamplesPerPixel": 1,
      "ScanOptions": "PFP",
      "ScanningSequence": "GR",
      "SequenceName": "*tfl3d1_16ns",
      "SequenceVariant": [
        "SK",
        "SP"
],
      "SeriesDescription": "BIAS_HeadCoil",
      "SeriesNumber": 6,
      "SeriesTime": "113149.997000",
      "SliceThickness": 2.0,
      "SmallestImagePixelValue": 0,
      "SoftwareVersions": "syngo MR E11",
      "SpecificCharacterSet": "ISO_IR 100",
      "StudyID": "1",
      "StudyTime": "112042.149000",
      "TransmitCoilName": "Body",
      "VariableFlipAngleFlag": "N",
      "WindowCenterWidthExplanation": "Algo1",
      "dBdt": 0.0},
