{
  "AcquisitionMatrixPE": 68,
  "AcquisitionNumber": 1,
  "AcquisitionTime": "15:42:32.317500",
  "BandwidthPerPixelPhaseEncode": 60.024,
  "BaseResolution": 68,
  "BodyPartExamined": "BRAIN",
  "CoilString": "HC1-7;NC1_2",
  "ConsistencyInfo": "N4_VE11C_LATEST_20160120",
  "ConversionSoftware": "dcm2niix",
  "ConversionSoftwareVersion": "v1.0.20190410  GCC6.3.0",
  "DerivedVendorReportedEchoSpacing": 0.00049,
  "DeviceSerialNumber": "166018",
  "DwellTime": 3e-06,
  "EchoTime": 0.0204,
  "EchoTrainLength": 33,
  "EffectiveEchoSpacing": 0.000245,
  "FlipAngle": 90,
  "ImageComments": "SENSE1",
  "ImageOrientationPatientDICOM": [0.999696, -0.00210932, -0.0245755, -0.00348956, 0.974221, -0.225568],
  "ImageType": [
    "ORIGINAL",
    "PRIMARY",
    "M",
    "ND",
    "MOSAIC"
],
  "ImagingFrequency": 123.191,
  "InPlanePhaseEncodingDirectionDICOM": "COL",
  "InstitutionAddress": "Washington_Place_6_NYC_NYC_US_10003",
  "InstitutionName": "NYU_Center_for_Brain_Imaging",
  "InstitutionalDepartmentName": "Department",
  "MRAcquisitionType": "2D",
  "MagneticFieldStrength": 3,
  "Manufacturer": "Siemens",
  "ManufacturersModelName": "Prisma",
  "Modality": "MR",
  "ParallelReductionFactorInPlane": 2,
  "PartialFourier": 1,
  "PatientPosition": "HFS",
  "PercentPhaseFOV": 100,
  "PhaseEncodingDirection": "j-",
  "PhaseEncodingSteps": 67,
  "PhaseResolution": 1,
  "PixelBandwidth": 2450,
  "ProcedureStepDescription": "Investigators_Hartley",
  "ProtocolName": "ME_SE_FieldMap_AP",
  "PulseSequenceDetails": "%CustomerSeq%_cmrr_mbep2d_se",
  "ReceiveCoilActiveElements": "HC1-7;NC1,2",
  "ReceiveCoilName": "HeadNeck_64",
  "ReconMatrixPE": 68,
  "RefLinesPE": 24,
  "RepetitionTime": 1.919,
  "SAR": 0.39988,
  "ScanOptions": "FS",
  "ScanningSequence": "EP",
  "SequenceName": "epse2d1_68",
  "SequenceVariant": "SK",
  "SeriesDescription": "ME_SE_FieldMap_AP",
  "SeriesNumber": 9,
  "ShimSetting": [261, -12666, -8399, 429, -3, -351, 25, 22],
  "SliceThickness": 3,
  "SliceTiming": [0.9475, 0, 0.9925, 0.0425, 1.035, 0.085, 1.0775, 0.1275, 1.12, 0.1725, 1.165, 0.215, 1.2075, 0.2575, 1.25, 0.3, 1.2925, 0.345, 1.3375, 0.3875, 1.38, 0.43, 1.4225, 0.4725, 1.465, 0.5175, 1.51, 0.56, 1.5525, 0.6025, 1.595, 0.6475, 1.64, 0.69, 1.6825, 0.7325, 1.725, 0.775, 1.7675, 0.82, 1.8125, 0.8625, 1.855, 0.905],
  "SoftwareVersions": "syngo_MR_E11",
  "SpacingBetweenSlices": 3,
  "StationName": "AWP166018",
  "TotalReadoutTime": 0.016415,
  "TxRefAmp": 248.987,
  "WipMemBlock": "657754c4-e0f8-4b6f-9bf6-22e95ac89c3f||Sequence: R016 ve11c/master r/8780670; Nov 27 2017 15:08:10 by eja",
  "dcmmeta_affine": [
    [-2.999087333679199, -0.010468686930835247, -0.07325331121683121, 104.36858367919922],
    [0.006327968090772629, 2.922663450241089, -0.6767554879188538, -62.16329574584961],
    [-0.07372650504112244, 0.6767040491104126, 2.9217522144317627, -50.924861907958984],
    [0.0, 0.0, 0.0, 1.0]
],
  "dcmmeta_reorient_transform": [
    [0.0, -1.0, 0.0, 67.0],
    [1.0, 0.0, 0.0, 0.0],
    [0.0, 0.0, 1.0, 0.0],
    [0.0, 0.0, 0.0, 1.0]
],
  "dcmmeta_shape": [68, 68, 44, 3],
  "dcmmeta_slice_dim": 2,
  "dcmmeta_version": 0.6,
  "global": {
    "const": {
      "AccessionNumber": "jrL697yf",
      "AcquisitionMatrix": [68, 0, 0, 68],
      "AngioFlag": "N",
      "BitsAllocated": 16,
      "BitsStored": 16,
      "BodyPartExamined": "BRAIN",
      "Columns": 476,
      "EchoNumbers": 1,
      "EchoTime": 20.4,
      "EchoTrainLength": 33,
      "FlipAngle": 90.0,
      "HighBit": 15,
      "ImageOrientationPatient": [0.99969575146889, -0.0021093226297, -0.0245755010753, -0.0034895621826, 0.97422117042012, -0.2255680253516],
      "ImagePositionPatient": [-713.34536949334, -728.587611367, 147.50214942343],
      "ImageType": [
        "ORIGINAL",
        "PRIMARY",
        "M",
        "ND",
        "MOSAIC"
],
      "ImagedNucleus": "1H",
      "ImagingFrequency": 123.19097,
      "InPlanePhaseEncodingDirection": "COL",
      "LargestImagePixelValue": 65535,
      "MRAcquisitionType": "2D",
      "MagneticFieldStrength": 3.0,
      "Manufacturer": "SIEMENS",
      "ManufacturerModelName": "Prisma",
      "Modality": "MR",
      "NumberOfAverages": 1.0,
      "NumberOfPhaseEncodingSteps": 67,
      "PercentPhaseFieldOfView": 100.0,
      "PercentSampling": 100.0,
      "PerformedProcedureStepStartTime": "151719.874000",
      "PhotometricInterpretation": "MONOCHROME2",
      "PixelBandwidth": 2450.0,
      "PixelRepresentation": 0,
      "PixelSpacing": [3.0, 3.0],
      "ProtocolName": "ME_SE_FieldMap_AP",
      "RepetitionTime": 1919.0,
      "Rows": 476,
      "SAR": 0.39988000718257,
      "SamplesPerPixel": 1,
      "ScanOptions": "FS",
      "ScanningSequence": "EP",
      "SequenceName": "epse2d1_68",
      "SequenceVariant": "SK",
      "SeriesDescription": "ME_SE_FieldMap_AP",
      "SeriesNumber": 9,
      "SeriesTime": "154236.356000",
      "SliceLocation": -38.121940815992,
      "SliceThickness": 3.0,
      "SmallestImagePixelValue": 0,
      "SoftwareVersions": "syngo MR E11",
      "SpacingBetweenSlices": 3.0000000596001,
      "SpecificCharacterSet": "ISO_IR 100",
      "StudyID": "1",
      "StudyTime": "151719.820000",
      "TransmitCoilName": "Body",
      "VariableFlipAngleFlag": "N",
      "WindowCenterWidthExplanation": "Algo1",
      "dBdt": 0.0},
    "slices": {}
  },
  "time": {
    "samples": {
      "AcquisitionNumber": [1, 2, 3],
      "AcquisitionTime": ["154232.317500", "154234.237500", "154236.157500"],
      "ContentTime": ["154236.359000", "154236.363000", "154238.099000"],
      "InstanceCreationTime": ["154236.359000", "154236.363000", "154238.099000"],
      "InstanceNumber": [1, 2, 3],
      "WindowCenter": [13108.0, 13061.0, 13096.0],
      "WindowWidth": [28175.0, 28096.0, 28184.0]
    },
    "slices": {}
  },
  "IntendedFor": [
    "func/sub-110_task-freq1_acq-normal_run-01_echo-1_bold.nii.gz",
    "func/sub-110_task-freq1_acq-normal_run-01_echo-1_sbref.nii.gz",
    "func/sub-110_task-freq1_acq-normal_run-01_echo-2_bold.nii.gz",
    "func/sub-110_task-freq1_acq-normal_run-01_echo-2_sbref.nii.gz",
    "func/sub-110_task-freq1_acq-normal_run-01_echo-3_bold.nii.gz",
    "func/sub-110_task-freq1_acq-normal_run-01_echo-3_sbref.nii.gz",
    "func/sub-110_task-freq1_acq-normal_run-01_echo-4_bold.nii.gz",
    "func/sub-110_task-freq1_acq-normal_run-01_echo-4_sbref.nii.gz",
    "func/sub-110_task-freq2_acq-normal_run-01_echo-1_bold.nii.gz",
    "func/sub-110_task-freq2_acq-normal_run-01_echo-1_sbref.nii.gz",
    "func/sub-110_task-freq2_acq-normal_run-01_echo-2_bold.nii.gz",
    "func/sub-110_task-freq2_acq-normal_run-01_echo-2_sbref.nii.gz",
    "func/sub-110_task-freq2_acq-normal_run-01_echo-3_bold.nii.gz",
    "func/sub-110_task-freq2_acq-normal_run-01_echo-3_sbref.nii.gz",
    "func/sub-110_task-freq2_acq-normal_run-01_echo-4_bold.nii.gz",
    "func/sub-110_task-freq2_acq-normal_run-01_echo-4_sbref.nii.gz",
    "func/sub-110_task-freqreports1_acq-normal_run-01_echo-1_bold.nii.gz",
    "func/sub-110_task-freqreports1_acq-normal_run-01_echo-1_sbref.nii.gz",
    "func/sub-110_task-freqreports1_acq-normal_run-01_echo-2_bold.nii.gz",
    "func/sub-110_task-freqreports1_acq-normal_run-01_echo-2_sbref.nii.gz",
    "func/sub-110_task-freqreports1_acq-normal_run-01_echo-3_bold.nii.gz",
    "func/sub-110_task-freqreports1_acq-normal_run-01_echo-3_sbref.nii.gz",
    "func/sub-110_task-freqreports1_acq-normal_run-01_echo-4_bold.nii.gz",
    "func/sub-110_task-freqreports1_acq-normal_run-01_echo-4_sbref.nii.gz",
    "func/sub-110_task-freqreports2_acq-normal_run-01_echo-1_bold.nii.gz",
    "func/sub-110_task-freqreports2_acq-normal_run-01_echo-1_sbref.nii.gz",
    "func/sub-110_task-freqreports2_acq-normal_run-01_echo-2_bold.nii.gz",
    "func/sub-110_task-freqreports2_acq-normal_run-01_echo-2_sbref.nii.gz",
    "func/sub-110_task-freqreports2_acq-normal_run-01_echo-3_bold.nii.gz",
    "func/sub-110_task-freqreports2_acq-normal_run-01_echo-3_sbref.nii.gz",
    "func/sub-110_task-freqreports2_acq-normal_run-01_echo-4_bold.nii.gz",
    "func/sub-110_task-freqreports2_acq-normal_run-01_echo-4_sbref.nii.gz",
    "func/sub-110_task-memtest1_acq-normal_run-01_echo-1_bold.nii.gz",
    "func/sub-110_task-memtest1_acq-normal_run-01_echo-1_sbref.nii.gz",
    "func/sub-110_task-memtest1_acq-normal_run-01_echo-2_bold.nii.gz",
    "func/sub-110_task-memtest1_acq-normal_run-01_echo-2_sbref.nii.gz",
    "func/sub-110_task-memtest1_acq-normal_run-01_echo-3_bold.nii.gz",
    "func/sub-110_task-memtest1_acq-normal_run-01_echo-3_sbref.nii.gz",
    "func/sub-110_task-memtest1_acq-normal_run-01_echo-4_bold.nii.gz",
    "func/sub-110_task-memtest1_acq-normal_run-01_echo-4_sbref.nii.gz",
    "func/sub-110_task-memtest2_acq-normal_run-01_echo-1_bold.nii.gz",
    "func/sub-110_task-memtest2_acq-normal_run-01_echo-1_sbref.nii.gz",
    "func/sub-110_task-memtest2_acq-normal_run-01_echo-2_bold.nii.gz",
    "func/sub-110_task-memtest2_acq-normal_run-01_echo-2_sbref.nii.gz",
    "func/sub-110_task-memtest2_acq-normal_run-01_echo-3_bold.nii.gz",
    "func/sub-110_task-memtest2_acq-normal_run-01_echo-3_sbref.nii.gz",
    "func/sub-110_task-memtest2_acq-normal_run-01_echo-4_bold.nii.gz",
    "func/sub-110_task-memtest2_acq-normal_run-01_echo-4_sbref.nii.gz",
    "func/sub-110_task-pairedassociates1_acq-normal_run-01_echo-1_bold.nii.gz",
    "func/sub-110_task-pairedassociates1_acq-normal_run-01_echo-1_sbref.nii.gz",
    "func/sub-110_task-pairedassociates1_acq-normal_run-01_echo-2_bold.nii.gz",
    "func/sub-110_task-pairedassociates1_acq-normal_run-01_echo-2_sbref.nii.gz",
    "func/sub-110_task-pairedassociates1_acq-normal_run-01_echo-3_bold.nii.gz",
    "func/sub-110_task-pairedassociates1_acq-normal_run-01_echo-3_sbref.nii.gz",
    "func/sub-110_task-pairedassociates1_acq-normal_run-01_echo-4_bold.nii.gz",
    "func/sub-110_task-pairedassociates1_acq-normal_run-01_echo-4_sbref.nii.gz",
    "func/sub-110_task-pairedassociates2_acq-normal_run-01_echo-1_bold.nii.gz",
    "func/sub-110_task-pairedassociates2_acq-normal_run-01_echo-1_sbref.nii.gz",
    "func/sub-110_task-pairedassociates2_acq-normal_run-01_echo-2_bold.nii.gz",
    "func/sub-110_task-pairedassociates2_acq-normal_run-01_echo-2_sbref.nii.gz",
    "func/sub-110_task-pairedassociates2_acq-normal_run-01_echo-3_bold.nii.gz",
    "func/sub-110_task-pairedassociates2_acq-normal_run-01_echo-3_sbref.nii.gz",
    "func/sub-110_task-pairedassociates2_acq-normal_run-01_echo-4_bold.nii.gz",
    "func/sub-110_task-pairedassociates2_acq-normal_run-01_echo-4_sbref.nii.gz"
  ]
}